{
	"Modality": "MR",
	"MagneticFieldStrength": 3,
	"ImagingFrequency": 123.255,
	"Manufacturer": "Siemens",
	"ManufacturersModelName": "Prisma_fit",
	"InstitutionName": "Washington_University",
	"InstitutionalDepartmentName": "Department",
	"InstitutionAddress": "Scott_Ave_4525_St._Louis_MO_US_63110",
	"DeviceSerialNumber": "67064",
	"StationName": "MRC35177",
	"SeriesInstanceUID": "1.3.12.2.1107.5.2.43.67064.2022120820500145314793991.0.0.0",
	"StudyInstanceUID": "1.3.12.2.1107.5.2.43.67064.30000022120817301987000000013",
	"StudyID": "1",
	"PatientName": "P5R",
	"PatientID": "P5R_After2",
	"PatientBirthDate": "2002-01-01",
	"PatientSex": "M",
	"PatientWeight": 81.6466,
	"BodyPartExamined": "HEAD",
	"PatientPosition": "HFS",
	"ProcedureStepDescription": "head_Nicol",
	"SoftwareVersions": "syngo_MR_E11",
	"MRAcquisitionType": "2D",
	"SeriesDescription": "ABCD_dMRI_b3000_2p0mm_te83_tr3500",
	"ProtocolName": "ABCD_dMRI_b3000_2p0mm_te83_tr3500",
	"ScanningSequence": "EP",
	"SequenceVariant": "SK_SP",
	"ScanOptions": "PFP_FS",
	"SequenceName": "ep_b0",
	"ImageType": ["ORIGINAL", "PRIMARY", "DIFFUSION", "NONE", "ND", "MOSAIC"],
	"SeriesNumber": 37,
	"AcquisitionTime": "20:50:17.990000",
	"AcquisitionDateTime": "2022-12-08T20:50:17.990000",
	"AcquisitionNumber": 1,
	"SliceThickness": 2,
	"SpacingBetweenSlices": 2,
	"SAR": 0.319835,
	"EchoTime": 0.083,
	"RepetitionTime": 3.5,
	"FlipAngle": 90,
	"PartialFourier": 0.75,
	"BaseResolution": 120,
	"ShimSetting": [
		-2273,
		-11686,
		5813,
		670,
		-246,
		243,
		-42,
		-142	],
	"DiffusionScheme": "Monopolar",
	"TxRefAmp": 274.024,
	"PhaseResolution": 1,
	"ReceiveCoilName": "Head_32",
	"ReceiveCoilActiveElements": "HEA;HEP",
	"PulseSequenceDetails": "%CustomerSeq%_ep2d_diff_sms_abcd",
	"WipMemBlock": "540aa3d5-6845-4f7b-bc68-866f5a99ff15",
	"RefLinesPE": 61,
	"ConsistencyInfo": "N4_VE11C_LATEST_20160120",
	"MultibandAccelerationFactor": 3,
	"PercentPhaseFOV": 100,
	"PercentSampling": 100,
	"EchoTrainLength": 90,
	"PhaseEncodingSteps": 90,
	"AcquisitionMatrixPE": 120,
	"ReconMatrixPE": 120,
	"BandwidthPerPixelPhaseEncode": 11.905,
	"EffectiveEchoSpacing": 0.000699986,
	"DerivedVendorReportedEchoSpacing": 0.000699986,
	"TotalReadoutTime": 0.0832983,
	"PixelBandwidth": 1665,
	"DwellTime": 2.5e-06,
	"PhaseEncodingDirection": "j",
	"SliceTiming": [
		0,
		1.8075,
		0.1375,
		1.9475,
		0.2775,
		2.0875,
		0.4175,
		2.2275,
		0.555,
		2.365,
		0.695,
		2.505,
		0.835,
		2.645,
		0.9725,
		2.7825,
		1.1125,
		2.9225,
		1.2525,
		3.0625,
		1.39,
		3.2,
		1.53,
		3.34,
		1.67,
		0,
		1.8075,
		0.1375,
		1.9475,
		0.2775,
		2.0875,
		0.4175,
		2.2275,
		0.555,
		2.365,
		0.695,
		2.505,
		0.835,
		2.645,
		0.9725,
		2.7825,
		1.1125,
		2.9225,
		1.2525,
		3.0625,
		1.39,
		3.2,
		1.53,
		3.34,
		1.67,
		0,
		1.8075,
		0.1375,
		1.9475,
		0.2775,
		2.0875,
		0.4175,
		2.2275,
		0.555,
		2.365,
		0.695,
		2.505,
		0.835,
		2.645,
		0.9725,
		2.7825,
		1.1125,
		2.9225,
		1.2525,
		3.0625,
		1.39,
		3.2,
		1.53,
		3.34,
		1.67	],
	"ImageOrientationPatientDICOM": [
		0.99986,
		-0.0101262,
		-0.0133206,
		0.00959829,
		0.999189,
		-0.0391156	],
	"InPlanePhaseEncodingDirectionDICOM": "COL",
	"ConversionSoftware": "dcm2niix",
	"ConversionSoftwareVersion": "v1.0.20200331"
}
