{
	"Modality": "MR",
	"MagneticFieldStrength": 3,
	"ImagingFrequency": 123.244647,
	"Manufacturer": "Siemens",
	"ManufacturersModelName": "Prisma",
	"InstitutionName": "WUSTL_bay1",
	"InstitutionalDepartmentName": "Research",
	"InstitutionAddress": "Scott St. 4525,St. Louis,Missouri,US,63110",
	"DeviceSerialNumber": "166158",
	"StationName": "AWP166158",
	"SeriesInstanceUID": "1.3.12.2.1107.5.2.43.166158.2022020218112399436360189.0.0.0",
	"StudyInstanceUID": "1.3.12.2.1107.5.2.43.166158.30000022012420373519400000073",
	"StudyID": "1",
	"PatientName": "P5",
	"PatientID": "Baseline4",
	"PatientBirthDate": "2002-01-01",
	"PatientSex": "M",
	"PatientWeight": 83.0074,
	"PatientAge": 20,
	"BodyPartExamined": "HEAD",
	"PatientPosition": "HFS",
	"ProcedureStepDescription": "HEAD^Nicol _B3",
	"SoftwareVersions": "syngo MR E11",
	"MRAcquisitionType": "2D",
	"SeriesDescription": "ABCD_dMRI_b3000_2p0mm_te83_tr3500",
	"ProtocolName": "ABCD_dMRI_b3000_2p0mm_te83_tr3500",
	"ScanningSequence": "EP",
	"SequenceVariant": "SK\\SP",
	"ScanOptions": "PFP\\FS",
	"SequenceName": "ep_b0",
	"ImageType": ["ORIGINAL", "PRIMARY", "DIFFUSION", "NONE", "ND", "MOSAIC"],
	"NonlinearGradientCorrection": false,
	"SeriesNumber": 22,
	"AcquisitionTime": "18:11:38.757500",
	"AcquisitionDateTime": "2022-02-02T18:11:38.757500",
	"AcquisitionNumber": 1,
	"SliceThickness": 2,
	"SpacingBetweenSlices": 2,
	"SAR": 0.267617,
	"EchoTime": 0.083,
	"RepetitionTime": 3.5,
	"SpoilingState": true,
	"FlipAngle": 90,
	"PartialFourier": 0.75,
	"BaseResolution": 120,
	"ShimSetting": [
		4616,
		-7200,
		50,
		579,
		-9,
		209,
		-93,
		19	],
	"DiffusionScheme": "Monopolar",
	"TxRefAmp": 257.298,
	"PhaseResolution": 1,
	"ReceiveCoilName": "Head_32",
	"ReceiveCoilActiveElements": "HEA;HEP",
	"PulseSequenceDetails": "%CustomerSeq%\\ep2d_diff_sms_abcd",
	"WipMemBlock": "9389a7aa-917d-4a4b-9e9a-874c4e9ebe18",
	"RefLinesPE": 61,
	"CoilCombinationMethod": "Adaptive Combine",
	"ConsistencyInfo": "N4_VE11C_LATEST_20160120",
	"MultibandAccelerationFactor": 3,
	"PercentPhaseFOV": 100,
	"PercentSampling": 100,
	"EchoTrainLength": 90,
	"PhaseEncodingSteps": 90,
	"AcquisitionMatrixPE": 120,
	"ReconMatrixPE": 120,
	"BandwidthPerPixelPhaseEncode": 11.905,
	"EffectiveEchoSpacing": 0.000699986,
	"DerivedVendorReportedEchoSpacing": 0.000699986,
	"TotalReadoutTime": 0.0832983,
	"PixelBandwidth": 1665,
	"DwellTime": 2.5e-06,
	"PhaseEncodingDirection": "j",
	"SliceTiming": [
		0,
		1.8075,
		0.1375,
		1.9475,
		0.2775,
		2.0875,
		0.4175,
		2.225,
		0.555,
		2.365,
		0.695,
		2.505,
		0.835,
		2.6425,
		0.9725,
		2.7825,
		1.1125,
		2.9225,
		1.2525,
		3.06,
		1.39,
		3.2,
		1.53,
		3.34,
		1.67,
		0,
		1.8075,
		0.1375,
		1.9475,
		0.2775,
		2.0875,
		0.4175,
		2.225,
		0.555,
		2.365,
		0.695,
		2.505,
		0.835,
		2.6425,
		0.9725,
		2.7825,
		1.1125,
		2.9225,
		1.2525,
		3.06,
		1.39,
		3.2,
		1.53,
		3.34,
		1.67,
		0,
		1.8075,
		0.1375,
		1.9475,
		0.2775,
		2.0875,
		0.4175,
		2.225,
		0.555,
		2.365,
		0.695,
		2.505,
		0.835,
		2.6425,
		0.9725,
		2.7825,
		1.1125,
		2.9225,
		1.2525,
		3.06,
		1.39,
		3.2,
		1.53,
		3.34,
		1.67	],
	"ImageOrientationPatientDICOM": [
		0.999717,
		0.00700904,
		0.0227455,
		-0.00715392,
		0.999955,
		0.00629434	],
	"ImageOrientationText": "Tra>Sag(1.3)>Cor(0.4)",
	"InPlanePhaseEncodingDirectionDICOM": "COL",
	"BidsGuess": ["dwi","_acq-epb0m3_dir-PA_run-22_dwi"],
	"ConversionSoftware": "dcm2niix",
	"ConversionSoftwareVersion": "v1.0.20240202"
}
