{
	"Modality": "MR",
	"MagneticFieldStrength": 3,
	"ImagingFrequency": 123.245,
	"Manufacturer": "Siemens",
	"ManufacturersModelName": "Prisma",
	"InstitutionName": "Washington_University",
	"InstitutionalDepartmentName": "Research",
	"InstitutionAddress": "Scott_St._4525_St._Louis_Missouri_US_63110",
	"DeviceSerialNumber": "166158",
	"StationName": "AWP166158",
	"SeriesInstanceUID": "1.3.12.2.1107.5.2.43.166158.2023022021264968859642217.0.0.0",
	"StudyInstanceUID": "1.3.12.2.1107.5.2.43.166158.30000023021523101490200000058",
	"StudyID": "1",
	"PatientName": "P7",
	"PatientID": "P7_Baseline1",
	"PatientBirthDate": "1980-01-01",
	"PatientSex": "M",
	"PatientWeight": 102.058,
	"BodyPartExamined": "HEAD",
	"PatientPosition": "HFS",
	"ProcedureStepDescription": "HEAD_Nicol_B3",
	"SoftwareVersions": "syngo_MR_E11",
	"MRAcquisitionType": "2D",
	"SeriesDescription": "ABCD_dMRI_b3000_2p0mm_te83_tr3500",
	"ProtocolName": "ABCD_dMRI_b3000_2p0mm_te83_tr3500",
	"ScanningSequence": "EP",
	"SequenceVariant": "SK_SP",
	"ScanOptions": "PFP_FS",
	"SequenceName": "ep_b0",
	"ImageType": ["ORIGINAL", "PRIMARY", "DIFFUSION", "NONE", "ND", "MOSAIC"],
	"SeriesNumber": 25,
	"AcquisitionTime": "21:27:6.290000",
	"AcquisitionDateTime": "2023-02-20T21:27:6.290000",
	"AcquisitionNumber": 1,
	"SliceThickness": 2,
	"SpacingBetweenSlices": 2,
	"SAR": 0.266172,
	"EchoTime": 0.083,
	"RepetitionTime": 3.5,
	"FlipAngle": 90,
	"PartialFourier": 0.75,
	"BaseResolution": 120,
	"ShimSetting": [
		4613,
		-7119,
		171,
		422,
		-8,
		-35,
		-58,
		54	],
	"DiffusionScheme": "Monopolar",
	"TxRefAmp": 268.897,
	"PhaseResolution": 1,
	"ReceiveCoilName": "HeadNeck_64",
	"ReceiveCoilActiveElements": "HC1-7;NC1,2",
	"CoilString": "HC1-7;NC1_2",
	"PulseSequenceDetails": "%CustomerSeq%_ep2d_diff_sms_abcd",
	"WipMemBlock": "73871814-d6ce-4ade-953c-84fd515ca030",
	"RefLinesPE": 61,
	"ConsistencyInfo": "N4_VE11C_LATEST_20160120",
	"MultibandAccelerationFactor": 3,
	"PercentPhaseFOV": 100,
	"PercentSampling": 100,
	"EchoTrainLength": 90,
	"PhaseEncodingSteps": 90,
	"AcquisitionMatrixPE": 120,
	"ReconMatrixPE": 120,
	"BandwidthPerPixelPhaseEncode": 11.905,
	"EffectiveEchoSpacing": 0.000699986,
	"DerivedVendorReportedEchoSpacing": 0.000699986,
	"TotalReadoutTime": 0.0832983,
	"PixelBandwidth": 1665,
	"DwellTime": 2.5e-06,
	"PhaseEncodingDirection": "j",
	"SliceTiming": [
		0,
		1.81,
		0.14,
		1.95,
		0.28,
		2.0875,
		0.4175,
		2.2275,
		0.5575,
		2.3675,
		0.6975,
		2.505,
		0.835,
		2.645,
		0.975,
		2.785,
		1.115,
		2.9225,
		1.2525,
		3.0625,
		1.3925,
		3.2025,
		1.5325,
		3.34,
		1.67,
		0,
		1.81,
		0.14,
		1.95,
		0.28,
		2.0875,
		0.4175,
		2.2275,
		0.5575,
		2.3675,
		0.6975,
		2.505,
		0.835,
		2.645,
		0.975,
		2.785,
		1.115,
		2.9225,
		1.2525,
		3.0625,
		1.3925,
		3.2025,
		1.5325,
		3.34,
		1.67,
		0,
		1.81,
		0.14,
		1.95,
		0.28,
		2.0875,
		0.4175,
		2.2275,
		0.5575,
		2.3675,
		0.6975,
		2.505,
		0.835,
		2.645,
		0.975,
		2.785,
		1.115,
		2.9225,
		1.2525,
		3.0625,
		1.3925,
		3.2025,
		1.5325,
		3.34,
		1.67	],
	"ImageOrientationPatientDICOM": [
		0.999558,
		0.02969,
		-0.00147341,
		-0.0296662,
		0.993141,
		-0.113096	],
	"InPlanePhaseEncodingDirectionDICOM": "COL",
	"ConversionSoftware": "dcm2niix",
	"ConversionSoftwareVersion": "v1.0.20200331"
}
