{
    "Modality": "MR",
    "MagneticFieldStrength": 3,
    "ImagingFrequency": 123.255,
    "Manufacturer": "Siemens",
    "ManufacturersModelName": "Prisma_fit",
    "InstitutionName": "Washington_University",
    "InstitutionalDepartmentName": "Department",
    "InstitutionAddress": "Scott_Ave_4525_St._Louis_MO_US_63110",
    "DeviceSerialNumber": "67064",
    "StationName": "MRC35177",
    "SeriesInstanceUID": "1.3.12.2.1107.5.2.43.67064.2023031213261761214757187.0.0.0",
    "StudyInstanceUID": "1.3.12.2.1107.5.2.43.67064.30000023022815040981900000112",
    "StudyID": "1",
    "PatientName": "P7",
    "PatientID": "P7_Drug2",
    "PatientBirthDate": "1980-01-01",
    "PatientSex": "M",
    "PatientWeight": 99.7903,
    "BodyPartExamined": "HEAD",
    "PatientPosition": "HFS",
    "ProcedureStepDescription": "head_Nicol",
    "SoftwareVersions": "syngo_MR_E11",
    "MRAcquisitionType": "2D",
    "SeriesDescription": "BOLD_TASK3_NORDIC_ME5_2mm",
    "ProtocolName": "BOLD_TASK3_NORDIC_ME5_2mm",
    "ScanningSequence": "EP",
    "SequenceVariant": "SK_SS",
    "ScanOptions": "PFP_FS_CT",
    "SequenceName": "epfid2d5_110",
    "ImageType": [
        "ORIGINAL",
        "PRIMARY",
        "M",
        "MB",
        "TE2",
        "ND",
        "NORM",
        "MOSAIC"
    ],
    "SeriesNumber": 26,
    "AcquisitionTime": "13:26:44.852500",
    "AcquisitionDateTime": "2023-03-12T13:26:44.852500",
    "AcquisitionNumber": 1,
    "ImageComments": "Unaliased_MB6_PE4_LB_SENSE1+",
    "SliceThickness": 2,
    "SpacingBetweenSlices": 2,
    "SAR": 0.0555286,
    "EchoNumber": 2,
    "EchoTime": 0.03893,
    "RepetitionTime": 1.761,
    "FlipAngle": 68,
    "PartialFourier": 0.75,
    "BaseResolution": 110,
    "ShimSetting": [
        -2265,
        -11652,
        5888,
        570,
        -221,
        63,
        23,
        -55
    ],
    "TxRefAmp": 278.091,
    "PhaseResolution": 1,
    "ReceiveCoilName": "HeadNeck_64",
    "ReceiveCoilActiveElements": "HC1-7;NC1,2",
    "CoilString": "HC1-7;NC1_2",
    "PulseSequenceDetails": "%CustomerSeq%_cmrr_mbep2d_bold",
    "WipMemBlock": "3366b92a-d82e-4c49-a750-04544fbfd243||Sequence: R016 ve11c/master r/e634e98; Dec 19 2017 11:00:25 by eja",
    "RefLinesPE": 24,
    "ConsistencyInfo": "N4_VE11C_LATEST_20160120",
    "MultibandAccelerationFactor": 6,
    "PercentPhaseFOV": 100,
    "PercentSampling": 100,
    "EchoTrainLength": 42,
    "PhaseEncodingSteps": 83,
    "AcquisitionMatrixPE": 110,
    "ReconMatrixPE": 110,
    "BandwidthPerPixelPhaseEncode": 32.468,
    "ParallelReductionFactorInPlane": 2,
    "EffectiveEchoSpacing": 0.000279996,
    "DerivedVendorReportedEchoSpacing": 0.000559992,
    "TotalReadoutTime": 0.0305196,
    "PixelBandwidth": 2275,
    "DwellTime": 2e-06,
    "PhaseEncodingDirection": "j",
    "SliceTiming": [
        0,
        0.725,
        1.4525,
        0.435,
        1.1625,
        0.145,
        0.8725,
        1.5975,
        0.58,
        1.3075,
        0.29,
        1.0175,
        0,
        0.725,
        1.4525,
        0.435,
        1.1625,
        0.145,
        0.8725,
        1.5975,
        0.58,
        1.3075,
        0.29,
        1.0175,
        0,
        0.725,
        1.4525,
        0.435,
        1.1625,
        0.145,
        0.8725,
        1.5975,
        0.58,
        1.3075,
        0.29,
        1.0175,
        0,
        0.725,
        1.4525,
        0.435,
        1.1625,
        0.145,
        0.8725,
        1.5975,
        0.58,
        1.3075,
        0.29,
        1.0175,
        0,
        0.725,
        1.4525,
        0.435,
        1.1625,
        0.145,
        0.8725,
        1.5975,
        0.58,
        1.3075,
        0.29,
        1.0175,
        0,
        0.725,
        1.4525,
        0.435,
        1.1625,
        0.145,
        0.8725,
        1.5975,
        0.58,
        1.3075,
        0.29,
        1.0175
    ],
    "ImageOrientationPatientDICOM": [
        0.996589,
        -0.080607,
        0.0176814,
        0.0815844,
        0.994599,
        -0.0641616
    ],
    "InPlanePhaseEncodingDirectionDICOM": "COL",
    "ConversionSoftware": "dcm2niix",
    "ConversionSoftwareVersion": "v1.0.20200331",
    "TaskName": "BOLDTASK3NORDICME52mm"
}
