{
  "Modality": "MR",
  "MagneticFieldStrength": 3,
  "ImagingFrequency": 123.255426,
  "Manufacturer": "Siemens",
  "ManufacturersModelName": "Prisma_fit",
  "InstitutionName": "Washington University",
  "InstitutionalDepartmentName": "Department",
  "InstitutionAddress": "Scott Ave 4525,St. Louis,MO,US,63110",
  "DeviceSerialNumber": "67064",
  "StationName": "MRC35177",
  "SeriesInstanceUID": "1.3.12.2.1107.5.2.43.67064.2022021808460792119511068.0.0.0",
  "StudyInstanceUID": "1.3.12.2.1107.5.2.43.67064.30000022021216450336900000052",
  "StudyID": "1",
  "PatientName": "P4",
  "PatientID": "Baseline5",
  "PatientBirthDate": "1984-02-24",
  "PatientSex": "F",
  "PatientWeight": 74.3892,
  "PatientAge": 37,
  "BodyPartExamined": "HEAD",
  "PatientPosition": "HFS",
  "ProcedureStepDescription": "head^Nicol",
  "SoftwareVersions": "syngo MR E11",
  "MRAcquisitionType": "2D",
  "SeriesDescription": "BOLD_REST2_NORDIC_ME5_2mm",
  "ProtocolName": "BOLD_REST2_NORDIC_ME5_2mm",
  "ScanningSequence": "EP",
  "SequenceVariant": "SK_SS",
  "ScanOptions": "PFP_FS_CT",
  "SequenceName": "epfid2d5_110",
  "ImageType": [
    "ORIGINAL",
    "PRIMARY",
    "P",
    "MB",
    "TE3",
    "ND",
    "MOSAIC",
    "PHASE"
  ],
  "NonlinearGradientCorrection": false,
  "SeriesNumber": 15,
  "AcquisitionTime": "08:46:55.245000",
  "AcquisitionDateTime": "2022-02-18T08:46:55.245000",
  "AcquisitionNumber": 1,
  "ImageComments": "Unaliased MB6/PE4/LB SENSE1+",
  "SliceThickness": 2,
  "SpacingBetweenSlices": 2,
  "SAR": 0.0607886,
  "EchoNumber": 3,
  "EchoTime": 0.06366,
  "RepetitionTime": 1.761,
  "FlipAngle": 68,
  "EchoTime1": 0.0142,
  "EchoTime2": 0.03893,
  "PartialFourier": 0.75,
  "BaseResolution": 110,
  "ShimSetting": [
    -2273,
    -11690,
    5873,
    684,
    -226,
    -3,
    22,
    -43
  ],
  "TxRefAmp": 261.574,
  "PhaseResolution": 1,
  "ReceiveCoilName": "Head_32",
  "ReceiveCoilActiveElements": "HEA;HEP",
  "PulseSequenceDetails": "%CustomerSeq%_cmrr_mbep2d_bold",
  "WipMemBlock": "6b990fe7-fd35-4d2e-9818-58daa68d8a72||Sequence: R016 ve11c/master r/e634e98; Dec 19 2017 11:00:25 by eja",
  "RefLinesPE": 24,
  "CoilCombinationMethod": "Sum of Squares",
  "ConsistencyInfo": "N4_VE11C_LATEST_20160120",
  "MatrixCoilMode": "GRAPPA",
  "MultibandAccelerationFactor": 6,
  "PercentPhaseFOV": 100,
  "PercentSampling": 100,
  "EchoTrainLength": 42,
  "PhaseEncodingSteps": 83,
  "AcquisitionMatrixPE": 110,
  "ReconMatrixPE": 110,
  "BandwidthPerPixelPhaseEncode": 32.468,
  "ParallelReductionFactorInPlane": 2,
  "EffectiveEchoSpacing": 0.000279996,
  "DerivedVendorReportedEchoSpacing": 0.000559992,
  "TotalReadoutTime": 0.0305196,
  "PixelBandwidth": 2275,
  "DwellTime": 2e-06,
  "PhaseEncodingDirection": "j",
  "SliceTiming": [
    0,
    0.725,
    1.4525,
    0.435,
    1.1625,
    0.145,
    0.87,
    1.5975,
    0.58,
    1.3075,
    0.29,
    1.015,
    0,
    0.725,
    1.4525,
    0.435,
    1.1625,
    0.145,
    0.87,
    1.5975,
    0.58,
    1.3075,
    0.29,
    1.015,
    0,
    0.725,
    1.4525,
    0.435,
    1.1625,
    0.145,
    0.87,
    1.5975,
    0.58,
    1.3075,
    0.29,
    1.015,
    0,
    0.725,
    1.4525,
    0.435,
    1.1625,
    0.145,
    0.87,
    1.5975,
    0.58,
    1.3075,
    0.29,
    1.015,
    0,
    0.725,
    1.4525,
    0.435,
    1.1625,
    0.145,
    0.87,
    1.5975,
    0.58,
    1.3075,
    0.29,
    1.015,
    0,
    0.725,
    1.4525,
    0.435,
    1.1625,
    0.145,
    0.87,
    1.5975,
    0.58,
    1.3075,
    0.29,
    1.015
  ],
  "ImageOrientationPatientDICOM": [
    0.999502,
    -0.00214103,
    -0.0314739,
    0.00244224,
    0.999952,
    0.00953475
  ],
  "ImageOrientationText": "Tra>Sag(-1.8)>Cor(0.6)",
  "InPlanePhaseEncodingDirectionDICOM": "COL",
  "BidsGuess": [
    "func",
    "_acq-epfid2p2m6_dir-PA_run-15_echo-3_part-phase_bold"
  ],
  "ConversionSoftware": "dcm2niix",
  "ConversionSoftwareVersion": "v1.0.20240202",
  "TaskName": "BOLDREST2NORDICME52mm",
  "Units": "arbitrary"
}
