{
    "Modality": "MR",
    "MagneticFieldStrength": 3,
    "ImagingFrequency": 123.255,
    "Manufacturer": "Siemens",
    "ManufacturersModelName": "Prisma_fit",
    "InstitutionName": "Washington_University",
    "InstitutionalDepartmentName": "Department",
    "InstitutionAddress": "Scott_Ave_4525_St._Louis_MO_US_63110",
    "DeviceSerialNumber": "67064",
    "StationName": "MRC35177",
    "SeriesInstanceUID": "1.3.12.2.1107.5.2.43.67064.2022050220334944906682130.0.0.0",
    "StudyInstanceUID": "1.3.12.2.1107.5.2.43.67064.30000022050222515575300000004",
    "StudyID": "1",
    "PatientName": "P6",
    "PatientID": "P6_Between1",
    "PatientBirthDate": "1999-01-01",
    "PatientSex": "F",
    "PatientWeight": 95.2544,
    "BodyPartExamined": "HEAD",
    "PatientPosition": "HFS",
    "ProcedureStepDescription": "head_Nicol",
    "SoftwareVersions": "syngo_MR_E11",
    "MRAcquisitionType": "2D",
    "SeriesDescription": "BOLD_REST1_NORDIC_ME5_2mm",
    "ProtocolName": "BOLD_REST1_NORDIC_ME5_2mm",
    "ScanningSequence": "EP",
    "SequenceVariant": "SK_SS",
    "ScanOptions": "PFP_FS_CT",
    "SequenceName": "epfid2d5_110",
    "ImageType": [
        "ORIGINAL",
        "PRIMARY",
        "M",
        "MB",
        "TE1",
        "ND",
        "NORM",
        "MOSAIC"
    ],
    "SeriesNumber": 12,
    "AcquisitionTime": "20:35:14.100000",
    "AcquisitionDateTime": "2022-05-02T20:35:14.100000",
    "AcquisitionNumber": 1,
    "ImageComments": "Unaliased_MB6_PE4_LB_SENSE1+",
    "SliceThickness": 2,
    "SpacingBetweenSlices": 2,
    "SAR": 0.0639337,
    "EchoNumber": 1,
    "EchoTime": 0.0142,
    "RepetitionTime": 1.761,
    "FlipAngle": 68,
    "PartialFourier": 0.75,
    "BaseResolution": 110,
    "ShimSetting": [
        -2260,
        -11737,
        5931,
        549,
        -254,
        -3,
        54,
        -91
    ],
    "TxRefAmp": 281.047,
    "PhaseResolution": 1,
    "ReceiveCoilName": "Head_32",
    "ReceiveCoilActiveElements": "HEA;HEP",
    "PulseSequenceDetails": "%CustomerSeq%_cmrr_mbep2d_bold",
    "WipMemBlock": "82f5a9ae-1ef7-42ba-ab5b-7a321612687e||Sequence: R016 ve11c/master r/e634e98; Dec 19 2017 11:00:25 by eja",
    "RefLinesPE": 24,
    "ConsistencyInfo": "N4_VE11C_LATEST_20160120",
    "MultibandAccelerationFactor": 6,
    "PercentPhaseFOV": 100,
    "PercentSampling": 100,
    "EchoTrainLength": 42,
    "PhaseEncodingSteps": 83,
    "AcquisitionMatrixPE": 110,
    "ReconMatrixPE": 110,
    "BandwidthPerPixelPhaseEncode": 32.468,
    "ParallelReductionFactorInPlane": 2,
    "EffectiveEchoSpacing": 0.000279996,
    "DerivedVendorReportedEchoSpacing": 0.000559992,
    "TotalReadoutTime": 0.0305196,
    "PixelBandwidth": 2275,
    "DwellTime": 2e-06,
    "PhaseEncodingDirection": "j",
    "SliceTiming": [
        0,
        0.7275,
        1.4525,
        0.435,
        1.1625,
        0.145,
        0.8725,
        1.5975,
        0.58,
        1.3075,
        0.29,
        1.0175,
        0,
        0.7275,
        1.4525,
        0.435,
        1.1625,
        0.145,
        0.8725,
        1.5975,
        0.58,
        1.3075,
        0.29,
        1.0175,
        0,
        0.7275,
        1.4525,
        0.435,
        1.1625,
        0.145,
        0.8725,
        1.5975,
        0.58,
        1.3075,
        0.29,
        1.0175,
        0,
        0.7275,
        1.4525,
        0.435,
        1.1625,
        0.145,
        0.8725,
        1.5975,
        0.58,
        1.3075,
        0.29,
        1.0175,
        0,
        0.7275,
        1.4525,
        0.435,
        1.1625,
        0.145,
        0.8725,
        1.5975,
        0.58,
        1.3075,
        0.29,
        1.0175,
        0,
        0.7275,
        1.4525,
        0.435,
        1.1625,
        0.145,
        0.8725,
        1.5975,
        0.58,
        1.3075,
        0.29,
        1.0175
    ],
    "ImageOrientationPatientDICOM": [
        0.996553,
        -0.00590964,
        0.082743,
        0.00417444,
        0.999768,
        0.0211282
    ],
    "InPlanePhaseEncodingDirectionDICOM": "COL",
    "ConversionSoftware": "dcm2niix",
    "ConversionSoftwareVersion": "v1.0.20200331",
    "TaskName": "BOLDREST1NORDICME52mm"
}
