{
    "Modality": "MR",
    "MagneticFieldStrength": 3,
    "ImagingFrequency": 123.24677,
    "Manufacturer": "Siemens",
    "ManufacturersModelName": "Prisma_fit",
    "InstitutionName": "Washington University",
    "InstitutionalDepartmentName": "Department",
    "InstitutionAddress": "Scott Ave 4525,St. Louis,MO,US,63110",
    "DeviceSerialNumber": "67064",
    "StationName": "MRC35177",
    "SeriesInstanceUID": "1.3.12.2.1107.5.2.43.67064.2021071109502540984823734.0.0.0",
    "StudyInstanceUID": "1.3.12.2.1107.5.2.43.67064.30000021071114040269100000004",
    "StudyID": "2",
    "PatientName": "P1",
    "PatientID": "P1_Drug1",
    "PatientBirthDate": "1977-02-14",
    "PatientSex": "M",
    "PatientWeight": 102.965,
    "PatientAge": 44,
    "BodyPartExamined": "HEAD",
    "PatientPosition": "HFS",
    "ProcedureStepDescription": "head^Nicol",
    "SoftwareVersions": "syngo MR E11",
    "MRAcquisitionType": "2D",
    "SeriesDescription": "BOLD_TASK1_2mm_mb6_me5_ipat2_ppf68_FOV220",
    "ProtocolName": "BOLD_TASK1_2mm_mb6_me5_ipat2_ppf68_FOV220",
    "ScanningSequence": "EP",
    "SequenceVariant": "SK_SS",
    "ScanOptions": "PFP_FS_EXT",
    "SequenceName": "epfid2d5_110",
    "ImageType": [
        "ORIGINAL",
        "PRIMARY",
        "M",
        "MB",
        "TE3",
        "ND",
        "NORM",
        "MOSAIC"
    ],
    "NonlinearGradientCorrection": false,
    "SeriesNumber": 16,
    "AcquisitionTime": "09:58:58.880000",
    "AcquisitionDateTime": "2021-07-11T09:58:58.880000",
    "AcquisitionNumber": 1,
    "ImageComments": "Unaliased MB6/PE4/LB",
    "SliceThickness": 2,
    "SpacingBetweenSlices": 2,
    "SAR": 0.0492807,
    "EchoNumber": 3,
    "EchoTime": 0.06366,
    "RepetitionTime": 1.761,
    "FlipAngle": 68,
    "PartialFourier": 0.75,
    "BaseResolution": 110,
    "ShimSetting": [
        -2001,
        -11549,
        5850,
        499,
        -32,
        -22,
        -190,
        -1
    ],
    "TxRefAmp": 262.602,
    "PhaseResolution": 1,
    "VendorReportedEchoSpacing": 0.00056,
    "ReceiveCoilName": "Head_32",
    "ReceiveCoilActiveElements": "HEA;HEP",
    "PulseSequenceDetails": "%CustomerSeq%_cmrr_mbep2d_bold",
    "WipMemBlock": "71ed28c7-2ec5-42f6-9f82-03c550364b51||Sequence: R016 ve11c/master r/e634e98; Dec 19 2017 11:00:25 by eja",
    "RefLinesPE": 24,
    "CoilCombinationMethod": "Sum of Squares",
    "ConsistencyInfo": "N4_VE11C_LATEST_20160120",
    "MatrixCoilMode": "GRAPPA",
    "MultibandAccelerationFactor": 6,
    "PercentPhaseFOV": 100,
    "PercentSampling": 100,
    "EchoTrainLength": 42,
    "PhaseEncodingSteps": 83,
    "AcquisitionMatrixPE": 110,
    "ReconMatrixPE": 110,
    "BandwidthPerPixelPhaseEncode": 32.468,
    "ParallelReductionFactorInPlane": 2,
    "EffectiveEchoSpacing": 0.000279996,
    "DerivedVendorReportedEchoSpacing": 0.000559992,
    "TotalReadoutTime": 0.0305196,
    "PixelBandwidth": 2275,
    "DwellTime": 2e-06,
    "PhaseEncodingDirection": "j-",
    "SliceTiming": [
        0,
        0.7275,
        1.4525,
        0.4375,
        1.1625,
        0.145,
        0.8725,
        1.5975,
        0.5825,
        1.3075,
        0.2925,
        1.0175,
        0,
        0.7275,
        1.4525,
        0.4375,
        1.1625,
        0.145,
        0.8725,
        1.5975,
        0.5825,
        1.3075,
        0.2925,
        1.0175,
        0,
        0.7275,
        1.4525,
        0.4375,
        1.1625,
        0.145,
        0.8725,
        1.5975,
        0.5825,
        1.3075,
        0.2925,
        1.0175,
        0,
        0.7275,
        1.4525,
        0.4375,
        1.1625,
        0.145,
        0.8725,
        1.5975,
        0.5825,
        1.3075,
        0.2925,
        1.0175,
        0,
        0.7275,
        1.4525,
        0.4375,
        1.1625,
        0.145,
        0.8725,
        1.5975,
        0.5825,
        1.3075,
        0.2925,
        1.0175,
        0,
        0.7275,
        1.4525,
        0.4375,
        1.1625,
        0.145,
        0.8725,
        1.5975,
        0.5825,
        1.3075,
        0.2925,
        1.0175
    ],
    "ImageOrientationPatientDICOM": [
        0.998961,
        -0.0212279,
        -0.0403159,
        0.0177858,
        0.996316,
        -0.0838975
    ],
    "ImageOrientationText": "Tra>Cor(-4.8)>Sag(-2.4)",
    "InPlanePhaseEncodingDirectionDICOM": "COL",
    "BidsGuess": [
        "func",
        "_acq-epfid2p2m6_dir-AP_run-16_echo-3_bold"
    ],
    "ConversionSoftware": "dcm2niix",
    "ConversionSoftwareVersion": "v1.0.20240202",
    "TaskName": "BOLDTASK12mmmb6me5ipat2ppf68FOV220"
}
