{
	"Modality": "MR",
	"MagneticFieldStrength": 3,
	"ImagingFrequency": 123.246904,
	"Manufacturer": "Siemens",
	"ManufacturersModelName": "Prisma_fit",
	"InstitutionName": "Washington University",
	"InstitutionalDepartmentName": "Department",
	"InstitutionAddress": "Scott Ave 4525,St. Louis,MO,US,63110",
	"DeviceSerialNumber": "67064",
	"StationName": "MRC35177",
	"SeriesInstanceUID": "1.3.12.2.1107.5.2.43.67064.2021092320452879655905765.0.0.0",
	"StudyInstanceUID": "1.3.12.2.1107.5.2.43.67064.30000021092118310982100000022",
	"StudyID": "1",
	"PatientName": "P3",
	"PatientID": "P3_After6",
	"PatientBirthDate": "1985-01-01",
	"PatientSex": "F",
	"PatientWeight": 63.5029,
	"PatientAge": 36,
	"BodyPartExamined": "HEAD",
	"PatientPosition": "HFS",
	"ProcedureStepDescription": "head^Nicol",
	"SoftwareVersions": "syngo MR E11",
	"MRAcquisitionType": "2D",
	"SeriesDescription": "SpinEchoFieldMap_AP_2p5mm_60slices",
	"ProtocolName": "SpinEchoFieldMap_AP_2p5mm_60slices",
	"ScanningSequence": "EP",
	"SequenceVariant": "SK",
	"ScanOptions": "FS",
	"SequenceName": "epse2d1_88",
	"ImageType": ["ORIGINAL", "PRIMARY", "M", "ND", "MOSAIC"],
	"NonlinearGradientCorrection": false,
	"SeriesNumber": 15,
	"AcquisitionTime": "20:45:31.942500",
	"AcquisitionDateTime": "2021-09-23T20:45:31.942500",
	"AcquisitionNumber": 1,
	"SliceThickness": 2.5,
	"SpacingBetweenSlices": 2.5,
	"SAR": 0.14618,
	"EchoTime": 0.0668,
	"RepetitionTime": 6.71,
	"FlipAngle": 90,
	"PartialFourier": 1,
	"BaseResolution": 88,
	"ShimSetting": [
		-1972,
		-11498,
		5772,
		535,
		-10,
		-82,
		-2,
		-31	],
	"TxRefAmp": 235.789,
	"PhaseResolution": 1,
	"VendorReportedEchoSpacing": 0.00051,
	"ReceiveCoilName": "Head_32",
	"ReceiveCoilActiveElements": "HEA;HEP",
	"PulseSequenceDetails": "%CustomerSeq%\\cmrr_mbep2d_se",
	"WipMemBlock": "38110d7c-9696-4887-a357-78de01ad8645||Sequence: R016 ve11c/master r/e634e98; Dec 19 2017 11:22:56 by eja",
	"CoilCombinationMethod": "Sum of Squares",
	"ConsistencyInfo": "N4_VE11C_LATEST_20160120",
	"MatrixCoilMode": "SENSE",
	"PercentPhaseFOV": 100,
	"PercentSampling": 100,
	"EchoTrainLength": 88,
	"PhaseEncodingSteps": 88,
	"AcquisitionMatrixPE": 88,
	"ReconMatrixPE": 88,
	"BandwidthPerPixelPhaseEncode": 22.282,
	"EffectiveEchoSpacing": 0.000509992,
	"DerivedVendorReportedEchoSpacing": 0.000509992,
	"TotalReadoutTime": 0.0443693,
	"PixelBandwidth": 2470,
	"DwellTime": 2.3e-06,
	"PhaseEncodingDirection": "j-",
	"SliceTiming": [
		3.345,
		0,
		3.4575,
		0.1125,
		3.57,
		0.225,
		3.68,
		0.335,
		3.7925,
		0.4475,
		3.9025,
		0.5575,
		4.015,
		0.67,
		4.1275,
		0.7825,
		4.2375,
		0.8925,
		4.35,
		1.005,
		4.46,
		1.115,
		4.5725,
		1.2275,
		4.6825,
		1.34,
		4.795,
		1.45,
		4.9075,
		1.5625,
		5.0175,
		1.6725,
		5.13,
		1.785,
		5.24,
		1.8975,
		5.3525,
		2.0075,
		5.465,
		2.12,
		5.575,
		2.23,
		5.6875,
		2.3425,
		5.7975,
		2.455,
		5.91,
		2.565,
		6.0225,
		2.6775,
		6.1325,
		2.7875,
		6.245,
		2.9,
		6.355,
		3.0125,
		6.4675,
		3.1225,
		6.58,
		3.235	],
	"ImageOrientationPatientDICOM": [
		0.997546,
		-0.00500512,
		0.0698341,
		0.0106208,
		0.996716,
		-0.080277	],
	"ImageOrientationText": "Tra>Cor(-4.6)>Sag(4.0)",
	"InPlanePhaseEncodingDirectionDICOM": "COL",
	"BidsGuess": ["fmap","_acq-epse2_dir-AP_run-15_epi"],
	"ConversionSoftware": "dcm2niix",
	"ConversionSoftwareVersion": "v1.0.20240202"
}
