{
    "Modality": "MR",
    "MagneticFieldStrength": 3,
    "ImagingFrequency": 123.246721,
    "Manufacturer": "Siemens",
    "ManufacturersModelName": "Prisma_fit",
    "InstitutionName": "Washington University",
    "InstitutionalDepartmentName": "Department",
    "InstitutionAddress": "Scott Ave 4525,St. Louis,MO,US,63110",
    "DeviceSerialNumber": "67064",
    "StationName": "MRC35177",
    "SeriesInstanceUID": "1.3.12.2.1107.5.2.43.67064.2021080607470712688292062.0.0.0",
    "StudyInstanceUID": "1.3.12.2.1107.5.2.43.67064.30000021080214015547800000037",
    "StudyID": "1",
    "PatientName": "P1",
    "PatientID": "P1_After6",
    "PatientBirthDate": "1977-01-01",
    "PatientSex": "M",
    "PatientWeight": 102.965,
    "PatientAge": 44,
    "BodyPartExamined": "HEAD",
    "PatientPosition": "HFS",
    "ProcedureStepDescription": "head^Nicol",
    "SoftwareVersions": "syngo MR E11",
    "MRAcquisitionType": "2D",
    "SeriesDescription": "BOLD_REST1_2mm_mb6_me5_ipat2_ppf68_FOV220_lkblck_on",
    "ProtocolName": "BOLD_REST1_2mm_mb6_me5_ipat2_ppf68_FOV220_lkblck_on",
    "ScanningSequence": "EP",
    "SequenceVariant": "SK_SS",
    "ScanOptions": "PFP_FS_EXT",
    "SequenceName": "epfid2d5_110",
    "ImageType": [
        "ORIGINAL",
        "PRIMARY",
        "M",
        "MB",
        "TE1",
        "ND",
        "NORM",
        "MOSAIC"
    ],
    "NonlinearGradientCorrection": false,
    "SeriesNumber": 10,
    "AcquisitionTime": "07:47:55.072500",
    "AcquisitionDateTime": "2021-08-06T07:47:55.072500",
    "AcquisitionNumber": 1,
    "ImageComments": "Unaliased MB6/PE4/LB",
    "SliceThickness": 2,
    "SpacingBetweenSlices": 2,
    "SAR": 0.0482264,
    "EchoNumber": 1,
    "EchoTime": 0.0142,
    "RepetitionTime": 1.761,
    "FlipAngle": 68,
    "PartialFourier": 0.75,
    "BaseResolution": 110,
    "ShimSetting": [
        -1979,
        -11544,
        5799,
        587,
        12,
        61,
        -106,
        -16
    ],
    "TxRefAmp": 257.354,
    "PhaseResolution": 1,
    "VendorReportedEchoSpacing": 0.00056,
    "ReceiveCoilName": "Head_32",
    "ReceiveCoilActiveElements": "HEA;HEP",
    "PulseSequenceDetails": "%CustomerSeq%_cmrr_mbep2d_bold",
    "WipMemBlock": "04f7c9fa-4943-462b-b889-24d64d421570||Sequence: R016 ve11c/master r/e634e98; Dec 19 2017 11:00:25 by eja",
    "RefLinesPE": 24,
    "CoilCombinationMethod": "Sum of Squares",
    "ConsistencyInfo": "N4_VE11C_LATEST_20160120",
    "MatrixCoilMode": "GRAPPA",
    "MultibandAccelerationFactor": 6,
    "PercentPhaseFOV": 100,
    "PercentSampling": 100,
    "EchoTrainLength": 42,
    "PhaseEncodingSteps": 83,
    "AcquisitionMatrixPE": 110,
    "ReconMatrixPE": 110,
    "BandwidthPerPixelPhaseEncode": 32.468,
    "ParallelReductionFactorInPlane": 2,
    "EffectiveEchoSpacing": 0.000279996,
    "DerivedVendorReportedEchoSpacing": 0.000559992,
    "TotalReadoutTime": 0.0305196,
    "PixelBandwidth": 2275,
    "DwellTime": 2e-06,
    "PhaseEncodingDirection": "j-",
    "SliceTiming": [
        0,
        0.7275,
        1.4525,
        0.4375,
        1.1625,
        0.1475,
        0.8725,
        1.5975,
        0.5825,
        1.3075,
        0.2925,
        1.0175,
        0,
        0.7275,
        1.4525,
        0.4375,
        1.1625,
        0.1475,
        0.8725,
        1.5975,
        0.5825,
        1.3075,
        0.2925,
        1.0175,
        0,
        0.7275,
        1.4525,
        0.4375,
        1.1625,
        0.1475,
        0.8725,
        1.5975,
        0.5825,
        1.3075,
        0.2925,
        1.0175,
        0,
        0.7275,
        1.4525,
        0.4375,
        1.1625,
        0.1475,
        0.8725,
        1.5975,
        0.5825,
        1.3075,
        0.2925,
        1.0175,
        0,
        0.7275,
        1.4525,
        0.4375,
        1.1625,
        0.1475,
        0.8725,
        1.5975,
        0.5825,
        1.3075,
        0.2925,
        1.0175,
        0,
        0.7275,
        1.4525,
        0.4375,
        1.1625,
        0.1475,
        0.8725,
        1.5975,
        0.5825,
        1.3075,
        0.2925,
        1.0175
    ],
    "ImageOrientationPatientDICOM": [
        0.99977,
        0.0154904,
        -0.0148025,
        -0.0158801,
        0.99952,
        -0.0265845
    ],
    "ImageOrientationText": "Tra>Cor(-1.5)>Sag(-0.8)",
    "InPlanePhaseEncodingDirectionDICOM": "COL",
    "BidsGuess": [
        "func",
        "_acq-epfid2p2m6_dir-AP_run-10_echo-1_bold"
    ],
    "ConversionSoftware": "dcm2niix",
    "ConversionSoftwareVersion": "v1.0.20240202",
    "TaskName": "BOLDREST12mmmb6me5ipat2ppf68FOV220lkblckon"
}
