{
	"Modality": "MR",
	"MagneticFieldStrength": 3,
	"ImagingFrequency": 123.255,
	"Manufacturer": "Siemens",
	"ManufacturersModelName": "Prisma_fit",
	"InstitutionName": "Washington_University",
	"InstitutionalDepartmentName": "Department",
	"InstitutionAddress": "Scott_Ave_4525_St._Louis_MO_US_63110",
	"DeviceSerialNumber": "67064",
	"StationName": "MRC35177",
	"SeriesInstanceUID": "1.3.12.2.1107.5.2.43.67064.2022043017411145181995683.0.0.0",
	"StudyInstanceUID": "1.3.12.2.1107.5.2.43.67064.30000022042519461547100000067",
	"ReferringPhysicianName": ".",
	"StudyID": "1",
	"PatientName": "P6",
	"PatientID": "P6",
	"PatientBirthDate": "1999-01-01",
	"PatientSex": "F",
	"PatientWeight": 95.2544,
	"BodyPartExamined": "HEAD",
	"PatientPosition": "HFS",
	"ProcedureStepDescription": "head_Nicol",
	"SoftwareVersions": "syngo_MR_E11",
	"MRAcquisitionType": "2D",
	"SeriesDescription": "ABCD_dMRI_b3000_2p0mm_te83_tr3500",
	"ProtocolName": "ABCD_dMRI_b3000_2p0mm_te83_tr3500",
	"ScanningSequence": "EP",
	"SequenceVariant": "SK_SP",
	"ScanOptions": "PFP_FS",
	"SequenceName": "ep_b0",
	"ImageType": ["ORIGINAL", "PRIMARY", "DIFFUSION", "NONE", "ND", "MOSAIC"],
	"SeriesNumber": 20,
	"AcquisitionTime": "17:41:32.370000",
	"AcquisitionDateTime": "2022-04-30T17:41:32.370000",
	"AcquisitionNumber": 1,
	"SliceThickness": 2,
	"SpacingBetweenSlices": 2,
	"SAR": 0.306641,
	"EchoTime": 0.083,
	"RepetitionTime": 3.5,
	"FlipAngle": 90,
	"PartialFourier": 0.75,
	"BaseResolution": 120,
	"ShimSetting": [
		-2281,
		-11709,
		5911,
		622,
		-242,
		-51,
		62,
		-57	],
	"DiffusionScheme": "Monopolar",
	"TxRefAmp": 279.01,
	"PhaseResolution": 1,
	"ReceiveCoilName": "Head_32",
	"ReceiveCoilActiveElements": "HEA;HEP",
	"PulseSequenceDetails": "%CustomerSeq%_ep2d_diff_sms_abcd",
	"WipMemBlock": "b3c1f519-01c0-42ee-add7-44211036fb0c",
	"RefLinesPE": 61,
	"ConsistencyInfo": "N4_VE11C_LATEST_20160120",
	"MultibandAccelerationFactor": 3,
	"PercentPhaseFOV": 100,
	"PercentSampling": 100,
	"EchoTrainLength": 90,
	"PhaseEncodingSteps": 90,
	"AcquisitionMatrixPE": 120,
	"ReconMatrixPE": 120,
	"BandwidthPerPixelPhaseEncode": 11.905,
	"EffectiveEchoSpacing": 0.000699986,
	"DerivedVendorReportedEchoSpacing": 0.000699986,
	"TotalReadoutTime": 0.0832983,
	"PixelBandwidth": 1665,
	"DwellTime": 2.5e-06,
	"PhaseEncodingDirection": "j",
	"SliceTiming": [
		0,
		1.81,
		0.14,
		1.95,
		0.28,
		2.0875,
		0.4175,
		2.2275,
		0.5575,
		2.3675,
		0.6975,
		2.5075,
		0.835,
		2.645,
		0.975,
		2.785,
		1.115,
		2.925,
		1.2525,
		3.0625,
		1.3925,
		3.2025,
		1.5325,
		3.3425,
		1.67,
		0,
		1.81,
		0.14,
		1.95,
		0.28,
		2.0875,
		0.4175,
		2.2275,
		0.5575,
		2.3675,
		0.6975,
		2.5075,
		0.835,
		2.645,
		0.975,
		2.785,
		1.115,
		2.925,
		1.2525,
		3.0625,
		1.3925,
		3.2025,
		1.5325,
		3.3425,
		1.67,
		0,
		1.81,
		0.14,
		1.95,
		0.28,
		2.0875,
		0.4175,
		2.2275,
		0.5575,
		2.3675,
		0.6975,
		2.5075,
		0.835,
		2.645,
		0.975,
		2.785,
		1.115,
		2.925,
		1.2525,
		3.0625,
		1.3925,
		3.2025,
		1.5325,
		3.3425,
		1.67	],
	"ImageOrientationPatientDICOM": [
		0.999664,
		0.0256407,
		0.00376504,
		-0.024955,
		0.991584,
		-0.127035	],
	"InPlanePhaseEncodingDirectionDICOM": "COL",
	"ConversionSoftware": "dcm2niix",
	"ConversionSoftwareVersion": "v1.0.20200331"
}
