{
  "Modality": "MR",
  "MagneticFieldStrength": 3,
  "ImagingFrequency": 123.244606,
  "Manufacturer": "Siemens",
  "ManufacturersModelName": "Prisma",
  "InstitutionName": "WUSTL_bay1",
  "InstitutionalDepartmentName": "Research",
  "InstitutionAddress": "Scott St. 4525,St. Louis,Missouri,US,63110",
  "DeviceSerialNumber": "166158",
  "StationName": "AWP166158",
  "SeriesInstanceUID": "1.3.12.2.1107.5.2.43.166158.2022020217274784234248651.0.0.0",
  "StudyInstanceUID": "1.3.12.2.1107.5.2.43.166158.30000022012420373519400000073",
  "StudyID": "1",
  "PatientName": "P5",
  "PatientID": "Baseline4",
  "PatientBirthDate": "2002-01-01",
  "PatientSex": "M",
  "PatientWeight": 83.0074,
  "PatientAge": 20,
  "BodyPartExamined": "HEAD",
  "PatientPosition": "HFS",
  "ProcedureStepDescription": "HEAD^Nicol _B3",
  "SoftwareVersions": "syngo MR E11",
  "MRAcquisitionType": "2D",
  "SeriesDescription": "BOLD_REST1_NORDIC_ME5_2mm",
  "ProtocolName": "BOLD_REST1_NORDIC_ME5_2mm",
  "ScanningSequence": "EP",
  "SequenceVariant": "SK_SS",
  "ScanOptions": "PFP_FS_CT",
  "SequenceName": "epfid2d5_110",
  "ImageType": [
    "ORIGINAL",
    "PRIMARY",
    "P",
    "MB",
    "TE3",
    "ND",
    "MOSAIC",
    "PHASE"
  ],
  "NonlinearGradientCorrection": false,
  "SeriesNumber": 13,
  "AcquisitionTime": "17:28:33.445000",
  "AcquisitionDateTime": "2022-02-02T17:28:33.445000",
  "AcquisitionNumber": 1,
  "ImageComments": "Unaliased MB6/PE4/LB SENSE1+",
  "SliceThickness": 2,
  "SpacingBetweenSlices": 2,
  "SAR": 0.0501974,
  "EchoNumber": 3,
  "EchoTime": 0.06366,
  "RepetitionTime": 1.761,
  "FlipAngle": 68,
  "EchoTime1": 0.0142,
  "EchoTime2": 0.03893,
  "PartialFourier": 0.75,
  "BaseResolution": 110,
  "ShimSetting": [
    4620,
    -7179,
    64,
    575,
    -9,
    146,
    -79,
    24
  ],
  "TxRefAmp": 257.298,
  "PhaseResolution": 1,
  "ReceiveCoilName": "Head_32",
  "ReceiveCoilActiveElements": "HEA;HEP",
  "PulseSequenceDetails": "%CustomerSeq%_cmrr_mbep2d_bold",
  "WipMemBlock": "add8c543-541d-403e-8178-abf71b78f748||Sequence: R016 ve11c/master r/e634e98; Dec 19 2017 11:00:25 by eja",
  "RefLinesPE": 24,
  "CoilCombinationMethod": "Sum of Squares",
  "ConsistencyInfo": "N4_VE11C_LATEST_20160120",
  "MatrixCoilMode": "GRAPPA",
  "MultibandAccelerationFactor": 6,
  "PercentPhaseFOV": 100,
  "PercentSampling": 100,
  "EchoTrainLength": 42,
  "PhaseEncodingSteps": 83,
  "AcquisitionMatrixPE": 110,
  "ReconMatrixPE": 110,
  "BandwidthPerPixelPhaseEncode": 32.468,
  "ParallelReductionFactorInPlane": 2,
  "EffectiveEchoSpacing": 0.000279996,
  "DerivedVendorReportedEchoSpacing": 0.000559992,
  "TotalReadoutTime": 0.0305196,
  "PixelBandwidth": 2275,
  "DwellTime": 2e-06,
  "PhaseEncodingDirection": "j",
  "SliceTiming": [
    0,
    0.725,
    1.4525,
    0.435,
    1.1625,
    0.145,
    0.87,
    1.5975,
    0.58,
    1.3075,
    0.29,
    1.0175,
    0,
    0.725,
    1.4525,
    0.435,
    1.1625,
    0.145,
    0.87,
    1.5975,
    0.58,
    1.3075,
    0.29,
    1.0175,
    0,
    0.725,
    1.4525,
    0.435,
    1.1625,
    0.145,
    0.87,
    1.5975,
    0.58,
    1.3075,
    0.29,
    1.0175,
    0,
    0.725,
    1.4525,
    0.435,
    1.1625,
    0.145,
    0.87,
    1.5975,
    0.58,
    1.3075,
    0.29,
    1.0175,
    0,
    0.725,
    1.4525,
    0.435,
    1.1625,
    0.145,
    0.87,
    1.5975,
    0.58,
    1.3075,
    0.29,
    1.0175,
    0,
    0.725,
    1.4525,
    0.435,
    1.1625,
    0.145,
    0.87,
    1.5975,
    0.58,
    1.3075,
    0.29,
    1.0175
  ],
  "ImageOrientationPatientDICOM": [
    0.999717,
    0.0070002,
    0.0227369,
    0.00104692,
    0.941858,
    -0.33601
  ],
  "ImageOrientationText": "Tra>Cor(-19.6)>Sag(1.4)",
  "InPlanePhaseEncodingDirectionDICOM": "COL",
  "BidsGuess": [
    "func",
    "_acq-epfid2p2m6_dir-PA_run-13_echo-3_part-phase_bold"
  ],
  "ConversionSoftware": "dcm2niix",
  "ConversionSoftwareVersion": "v1.0.20240202",
  "TaskName": "BOLDREST1NORDICME52mm",
  "Units": "arbitrary"
}
