{
	"Modality": "MR",
	"MagneticFieldStrength": 3,
	"ImagingFrequency": 123.255,
	"Manufacturer": "Siemens",
	"ManufacturersModelName": "Prisma_fit",
	"InstitutionName": "Washington_University",
	"InstitutionalDepartmentName": "Department",
	"InstitutionAddress": "Scott_Ave_4525_St._Louis_MO_US_63110",
	"DeviceSerialNumber": "67064",
	"StationName": "MRC35177",
	"SeriesInstanceUID": "1.3.12.2.1107.5.2.43.67064.2022113020253752064884722.0.0.0",
	"StudyInstanceUID": "1.3.12.2.1107.5.2.43.67064.30000022112816145292700000031",
	"StudyID": "1",
	"PatientName": "P5R",
	"PatientID": "P5R_Baseline1",
	"PatientBirthDate": "2002-05-15",
	"PatientSex": "M",
	"PatientWeight": 83.461,
	"BodyPartExamined": "HEAD",
	"PatientPosition": "HFS",
	"ProcedureStepDescription": "head_Nicol",
	"SoftwareVersions": "syngo_MR_E11",
	"MRAcquisitionType": "2D",
	"SeriesDescription": "ABCD_dMRI_b1500_2p0mm_te83_tr3500",
	"ProtocolName": "ABCD_dMRI_b1500_2p0mm_te83_tr3500",
	"ScanningSequence": "EP",
	"SequenceVariant": "SK_SP",
	"ScanOptions": "PFP_FS",
	"SequenceName": "ep_b0",
	"ImageType": ["ORIGINAL", "PRIMARY", "DIFFUSION", "NONE", "ND", "MOSAIC"],
	"SeriesNumber": 31,
	"AcquisitionTime": "20:25:53.862500",
	"AcquisitionDateTime": "2022-11-30T20:25:53.862500",
	"AcquisitionNumber": 1,
	"SliceThickness": 2,
	"SpacingBetweenSlices": 2,
	"SAR": 0.318612,
	"EchoTime": 0.083,
	"RepetitionTime": 3.5,
	"FlipAngle": 90,
	"PartialFourier": 0.75,
	"BaseResolution": 120,
	"ShimSetting": [
		-2265,
		-11680,
		5789,
		665,
		-236,
		222,
		-77,
		-158	],
	"DiffusionScheme": "Monopolar",
	"TxRefAmp": 273.489,
	"PhaseResolution": 1,
	"ReceiveCoilName": "Head_32",
	"ReceiveCoilActiveElements": "HEA;HEP",
	"PulseSequenceDetails": "%CustomerSeq%_ep2d_diff_sms_abcd",
	"WipMemBlock": "6ab5fefa-f22e-424a-92e7-d429d0222405",
	"RefLinesPE": 61,
	"ConsistencyInfo": "N4_VE11C_LATEST_20160120",
	"MultibandAccelerationFactor": 3,
	"PercentPhaseFOV": 100,
	"PercentSampling": 100,
	"EchoTrainLength": 90,
	"PhaseEncodingSteps": 90,
	"AcquisitionMatrixPE": 120,
	"ReconMatrixPE": 120,
	"BandwidthPerPixelPhaseEncode": 11.905,
	"EffectiveEchoSpacing": 0.000699986,
	"DerivedVendorReportedEchoSpacing": 0.000699986,
	"TotalReadoutTime": 0.0832983,
	"PixelBandwidth": 1665,
	"DwellTime": 2.5e-06,
	"PhaseEncodingDirection": "j",
	"SliceTiming": [
		0,
		1.81,
		0.14,
		1.95,
		0.2775,
		2.0875,
		0.4175,
		2.2275,
		0.5575,
		2.3675,
		0.695,
		2.505,
		0.835,
		2.645,
		0.975,
		2.785,
		1.115,
		2.9225,
		1.2525,
		3.0625,
		1.3925,
		3.2025,
		1.5325,
		3.34,
		1.67,
		0,
		1.81,
		0.14,
		1.95,
		0.2775,
		2.0875,
		0.4175,
		2.2275,
		0.5575,
		2.3675,
		0.695,
		2.505,
		0.835,
		2.645,
		0.975,
		2.785,
		1.115,
		2.9225,
		1.2525,
		3.0625,
		1.3925,
		3.2025,
		1.5325,
		3.34,
		1.67,
		0,
		1.81,
		0.14,
		1.95,
		0.2775,
		2.0875,
		0.4175,
		2.2275,
		0.5575,
		2.3675,
		0.695,
		2.505,
		0.835,
		2.645,
		0.975,
		2.785,
		1.115,
		2.9225,
		1.2525,
		3.0625,
		1.3925,
		3.2025,
		1.5325,
		3.34,
		1.67	],
	"ImageOrientationPatientDICOM": [
		0.999363,
		-0.0198131,
		-0.0296665,
		0.0202357,
		0.999697,
		0.0140149	],
	"InPlanePhaseEncodingDirectionDICOM": "COL",
	"ConversionSoftware": "dcm2niix",
	"ConversionSoftwareVersion": "v1.0.20200331"
}
