{
    "Modality": "MR",
    "MagneticFieldStrength": 3,
    "ImagingFrequency": 123.255,
    "Manufacturer": "Siemens",
    "ManufacturersModelName": "Prisma_fit",
    "InstitutionName": "Washington_University",
    "InstitutionalDepartmentName": "Department",
    "InstitutionAddress": "Scott_Ave_4525_St._Louis_MO_US_63110",
    "DeviceSerialNumber": "67064",
    "StationName": "MRC35177",
    "SeriesInstanceUID": "1.3.12.2.1107.5.2.43.67064.202205151008342631409474.0.0.0",
    "StudyInstanceUID": "1.3.12.2.1107.5.2.43.67064.30000022050222515575300000133",
    "StudyID": "1",
    "PatientName": "P6",
    "PatientID": "P6_Drug2",
    "PatientBirthDate": "1999-01-01",
    "PatientSex": "F",
    "PatientWeight": 95.2544,
    "BodyPartExamined": "HEAD",
    "PatientPosition": "HFS",
    "ProcedureStepDescription": "head_Nicol",
    "SoftwareVersions": "syngo_MR_E11",
    "MRAcquisitionType": "2D",
    "SeriesDescription": "BOLD_REST2_NORDIC_ME5_2mm",
    "ProtocolName": "BOLD_REST2_NORDIC_ME5_2mm",
    "ScanningSequence": "EP",
    "SequenceVariant": "SK_SS",
    "ScanOptions": "PFP_FS_CT",
    "SequenceName": "epfid2d5_110",
    "ImageType": [
        "ORIGINAL",
        "PRIMARY",
        "M",
        "MB",
        "TE1",
        "ND",
        "NORM",
        "MOSAIC"
    ],
    "SeriesNumber": 21,
    "AcquisitionTime": "10:09:21.727500",
    "AcquisitionDateTime": "2022-05-15T10:09:21.727500",
    "AcquisitionNumber": 1,
    "ImageComments": "Unaliased_MB6_PE4_LB_SENSE1+",
    "SliceThickness": 2,
    "SpacingBetweenSlices": 2,
    "SAR": 0.0604066,
    "EchoNumber": 1,
    "EchoTime": 0.0142,
    "RepetitionTime": 1.761,
    "FlipAngle": 68,
    "PartialFourier": 0.75,
    "BaseResolution": 110,
    "ShimSetting": [
        -2267,
        -11701,
        5909,
        582,
        -187,
        14,
        49,
        -106
    ],
    "TxRefAmp": 280.044,
    "PhaseResolution": 1,
    "ReceiveCoilName": "Head_32",
    "ReceiveCoilActiveElements": "HEA;HEP",
    "PulseSequenceDetails": "%CustomerSeq%_cmrr_mbep2d_bold",
    "WipMemBlock": "38b5c233-bdea-4573-bf97-43bd2a953b0c||Sequence: R016 ve11c/master r/e634e98; Dec 19 2017 11:00:25 by eja",
    "RefLinesPE": 24,
    "ConsistencyInfo": "N4_VE11C_LATEST_20160120",
    "MultibandAccelerationFactor": 6,
    "PercentPhaseFOV": 100,
    "PercentSampling": 100,
    "EchoTrainLength": 42,
    "PhaseEncodingSteps": 83,
    "AcquisitionMatrixPE": 110,
    "ReconMatrixPE": 110,
    "BandwidthPerPixelPhaseEncode": 32.468,
    "ParallelReductionFactorInPlane": 2,
    "EffectiveEchoSpacing": 0.000279996,
    "DerivedVendorReportedEchoSpacing": 0.000559992,
    "TotalReadoutTime": 0.0305196,
    "PixelBandwidth": 2275,
    "DwellTime": 2e-06,
    "PhaseEncodingDirection": "j",
    "SliceTiming": [
        0,
        0.7275,
        1.4525,
        0.4375,
        1.1625,
        0.1475,
        0.8725,
        1.5975,
        0.5825,
        1.3075,
        0.2925,
        1.0175,
        0,
        0.7275,
        1.4525,
        0.4375,
        1.1625,
        0.1475,
        0.8725,
        1.5975,
        0.5825,
        1.3075,
        0.2925,
        1.0175,
        0,
        0.7275,
        1.4525,
        0.4375,
        1.1625,
        0.1475,
        0.8725,
        1.5975,
        0.5825,
        1.3075,
        0.2925,
        1.0175,
        0,
        0.7275,
        1.4525,
        0.4375,
        1.1625,
        0.1475,
        0.8725,
        1.5975,
        0.5825,
        1.3075,
        0.2925,
        1.0175,
        0,
        0.7275,
        1.4525,
        0.4375,
        1.1625,
        0.1475,
        0.8725,
        1.5975,
        0.5825,
        1.3075,
        0.2925,
        1.0175,
        0,
        0.7275,
        1.4525,
        0.4375,
        1.1625,
        0.1475,
        0.8725,
        1.5975,
        0.5825,
        1.3075,
        0.2925,
        1.0175
    ],
    "ImageOrientationPatientDICOM": [
        0.998886,
        -0.0235027,
        0.0409137,
        0.0279014,
        0.993485,
        -0.110494
    ],
    "InPlanePhaseEncodingDirectionDICOM": "COL",
    "ConversionSoftware": "dcm2niix",
    "ConversionSoftwareVersion": "v1.0.20200331",
    "TaskName": "BOLDREST2NORDICME52mm"
}
