{
    "Modality": "MR",
    "MagneticFieldStrength": 3,
    "ImagingFrequency": 123.246958,
    "Manufacturer": "Siemens",
    "ManufacturersModelName": "Prisma_fit",
    "InstitutionName": "Washington University",
    "InstitutionalDepartmentName": "Department",
    "InstitutionAddress": "Scott Ave 4525,St. Louis,MO,US,63110",
    "DeviceSerialNumber": "67064",
    "StationName": "MRC35177",
    "SeriesInstanceUID": "1.3.12.2.1107.5.2.43.67064.2021092409135948567493327.0.0.0",
    "StudyInstanceUID": "1.3.12.2.1107.5.2.43.67064.30000021092118310982100000025",
    "StudyID": "1",
    "PatientName": "P2",
    "PatientID": "P2_After4",
    "PatientBirthDate": "1982-01-01",
    "PatientSex": "M",
    "PatientWeight": 70.3068,
    "PatientAge": 39,
    "BodyPartExamined": "HEAD",
    "PatientPosition": "HFS",
    "ProcedureStepDescription": "head^Nicol",
    "SoftwareVersions": "syngo MR E11",
    "MRAcquisitionType": "2D",
    "SeriesDescription": "BOLD_REST1_2mm_mb6_me5_ipat2_ppf68_FOV220_lkblck_on",
    "ProtocolName": "BOLD_REST1_2mm_mb6_me5_ipat2_ppf68_FOV220_lkblck_on",
    "ScanningSequence": "EP",
    "SequenceVariant": "SK_SS",
    "ScanOptions": "PFP_FS_EXT",
    "SequenceName": "epfid2d5_110",
    "ImageType": [
        "ORIGINAL",
        "PRIMARY",
        "M",
        "MB",
        "TE3",
        "ND",
        "NORM",
        "MOSAIC"
    ],
    "NonlinearGradientCorrection": false,
    "SeriesNumber": 10,
    "AcquisitionTime": "09:15:26.025000",
    "AcquisitionDateTime": "2021-09-24T09:15:26.025000",
    "AcquisitionNumber": 1,
    "ImageComments": "Unaliased MB6/PE4/LB",
    "SliceThickness": 2,
    "SpacingBetweenSlices": 2,
    "SAR": 0.0458379,
    "EchoNumber": 3,
    "EchoTime": 0.06366,
    "RepetitionTime": 1.761,
    "FlipAngle": 68,
    "PartialFourier": 0.75,
    "BaseResolution": 110,
    "ShimSetting": [
        -1999,
        -11512,
        5797,
        576,
        182,
        177,
        85,
        -12
    ],
    "TxRefAmp": 230.825,
    "PhaseResolution": 1,
    "VendorReportedEchoSpacing": 0.00056,
    "ReceiveCoilName": "Head_32",
    "ReceiveCoilActiveElements": "HEA;HEP",
    "PulseSequenceDetails": "%CustomerSeq%_cmrr_mbep2d_bold",
    "WipMemBlock": "253b3663-ef74-4fb9-84e5-581034397085||Sequence: R016 ve11c/master r/e634e98; Dec 19 2017 11:00:25 by eja",
    "RefLinesPE": 24,
    "CoilCombinationMethod": "Sum of Squares",
    "ConsistencyInfo": "N4_VE11C_LATEST_20160120",
    "MatrixCoilMode": "GRAPPA",
    "MultibandAccelerationFactor": 6,
    "PercentPhaseFOV": 100,
    "PercentSampling": 100,
    "EchoTrainLength": 42,
    "PhaseEncodingSteps": 83,
    "AcquisitionMatrixPE": 110,
    "ReconMatrixPE": 110,
    "BandwidthPerPixelPhaseEncode": 32.468,
    "ParallelReductionFactorInPlane": 2,
    "EffectiveEchoSpacing": 0.000279996,
    "DerivedVendorReportedEchoSpacing": 0.000559992,
    "TotalReadoutTime": 0.0305196,
    "PixelBandwidth": 2275,
    "DwellTime": 2e-06,
    "PhaseEncodingDirection": "j-",
    "SliceTiming": [
        0,
        0.7275,
        1.4525,
        0.4375,
        1.1625,
        0.145,
        0.8725,
        1.5975,
        0.5825,
        1.3075,
        0.2925,
        1.0175,
        0,
        0.7275,
        1.4525,
        0.4375,
        1.1625,
        0.145,
        0.8725,
        1.5975,
        0.5825,
        1.3075,
        0.2925,
        1.0175,
        0,
        0.7275,
        1.4525,
        0.4375,
        1.1625,
        0.145,
        0.8725,
        1.5975,
        0.5825,
        1.3075,
        0.2925,
        1.0175,
        0,
        0.7275,
        1.4525,
        0.4375,
        1.1625,
        0.145,
        0.8725,
        1.5975,
        0.5825,
        1.3075,
        0.2925,
        1.0175,
        0,
        0.7275,
        1.4525,
        0.4375,
        1.1625,
        0.145,
        0.8725,
        1.5975,
        0.5825,
        1.3075,
        0.2925,
        1.0175,
        0,
        0.7275,
        1.4525,
        0.4375,
        1.1625,
        0.145,
        0.8725,
        1.5975,
        0.5825,
        1.3075,
        0.2925,
        1.0175
    ],
    "ImageOrientationPatientDICOM": [
        0.998536,
        0.0495551,
        -0.0216739,
        -0.0483125,
        0.997343,
        0.0545225
    ],
    "ImageOrientationText": "Tra>Cor(3.1)>Sag(-1.4)",
    "InPlanePhaseEncodingDirectionDICOM": "COL",
    "BidsGuess": [
        "func",
        "_acq-epfid2p2m6_dir-AP_run-10_echo-3_bold"
    ],
    "ConversionSoftware": "dcm2niix",
    "ConversionSoftwareVersion": "v1.0.20240202",
    "TaskName": "BOLDREST12mmmb6me5ipat2ppf68FOV220lkblckon"
}
