{
    "Modality": "MR",
    "MagneticFieldStrength": 3,
    "ImagingFrequency": 123.247088,
    "Manufacturer": "Siemens",
    "ManufacturersModelName": "Prisma_fit",
    "InstitutionName": "Washington University",
    "InstitutionalDepartmentName": "Department",
    "InstitutionAddress": "Scott Ave 4525,St. Louis,MO,US,63110",
    "DeviceSerialNumber": "67064",
    "StationName": "MRC35177",
    "SeriesInstanceUID": "1.3.12.2.1107.5.2.43.67064.2021081519512159251953700.0.0.0",
    "StudyInstanceUID": "1.3.12.2.1107.5.2.43.67064.30000021081301534331100000022",
    "StudyID": "1",
    "PatientName": "P3",
    "PatientID": "P3_Baseline4",
    "PatientBirthDate": "1985-01-01",
    "PatientSex": "F",
    "PatientWeight": 63.5029,
    "PatientAge": 36,
    "BodyPartExamined": "HEAD",
    "PatientPosition": "HFS",
    "ProcedureStepDescription": "head^Nicol",
    "SoftwareVersions": "syngo MR E11",
    "MRAcquisitionType": "2D",
    "SeriesDescription": "BOLD_TASK1_2p5mm_mb4_me5_ipat2_ppf68_FOV220",
    "ProtocolName": "BOLD_TASK1_2p5mm_mb4_me5_ipat2_ppf68_FOV220",
    "ScanningSequence": "EP",
    "SequenceVariant": "SK_SS",
    "ScanOptions": "PFP_FS_EXT",
    "SequenceName": "epfid2d5_88",
    "ImageType": [
        "ORIGINAL",
        "PRIMARY",
        "M",
        "MB",
        "TE5",
        "ND",
        "NORM",
        "MOSAIC"
    ],
    "NonlinearGradientCorrection": false,
    "SeriesNumber": 16,
    "AcquisitionTime": "19:51:56.050000",
    "AcquisitionDateTime": "2021-08-15T19:51:56.050000",
    "AcquisitionNumber": 1,
    "ImageComments": "Unaliased MB4/PE4/LB",
    "SliceThickness": 2.5,
    "SpacingBetweenSlices": 2.5,
    "SAR": 0.0443725,
    "EchoNumber": 5,
    "EchoTime": 0.088,
    "RepetitionTime": 1.761,
    "FlipAngle": 68,
    "PartialFourier": 0.75,
    "BaseResolution": 88,
    "ShimSetting": [
        -2008,
        -11510,
        5766,
        528,
        105,
        5,
        48,
        -20
    ],
    "TxRefAmp": 234.754,
    "PhaseResolution": 1,
    "VendorReportedEchoSpacing": 0.00051,
    "ReceiveCoilName": "Head_32",
    "ReceiveCoilActiveElements": "HEA;HEP",
    "PulseSequenceDetails": "%CustomerSeq%_cmrr_mbep2d_bold",
    "WipMemBlock": "f8cd95a7-6d0d-49b7-bd36-b80deabe5ae4||Sequence: R016 ve11c/master r/e634e98; Dec 19 2017 11:00:25 by eja",
    "RefLinesPE": 24,
    "CoilCombinationMethod": "Sum of Squares",
    "ConsistencyInfo": "N4_VE11C_LATEST_20160120",
    "MatrixCoilMode": "GRAPPA",
    "MultibandAccelerationFactor": 4,
    "PercentPhaseFOV": 100,
    "PercentSampling": 100,
    "EchoTrainLength": 34,
    "PhaseEncodingSteps": 68,
    "AcquisitionMatrixPE": 88,
    "ReconMatrixPE": 88,
    "BandwidthPerPixelPhaseEncode": 44.563,
    "ParallelReductionFactorInPlane": 2,
    "EffectiveEchoSpacing": 0.000255002,
    "DerivedVendorReportedEchoSpacing": 0.000510003,
    "TotalReadoutTime": 0.0221851,
    "PixelBandwidth": 2470,
    "DwellTime": 2.3e-06,
    "PhaseEncodingDirection": "j-",
    "SliceTiming": [
        0,
        0.93,
        0.1175,
        1.045,
        0.2325,
        1.1625,
        0.35,
        1.2775,
        0.465,
        1.3925,
        0.58,
        1.51,
        0.6975,
        1.625,
        0.8125,
        0,
        0.93,
        0.1175,
        1.045,
        0.2325,
        1.1625,
        0.35,
        1.2775,
        0.465,
        1.3925,
        0.58,
        1.51,
        0.6975,
        1.625,
        0.8125,
        0,
        0.93,
        0.1175,
        1.045,
        0.2325,
        1.1625,
        0.35,
        1.2775,
        0.465,
        1.3925,
        0.58,
        1.51,
        0.6975,
        1.625,
        0.8125,
        0,
        0.93,
        0.1175,
        1.045,
        0.2325,
        1.1625,
        0.35,
        1.2775,
        0.465,
        1.3925,
        0.58,
        1.51,
        0.6975,
        1.625,
        0.8125
    ],
    "ImageOrientationPatientDICOM": [
        0.997059,
        0.0581829,
        -0.0498719,
        -0.0615068,
        0.995792,
        -0.0679313
    ],
    "ImageOrientationText": "Tra>Cor(-4.1)>Sag(-2.6)",
    "InPlanePhaseEncodingDirectionDICOM": "COL",
    "BidsGuess": [
        "func",
        "_acq-epfid2p2m4_dir-AP_run-16_echo-5_bold"
    ],
    "ConversionSoftware": "dcm2niix",
    "ConversionSoftwareVersion": "v1.0.20240202",
    "TaskName": "BOLDTASK12p5mmmb4me5ipat2ppf68FOV220"
}
