{
	"Modality": "MR",
	"MagneticFieldStrength": 3,
	"ImagingFrequency": 123.247192,
	"Manufacturer": "Siemens",
	"ManufacturersModelName": "Prisma_fit",
	"InstitutionName": "Joshua Siegel",
	"InstitutionalDepartmentName": "Department",
	"InstitutionAddress": "Scott Ave 4525,St. Louis,MO,US,63110",
	"DeviceSerialNumber": "67064",
	"StationName": "MRC35177",
	"SeriesInstanceUID": "1.3.12.2.1107.5.2.43.67064.2021082520313749076963675.0.0.0",
	"StudyInstanceUID": "1.3.12.2.1107.5.2.43.67064.30000021081720290345600000107",
	"StudyID": "1",
	"PatientName": "P3",
	"PatientID": "P3_Between2",
	"PatientBirthDate": "1985-01-01",
	"PatientSex": "F",
	"PatientWeight": 63.5029,
	"PatientAge": 36,
	"BodyPartExamined": "HEAD",
	"PatientPosition": "HFS",
	"ProcedureStepDescription": "head^Nicol",
	"SoftwareVersions": "syngo MR E11",
	"MRAcquisitionType": "2D",
	"SeriesDescription": "ABCD_dMRI_b3000_2p0mm_te83_tr3500",
	"ProtocolName": "ABCD_dMRI_b3000_2p0mm_te83_tr3500",
	"ScanningSequence": "EP",
	"SequenceVariant": "SK\\SP",
	"ScanOptions": "PFP\\FS",
	"SequenceName": "ep_b0",
	"ImageType": ["ORIGINAL", "PRIMARY", "DIFFUSION", "NONE", "ND", "MOSAIC"],
	"NonlinearGradientCorrection": false,
	"SeriesNumber": 15,
	"AcquisitionTime": "20:31:53.612500",
	"AcquisitionDateTime": "2021-08-25T20:31:53.612500",
	"AcquisitionNumber": 1,
	"SliceThickness": 2,
	"SpacingBetweenSlices": 2,
	"SAR": 0.267136,
	"EchoTime": 0.083,
	"RepetitionTime": 3.5,
	"SpoilingState": true,
	"FlipAngle": 90,
	"PartialFourier": 0.75,
	"BaseResolution": 120,
	"ShimSetting": [
		-1976,
		-11497,
		5727,
		588,
		100,
		-31,
		112,
		-32	],
	"DiffusionScheme": "Monopolar",
	"TxRefAmp": 242.387,
	"PhaseResolution": 1,
	"ReceiveCoilName": "Head_32",
	"ReceiveCoilActiveElements": "HEA;HEP",
	"PulseSequenceDetails": "%CustomerSeq%\\ep2d_diff_sms_abcd",
	"WipMemBlock": "dd3b1a64-a91f-4afa-8ea6-02254325d51a",
	"RefLinesPE": 61,
	"CoilCombinationMethod": "Adaptive Combine",
	"ConsistencyInfo": "N4_VE11C_LATEST_20160120",
	"MultibandAccelerationFactor": 3,
	"PercentPhaseFOV": 100,
	"PercentSampling": 100,
	"EchoTrainLength": 90,
	"PhaseEncodingSteps": 90,
	"AcquisitionMatrixPE": 120,
	"ReconMatrixPE": 120,
	"BandwidthPerPixelPhaseEncode": 11.905,
	"EffectiveEchoSpacing": 0.000699986,
	"DerivedVendorReportedEchoSpacing": 0.000699986,
	"TotalReadoutTime": 0.0832983,
	"PixelBandwidth": 1665,
	"DwellTime": 2.5e-06,
	"PhaseEncodingDirection": "j",
	"SliceTiming": [
		0,
		1.8075,
		0.1375,
		1.9475,
		0.2775,
		2.0875,
		0.4175,
		2.225,
		0.555,
		2.365,
		0.695,
		2.505,
		0.835,
		2.6425,
		0.9725,
		2.7825,
		1.1125,
		2.9225,
		1.2525,
		3.0625,
		1.39,
		3.2,
		1.53,
		3.34,
		1.67,
		0,
		1.8075,
		0.1375,
		1.9475,
		0.2775,
		2.0875,
		0.4175,
		2.225,
		0.555,
		2.365,
		0.695,
		2.505,
		0.835,
		2.6425,
		0.9725,
		2.7825,
		1.1125,
		2.9225,
		1.2525,
		3.0625,
		1.39,
		3.2,
		1.53,
		3.34,
		1.67,
		0,
		1.8075,
		0.1375,
		1.9475,
		0.2775,
		2.0875,
		0.4175,
		2.225,
		0.555,
		2.365,
		0.695,
		2.505,
		0.835,
		2.6425,
		0.9725,
		2.7825,
		1.1125,
		2.9225,
		1.2525,
		3.0625,
		1.39,
		3.2,
		1.53,
		3.34,
		1.67	],
	"ImageOrientationPatientDICOM": [
		0.996241,
		-0.00373958,
		0.0865491,
		0.00660744,
		0.999438,
		-0.0328729	],
	"ImageOrientationText": "Tra>Sag(5.0)>Cor(-1.9)",
	"InPlanePhaseEncodingDirectionDICOM": "COL",
	"BidsGuess": ["dwi","_acq-epb0m3_dir-PA_run-15_dwi"],
	"ConversionSoftware": "dcm2niix",
	"ConversionSoftwareVersion": "v1.0.20240202"
}
