{
    "Modality": "MR",
    "MagneticFieldStrength": 3,
    "ImagingFrequency": 123.246957,
    "Manufacturer": "Siemens",
    "ManufacturersModelName": "Prisma_fit",
    "InstitutionName": "Washington University",
    "InstitutionalDepartmentName": "Department",
    "InstitutionAddress": "Scott Ave 4525,St. Louis,MO,US,63110",
    "DeviceSerialNumber": "67064",
    "StationName": "MRC35177",
    "SeriesInstanceUID": "1.3.12.2.1107.5.2.43.67064.2021080921160927385607903.0.0.0",
    "StudyInstanceUID": "1.3.12.2.1107.5.2.43.67064.30000021080914361501300000007",
    "StudyID": "1",
    "PatientName": "P3",
    "PatientID": "PS17_Baseline1",
    "PatientBirthDate": "1977-01-01",
    "PatientSex": "F",
    "PatientWeight": 64.8637,
    "PatientAge": 44,
    "BodyPartExamined": "HEAD",
    "PatientPosition": "HFS",
    "ProcedureStepDescription": "head^Nicol",
    "SoftwareVersions": "syngo MR E11",
    "MRAcquisitionType": "2D",
    "SeriesDescription": "BOLD_TASK2_2mm_mb6_me5_ipat2_ppf68_FOV220",
    "ProtocolName": "BOLD_TASK2_2mm_mb6_me5_ipat2_ppf68_FOV220",
    "ScanningSequence": "EP",
    "SequenceVariant": "SK_SS",
    "ScanOptions": "PFP_FS_EXT",
    "SequenceName": "epfid2d5_110",
    "ImageType": [
        "ORIGINAL",
        "PRIMARY",
        "M",
        "MB",
        "TE3",
        "ND",
        "NORM",
        "MOSAIC"
    ],
    "NonlinearGradientCorrection": false,
    "SeriesNumber": 24,
    "AcquisitionTime": "21:16:56.430000",
    "AcquisitionDateTime": "2021-08-09T21:16:56.430000",
    "AcquisitionNumber": 1,
    "ImageComments": "Unaliased MB6/PE4/LB",
    "SliceThickness": 2,
    "SpacingBetweenSlices": 2,
    "SAR": 0.0462402,
    "EchoNumber": 3,
    "EchoTime": 0.06366,
    "RepetitionTime": 1.761,
    "FlipAngle": 68,
    "PartialFourier": 0.75,
    "BaseResolution": 110,
    "ShimSetting": [
        -1994,
        -11516,
        5771,
        567,
        111,
        -36,
        49,
        -31
    ],
    "TxRefAmp": 234.371,
    "PhaseResolution": 1,
    "VendorReportedEchoSpacing": 0.00056,
    "ReceiveCoilName": "Head_32",
    "ReceiveCoilActiveElements": "HEA;HEP",
    "PulseSequenceDetails": "%CustomerSeq%_cmrr_mbep2d_bold",
    "WipMemBlock": "37dcd494-92a4-4714-be57-b5776c334da1||Sequence: R016 ve11c/master r/e634e98; Dec 19 2017 11:00:25 by eja",
    "RefLinesPE": 24,
    "CoilCombinationMethod": "Sum of Squares",
    "ConsistencyInfo": "N4_VE11C_LATEST_20160120",
    "MatrixCoilMode": "GRAPPA",
    "MultibandAccelerationFactor": 6,
    "PercentPhaseFOV": 100,
    "PercentSampling": 100,
    "EchoTrainLength": 42,
    "PhaseEncodingSteps": 83,
    "AcquisitionMatrixPE": 110,
    "ReconMatrixPE": 110,
    "BandwidthPerPixelPhaseEncode": 32.468,
    "ParallelReductionFactorInPlane": 2,
    "EffectiveEchoSpacing": 0.000279996,
    "DerivedVendorReportedEchoSpacing": 0.000559992,
    "TotalReadoutTime": 0.0305196,
    "PixelBandwidth": 2275,
    "DwellTime": 2e-06,
    "PhaseEncodingDirection": "j-",
    "SliceTiming": [
        0,
        0.725,
        1.4525,
        0.435,
        1.1625,
        0.145,
        0.87,
        1.5975,
        0.58,
        1.3075,
        0.29,
        1.0175,
        0,
        0.725,
        1.4525,
        0.435,
        1.1625,
        0.145,
        0.87,
        1.5975,
        0.58,
        1.3075,
        0.29,
        1.0175,
        0,
        0.725,
        1.4525,
        0.435,
        1.1625,
        0.145,
        0.87,
        1.5975,
        0.58,
        1.3075,
        0.29,
        1.0175,
        0,
        0.725,
        1.4525,
        0.435,
        1.1625,
        0.145,
        0.87,
        1.5975,
        0.58,
        1.3075,
        0.29,
        1.0175,
        0,
        0.725,
        1.4525,
        0.435,
        1.1625,
        0.145,
        0.87,
        1.5975,
        0.58,
        1.3075,
        0.29,
        1.0175,
        0,
        0.725,
        1.4525,
        0.435,
        1.1625,
        0.145,
        0.87,
        1.5975,
        0.58,
        1.3075,
        0.29,
        1.0175
    ],
    "ImageOrientationPatientDICOM": [
        0.998367,
        0.0521671,
        -0.0232913,
        -0.0516233,
        0.998393,
        0.02337
    ],
    "ImageOrientationText": "Tra>Sag(-1.4)>Cor(1.3)",
    "InPlanePhaseEncodingDirectionDICOM": "COL",
    "BidsGuess": [
        "func",
        "_acq-epfid2p2m6_dir-AP_run-24_echo-3_bold"
    ],
    "ConversionSoftware": "dcm2niix",
    "ConversionSoftwareVersion": "v1.0.20240202",
    "TaskName": "BOLDTASK22mmmb6me5ipat2ppf68FOV220"
}
