{
  "Modality": "MR",
  "MagneticFieldStrength": 3,
  "ImagingFrequency": 123.244242,
  "Manufacturer": "Siemens",
  "ManufacturersModelName": "Prisma",
  "InstitutionName": "Washington University",
  "InstitutionalDepartmentName": "Research",
  "InstitutionAddress": "Scott St. 4525,St. Louis,Missouri,US,63110",
  "DeviceSerialNumber": "166158",
  "StationName": "AWP166158",
  "SeriesInstanceUID": "1.3.12.2.1107.5.2.43.166158.2022021819555762135249154.0.0.0",
  "StudyInstanceUID": "1.3.12.2.1107.5.2.43.166158.30000022021814070400100000013",
  "StudyID": "1",
  "PatientName": "P5",
  "PatientID": "After3",
  "PatientBirthDate": "2002-01-01",
  "PatientSex": "M",
  "PatientWeight": 83.0074,
  "PatientAge": 20,
  "BodyPartExamined": "HEAD",
  "PatientPosition": "HFS",
  "ProcedureStepDescription": "HEAD^Nicol _B3",
  "SoftwareVersions": "syngo MR E11",
  "MRAcquisitionType": "2D",
  "SeriesDescription": "BOLD_REST2_NORDIC_ME5_2mm",
  "ProtocolName": "BOLD_REST2_NORDIC_ME5_2mm",
  "ScanningSequence": "EP",
  "SequenceVariant": "SK_SS",
  "ScanOptions": "PFP_FS_CT",
  "SequenceName": "epfid2d5_110",
  "ImageType": [
    "ORIGINAL",
    "PRIMARY",
    "P",
    "MB",
    "TE3",
    "ND",
    "MOSAIC",
    "PHASE"
  ],
  "NonlinearGradientCorrection": false,
  "SeriesNumber": 15,
  "AcquisitionTime": "19:56:43.412500",
  "AcquisitionDateTime": "2022-02-18T19:56:43.412500",
  "AcquisitionNumber": 1,
  "ImageComments": "Unaliased MB6/PE4/LB SENSE1+",
  "SliceThickness": 2,
  "SpacingBetweenSlices": 2,
  "SAR": 0.0496504,
  "EchoNumber": 3,
  "EchoTime": 0.06366,
  "RepetitionTime": 1.761,
  "FlipAngle": 68,
  "EchoTime1": 0.0142,
  "EchoTime2": 0.03893,
  "PartialFourier": 0.75,
  "BaseResolution": 110,
  "ShimSetting": [
    4615,
    -7133,
    100,
    421,
    4,
    73,
    -143,
    -5
  ],
  "TxRefAmp": 258.413,
  "PhaseResolution": 1,
  "ReceiveCoilName": "Head_32",
  "ReceiveCoilActiveElements": "HEA;HEP",
  "PulseSequenceDetails": "%CustomerSeq%_cmrr_mbep2d_bold",
  "WipMemBlock": "95a5a700-1954-4597-83b6-2b18828180f7||Sequence: R016 ve11c/master r/e634e98; Dec 19 2017 11:00:25 by eja",
  "RefLinesPE": 24,
  "CoilCombinationMethod": "Sum of Squares",
  "ConsistencyInfo": "N4_VE11C_LATEST_20160120",
  "MatrixCoilMode": "GRAPPA",
  "MultibandAccelerationFactor": 6,
  "PercentPhaseFOV": 100,
  "PercentSampling": 100,
  "EchoTrainLength": 42,
  "PhaseEncodingSteps": 83,
  "AcquisitionMatrixPE": 110,
  "ReconMatrixPE": 110,
  "BandwidthPerPixelPhaseEncode": 32.468,
  "ParallelReductionFactorInPlane": 2,
  "EffectiveEchoSpacing": 0.000279996,
  "DerivedVendorReportedEchoSpacing": 0.000559992,
  "TotalReadoutTime": 0.0305196,
  "PixelBandwidth": 2275,
  "DwellTime": 2e-06,
  "PhaseEncodingDirection": "j",
  "SliceTiming": [
    0,
    0.7275,
    1.4525,
    0.4375,
    1.1625,
    0.145,
    0.8725,
    1.5975,
    0.5825,
    1.3075,
    0.29,
    1.0175,
    0,
    0.7275,
    1.4525,
    0.4375,
    1.1625,
    0.145,
    0.8725,
    1.5975,
    0.5825,
    1.3075,
    0.29,
    1.0175,
    0,
    0.7275,
    1.4525,
    0.4375,
    1.1625,
    0.145,
    0.8725,
    1.5975,
    0.5825,
    1.3075,
    0.29,
    1.0175,
    0,
    0.7275,
    1.4525,
    0.4375,
    1.1625,
    0.145,
    0.8725,
    1.5975,
    0.5825,
    1.3075,
    0.29,
    1.0175,
    0,
    0.7275,
    1.4525,
    0.4375,
    1.1625,
    0.145,
    0.8725,
    1.5975,
    0.5825,
    1.3075,
    0.29,
    1.0175,
    0,
    0.7275,
    1.4525,
    0.4375,
    1.1625,
    0.145,
    0.8725,
    1.5975,
    0.5825,
    1.3075,
    0.29,
    1.0175
  ],
  "ImageOrientationPatientDICOM": [
    0.998891,
    -0.0423106,
    -0.0206567,
    0.0394212,
    0.991441,
    -0.124462
  ],
  "ImageOrientationText": "Tra>Cor(-7.1)>Sag(-1.5)",
  "InPlanePhaseEncodingDirectionDICOM": "COL",
  "BidsGuess": [
    "func",
    "_acq-epfid2p2m6_dir-PA_run-15_echo-3_part-phase_bold"
  ],
  "ConversionSoftware": "dcm2niix",
  "ConversionSoftwareVersion": "v1.0.20240202",
  "TaskName": "BOLDREST2NORDICME52mm",
  "Units": "arbitrary"
}
