{
	"Modality": "MR",
	"MagneticFieldStrength": 3,
	"ImagingFrequency": 123.255275,
	"Manufacturer": "Siemens",
	"ManufacturersModelName": "Prisma_fit",
	"InstitutionName": "Washington University",
	"InstitutionalDepartmentName": "Department",
	"InstitutionAddress": "Scott Ave 4525,St. Louis,MO,US,63110",
	"DeviceSerialNumber": "67064",
	"StationName": "MRC35177",
	"SeriesInstanceUID": "1.3.12.2.1107.5.2.43.67064.2022022611221475763442290.0.0.0",
	"StudyInstanceUID": "1.3.12.2.1107.5.2.43.67064.30000022022615575376800000001",
	"ReferringPhysicianName": ".",
	"StudyID": "1",
	"PatientName": "P4",
	"PatientID": "Drug2c",
	"PatientBirthDate": "1984-02-24",
	"PatientSex": "F",
	"PatientWeight": 72.5748,
	"PatientAge": 38,
	"BodyPartExamined": "HEAD",
	"PatientPosition": "HFS",
	"ProcedureStepDescription": "head^Nicol",
	"SoftwareVersions": "syngo MR E11",
	"MRAcquisitionType": "2D",
	"SeriesDescription": "ABCD_dMRI_b3000_2p0mm_te83_tr3500",
	"ProtocolName": "ABCD_dMRI_b3000_2p0mm_te83_tr3500",
	"ScanningSequence": "EP",
	"SequenceVariant": "SK\\SP",
	"ScanOptions": "PFP\\FS",
	"SequenceName": "ep_b0",
	"ImageType": ["ORIGINAL", "PRIMARY", "DIFFUSION", "NONE", "ND", "MOSAIC"],
	"NonlinearGradientCorrection": false,
	"SeriesNumber": 39,
	"AcquisitionTime": "11:22:32.195000",
	"AcquisitionDateTime": "2022-02-26T11:22:32.195000",
	"AcquisitionNumber": 1,
	"SliceThickness": 2,
	"SpacingBetweenSlices": 2,
	"SAR": 0.350078,
	"EchoTime": 0.083,
	"RepetitionTime": 3.5,
	"SpoilingState": true,
	"FlipAngle": 90,
	"PartialFourier": 0.75,
	"BaseResolution": 120,
	"ShimSetting": [
		-2277,
		-11718,
		5910,
		770,
		-176,
		-6,
		-1,
		-38	],
	"DiffusionScheme": "Monopolar",
	"TxRefAmp": 262.824,
	"PhaseResolution": 1,
	"ReceiveCoilName": "Head_32",
	"ReceiveCoilActiveElements": "HEA;HEP",
	"PulseSequenceDetails": "%CustomerSeq%\\ep2d_diff_sms_abcd",
	"WipMemBlock": "fecc4ff2-3532-45e9-b13b-57909168ede1",
	"RefLinesPE": 61,
	"CoilCombinationMethod": "Adaptive Combine",
	"ConsistencyInfo": "N4_VE11C_LATEST_20160120",
	"MultibandAccelerationFactor": 3,
	"PercentPhaseFOV": 100,
	"PercentSampling": 100,
	"EchoTrainLength": 90,
	"PhaseEncodingSteps": 90,
	"AcquisitionMatrixPE": 120,
	"ReconMatrixPE": 120,
	"BandwidthPerPixelPhaseEncode": 11.905,
	"EffectiveEchoSpacing": 0.000699986,
	"DerivedVendorReportedEchoSpacing": 0.000699986,
	"TotalReadoutTime": 0.0832983,
	"PixelBandwidth": 1665,
	"DwellTime": 2.5e-06,
	"PhaseEncodingDirection": "j",
	"SliceTiming": [
		0,
		1.81,
		0.14,
		1.95,
		0.28,
		2.0875,
		0.4175,
		2.2275,
		0.5575,
		2.3675,
		0.6975,
		2.5075,
		0.835,
		2.645,
		0.975,
		2.785,
		1.115,
		2.925,
		1.2525,
		3.0625,
		1.3925,
		3.2025,
		1.5325,
		3.3425,
		1.67,
		0,
		1.81,
		0.14,
		1.95,
		0.28,
		2.0875,
		0.4175,
		2.2275,
		0.5575,
		2.3675,
		0.6975,
		2.5075,
		0.835,
		2.645,
		0.975,
		2.785,
		1.115,
		2.925,
		1.2525,
		3.0625,
		1.3925,
		3.2025,
		1.5325,
		3.3425,
		1.67,
		0,
		1.81,
		0.14,
		1.95,
		0.28,
		2.0875,
		0.4175,
		2.2275,
		0.5575,
		2.3675,
		0.6975,
		2.5075,
		0.835,
		2.645,
		0.975,
		2.785,
		1.115,
		2.925,
		1.2525,
		3.0625,
		1.3925,
		3.2025,
		1.5325,
		3.3425,
		1.67	],
	"ImageOrientationPatientDICOM": [
		0.998667,
		-0.039554,
		0.033156,
		0.0394123,
		0.999211,
		0.00491738	],
	"ImageOrientationText": "Tra>Sag(1.9)>Cor(0.2)",
	"InPlanePhaseEncodingDirectionDICOM": "COL",
	"BidsGuess": ["dwi","_acq-epb0m3_dir-PA_run-39_dwi"],
	"ConversionSoftware": "dcm2niix",
	"ConversionSoftwareVersion": "v1.0.20240202"
}
