{
	"Modality": "MR",
	"MagneticFieldStrength": 3,
	"ImagingFrequency": 123.255263,
	"Manufacturer": "Siemens",
	"ManufacturersModelName": "Prisma_fit",
	"InstitutionName": "Washington University",
	"InstitutionalDepartmentName": "Department",
	"InstitutionAddress": "Scott Ave 4525,St. Louis,MO,US,63110",
	"DeviceSerialNumber": "67064",
	"StationName": "MRC35177",
	"SeriesInstanceUID": "1.3.12.2.1107.5.2.43.67064.2022022610471788453814717.0.0.0",
	"StudyInstanceUID": "1.3.12.2.1107.5.2.43.67064.30000022022615575376800000001",
	"ReferringPhysicianName": ".",
	"StudyID": "1",
	"PatientName": "P4",
	"PatientID": "Drug2c",
	"PatientBirthDate": "1984-02-24",
	"PatientSex": "F",
	"PatientWeight": 72.5748,
	"PatientAge": 38,
	"BodyPartExamined": "HEAD",
	"PatientPosition": "HFS",
	"ProcedureStepDescription": "head^Nicol",
	"SoftwareVersions": "syngo MR E11",
	"MRAcquisitionType": "2D",
	"SeriesDescription": "ABCD_dMRI_b3000_2p0mm_te83_tr3500",
	"ProtocolName": "ABCD_dMRI_b3000_2p0mm_te83_tr3500",
	"ScanningSequence": "EP",
	"SequenceVariant": "SK\\SP",
	"ScanOptions": "PFP\\FS",
	"SequenceName": "ep_b0",
	"ImageType": ["ORIGINAL", "PRIMARY", "DIFFUSION", "NONE", "ND", "MOSAIC"],
	"NonlinearGradientCorrection": false,
	"SeriesNumber": 20,
	"AcquisitionTime": "10:47:36.237500",
	"AcquisitionDateTime": "2022-02-26T10:47:36.237500",
	"AcquisitionNumber": 1,
	"SliceThickness": 2,
	"SpacingBetweenSlices": 2,
	"SAR": 0.311854,
	"EchoTime": 0.083,
	"RepetitionTime": 3.5,
	"SpoilingState": true,
	"FlipAngle": 90,
	"PartialFourier": 0.75,
	"BaseResolution": 120,
	"ShimSetting": [
		-2291,
		-11699,
		5913,
		815,
		-224,
		8,
		-57,
		-45	],
	"DiffusionScheme": "Monopolar",
	"TxRefAmp": 263.961,
	"PhaseResolution": 1,
	"ReceiveCoilName": "Head_32",
	"ReceiveCoilActiveElements": "HEA;HEP",
	"PulseSequenceDetails": "%CustomerSeq%\\ep2d_diff_sms_abcd",
	"WipMemBlock": "6c793ddd-6621-4912-b365-20b0d36a361b",
	"RefLinesPE": 61,
	"CoilCombinationMethod": "Adaptive Combine",
	"ConsistencyInfo": "N4_VE11C_LATEST_20160120",
	"MultibandAccelerationFactor": 3,
	"PercentPhaseFOV": 100,
	"PercentSampling": 100,
	"EchoTrainLength": 90,
	"PhaseEncodingSteps": 90,
	"AcquisitionMatrixPE": 120,
	"ReconMatrixPE": 120,
	"BandwidthPerPixelPhaseEncode": 11.905,
	"EffectiveEchoSpacing": 0.000699986,
	"DerivedVendorReportedEchoSpacing": 0.000699986,
	"TotalReadoutTime": 0.0832983,
	"PixelBandwidth": 1665,
	"DwellTime": 2.5e-06,
	"PhaseEncodingDirection": "j",
	"SliceTiming": [
		0,
		1.81,
		0.14,
		1.95,
		0.28,
		2.09,
		0.4175,
		2.2275,
		0.5575,
		2.3675,
		0.6975,
		2.5075,
		0.8375,
		2.645,
		0.975,
		2.785,
		1.115,
		2.925,
		1.255,
		3.0625,
		1.3925,
		3.2025,
		1.5325,
		3.3425,
		1.6725,
		0,
		1.81,
		0.14,
		1.95,
		0.28,
		2.09,
		0.4175,
		2.2275,
		0.5575,
		2.3675,
		0.6975,
		2.5075,
		0.8375,
		2.645,
		0.975,
		2.785,
		1.115,
		2.925,
		1.255,
		3.0625,
		1.3925,
		3.2025,
		1.5325,
		3.3425,
		1.6725,
		0,
		1.81,
		0.14,
		1.95,
		0.28,
		2.09,
		0.4175,
		2.2275,
		0.5575,
		2.3675,
		0.6975,
		2.5075,
		0.8375,
		2.645,
		0.975,
		2.785,
		1.115,
		2.925,
		1.255,
		3.0625,
		1.3925,
		3.2025,
		1.5325,
		3.3425,
		1.6725	],
	"ImageOrientationPatientDICOM": [
		0.99894,
		-0.0378532,
		0.0262097,
		0.0392484,
		0.997718,
		-0.0549407	],
	"ImageOrientationText": "Tra>Cor(-3.2)>Sag(1.4)",
	"InPlanePhaseEncodingDirectionDICOM": "COL",
	"BidsGuess": ["dwi","_acq-epb0m3_dir-PA_run-20_dwi"],
	"ConversionSoftware": "dcm2niix",
	"ConversionSoftwareVersion": "v1.0.20240202"
}
