{
    "Modality": "MR",
    "MagneticFieldStrength": 3,
    "ImagingFrequency": 123.246999,
    "Manufacturer": "Siemens",
    "ManufacturersModelName": "Prisma_fit",
    "InstitutionName": "Washington University",
    "InstitutionalDepartmentName": "Department",
    "InstitutionAddress": "Scott Ave 4525,St. Louis,MO,US,63110",
    "DeviceSerialNumber": "67064",
    "StationName": "MRC35177",
    "SeriesInstanceUID": "1.3.12.2.1107.5.2.43.67064.2021090509260499712154574.0.0.0",
    "StudyInstanceUID": "1.3.12.2.1107.5.2.43.67064.30000021083018455808700000055",
    "StudyID": "1",
    "PatientName": "P2",
    "PatientID": "P3_Between2",
    "PatientBirthDate": "1984-01-01",
    "PatientSex": "M",
    "PatientWeight": 72.5748,
    "PatientAge": 37,
    "BodyPartExamined": "HEAD",
    "PatientPosition": "HFS",
    "ProcedureStepDescription": "head^Nicol",
    "SoftwareVersions": "syngo MR E11",
    "MRAcquisitionType": "2D",
    "SeriesDescription": "BOLD_REST1_2mm_mb6_me5_ipat2_ppf68_FOV220_lkblck_on",
    "ProtocolName": "BOLD_REST1_2mm_mb6_me5_ipat2_ppf68_FOV220_lkblck_on",
    "ScanningSequence": "EP",
    "SequenceVariant": "SK_SS",
    "ScanOptions": "PFP_FS_EXT",
    "SequenceName": "epfid2d5_110",
    "ImageType": [
        "ORIGINAL",
        "PRIMARY",
        "M",
        "MB",
        "TE3",
        "ND",
        "NORM",
        "MOSAIC"
    ],
    "NonlinearGradientCorrection": false,
    "SeriesNumber": 10,
    "AcquisitionTime": "09:26:52.760000",
    "AcquisitionDateTime": "2021-09-05T09:26:52.760000",
    "AcquisitionNumber": 1,
    "ImageComments": "Unaliased MB6/PE4/LB",
    "SliceThickness": 2,
    "SpacingBetweenSlices": 2,
    "SAR": 0.0431388,
    "EchoNumber": 3,
    "EchoTime": 0.06366,
    "RepetitionTime": 1.761,
    "FlipAngle": 68,
    "PartialFourier": 0.75,
    "BaseResolution": 110,
    "ShimSetting": [
        -2006,
        -11519,
        5711,
        552,
        113,
        58,
        74,
        -22
    ],
    "TxRefAmp": 238.644,
    "PhaseResolution": 1,
    "VendorReportedEchoSpacing": 0.00056,
    "ReceiveCoilName": "Head_32",
    "ReceiveCoilActiveElements": "HEA;HEP",
    "PulseSequenceDetails": "%CustomerSeq%_cmrr_mbep2d_bold",
    "WipMemBlock": "f6637af9-ecc0-4a4f-9097-39976192a05b||Sequence: R016 ve11c/master r/e634e98; Dec 19 2017 11:00:25 by eja",
    "RefLinesPE": 24,
    "CoilCombinationMethod": "Sum of Squares",
    "ConsistencyInfo": "N4_VE11C_LATEST_20160120",
    "MatrixCoilMode": "GRAPPA",
    "MultibandAccelerationFactor": 6,
    "PercentPhaseFOV": 100,
    "PercentSampling": 100,
    "EchoTrainLength": 42,
    "PhaseEncodingSteps": 83,
    "AcquisitionMatrixPE": 110,
    "ReconMatrixPE": 110,
    "BandwidthPerPixelPhaseEncode": 32.468,
    "ParallelReductionFactorInPlane": 2,
    "EffectiveEchoSpacing": 0.000279996,
    "DerivedVendorReportedEchoSpacing": 0.000559992,
    "TotalReadoutTime": 0.0305196,
    "PixelBandwidth": 2275,
    "DwellTime": 2e-06,
    "PhaseEncodingDirection": "j-",
    "SliceTiming": [
        0,
        0.725,
        1.45,
        0.435,
        1.16,
        0.145,
        0.87,
        1.595,
        0.58,
        1.305,
        0.29,
        1.015,
        0,
        0.725,
        1.45,
        0.435,
        1.16,
        0.145,
        0.87,
        1.595,
        0.58,
        1.305,
        0.29,
        1.015,
        0,
        0.725,
        1.45,
        0.435,
        1.16,
        0.145,
        0.87,
        1.595,
        0.58,
        1.305,
        0.29,
        1.015,
        0,
        0.725,
        1.45,
        0.435,
        1.16,
        0.145,
        0.87,
        1.595,
        0.58,
        1.305,
        0.29,
        1.015,
        0,
        0.725,
        1.45,
        0.435,
        1.16,
        0.145,
        0.87,
        1.595,
        0.58,
        1.305,
        0.29,
        1.015,
        0,
        0.725,
        1.45,
        0.435,
        1.16,
        0.145,
        0.87,
        1.595,
        0.58,
        1.305,
        0.29,
        1.015
    ],
    "ImageOrientationPatientDICOM": [
        0.99832,
        0.0386837,
        -0.0431408,
        -0.0366068,
        0.998179,
        0.0479358
    ],
    "ImageOrientationText": "Tra>Cor(2.7)>Sag(-2.6)",
    "InPlanePhaseEncodingDirectionDICOM": "COL",
    "BidsGuess": [
        "func",
        "_acq-epfid2p2m6_dir-AP_run-10_echo-3_bold"
    ],
    "ConversionSoftware": "dcm2niix",
    "ConversionSoftwareVersion": "v1.0.20240202",
    "TaskName": "BOLDREST12mmmb6me5ipat2ppf68FOV220lkblckon"
}
