{
	"Modality": "MR",
	"MagneticFieldStrength": 3,
	"ImagingFrequency": 123.25561,
	"Manufacturer": "Siemens",
	"ManufacturersModelName": "Prisma_fit",
	"InstitutionName": "Washington University",
	"InstitutionalDepartmentName": "Department",
	"InstitutionAddress": "Scott Ave 4525,St. Louis,MO,US,63110",
	"DeviceSerialNumber": "67064",
	"StationName": "MRC35177",
	"SeriesInstanceUID": "1.3.12.2.1107.5.2.43.67064.2022021509364539217031483.0.0.0",
	"StudyInstanceUID": "1.3.12.2.1107.5.2.43.67064.30000022021216450336900000013",
	"StudyID": "1",
	"PatientName": "P4",
	"PatientID": "P5_Before3",
	"PatientBirthDate": "1985-02-24",
	"PatientSex": "F",
	"PatientWeight": 76.6571,
	"PatientAge": 36,
	"BodyPartExamined": "HEAD",
	"PatientPosition": "HFS",
	"ProcedureStepDescription": "head^Nicol",
	"SoftwareVersions": "syngo MR E11",
	"MRAcquisitionType": "3D",
	"SeriesDescription": "t1_mpr_0p9mm",
	"ProtocolName": "t1_mpr_0p9mm",
	"ScanningSequence": "GR\\IR",
	"SequenceVariant": "SK\\SP\\MP\\OSP",
	"ScanOptions": "IR",
	"SequenceName": "*tfl3d1_16ns",
	"ImageType": ["ORIGINAL", "PRIMARY", "M", "ND", "NORM"],
	"NonlinearGradientCorrection": false,
	"SeriesNumber": 21,
	"AcquisitionTime": "09:37:29.960000",
	"AcquisitionDateTime": "2022-02-15T09:37:29.960000",
	"AcquisitionNumber": 1,
	"SliceThickness": 0.9,
	"SAR": 0.0596111,
	"EchoTime": 0.00318,
	"RepetitionTime": 2.4,
	"SpoilingState": true,
	"InversionTime": 1,
	"FlipAngle": 8,
	"PartialFourier": 1,
	"BaseResolution": 256,
	"ShimSetting": [
		-2257,
		-11728,
		5956,
		740,
		-101,
		13,
		-3,
		-56	],
	"TxRefAmp": 266.841,
	"PhaseResolution": 1,
	"PhaseOversampling": 0.5,
	"ReceiveCoilName": "Head_32",
	"ReceiveCoilActiveElements": "HEA;HEP",
	"PulseSequenceDetails": "%SiemensSeq%\\tfl",
	"RefLinesPE": 24,
	"CoilCombinationMethod": "Adaptive Combine",
	"ConsistencyInfo": "N4_VE11C_LATEST_20160120",
	"MatrixCoilMode": "GRAPPA",
	"PercentPhaseFOV": 100,
	"PercentSampling": 100,
	"PhaseEncodingSteps": 383,
	"AcquisitionMatrixPE": 256,
	"ReconMatrixPE": 256,
	"ParallelReductionFactorInPlane": 2,
	"PixelBandwidth": 220,
	"DwellTime": 8.9e-06,
	"ImageOrientationPatientDICOM": [
		0.0623025,
		0.998037,
		-0.00644511,
		0.0617895,
		-0.0103023,
		-0.998036	],
	"ImageOrientationText": "Sag>Tra(-3.6)>Cor(3.5)",
	"InPlanePhaseEncodingDirectionDICOM": "ROW",
	"BidsGuess": ["anat","_acq-tfl3p2_run-21_T1w"],
	"ConversionSoftware": "dcm2niix",
	"ConversionSoftwareVersion": "v1.0.20240202"
}
