{
	"Modality": "MR",
	"MagneticFieldStrength": 3,
	"ImagingFrequency": 123.255339,
	"Manufacturer": "Siemens",
	"ManufacturersModelName": "Prisma_fit",
	"InstitutionName": "Washington University",
	"InstitutionalDepartmentName": "Department",
	"InstitutionAddress": "Scott Ave 4525,St. Louis,MO,US,63110",
	"DeviceSerialNumber": "67064",
	"StationName": "MRC35177",
	"SeriesInstanceUID": "1.3.12.2.1107.5.2.43.67064.2022022109563069252511322.0.0.0",
	"StudyInstanceUID": "1.3.12.2.1107.5.2.43.67064.30000022022114450777100000001",
	"StudyID": "1",
	"PatientName": "P4",
	"PatientID": "Between1",
	"PatientBirthDate": "1984-02-08",
	"PatientSex": "F",
	"PatientWeight": 73.9356,
	"PatientAge": 38,
	"BodyPartExamined": "HEAD",
	"PatientPosition": "HFS",
	"ProcedureStepDescription": "head^Nicol",
	"SoftwareVersions": "syngo MR E11",
	"MRAcquisitionType": "2D",
	"SeriesDescription": "ABCD_dMRI_b1500_2p0mm_te83_tr3500",
	"ProtocolName": "ABCD_dMRI_b1500_2p0mm_te83_tr3500",
	"ScanningSequence": "EP",
	"SequenceVariant": "SK\\SP",
	"ScanOptions": "PFP\\FS",
	"SequenceName": "ep_b0",
	"ImageType": ["ORIGINAL", "PRIMARY", "DIFFUSION", "NONE", "ND", "MOSAIC"],
	"NonlinearGradientCorrection": false,
	"SeriesNumber": 29,
	"AcquisitionTime": "09:56:44.705000",
	"AcquisitionDateTime": "2022-02-21T09:56:44.705000",
	"AcquisitionNumber": 1,
	"SliceThickness": 2,
	"SpacingBetweenSlices": 2,
	"SAR": 0.3039,
	"EchoTime": 0.083,
	"RepetitionTime": 3.5,
	"SpoilingState": true,
	"FlipAngle": 90,
	"PartialFourier": 0.75,
	"BaseResolution": 120,
	"ShimSetting": [
		-2270,
		-11727,
		5879,
		840,
		-234,
		58,
		73,
		-42	],
	"DiffusionScheme": "Monopolar",
	"TxRefAmp": 257.89,
	"PhaseResolution": 1,
	"ReceiveCoilName": "Head_32",
	"ReceiveCoilActiveElements": "HEA;HEP",
	"PulseSequenceDetails": "%CustomerSeq%\\ep2d_diff_sms_abcd",
	"WipMemBlock": "2ee26edf-e12b-4081-ad04-d6b9cdce10c0",
	"RefLinesPE": 61,
	"CoilCombinationMethod": "Adaptive Combine",
	"ConsistencyInfo": "N4_VE11C_LATEST_20160120",
	"MultibandAccelerationFactor": 3,
	"PercentPhaseFOV": 100,
	"PercentSampling": 100,
	"EchoTrainLength": 90,
	"PhaseEncodingSteps": 90,
	"AcquisitionMatrixPE": 120,
	"ReconMatrixPE": 120,
	"BandwidthPerPixelPhaseEncode": 11.905,
	"EffectiveEchoSpacing": 0.000699986,
	"DerivedVendorReportedEchoSpacing": 0.000699986,
	"TotalReadoutTime": 0.0832983,
	"PixelBandwidth": 1665,
	"DwellTime": 2.5e-06,
	"PhaseEncodingDirection": "j",
	"SliceTiming": [
		0,
		1.81,
		0.1375,
		1.9475,
		0.2775,
		2.0875,
		0.4175,
		2.2275,
		0.555,
		2.365,
		0.695,
		2.505,
		0.835,
		2.645,
		0.975,
		2.7825,
		1.1125,
		2.9225,
		1.2525,
		3.0625,
		1.3925,
		3.2,
		1.53,
		3.34,
		1.67,
		0,
		1.81,
		0.1375,
		1.9475,
		0.2775,
		2.0875,
		0.4175,
		2.2275,
		0.555,
		2.365,
		0.695,
		2.505,
		0.835,
		2.645,
		0.975,
		2.7825,
		1.1125,
		2.9225,
		1.2525,
		3.0625,
		1.3925,
		3.2,
		1.53,
		3.34,
		1.67,
		0,
		1.81,
		0.1375,
		1.9475,
		0.2775,
		2.0875,
		0.4175,
		2.2275,
		0.555,
		2.365,
		0.695,
		2.505,
		0.835,
		2.645,
		0.975,
		2.7825,
		1.1125,
		2.9225,
		1.2525,
		3.0625,
		1.3925,
		3.2,
		1.53,
		3.34,
		1.67	],
	"ImageOrientationPatientDICOM": [
		0.997997,
		0.061248,
		0.0158618,
		-0.0626138,
		0.992101,
		0.108697	],
	"ImageOrientationText": "Tra>Cor(6.3)>Sag(0.5)",
	"InPlanePhaseEncodingDirectionDICOM": "COL",
	"BidsGuess": ["dwi","_acq-epb0m3_dir-PA_run-29_dwi"],
	"ConversionSoftware": "dcm2niix",
	"ConversionSoftwareVersion": "v1.0.20240202"
}
