{
    "Modality": "MR",
    "MagneticFieldStrength": 3,
    "ImagingFrequency": 123.255339,
    "Manufacturer": "Siemens",
    "ManufacturersModelName": "Prisma_fit",
    "InstitutionName": "Washington University",
    "InstitutionalDepartmentName": "Department",
    "InstitutionAddress": "Scott Ave 4525,St. Louis,MO,US,63110",
    "DeviceSerialNumber": "67064",
    "StationName": "MRC35177",
    "SeriesInstanceUID": "1.3.12.2.1107.5.2.43.67064.2022022109461273556198288.0.0.0",
    "StudyInstanceUID": "1.3.12.2.1107.5.2.43.67064.30000022022114450777100000001",
    "StudyID": "1",
    "PatientName": "P4",
    "PatientID": "Between1",
    "PatientBirthDate": "1984-02-08",
    "PatientSex": "F",
    "PatientWeight": 73.9356,
    "PatientAge": 38,
    "BodyPartExamined": "HEAD",
    "PatientPosition": "HFS",
    "ProcedureStepDescription": "head^Nicol",
    "SoftwareVersions": "syngo MR E11",
    "MRAcquisitionType": "2D",
    "SeriesDescription": "BOLD_TASK2_NORDIC_ME5_2mm",
    "ProtocolName": "BOLD_TASK2_NORDIC_ME5_2mm",
    "ScanningSequence": "EP",
    "SequenceVariant": "SK_SS",
    "ScanOptions": "PFP_FS_CT",
    "SequenceName": "epfid2d5_110",
    "ImageType": [
        "ORIGINAL",
        "PRIMARY",
        "M",
        "MB",
        "TE4",
        "ND",
        "NORM",
        "MOSAIC"
    ],
    "NonlinearGradientCorrection": false,
    "SeriesNumber": 24,
    "AcquisitionTime": "09:47:32.795000",
    "AcquisitionDateTime": "2022-02-21T09:47:32.795000",
    "AcquisitionNumber": 1,
    "ImageComments": "Unaliased MB6/PE4/LB SENSE1+",
    "SliceThickness": 2,
    "SpacingBetweenSlices": 2,
    "SAR": 0.0569546,
    "EchoNumber": 4,
    "EchoTime": 0.08839,
    "RepetitionTime": 1.761,
    "FlipAngle": 68,
    "PartialFourier": 0.75,
    "BaseResolution": 110,
    "ShimSetting": [
        -2273,
        -11720,
        5881,
        764,
        -223,
        34,
        60,
        -45
    ],
    "TxRefAmp": 257.89,
    "PhaseResolution": 1,
    "ReceiveCoilName": "Head_32",
    "ReceiveCoilActiveElements": "HEA;HEP",
    "PulseSequenceDetails": "%CustomerSeq%_cmrr_mbep2d_bold",
    "WipMemBlock": "9f0d94f3-9c03-400c-9329-9c72a8b8c611||Sequence: R016 ve11c/master r/e634e98; Dec 19 2017 11:00:25 by eja",
    "RefLinesPE": 24,
    "CoilCombinationMethod": "Sum of Squares",
    "ConsistencyInfo": "N4_VE11C_LATEST_20160120",
    "MatrixCoilMode": "GRAPPA",
    "MultibandAccelerationFactor": 6,
    "PercentPhaseFOV": 100,
    "PercentSampling": 100,
    "EchoTrainLength": 42,
    "PhaseEncodingSteps": 83,
    "AcquisitionMatrixPE": 110,
    "ReconMatrixPE": 110,
    "BandwidthPerPixelPhaseEncode": 32.468,
    "ParallelReductionFactorInPlane": 2,
    "EffectiveEchoSpacing": 0.000279996,
    "DerivedVendorReportedEchoSpacing": 0.000559992,
    "TotalReadoutTime": 0.0305196,
    "PixelBandwidth": 2275,
    "DwellTime": 2e-06,
    "PhaseEncodingDirection": "j",
    "SliceTiming": [
        0,
        0.725,
        1.4525,
        0.435,
        1.16,
        0.145,
        0.87,
        1.5975,
        0.58,
        1.3075,
        0.29,
        1.015,
        0,
        0.725,
        1.4525,
        0.435,
        1.16,
        0.145,
        0.87,
        1.5975,
        0.58,
        1.3075,
        0.29,
        1.015,
        0,
        0.725,
        1.4525,
        0.435,
        1.16,
        0.145,
        0.87,
        1.5975,
        0.58,
        1.3075,
        0.29,
        1.015,
        0,
        0.725,
        1.4525,
        0.435,
        1.16,
        0.145,
        0.87,
        1.5975,
        0.58,
        1.3075,
        0.29,
        1.015,
        0,
        0.725,
        1.4525,
        0.435,
        1.16,
        0.145,
        0.87,
        1.5975,
        0.58,
        1.3075,
        0.29,
        1.015,
        0,
        0.725,
        1.4525,
        0.435,
        1.16,
        0.145,
        0.87,
        1.5975,
        0.58,
        1.3075,
        0.29,
        1.015
    ],
    "ImageOrientationPatientDICOM": [
        0.997886,
        0.0629795,
        0.0160515,
        -0.0643555,
        0.991993,
        0.108669
    ],
    "ImageOrientationText": "Tra>Cor(6.3)>Sag(0.5)",
    "InPlanePhaseEncodingDirectionDICOM": "COL",
    "BidsGuess": [
        "func",
        "_acq-epfid2p2m6_dir-PA_run-24_echo-4_bold"
    ],
    "ConversionSoftware": "dcm2niix",
    "ConversionSoftwareVersion": "v1.0.20240202",
    "TaskName": "BOLDTASK2NORDICME52mm"
}
