{
	"Modality": "MR",
	"MagneticFieldStrength": 3,
	"ImagingFrequency": 123.244,
	"Manufacturer": "Siemens",
	"ManufacturersModelName": "Prisma",
	"InstitutionName": "Washington_University",
	"InstitutionalDepartmentName": "Research",
	"InstitutionAddress": "Scott_St._4525_St._Louis_Missouri_US_63110",
	"DeviceSerialNumber": "166158",
	"StationName": "AWP166158",
	"SeriesInstanceUID": "1.3.12.2.1107.5.2.43.166158.2022020720045438110208043.0.0.0",
	"StudyInstanceUID": "1.3.12.2.1107.5.2.43.166158.30000022020716300228800000013",
	"StudyID": "3",
	"PatientName": "P7",
	"PatientID": "MSCHD02_NordicNoise_res06",
	"PatientBirthDate": "1980-01-01",
	"PatientSex": "M",
	"PatientWeight": 99.7903,
	"BodyPartExamined": "HEAD",
	"PatientPosition": "HFS",
	"ProcedureStepDescription": "HEAD_Laumann",
	"SoftwareVersions": "syngo_MR_E11",
	"MRAcquisitionType": "2D",
	"SeriesDescription": "SpinEchoFieldMap_PA_forME_2mm",
	"ProtocolName": "SpinEchoFieldMap_PA_forME_2mm",
	"ScanningSequence": "EP",
	"SequenceVariant": "SK",
	"ScanOptions": "FS",
	"SequenceName": "epse2d1_110",
	"ImageType": ["ORIGINAL", "PRIMARY", "M", "ND", "MOSAIC"],
	"SeriesNumber": 27,
	"AcquisitionTime": "20:05:24.420000",
	"AcquisitionDateTime": "2022-02-07T20:05:24.420000",
	"AcquisitionNumber": 1,
	"ImageComments": "SENSE1",
	"SliceThickness": 2,
	"SpacingBetweenSlices": 2,
	"SAR": 0.179756,
	"EchoTime": 0.066,
	"RepetitionTime": 8,
	"FlipAngle": 90,
	"PartialFourier": 1,
	"BaseResolution": 110,
	"ShimSetting": [
		4635,
		-7074,
		329,
		379,
		-19,
		177,
		-221,
		40	],
	"TxRefAmp": 283.376,
	"PhaseResolution": 1,
	"VendorReportedEchoSpacing": 0.00056,
	"ReceiveCoilName": "HeadNeck_64",
	"ReceiveCoilActiveElements": "HC1-7;NC1,2",
	"CoilString": "HC1-7;NC1_2",
	"PulseSequenceDetails": "%CustomerSeq%_cmrr_mbep2d_se",
	"WipMemBlock": "bc73a3bc-7e56-44ec-8d64-51e09b15d111||Sequence: R016 ve11c/master r/e634e98; Dec 19 2017 11:22:56 by eja",
	"RefLinesPE": 24,
	"ConsistencyInfo": "N4_VE11C_LATEST_20160120",
	"PercentPhaseFOV": 100,
	"PercentSampling": 100,
	"EchoTrainLength": 55,
	"PhaseEncodingSteps": 110,
	"AcquisitionMatrixPE": 110,
	"ReconMatrixPE": 110,
	"BandwidthPerPixelPhaseEncode": 32.468,
	"ParallelReductionFactorInPlane": 2,
	"EffectiveEchoSpacing": 0.000279996,
	"DerivedVendorReportedEchoSpacing": 0.000559992,
	"TotalReadoutTime": 0.0305196,
	"PixelBandwidth": 2275,
	"DwellTime": 2e-06,
	"PhaseEncodingDirection": "j",
	"SliceTiming": [
		3.99,
		0,
		4.1025,
		0.1125,
		4.2125,
		0.2225,
		4.3225,
		0.3325,
		4.435,
		0.445,
		4.545,
		0.555,
		4.655,
		0.665,
		4.7675,
		0.7775,
		4.8775,
		0.8875,
		4.9875,
		0.9975,
		5.1,
		1.11,
		5.21,
		1.22,
		5.32,
		1.33,
		5.4325,
		1.4425,
		5.5425,
		1.5525,
		5.6525,
		1.6625,
		5.765,
		1.775,
		5.875,
		1.885,
		5.985,
		1.995,
		6.095,
		2.1075,
		6.2075,
		2.2175,
		6.3175,
		2.3275,
		6.4275,
		2.44,
		6.54,
		2.55,
		6.65,
		2.66,
		6.76,
		2.7725,
		6.8725,
		2.8825,
		6.9825,
		2.9925,
		7.0925,
		3.105,
		7.205,
		3.215,
		7.315,
		3.325,
		7.425,
		3.4375,
		7.5375,
		3.5475,
		7.6475,
		3.6575,
		7.7575,
		3.77,
		7.87,
		3.88	],
	"ImageOrientationPatientDICOM": [
		0.998865,
		-0.026377,
		0.0396665,
		0.0413409,
		0.893707,
		-0.446742	],
	"InPlanePhaseEncodingDirectionDICOM": "COL",
	"ConversionSoftware": "dcm2niix",
	"ConversionSoftwareVersion": "v1.0.20200331"
}
