{
	"Modality": "MR",
	"MagneticFieldStrength": 3,
	"ImagingFrequency": 123.244254,
	"Manufacturer": "Siemens",
	"ManufacturersModelName": "Prisma",
	"InstitutionName": "Washington University",
	"InstitutionalDepartmentName": "Research",
	"InstitutionAddress": "Scott St. 4525,St. Louis,Missouri,US,63110",
	"DeviceSerialNumber": "166158",
	"StationName": "AWP166158",
	"SeriesInstanceUID": "1.3.12.2.1107.5.2.43.166158.2022021820160331530386347.0.0.0",
	"StudyInstanceUID": "1.3.12.2.1107.5.2.43.166158.30000022021814070400100000013",
	"StudyID": "1",
	"PatientName": "P5",
	"PatientID": "After3",
	"PatientBirthDate": "2002-01-01",
	"PatientSex": "M",
	"PatientWeight": 83.0074,
	"PatientAge": 20,
	"BodyPartExamined": "HEAD",
	"PatientPosition": "HFS",
	"ProcedureStepDescription": "HEAD^Nicol _B3",
	"SoftwareVersions": "syngo MR E11",
	"MRAcquisitionType": "2D",
	"SeriesDescription": "ABCD_dMRI_b1500_2p0mm_te83_tr3500",
	"ProtocolName": "ABCD_dMRI_b1500_2p0mm_te83_tr3500",
	"ScanningSequence": "EP",
	"SequenceVariant": "SK\\SP",
	"ScanOptions": "PFP\\FS",
	"SequenceName": "ep_b0",
	"ImageType": ["ORIGINAL", "PRIMARY", "DIFFUSION", "NONE", "ND", "MOSAIC"],
	"NonlinearGradientCorrection": false,
	"SeriesNumber": 19,
	"AcquisitionTime": "20:16:22.377500",
	"AcquisitionDateTime": "2022-02-18T20:16:22.377500",
	"AcquisitionNumber": 1,
	"SliceThickness": 2,
	"SpacingBetweenSlices": 2,
	"SAR": 0.264725,
	"EchoTime": 0.083,
	"RepetitionTime": 3.5,
	"SpoilingState": true,
	"FlipAngle": 90,
	"PartialFourier": 0.75,
	"BaseResolution": 120,
	"ShimSetting": [
		4613,
		-7169,
		66,
		509,
		-20,
		131,
		-92,
		-35	],
	"DiffusionScheme": "Monopolar",
	"TxRefAmp": 258.413,
	"PhaseResolution": 1,
	"ReceiveCoilName": "Head_32",
	"ReceiveCoilActiveElements": "HEA;HEP",
	"PulseSequenceDetails": "%CustomerSeq%\\ep2d_diff_sms_abcd",
	"WipMemBlock": "e6c1736c-079e-45f0-903b-8e36e0ed623c",
	"RefLinesPE": 61,
	"CoilCombinationMethod": "Adaptive Combine",
	"ConsistencyInfo": "N4_VE11C_LATEST_20160120",
	"MultibandAccelerationFactor": 3,
	"PercentPhaseFOV": 100,
	"PercentSampling": 100,
	"EchoTrainLength": 90,
	"PhaseEncodingSteps": 90,
	"AcquisitionMatrixPE": 120,
	"ReconMatrixPE": 120,
	"BandwidthPerPixelPhaseEncode": 11.905,
	"EffectiveEchoSpacing": 0.000699986,
	"DerivedVendorReportedEchoSpacing": 0.000699986,
	"TotalReadoutTime": 0.0832983,
	"PixelBandwidth": 1665,
	"DwellTime": 2.5e-06,
	"PhaseEncodingDirection": "j",
	"SliceTiming": [
		0,
		1.81,
		0.14,
		1.95,
		0.28,
		2.0875,
		0.4175,
		2.2275,
		0.5575,
		2.3675,
		0.6975,
		2.505,
		0.835,
		2.645,
		0.975,
		2.785,
		1.115,
		2.9225,
		1.2525,
		3.0625,
		1.3925,
		3.2025,
		1.5325,
		3.3425,
		1.67,
		0,
		1.81,
		0.14,
		1.95,
		0.28,
		2.0875,
		0.4175,
		2.2275,
		0.5575,
		2.3675,
		0.6975,
		2.505,
		0.835,
		2.645,
		0.975,
		2.785,
		1.115,
		2.9225,
		1.2525,
		3.0625,
		1.3925,
		3.2025,
		1.5325,
		3.3425,
		1.67,
		0,
		1.81,
		0.14,
		1.95,
		0.28,
		2.0875,
		0.4175,
		2.2275,
		0.5575,
		2.3675,
		0.6975,
		2.505,
		0.835,
		2.645,
		0.975,
		2.785,
		1.115,
		2.9225,
		1.2525,
		3.0625,
		1.3925,
		3.2025,
		1.5325,
		3.3425,
		1.67	],
	"ImageOrientationPatientDICOM": [
		0.998821,
		-0.0440409,
		-0.0204394,
		0.0411645,
		0.991366,
		-0.124498	],
	"ImageOrientationText": "Tra>Cor(-7.1)>Sag(-1.5)",
	"InPlanePhaseEncodingDirectionDICOM": "COL",
	"BidsGuess": ["dwi","_acq-epb0m3_dir-PA_run-19_dwi"],
	"ConversionSoftware": "dcm2niix",
	"ConversionSoftwareVersion": "v1.0.20240202"
}
