{
  "Modality": "MR",
  "MagneticFieldStrength": 3,
  "ImagingFrequency": 123.255,
  "Manufacturer": "Siemens",
  "ManufacturersModelName": "Prisma_fit",
  "InstitutionName": "Washington_University",
  "InstitutionalDepartmentName": "Department",
  "InstitutionAddress": "Scott_Ave_4525_St._Louis_MO_US_63110",
  "DeviceSerialNumber": "67064",
  "StationName": "MRC35177",
  "SeriesInstanceUID": "1.3.12.2.1107.5.2.43.67064.2022051821010111199381626.0.0.0",
  "StudyInstanceUID": "1.3.12.2.1107.5.2.43.67064.30000022051800354181400000013",
  "StudyID": "1",
  "PatientName": "P6",
  "PatientID": "P6_After2",
  "PatientBirthDate": "1998-01-01",
  "PatientSex": "F",
  "PatientWeight": 95.2544,
  "BodyPartExamined": "HEAD",
  "PatientPosition": "HFS",
  "ProcedureStepDescription": "head_Nicol",
  "SoftwareVersions": "syngo_MR_E11",
  "MRAcquisitionType": "2D",
  "SeriesDescription": "BOLD_REST2_NORDIC_ME5_2mm",
  "ProtocolName": "BOLD_REST2_NORDIC_ME5_2mm",
  "ScanningSequence": "EP",
  "SequenceVariant": "SK_SS",
  "ScanOptions": "PFP_FS_CT",
  "SequenceName": "epfid2d5_110",
  "ImageType": [
    "ORIGINAL",
    "PRIMARY",
    "P",
    "MB",
    "TE4",
    "ND",
    "MOSAIC",
    "PHASE"
  ],
  "SeriesNumber": 17,
  "AcquisitionTime": "21:02:6.815000",
  "AcquisitionDateTime": "2022-05-18T21:02:6.815000",
  "AcquisitionNumber": 1,
  "ImageComments": "Unaliased_MB6_PE4_LB_SENSE1+",
  "SliceThickness": 2,
  "SpacingBetweenSlices": 2,
  "SAR": 0.0634748,
  "EchoNumber": 4,
  "EchoTime": 0.08839,
  "RepetitionTime": 1.761,
  "FlipAngle": 68,
  "PartialFourier": 0.75,
  "BaseResolution": 110,
  "ShimSetting": [
    -2260,
    -11736,
    5928,
    559,
    -255,
    75,
    94,
    -92
  ],
  "TxRefAmp": 281.798,
  "PhaseResolution": 1,
  "ReceiveCoilName": "Head_32",
  "ReceiveCoilActiveElements": "HEA;HEP",
  "PulseSequenceDetails": "%CustomerSeq%_cmrr_mbep2d_bold",
  "WipMemBlock": "1f256637-9756-4054-bf2b-a6c435363208||Sequence: R016 ve11c/master r/e634e98; Dec 19 2017 11:00:25 by eja",
  "RefLinesPE": 24,
  "ConsistencyInfo": "N4_VE11C_LATEST_20160120",
  "MultibandAccelerationFactor": 6,
  "PercentPhaseFOV": 100,
  "PercentSampling": 100,
  "EchoTrainLength": 42,
  "PhaseEncodingSteps": 83,
  "AcquisitionMatrixPE": 110,
  "ReconMatrixPE": 110,
  "BandwidthPerPixelPhaseEncode": 32.468,
  "ParallelReductionFactorInPlane": 2,
  "EffectiveEchoSpacing": 0.000279996,
  "DerivedVendorReportedEchoSpacing": 0.000559992,
  "TotalReadoutTime": 0.0305196,
  "PixelBandwidth": 2275,
  "DwellTime": 2e-06,
  "PhaseEncodingDirection": "j",
  "SliceTiming": [
    0,
    0.7275,
    1.4525,
    0.4375,
    1.1625,
    0.145,
    0.8725,
    1.5975,
    0.5825,
    1.3075,
    0.2925,
    1.0175,
    0,
    0.7275,
    1.4525,
    0.4375,
    1.1625,
    0.145,
    0.8725,
    1.5975,
    0.5825,
    1.3075,
    0.2925,
    1.0175,
    0,
    0.7275,
    1.4525,
    0.4375,
    1.1625,
    0.145,
    0.8725,
    1.5975,
    0.5825,
    1.3075,
    0.2925,
    1.0175,
    0,
    0.7275,
    1.4525,
    0.4375,
    1.1625,
    0.145,
    0.8725,
    1.5975,
    0.5825,
    1.3075,
    0.2925,
    1.0175,
    0,
    0.7275,
    1.4525,
    0.4375,
    1.1625,
    0.145,
    0.8725,
    1.5975,
    0.5825,
    1.3075,
    0.2925,
    1.0175,
    0,
    0.7275,
    1.4525,
    0.4375,
    1.1625,
    0.145,
    0.8725,
    1.5975,
    0.5825,
    1.3075,
    0.2925,
    1.0175
  ],
  "ImageOrientationPatientDICOM": [
    0.995199,
    -0.0451157,
    0.0868587,
    0.0474546,
    0.998559,
    -0.0250531
  ],
  "InPlanePhaseEncodingDirectionDICOM": "COL",
  "ConversionSoftware": "dcm2niix",
  "ConversionSoftwareVersion": "v1.0.20200331",
  "TaskName": "BOLDREST2NORDICME52mm",
  "Units": "arbitrary"
}
