{
	"Modality": "MR",
	"MagneticFieldStrength": 3,
	"ImagingFrequency": 123.255,
	"Manufacturer": "Siemens",
	"ManufacturersModelName": "Prisma_fit",
	"InstitutionName": "Washington_University",
	"InstitutionalDepartmentName": "Department",
	"InstitutionAddress": "Scott_Ave_4525_St._Louis_MO_US_63110",
	"DeviceSerialNumber": "67064",
	"StationName": "MRC35177",
	"SeriesInstanceUID": "1.3.12.2.1107.5.2.43.67064.2022052220181415031299885.0.0.0",
	"StudyInstanceUID": "1.3.12.2.1107.5.2.43.67064.30000022051800354181400000049",
	"ReferringPhysicianName": ".",
	"StudyID": "1",
	"PatientName": "P6",
	"PatientID": "P6_After3",
	"PatientBirthDate": "2000-01-01",
	"PatientSex": "F",
	"PatientWeight": 95.2544,
	"BodyPartExamined": "HEAD",
	"PatientPosition": "HFS",
	"ProcedureStepDescription": "head_Nicol",
	"SoftwareVersions": "syngo_MR_E11",
	"MRAcquisitionType": "2D",
	"SeriesDescription": "ABCD_dMRI_b3000_2p0mm_te83_tr3500",
	"ProtocolName": "ABCD_dMRI_b3000_2p0mm_te83_tr3500",
	"ScanningSequence": "EP",
	"SequenceVariant": "SK_SP",
	"ScanOptions": "PFP_FS",
	"SequenceName": "ep_b0",
	"ImageType": ["ORIGINAL", "PRIMARY", "DIFFUSION", "NONE", "ND", "MOSAIC"],
	"SeriesNumber": 33,
	"AcquisitionTime": "20:18:32.147500",
	"AcquisitionDateTime": "2022-05-22T20:18:32.147500",
	"AcquisitionNumber": 1,
	"SliceThickness": 2,
	"SpacingBetweenSlices": 2,
	"SAR": 0.296414,
	"EchoTime": 0.083,
	"RepetitionTime": 3.5,
	"FlipAngle": 90,
	"PartialFourier": 0.75,
	"BaseResolution": 120,
	"ShimSetting": [
		-2234,
		-11660,
		5873,
		597,
		-316,
		-84,
		120,
		-163	],
	"DiffusionScheme": "Monopolar",
	"TxRefAmp": 276.544,
	"PhaseResolution": 1,
	"ReceiveCoilName": "Head_32",
	"ReceiveCoilActiveElements": "HEA;HEP",
	"PulseSequenceDetails": "%CustomerSeq%_ep2d_diff_sms_abcd",
	"WipMemBlock": "77daa785-595b-479b-be88-e3019d3b4bad",
	"RefLinesPE": 61,
	"ConsistencyInfo": "N4_VE11C_LATEST_20160120",
	"MultibandAccelerationFactor": 3,
	"PercentPhaseFOV": 100,
	"PercentSampling": 100,
	"EchoTrainLength": 90,
	"PhaseEncodingSteps": 90,
	"AcquisitionMatrixPE": 120,
	"ReconMatrixPE": 120,
	"BandwidthPerPixelPhaseEncode": 11.905,
	"EffectiveEchoSpacing": 0.000699986,
	"DerivedVendorReportedEchoSpacing": 0.000699986,
	"TotalReadoutTime": 0.0832983,
	"PixelBandwidth": 1665,
	"DwellTime": 2.5e-06,
	"PhaseEncodingDirection": "j",
	"SliceTiming": [
		0,
		1.8075,
		0.1375,
		1.9475,
		0.2775,
		2.0875,
		0.4175,
		2.225,
		0.555,
		2.365,
		0.695,
		2.505,
		0.835,
		2.645,
		0.9725,
		2.7825,
		1.1125,
		2.9225,
		1.2525,
		3.0625,
		1.39,
		3.2,
		1.53,
		3.34,
		1.67,
		0,
		1.8075,
		0.1375,
		1.9475,
		0.2775,
		2.0875,
		0.4175,
		2.225,
		0.555,
		2.365,
		0.695,
		2.505,
		0.835,
		2.645,
		0.9725,
		2.7825,
		1.1125,
		2.9225,
		1.2525,
		3.0625,
		1.39,
		3.2,
		1.53,
		3.34,
		1.67,
		0,
		1.8075,
		0.1375,
		1.9475,
		0.2775,
		2.0875,
		0.4175,
		2.225,
		0.555,
		2.365,
		0.695,
		2.505,
		0.835,
		2.645,
		0.9725,
		2.7825,
		1.1125,
		2.9225,
		1.2525,
		3.0625,
		1.39,
		3.2,
		1.53,
		3.34,
		1.67	],
	"ImageOrientationPatientDICOM": [
		0.997323,
		0.0087279,
		0.0726037,
		-0.00121844,
		0.994697,
		-0.102838	],
	"InPlanePhaseEncodingDirectionDICOM": "COL",
	"ConversionSoftware": "dcm2niix",
	"ConversionSoftwareVersion": "v1.0.20200331"
}
