{
    "Modality": "MR",
    "MagneticFieldStrength": 3,
    "ImagingFrequency": 123.245,
    "Manufacturer": "Siemens",
    "ManufacturersModelName": "Prisma",
    "InstitutionName": "Washington_University",
    "InstitutionalDepartmentName": "Research",
    "InstitutionAddress": "Scott_St._4525_St._Louis_Missouri_US_63110",
    "DeviceSerialNumber": "166158",
    "StationName": "AWP166158",
    "SeriesInstanceUID": "1.3.12.2.1107.5.2.43.166158.2023022021100837853982037.0.0.0",
    "StudyInstanceUID": "1.3.12.2.1107.5.2.43.166158.30000023021523101490200000058",
    "StudyID": "1",
    "PatientName": "P7",
    "PatientID": "P7_Baseline1",
    "PatientBirthDate": "1980-01-01",
    "PatientSex": "M",
    "PatientWeight": 102.058,
    "BodyPartExamined": "HEAD",
    "PatientPosition": "HFS",
    "ProcedureStepDescription": "HEAD_Nicol_B3",
    "SoftwareVersions": "syngo_MR_E11",
    "MRAcquisitionType": "2D",
    "SeriesDescription": "BOLD_REST1_NORDIC_mb2_ME4_2p6x3mm",
    "ProtocolName": "BOLD_REST1_NORDIC_mb2_ME4_2p6x3mm",
    "ScanningSequence": "EP",
    "SequenceVariant": "SK_SS",
    "ScanOptions": "PFP_FS_CT",
    "SequenceName": "epfid2d4_84",
    "ImageType": [
        "ORIGINAL",
        "PRIMARY",
        "M",
        "MB",
        "TE3",
        "ND",
        "NORM",
        "MOSAIC"
    ],
    "SeriesNumber": 20,
    "AcquisitionTime": "21:10:27.632500",
    "AcquisitionDateTime": "2023-02-20T21:10:27.632500",
    "AcquisitionNumber": 1,
    "ImageComments": "Unaliased_MB2_PE4_LB_SENSE1+",
    "SliceThickness": 3,
    "SpacingBetweenSlices": 3,
    "SAR": 0.0426389,
    "EchoNumber": 3,
    "EchoTime": 0.04608,
    "RepetitionTime": 2,
    "FlipAngle": 77,
    "PartialFourier": 0.75,
    "BaseResolution": 84,
    "ShimSetting": [
        4619,
        -7143,
        196,
        216,
        -3,
        -14,
        -126,
        76
    ],
    "TxRefAmp": 268.897,
    "PhaseResolution": 1,
    "ReceiveCoilName": "HeadNeck_64",
    "ReceiveCoilActiveElements": "HC1-7;NC1,2",
    "CoilString": "HC1-7;NC1_2",
    "PulseSequenceDetails": "%CustomerSeq%_cmrr_mbep2d_bold",
    "WipMemBlock": "7cfeba7a-9fb8-430d-a8be-ac8b1554931b||Sequence: R016 ve11c/master r/e634e98; Dec 19 2017 11:00:25 by eja",
    "RefLinesPE": 24,
    "ConsistencyInfo": "N4_VE11C_LATEST_20160120",
    "MultibandAccelerationFactor": 2,
    "PercentPhaseFOV": 100,
    "PercentSampling": 100,
    "EchoTrainLength": 33,
    "PhaseEncodingSteps": 66,
    "AcquisitionMatrixPE": 84,
    "ReconMatrixPE": 84,
    "BandwidthPerPixelPhaseEncode": 48.591,
    "ParallelReductionFactorInPlane": 2,
    "EffectiveEchoSpacing": 0.000244999,
    "DerivedVendorReportedEchoSpacing": 0.000489999,
    "TotalReadoutTime": 0.0203349,
    "PixelBandwidth": 2480,
    "DwellTime": 2.4e-06,
    "PhaseEncodingDirection": "j",
    "SliceTiming": [
        0,
        0.45,
        0.9,
        1.35,
        1.8,
        0.27,
        0.72,
        1.17,
        1.62,
        0.09,
        0.54,
        0.99,
        1.44,
        1.89,
        0.36,
        0.81,
        1.26,
        1.71,
        0.18,
        0.63,
        1.08,
        1.53,
        0,
        0.45,
        0.9,
        1.35,
        1.8,
        0.27,
        0.72,
        1.17,
        1.62,
        0.09,
        0.54,
        0.99,
        1.44,
        1.89,
        0.36,
        0.81,
        1.26,
        1.71,
        0.18,
        0.63,
        1.08,
        1.53
    ],
    "ImageOrientationPatientDICOM": [
        0.999505,
        0.0314234,
        -0.0016708,
        -0.0314107,
        0.993088,
        -0.113093
    ],
    "InPlanePhaseEncodingDirectionDICOM": "COL",
    "ConversionSoftware": "dcm2niix",
    "ConversionSoftwareVersion": "v1.0.20200331",
    "TaskName": "BOLDREST1NORDICmb2ME42p6x3mm"
}
