{
	"Modality": "MR",
	"MagneticFieldStrength": 3,
	"ImagingFrequency": 123.255,
	"Manufacturer": "Siemens",
	"ManufacturersModelName": "Prisma_fit",
	"InstitutionName": "Washington_University",
	"InstitutionalDepartmentName": "Department",
	"InstitutionAddress": "Scott_Ave_4525_St._Louis_MO_US_63110",
	"DeviceSerialNumber": "67064",
	"StationName": "MRC35177",
	"SeriesInstanceUID": "1.3.12.2.1107.5.2.43.67064.202208142135446693549783.0.0.0",
	"StudyInstanceUID": "1.3.12.2.1107.5.2.43.67064.30000022081122230872600000016",
	"StudyID": "1",
	"PatientName": "P3R",
	"PatientID": "P3R_After1",
	"PatientBirthDate": "1985-01-01",
	"PatientSex": "F",
	"PatientWeight": 72.5748,
	"BodyPartExamined": "HEAD",
	"PatientPosition": "HFS",
	"ProcedureStepDescription": "head_Nicol",
	"SoftwareVersions": "syngo_MR_E11",
	"MRAcquisitionType": "2D",
	"SeriesDescription": "ABCD_dMRI_b3000_2p0mm_te83_tr3500",
	"ProtocolName": "ABCD_dMRI_b3000_2p0mm_te83_tr3500",
	"ScanningSequence": "EP",
	"SequenceVariant": "SK_SP",
	"ScanOptions": "PFP_FS",
	"SequenceName": "ep_b0",
	"ImageType": ["ORIGINAL", "PRIMARY", "DIFFUSION", "NONE", "ND", "MOSAIC"],
	"SeriesNumber": 24,
	"AcquisitionTime": "21:36:1.625000",
	"AcquisitionDateTime": "2022-08-14T21:36:1.625000",
	"AcquisitionNumber": 1,
	"SliceThickness": 2,
	"SpacingBetweenSlices": 2,
	"SAR": 0.281998,
	"EchoTime": 0.083,
	"RepetitionTime": 3.5,
	"FlipAngle": 90,
	"PartialFourier": 0.75,
	"BaseResolution": 120,
	"ShimSetting": [
		-2258,
		-11709,
		5932,
		767,
		-181,
		91,
		178,
		-40	],
	"DiffusionScheme": "Monopolar",
	"TxRefAmp": 249.805,
	"PhaseResolution": 1,
	"ReceiveCoilName": "Head_32",
	"ReceiveCoilActiveElements": "HEA;HEP",
	"PulseSequenceDetails": "%CustomerSeq%_ep2d_diff_sms_abcd",
	"WipMemBlock": "7da5ffad-b97f-4650-87b1-7d1c67051e3e",
	"RefLinesPE": 61,
	"ConsistencyInfo": "N4_VE11C_LATEST_20160120",
	"MultibandAccelerationFactor": 3,
	"PercentPhaseFOV": 100,
	"PercentSampling": 100,
	"EchoTrainLength": 90,
	"PhaseEncodingSteps": 90,
	"AcquisitionMatrixPE": 120,
	"ReconMatrixPE": 120,
	"BandwidthPerPixelPhaseEncode": 11.905,
	"EffectiveEchoSpacing": 0.000699986,
	"DerivedVendorReportedEchoSpacing": 0.000699986,
	"TotalReadoutTime": 0.0832983,
	"PixelBandwidth": 1665,
	"DwellTime": 2.5e-06,
	"PhaseEncodingDirection": "j",
	"SliceTiming": [
		0,
		1.81,
		0.14,
		1.9475,
		0.2775,
		2.0875,
		0.4175,
		2.2275,
		0.5575,
		2.3675,
		0.695,
		2.505,
		0.835,
		2.645,
		0.975,
		2.785,
		1.1125,
		2.9225,
		1.2525,
		3.0625,
		1.3925,
		3.2025,
		1.53,
		3.34,
		1.67,
		0,
		1.81,
		0.14,
		1.9475,
		0.2775,
		2.0875,
		0.4175,
		2.2275,
		0.5575,
		2.3675,
		0.695,
		2.505,
		0.835,
		2.645,
		0.975,
		2.785,
		1.1125,
		2.9225,
		1.2525,
		3.0625,
		1.3925,
		3.2025,
		1.53,
		3.34,
		1.67,
		0,
		1.81,
		0.14,
		1.9475,
		0.2775,
		2.0875,
		0.4175,
		2.2275,
		0.5575,
		2.3675,
		0.695,
		2.505,
		0.835,
		2.645,
		0.975,
		2.785,
		1.1125,
		2.9225,
		1.2525,
		3.0625,
		1.3925,
		3.2025,
		1.53,
		3.34,
		1.67	],
	"ImageOrientationPatientDICOM": [
		0.998342,
		0.0553954,
		0.0156297,
		-0.0559907,
		0.997604,
		0.0406466	],
	"InPlanePhaseEncodingDirectionDICOM": "COL",
	"ConversionSoftware": "dcm2niix",
	"ConversionSoftwareVersion": "v1.0.20200331"
}
