{
	"Modality": "MR",
	"MagneticFieldStrength": 3,
	"ImagingFrequency": 123.244,
	"Manufacturer": "Siemens",
	"ManufacturersModelName": "Prisma",
	"InstitutionName": "WUSTL_bay1",
	"InstitutionalDepartmentName": "Research",
	"InstitutionAddress": "Scott_St._4525_St._Louis_Missouri_US_63110",
	"DeviceSerialNumber": "166158",
	"StationName": "AWP166158",
	"SeriesInstanceUID": "1.3.12.2.1107.5.2.43.166158.2021111116310661207008309.0.0.0",
	"StudyInstanceUID": "1.3.12.2.1107.5.2.43.166158.30000021111122111460800000001",
	"StudyID": "1",
	"PatientName": "P7",
	"PatientID": "MSCHD02_res03_NORDIC_111121",
	"PatientBirthDate": "1980-01-01",
	"PatientSex": "M",
	"PatientWeight": 99.7903,
	"BodyPartExamined": "HEAD",
	"PatientPosition": "HFS",
	"ProcedureStepDescription": "HEAD_Laumann",
	"SoftwareVersions": "syngo_MR_E11",
	"MRAcquisitionType": "2D",
	"SeriesDescription": "SpinEchoFieldMap_PA_ME_forME_2mm",
	"ProtocolName": "SpinEchoFieldMap_PA_ME_forME_2mm",
	"ScanningSequence": "EP",
	"SequenceVariant": "SK",
	"ScanOptions": "PFP_CT",
	"SequenceName": "epse2d5_110",
	"ImageType": ["ORIGINAL", "PRIMARY", "M", "TE2", "ND", "MOSAIC"],
	"SeriesNumber": 11,
	"AcquisitionTime": "16:31:56.890000",
	"AcquisitionDateTime": "2021-11-11T16:31:56.890000",
	"AcquisitionNumber": 1,
	"ImageComments": "SENSE1",
	"SliceThickness": 2,
	"SpacingBetweenSlices": 2,
	"SAR": 0.348572,
	"EchoNumber": 2,
	"EchoTime": 0.05848,
	"RepetitionTime": 13.693,
	"FlipAngle": 90,
	"PartialFourier": 0.75,
	"BaseResolution": 110,
	"ShimSetting": [
		4631,
		-7133,
		295,
		511,
		-20,
		-77,
		-117,
		54	],
	"TxRefAmp": 276.991,
	"PhaseResolution": 1,
	"VendorReportedEchoSpacing": 0.00056,
	"ReceiveCoilName": "HeadNeck_64",
	"ReceiveCoilActiveElements": "HC1-7;NC1,2",
	"CoilString": "HC1-7;NC1_2",
	"PulseSequenceDetails": "%CustomerSeq%_cmrr_mbep2d_se",
	"WipMemBlock": "0f6ca956-7fa4-440b-8a3a-dc0a58b1dc0e||Sequence: R016 ve11c/master r/e634e98; Dec 19 2017 11:22:56 by eja",
	"RefLinesPE": 24,
	"ConsistencyInfo": "N4_VE11C_LATEST_20160120",
	"PercentPhaseFOV": 100,
	"PercentSampling": 100,
	"EchoTrainLength": 42,
	"PhaseEncodingSteps": 83,
	"AcquisitionMatrixPE": 110,
	"ReconMatrixPE": 110,
	"BandwidthPerPixelPhaseEncode": 32.468,
	"ParallelReductionFactorInPlane": 2,
	"EffectiveEchoSpacing": 0.000279996,
	"DerivedVendorReportedEchoSpacing": 0.000559992,
	"TotalReadoutTime": 0.0305196,
	"PixelBandwidth": 2275,
	"DwellTime": 2e-06,
	"PhaseEncodingDirection": "j",
	"SliceTiming": [
		6.835,
		0,
		7.025,
		0.19,
		7.215,
		0.3775,
		7.405,
		0.5675,
		7.595,
		0.7575,
		7.785,
		0.9475,
		7.975,
		1.1375,
		8.165,
		1.3275,
		8.355,
		1.5175,
		8.545,
		1.7075,
		8.735,
		1.8975,
		8.925,
		2.0875,
		9.115,
		2.2775,
		9.305,
		2.4675,
		9.495,
		2.6575,
		9.685,
		2.8475,
		9.8725,
		3.0375,
		10.0625,
		3.2275,
		10.2525,
		3.4175,
		10.4425,
		3.6075,
		10.6325,
		3.7975,
		10.8225,
		3.9875,
		11.0125,
		4.1775,
		11.2025,
		4.3675,
		11.3925,
		4.5575,
		11.5825,
		4.7475,
		11.7725,
		4.9375,
		11.9625,
		5.125,
		12.1525,
		5.315,
		12.3425,
		5.505,
		12.5325,
		5.695,
		12.7225,
		5.885,
		12.9125,
		6.075,
		13.1025,
		6.265,
		13.2925,
		6.455,
		13.4825,
		6.645	],
	"ImageOrientationPatientDICOM": [
		0.998667,
		-0.0470014,
		0.0213365,
		0.0512893,
		0.950118,
		-0.307646	],
	"InPlanePhaseEncodingDirectionDICOM": "COL",
	"ConversionSoftware": "dcm2niix",
	"ConversionSoftwareVersion": "v1.0.20200331"
}
