{
	"Modality": "MR",
	"MagneticFieldStrength": 3,
	"ImagingFrequency": 123.244,
	"Manufacturer": "Siemens",
	"ManufacturersModelName": "Prisma",
	"InstitutionName": "WUSTL_bay1",
	"InstitutionalDepartmentName": "Research",
	"InstitutionAddress": "Scott_St._4525_St._Louis_Missouri_US_63110",
	"DeviceSerialNumber": "166158",
	"StationName": "AWP166158",
	"SeriesInstanceUID": "1.3.12.2.1107.5.2.43.166158.202111111629403214303954.0.0.0",
	"StudyInstanceUID": "1.3.12.2.1107.5.2.43.166158.30000021111122111460800000001",
	"StudyID": "1",
	"PatientName": "P7",
	"PatientID": "MSCHD02_res03_NORDIC_111121",
	"PatientBirthDate": "1980-01-01",
	"PatientSex": "M",
	"PatientWeight": 99.7903,
	"BodyPartExamined": "HEAD",
	"PatientPosition": "HFS",
	"ProcedureStepDescription": "HEAD_Laumann",
	"SoftwareVersions": "syngo_MR_E11",
	"MRAcquisitionType": "2D",
	"SeriesDescription": "SpinEchoFieldMap_AP_ME_forME_2mm",
	"ProtocolName": "SpinEchoFieldMap_AP_ME_forME_2mm",
	"ScanningSequence": "EP",
	"SequenceVariant": "SK",
	"ScanOptions": "PFP_CT",
	"SequenceName": "epse2d5_110",
	"ImageType": ["ORIGINAL", "PRIMARY", "M", "TE3", "ND", "MOSAIC"],
	"SeriesNumber": 9,
	"AcquisitionTime": "16:30:29.517500",
	"AcquisitionDateTime": "2021-11-11T16:30:29.517500",
	"AcquisitionNumber": 1,
	"ImageComments": "SENSE1",
	"SliceThickness": 2,
	"SpacingBetweenSlices": 2,
	"SAR": 0.348572,
	"EchoNumber": 3,
	"EchoTime": 0.09616,
	"RepetitionTime": 13.693,
	"FlipAngle": 90,
	"PartialFourier": 0.75,
	"BaseResolution": 110,
	"ShimSetting": [
		4631,
		-7133,
		295,
		511,
		-20,
		-77,
		-117,
		54	],
	"TxRefAmp": 276.991,
	"PhaseResolution": 1,
	"VendorReportedEchoSpacing": 0.00056,
	"ReceiveCoilName": "HeadNeck_64",
	"ReceiveCoilActiveElements": "HC1-7;NC1,2",
	"CoilString": "HC1-7;NC1_2",
	"PulseSequenceDetails": "%CustomerSeq%_cmrr_mbep2d_se",
	"WipMemBlock": "ca8b6fd1-d873-45f1-8588-e13e59a59aba||Sequence: R016 ve11c/master r/e634e98; Dec 19 2017 11:22:56 by eja",
	"RefLinesPE": 24,
	"ConsistencyInfo": "N4_VE11C_LATEST_20160120",
	"PercentPhaseFOV": 100,
	"PercentSampling": 100,
	"EchoTrainLength": 42,
	"PhaseEncodingSteps": 83,
	"AcquisitionMatrixPE": 110,
	"ReconMatrixPE": 110,
	"BandwidthPerPixelPhaseEncode": 32.468,
	"ParallelReductionFactorInPlane": 2,
	"EffectiveEchoSpacing": 0.000279996,
	"DerivedVendorReportedEchoSpacing": 0.000559992,
	"TotalReadoutTime": 0.0305196,
	"PixelBandwidth": 2275,
	"DwellTime": 2e-06,
	"PhaseEncodingDirection": "j-",
	"SliceTiming": [
		6.8375,
		0,
		7.0275,
		0.19,
		7.2175,
		0.38,
		7.4075,
		0.57,
		7.5975,
		0.76,
		7.7875,
		0.95,
		7.9775,
		1.14,
		8.1675,
		1.33,
		8.3575,
		1.52,
		8.5475,
		1.71,
		8.7375,
		1.9,
		8.9275,
		2.09,
		9.1175,
		2.28,
		9.3075,
		2.47,
		9.495,
		2.66,
		9.685,
		2.85,
		9.875,
		3.04,
		10.065,
		3.23,
		10.255,
		3.42,
		10.445,
		3.61,
		10.635,
		3.8,
		10.825,
		3.99,
		11.015,
		4.18,
		11.205,
		4.37,
		11.395,
		4.56,
		11.585,
		4.7475,
		11.775,
		4.9375,
		11.965,
		5.1275,
		12.155,
		5.3175,
		12.345,
		5.5075,
		12.535,
		5.6975,
		12.725,
		5.8875,
		12.915,
		6.0775,
		13.105,
		6.2675,
		13.295,
		6.4575,
		13.485,
		6.6475	],
	"ImageOrientationPatientDICOM": [
		0.998667,
		-0.0470014,
		0.0213365,
		0.0512893,
		0.950118,
		-0.307646	],
	"InPlanePhaseEncodingDirectionDICOM": "COL",
	"ConversionSoftware": "dcm2niix",
	"ConversionSoftwareVersion": "v1.0.20200331"
}
