{
	"Modality": "MR",
	"MagneticFieldStrength": 3,
	"ImagingFrequency": 123.245,
	"Manufacturer": "Siemens",
	"ManufacturersModelName": "Prisma",
	"InstitutionName": "Washington_University",
	"InstitutionalDepartmentName": "Research",
	"InstitutionAddress": "Scott_St._4525_St._Louis_Missouri_US_63110",
	"DeviceSerialNumber": "166158",
	"StationName": "AWP166158",
	"SeriesInstanceUID": "1.3.12.2.1107.5.2.43.166158.2023022021062659023981759.0.0.0",
	"StudyInstanceUID": "1.3.12.2.1107.5.2.43.166158.30000023021523101490200000058",
	"StudyID": "1",
	"PatientName": "P7",
	"PatientID": "P7_Baseline1",
	"PatientBirthDate": "1980-01-01",
	"PatientSex": "M",
	"PatientWeight": 102.058,
	"BodyPartExamined": "HEAD",
	"PatientPosition": "HFS",
	"ProcedureStepDescription": "HEAD_Nicol_B3",
	"SoftwareVersions": "syngo_MR_E11",
	"MRAcquisitionType": "2D",
	"SeriesDescription": "SpinEchoFieldMap_AP_2p6x3mm_44slices",
	"ProtocolName": "SpinEchoFieldMap_AP_2p6x3mm_44slices",
	"ScanningSequence": "EP",
	"SequenceVariant": "SK",
	"ScanOptions": "FS",
	"SequenceName": "epse2d1_84",
	"ImageType": ["ORIGINAL", "PRIMARY", "M", "ND", "MOSAIC"],
	"SeriesNumber": 17,
	"AcquisitionTime": "21:06:30.587500",
	"AcquisitionDateTime": "2023-02-20T21:06:30.587500",
	"AcquisitionNumber": 1,
	"SliceThickness": 3,
	"SpacingBetweenSlices": 3,
	"SAR": 0.0873546,
	"EchoTime": 0.0668,
	"RepetitionTime": 8.05,
	"FlipAngle": 90,
	"PartialFourier": 1,
	"BaseResolution": 84,
	"ShimSetting": [
		4617,
		-7125,
		164,
		370,
		-27,
		-35,
		-54,
		52	],
	"TxRefAmp": 268.897,
	"PhaseResolution": 1,
	"ReceiveCoilName": "HeadNeck_64",
	"ReceiveCoilActiveElements": "HC1-7;NC1,2",
	"CoilString": "HC1-7;NC1_2",
	"PulseSequenceDetails": "%CustomerSeq%_cmrr_mbep2d_se",
	"WipMemBlock": "a3ba1ff7-7380-49b7-a0d6-b6ca22780776||Sequence: R016 ve11c/master r/e634e98; Dec 19 2017 11:22:56 by eja",
	"ConsistencyInfo": "N4_VE11C_LATEST_20160120",
	"PercentPhaseFOV": 100,
	"PercentSampling": 100,
	"EchoTrainLength": 84,
	"PhaseEncodingSteps": 84,
	"AcquisitionMatrixPE": 84,
	"ReconMatrixPE": 84,
	"BandwidthPerPixelPhaseEncode": 24.295,
	"EffectiveEchoSpacing": 0.000490009,
	"DerivedVendorReportedEchoSpacing": 0.000490009,
	"TotalReadoutTime": 0.0406707,
	"PixelBandwidth": 2480,
	"DwellTime": 2.4e-06,
	"PhaseEncodingDirection": "j-",
	"SliceTiming": [
		4.015,
		0,
		4.1975,
		0.1825,
		4.38,
		0.365,
		4.5625,
		0.5475,
		4.745,
		0.73,
		4.9275,
		0.9125,
		5.11,
		1.095,
		5.2925,
		1.2775,
		5.475,
		1.46,
		5.6575,
		1.6425,
		5.84,
		1.825,
		6.0225,
		2.0075,
		6.205,
		2.19,
		6.3875,
		2.3725,
		6.57,
		2.555,
		6.7525,
		2.7375,
		6.935,
		2.92,
		7.1175,
		3.1025,
		7.3,
		3.285,
		7.4825,
		3.4675,
		7.665,
		3.65,
		7.8475,
		3.8325	],
	"ImageOrientationPatientDICOM": [
		0.999505,
		0.0314234,
		-0.0016708,
		-0.0314107,
		0.993088,
		-0.113093	],
	"InPlanePhaseEncodingDirectionDICOM": "COL",
	"ConversionSoftware": "dcm2niix",
	"ConversionSoftwareVersion": "v1.0.20200331"
}
