{
	"Modality": "MR",
	"MagneticFieldStrength": 3,
	"ImagingFrequency": 123.244,
	"Manufacturer": "Siemens",
	"ManufacturersModelName": "Prisma",
	"InstitutionName": "Washington_University",
	"InstitutionalDepartmentName": "Research",
	"InstitutionAddress": "Scott_St._4525_St._Louis_Missouri_US_63110",
	"DeviceSerialNumber": "166158",
	"StationName": "AWP166158",
	"SeriesInstanceUID": "1.3.12.2.1107.5.2.43.166158.2023022020315791493609810.0.0.0",
	"StudyInstanceUID": "1.3.12.2.1107.5.2.43.166158.30000023021523101490200000058",
	"StudyID": "1",
	"PatientName": "P7",
	"PatientID": "P7_Baseline1",
	"PatientBirthDate": "1980-01-01",
	"PatientSex": "M",
	"PatientWeight": 102.058,
	"BodyPartExamined": "HEAD",
	"PatientPosition": "HFS",
	"ProcedureStepDescription": "HEAD_Nicol_B3",
	"SoftwareVersions": "syngo_MR_E11",
	"MRAcquisitionType": "2D",
	"SeriesDescription": "SpinEchoFieldMap_AP_2mm_CJL_mod_72slices",
	"ProtocolName": "SpinEchoFieldMap_AP_2mm_CJL_mod_72slices",
	"ScanningSequence": "EP",
	"SequenceVariant": "SK",
	"ScanOptions": "FS",
	"SequenceName": "epse2d1_110",
	"ImageType": ["ORIGINAL", "PRIMARY", "M", "ND", "MOSAIC"],
	"SeriesNumber": 7,
	"AcquisitionTime": "20:32:2.302500",
	"AcquisitionDateTime": "2023-02-20T20:32:2.302500",
	"AcquisitionNumber": 1,
	"SliceThickness": 2,
	"SpacingBetweenSlices": 2,
	"SAR": 0.142945,
	"EchoTime": 0.0668,
	"RepetitionTime": 8.05,
	"FlipAngle": 90,
	"PartialFourier": 1,
	"BaseResolution": 110,
	"ShimSetting": [
		4618,
		-7122,
		168,
		374,
		-43,
		-78,
		-68,
		44	],
	"TxRefAmp": 268.897,
	"PhaseResolution": 1,
	"VendorReportedEchoSpacing": 0.00056,
	"ReceiveCoilName": "HeadNeck_64",
	"ReceiveCoilActiveElements": "HC1-7;NC1,2",
	"CoilString": "HC1-7;NC1_2",
	"PulseSequenceDetails": "%CustomerSeq%_cmrr_mbep2d_se",
	"WipMemBlock": "fc72ca35-e86f-4fa0-b4df-ade1c1f793d6||Sequence: R016 ve11c/master r/e634e98; Dec 19 2017 11:22:56 by eja",
	"ConsistencyInfo": "N4_VE11C_LATEST_20160120",
	"PercentPhaseFOV": 100,
	"PercentSampling": 100,
	"EchoTrainLength": 110,
	"PhaseEncodingSteps": 110,
	"AcquisitionMatrixPE": 110,
	"ReconMatrixPE": 110,
	"BandwidthPerPixelPhaseEncode": 16.234,
	"EffectiveEchoSpacing": 0.000559992,
	"DerivedVendorReportedEchoSpacing": 0.000559992,
	"TotalReadoutTime": 0.0610391,
	"PixelBandwidth": 2275,
	"DwellTime": 2e-06,
	"PhaseEncodingDirection": "j-",
	"SliceTiming": [
		4.015,
		0,
		4.125,
		0.1125,
		4.2375,
		0.2225,
		4.35,
		0.335,
		4.46,
		0.445,
		4.5725,
		0.5575,
		4.6825,
		0.67,
		4.795,
		0.78,
		4.9075,
		0.8925,
		5.0175,
		1.0025,
		5.13,
		1.115,
		5.2425,
		1.2275,
		5.3525,
		1.3375,
		5.465,
		1.45,
		5.575,
		1.56,
		5.6875,
		1.6725,
		5.8,
		1.785,
		5.91,
		1.895,
		6.0225,
		2.0075,
		6.1325,
		2.12,
		6.245,
		2.23,
		6.3575,
		2.3425,
		6.4675,
		2.4525,
		6.58,
		2.565,
		6.69,
		2.6775,
		6.8025,
		2.7875,
		6.915,
		2.9,
		7.025,
		3.01,
		7.1375,
		3.1225,
		7.2475,
		3.235,
		7.36,
		3.345,
		7.4725,
		3.4575,
		7.5825,
		3.5675,
		7.695,
		3.68,
		7.8075,
		3.7925,
		7.9175,
		3.9025	],
	"ImageOrientationPatientDICOM": [
		0.999505,
		0.0314234,
		-0.0016708,
		-0.0314107,
		0.993088,
		-0.113093	],
	"InPlanePhaseEncodingDirectionDICOM": "COL",
	"ConversionSoftware": "dcm2niix",
	"ConversionSoftwareVersion": "v1.0.20200331"
}
