{
    "Modality": "MR",
    "MagneticFieldStrength": 3,
    "ImagingFrequency": 123.246905,
    "Manufacturer": "Siemens",
    "ManufacturersModelName": "Prisma_fit",
    "InstitutionName": "Washington University",
    "InstitutionalDepartmentName": "Department",
    "InstitutionAddress": "Scott Ave 4525,St. Louis,MO,US,63110",
    "DeviceSerialNumber": "67064",
    "StationName": "MRC35177",
    "SeriesInstanceUID": "1.3.12.2.1107.5.2.43.67064.2021092320455671249606139.0.0.0",
    "StudyInstanceUID": "1.3.12.2.1107.5.2.43.67064.30000021092118310982100000022",
    "StudyID": "1",
    "PatientName": "P3",
    "PatientID": "P3_After6",
    "PatientBirthDate": "1985-01-01",
    "PatientSex": "F",
    "PatientWeight": 63.5029,
    "PatientAge": 36,
    "BodyPartExamined": "HEAD",
    "PatientPosition": "HFS",
    "ProcedureStepDescription": "head^Nicol",
    "SoftwareVersions": "syngo MR E11",
    "MRAcquisitionType": "2D",
    "SeriesDescription": "BOLD_REST_2p5mm_mb4_me5_ipat2_ppf68_FOV220",
    "ProtocolName": "BOLD_REST_2p5mm_mb4_me5_ipat2_ppf68_FOV220",
    "ScanningSequence": "EP",
    "SequenceVariant": "SK_SS",
    "ScanOptions": "PFP_FS_EXT",
    "SequenceName": "epfid2d5_88",
    "ImageType": [
        "ORIGINAL",
        "PRIMARY",
        "M",
        "MB",
        "TE3",
        "ND",
        "NORM",
        "MOSAIC"
    ],
    "NonlinearGradientCorrection": false,
    "SeriesNumber": 18,
    "AcquisitionTime": "20:46:30.062500",
    "AcquisitionDateTime": "2021-09-23T20:46:30.062500",
    "AcquisitionNumber": 1,
    "ImageComments": "Unaliased MB4/PE4/LB",
    "SliceThickness": 2.5,
    "SpacingBetweenSlices": 2.5,
    "SAR": 0.0475826,
    "EchoNumber": 3,
    "EchoTime": 0.0511,
    "RepetitionTime": 1.761,
    "FlipAngle": 68,
    "PartialFourier": 0.75,
    "BaseResolution": 88,
    "ShimSetting": [
        -1972,
        -11499,
        5776,
        524,
        -12,
        -75,
        1,
        -30
    ],
    "TxRefAmp": 235.789,
    "PhaseResolution": 1,
    "VendorReportedEchoSpacing": 0.00051,
    "ReceiveCoilName": "Head_32",
    "ReceiveCoilActiveElements": "HEA;HEP",
    "PulseSequenceDetails": "%CustomerSeq%_cmrr_mbep2d_bold",
    "WipMemBlock": "266a0b7a-1b33-4dd7-bc0a-a86e5e1344a1||Sequence: R016 ve11c/master r/e634e98; Dec 19 2017 11:00:25 by eja",
    "RefLinesPE": 24,
    "CoilCombinationMethod": "Sum of Squares",
    "ConsistencyInfo": "N4_VE11C_LATEST_20160120",
    "MatrixCoilMode": "GRAPPA",
    "MultibandAccelerationFactor": 4,
    "PercentPhaseFOV": 100,
    "PercentSampling": 100,
    "EchoTrainLength": 34,
    "PhaseEncodingSteps": 68,
    "AcquisitionMatrixPE": 88,
    "ReconMatrixPE": 88,
    "BandwidthPerPixelPhaseEncode": 44.563,
    "ParallelReductionFactorInPlane": 2,
    "EffectiveEchoSpacing": 0.000255002,
    "DerivedVendorReportedEchoSpacing": 0.000510003,
    "TotalReadoutTime": 0.0221851,
    "PixelBandwidth": 2470,
    "DwellTime": 2.3e-06,
    "PhaseEncodingDirection": "j-",
    "SliceTiming": [
        0,
        0.9275,
        0.1175,
        1.045,
        0.2325,
        1.16,
        0.3475,
        1.2775,
        0.465,
        1.3925,
        0.58,
        1.51,
        0.6975,
        1.625,
        0.8125,
        0,
        0.9275,
        0.1175,
        1.045,
        0.2325,
        1.16,
        0.3475,
        1.2775,
        0.465,
        1.3925,
        0.58,
        1.51,
        0.6975,
        1.625,
        0.8125,
        0,
        0.9275,
        0.1175,
        1.045,
        0.2325,
        1.16,
        0.3475,
        1.2775,
        0.465,
        1.3925,
        0.58,
        1.51,
        0.6975,
        1.625,
        0.8125,
        0,
        0.9275,
        0.1175,
        1.045,
        0.2325,
        1.16,
        0.3475,
        1.2775,
        0.465,
        1.3925,
        0.58,
        1.51,
        0.6975,
        1.625,
        0.8125
    ],
    "ImageOrientationPatientDICOM": [
        0.997402,
        -0.00667659,
        0.0717264,
        0.0130567,
        0.995959,
        -0.0888537
    ],
    "ImageOrientationText": "Tra>Cor(-5.2)>Sag(4.1)",
    "InPlanePhaseEncodingDirectionDICOM": "COL",
    "BidsGuess": [
        "func",
        "_acq-epfid2p2m4_dir-AP_run-18_echo-3_bold"
    ],
    "ConversionSoftware": "dcm2niix",
    "ConversionSoftwareVersion": "v1.0.20240202",
    "TaskName": "BOLDREST2p5mmmb4me5ipat2ppf68FOV220"
}
