{
	"Modality": "MR",
	"MagneticFieldStrength": 3,
	"ImagingFrequency": 123.244507,
	"Manufacturer": "Siemens",
	"ManufacturersModelName": "Prisma",
	"InstitutionName": "WUSTL_bay1",
	"InstitutionalDepartmentName": "Research",
	"InstitutionAddress": "Scott St. 4525,St. Louis,Missouri,US,63110",
	"DeviceSerialNumber": "166158",
	"StationName": "AWP166158",
	"SeriesInstanceUID": "1.3.12.2.1107.5.2.43.166158.2022020419473350529786793.0.0.0",
	"StudyInstanceUID": "1.3.12.2.1107.5.2.43.166158.30000022012420373519400000085",
	"StudyID": "1",
	"PatientName": "P5",
	"PatientID": "Baseline5",
	"PatientBirthDate": "2002-01-01",
	"PatientSex": "M",
	"PatientWeight": 83.0074,
	"PatientAge": 20,
	"BodyPartExamined": "HEAD",
	"PatientPosition": "HFS",
	"ProcedureStepDescription": "HEAD^Nicol _B3",
	"SoftwareVersions": "syngo MR E11",
	"MRAcquisitionType": "3D",
	"SeriesDescription": "t2_spc_0p9mm_iso",
	"ProtocolName": "t2_spc_0p9mm_iso",
	"ScanningSequence": "SE",
	"SequenceVariant": "SK\\SP\\OSP",
	"ScanOptions": "PFP",
	"SequenceName": "*spc_278ns",
	"ImageType": ["ORIGINAL", "PRIMARY", "M", "ND", "NORM"],
	"NonlinearGradientCorrection": false,
	"SeriesNumber": 8,
	"AcquisitionTime": "19:41:56.235000",
	"AcquisitionDateTime": "2022-02-04T19:41:56.235000",
	"AcquisitionNumber": 1,
	"SliceThickness": 0.9,
	"SAR": 0.146418,
	"EchoTime": 0.294,
	"RepetitionTime": 3.2,
	"SpoilingState": true,
	"FlipAngle": 120,
	"VariableFlipAngleFlag": true,
	"PartialFourier": 1,
	"BaseResolution": 256,
	"ShimSetting": [
		4614,
		-7148,
		132,
		428,
		-42,
		-26,
		13,
		-2	],
	"TxRefAmp": 262.749,
	"PhaseResolution": 0.99,
	"ReceiveCoilName": "Head_32",
	"ReceiveCoilActiveElements": "HEA;HEP",
	"PulseSequenceDetails": "%SiemensSeq%\\tse_vfl",
	"RefLinesPE": 24,
	"CoilCombinationMethod": "Adaptive Combine",
	"ConsistencyInfo": "N4_VE11C_LATEST_20160120",
	"MatrixCoilMode": "GRAPPA",
	"PercentPhaseFOV": 100,
	"PercentSampling": 99,
	"EchoTrainLength": 219,
	"PhaseEncodingSteps": 194,
	"AcquisitionMatrixPE": 253,
	"ReconMatrixPE": 256,
	"ParallelReductionFactorInPlane": 2,
	"PixelBandwidth": 700,
	"DwellTime": 2.8e-06,
	"PhaseEncodingDirection": "i",
	"ImageOrientationPatientDICOM": [
		0.00489574,
		0.998673,
		-0.0512683,
		-0.0294824,
		-0.0511025,
		-0.998258	],
	"ImageOrientationText": "Sag>Tra(1.7)>Cor(0.4)",
	"InPlanePhaseEncodingDirectionDICOM": "ROW",
	"BidsGuess": ["anat","_acq-spc2p2_run-8_T2w"],
	"ConversionSoftware": "dcm2niix",
	"ConversionSoftwareVersion": "v1.0.20240202"
}
