{
	"Modality": "MR",
	"MagneticFieldStrength": 3,
	"ImagingFrequency": 123.255,
	"Manufacturer": "Siemens",
	"ManufacturersModelName": "Prisma_fit",
	"InstitutionName": "Washington_University",
	"InstitutionalDepartmentName": "Department",
	"InstitutionAddress": "Scott_Ave_4525_St._Louis_MO_US_63110",
	"DeviceSerialNumber": "67064",
	"StationName": "MRC35177",
	"SeriesInstanceUID": "1.3.12.2.1107.5.2.43.67064.2022050820301671084880895.0.0.0",
	"StudyInstanceUID": "1.3.12.2.1107.5.2.43.67064.30000022050222515575300000085",
	"StudyID": "1",
	"PatientName": "P6",
	"PatientID": "P6",
	"PatientBirthDate": "1998-01-01",
	"PatientSex": "F",
	"PatientWeight": 95.2544,
	"BodyPartExamined": "HEAD",
	"PatientPosition": "HFS",
	"ProcedureStepDescription": "head_Nicol",
	"SoftwareVersions": "syngo_MR_E11",
	"MRAcquisitionType": "3D",
	"SeriesDescription": "t1_mpr_0p9mm",
	"ProtocolName": "t1_mpr_0p9mm",
	"ScanningSequence": "GR_IR",
	"SequenceVariant": "SK_SP_MP_OSP",
	"ScanOptions": "IR",
	"SequenceName": "_tfl3d1_16ns",
	"ImageType": ["ORIGINAL", "PRIMARY", "M", "ND", "NORM"],
	"SeriesNumber": 7,
	"AcquisitionTime": "20:30:20.627500",
	"AcquisitionDateTime": "2022-05-08T20:30:20.627500",
	"AcquisitionNumber": 1,
	"SliceThickness": 0.9,
	"SAR": 0.0586653,
	"EchoTime": 0.00318,
	"RepetitionTime": 2.4,
	"InversionTime": 1,
	"FlipAngle": 8,
	"PartialFourier": 1,
	"BaseResolution": 256,
	"ShimSetting": [
		-2280,
		-11720,
		5939,
		462,
		-192,
		-122,
		68,
		-75	],
	"TxRefAmp": 287.49,
	"PhaseResolution": 1,
	"PhaseOversampling": 0.5,
	"ReceiveCoilName": "Head_32",
	"ReceiveCoilActiveElements": "HEA;HEP",
	"PulseSequenceDetails": "%SiemensSeq%_tfl",
	"RefLinesPE": 24,
	"ConsistencyInfo": "N4_VE11C_LATEST_20160120",
	"PercentPhaseFOV": 100,
	"PercentSampling": 100,
	"PhaseEncodingSteps": 383,
	"AcquisitionMatrixPE": 256,
	"ReconMatrixPE": 256,
	"ParallelReductionFactorInPlane": 2,
	"PixelBandwidth": 220,
	"DwellTime": 8.9e-06,
	"ImageOrientationPatientDICOM": [
		0.0517433,
		0.996762,
		-0.0615565,
		0.0186723,
		-0.0625939,
		-0.997864	],
	"InPlanePhaseEncodingDirectionDICOM": "ROW",
	"ConversionSoftware": "dcm2niix",
	"ConversionSoftwareVersion": "v1.0.20200331"
}
