{
    "Modality": "MR",
    "MagneticFieldStrength": 3,
    "ImagingFrequency": 123.246945,
    "Manufacturer": "Siemens",
    "ManufacturersModelName": "Prisma_fit",
    "InstitutionName": "Washington University",
    "InstitutionalDepartmentName": "Department",
    "InstitutionAddress": "Scott Ave 4525,St. Louis,MO,US,63110",
    "DeviceSerialNumber": "67064",
    "StationName": "MRC35177",
    "SeriesInstanceUID": "1.3.12.2.1107.5.2.43.67064.2021090710382139082794101.0.0.0",
    "StudyInstanceUID": "1.3.12.2.1107.5.2.43.67064.30000021083018455808700000061",
    "StudyID": "1",
    "PatientName": "P2",
    "PatientID": "P2_Between3",
    "PatientBirthDate": "1982-01-01",
    "PatientSex": "M",
    "PatientWeight": 72.5748,
    "PatientAge": 39,
    "BodyPartExamined": "HEAD",
    "PatientPosition": "HFS",
    "ProcedureStepDescription": "head^Nicol",
    "SoftwareVersions": "syngo MR E11",
    "MRAcquisitionType": "2D",
    "SeriesDescription": "BOLD_TASK1_2mm_mb6_me5_ipat2_ppf68_FOV220",
    "ProtocolName": "BOLD_TASK1_2mm_mb6_me5_ipat2_ppf68_FOV220",
    "ScanningSequence": "EP",
    "SequenceVariant": "SK_SS",
    "ScanOptions": "PFP_FS_EXT",
    "SequenceName": "epfid2d5_110",
    "ImageType": [
        "ORIGINAL",
        "PRIMARY",
        "M",
        "MB",
        "TE3",
        "ND",
        "NORM",
        "MOSAIC"
    ],
    "NonlinearGradientCorrection": false,
    "SeriesNumber": 14,
    "AcquisitionTime": "10:40:33.092500",
    "AcquisitionDateTime": "2021-09-07T10:40:33.092500",
    "AcquisitionNumber": 1,
    "ImageComments": "Unaliased MB6/PE4/LB",
    "SliceThickness": 2,
    "SpacingBetweenSlices": 2,
    "SAR": 0.0464506,
    "EchoNumber": 3,
    "EchoTime": 0.06366,
    "RepetitionTime": 1.761,
    "FlipAngle": 68,
    "PartialFourier": 0.75,
    "BaseResolution": 110,
    "ShimSetting": [
        -1989,
        -11508,
        5805,
        503,
        95,
        176,
        22,
        -12
    ],
    "TxRefAmp": 235.182,
    "PhaseResolution": 1,
    "VendorReportedEchoSpacing": 0.00056,
    "ReceiveCoilName": "Head_32",
    "ReceiveCoilActiveElements": "HEA;HEP",
    "PulseSequenceDetails": "%CustomerSeq%_cmrr_mbep2d_bold",
    "WipMemBlock": "f1dc7103-878f-44ca-9a18-e7f1dcef63d0||Sequence: R016 ve11c/master r/e634e98; Dec 19 2017 11:00:25 by eja",
    "RefLinesPE": 24,
    "CoilCombinationMethod": "Sum of Squares",
    "ConsistencyInfo": "N4_VE11C_LATEST_20160120",
    "MatrixCoilMode": "GRAPPA",
    "MultibandAccelerationFactor": 6,
    "PercentPhaseFOV": 100,
    "PercentSampling": 100,
    "EchoTrainLength": 42,
    "PhaseEncodingSteps": 83,
    "AcquisitionMatrixPE": 110,
    "ReconMatrixPE": 110,
    "BandwidthPerPixelPhaseEncode": 32.468,
    "ParallelReductionFactorInPlane": 2,
    "EffectiveEchoSpacing": 0.000279996,
    "DerivedVendorReportedEchoSpacing": 0.000559992,
    "TotalReadoutTime": 0.0305196,
    "PixelBandwidth": 2275,
    "DwellTime": 2e-06,
    "PhaseEncodingDirection": "j-",
    "SliceTiming": [
        0,
        0.7275,
        1.4525,
        0.435,
        1.1625,
        0.145,
        0.8725,
        1.5975,
        0.5825,
        1.3075,
        0.29,
        1.0175,
        0,
        0.7275,
        1.4525,
        0.435,
        1.1625,
        0.145,
        0.8725,
        1.5975,
        0.5825,
        1.3075,
        0.29,
        1.0175,
        0,
        0.7275,
        1.4525,
        0.435,
        1.1625,
        0.145,
        0.8725,
        1.5975,
        0.5825,
        1.3075,
        0.29,
        1.0175,
        0,
        0.7275,
        1.4525,
        0.435,
        1.1625,
        0.145,
        0.8725,
        1.5975,
        0.5825,
        1.3075,
        0.29,
        1.0175,
        0,
        0.7275,
        1.4525,
        0.435,
        1.1625,
        0.145,
        0.8725,
        1.5975,
        0.5825,
        1.3075,
        0.29,
        1.0175,
        0,
        0.7275,
        1.4525,
        0.435,
        1.1625,
        0.145,
        0.8725,
        1.5975,
        0.5825,
        1.3075,
        0.29,
        1.0175
    ],
    "ImageOrientationPatientDICOM": [
        0.999441,
        0.0328753,
        -0.00612851,
        -0.0328056,
        0.9994,
        0.0111327
    ],
    "ImageOrientationText": "Tra>Cor(0.6)>Sag(-0.4)",
    "InPlanePhaseEncodingDirectionDICOM": "COL",
    "BidsGuess": [
        "func",
        "_acq-epfid2p2m6_dir-AP_run-14_echo-3_bold"
    ],
    "ConversionSoftware": "dcm2niix",
    "ConversionSoftwareVersion": "v1.0.20240202",
    "TaskName": "BOLDTASK12mmmb6me5ipat2ppf68FOV220"
}
