{
	"Modality": "MR",
	"MagneticFieldStrength": 3,
	"ImagingFrequency": 123.255,
	"Manufacturer": "Siemens",
	"ManufacturersModelName": "Prisma_fit",
	"InstitutionName": "Washington_University",
	"InstitutionalDepartmentName": "Department",
	"InstitutionAddress": "Scott_Ave_4525_St._Louis_MO_US_63110",
	"DeviceSerialNumber": "67064",
	"StationName": "MRC35177",
	"SeriesInstanceUID": "1.3.12.2.1107.5.2.43.67064.2023021110080686219111572.0.0.0",
	"StudyInstanceUID": "1.3.12.2.1107.5.2.43.67064.30000023020116125930400000094",
	"StudyID": "1",
	"PatientName": "P4R",
	"PatientID": "P4R_Drug1",
	"PatientBirthDate": "1984-01-01",
	"PatientSex": "F",
	"PatientWeight": 80.7394,
	"BodyPartExamined": "HEAD",
	"PatientPosition": "HFS",
	"ProcedureStepDescription": "head_Nicol",
	"SoftwareVersions": "syngo_MR_E11",
	"MRAcquisitionType": "2D",
	"SeriesDescription": "SpinEchoFieldMap_AP_2mm_CJL_mod_72slices",
	"ProtocolName": "SpinEchoFieldMap_AP_2mm_CJL_mod_72slices",
	"ScanningSequence": "EP",
	"SequenceVariant": "SK",
	"ScanOptions": "FS",
	"SequenceName": "epse2d1_110",
	"ImageType": ["ORIGINAL", "PRIMARY", "M", "ND", "MOSAIC"],
	"SeriesNumber": 7,
	"AcquisitionTime": "10:08:10.492500",
	"AcquisitionDateTime": "2023-02-11T10:08:10.492500",
	"AcquisitionNumber": 1,
	"SliceThickness": 2,
	"SpacingBetweenSlices": 2,
	"SAR": 0.132866,
	"EchoTime": 0.0668,
	"RepetitionTime": 8.05,
	"FlipAngle": 90,
	"PartialFourier": 1,
	"BaseResolution": 110,
	"ShimSetting": [
		-2261,
		-11638,
		5782,
		736,
		-242,
		-110,
		-130,
		-90	],
	"TxRefAmp": 259.655,
	"PhaseResolution": 1,
	"VendorReportedEchoSpacing": 0.00056,
	"ReceiveCoilName": "Head_32",
	"ReceiveCoilActiveElements": "HEA;HEP",
	"PulseSequenceDetails": "%CustomerSeq%_cmrr_mbep2d_se",
	"WipMemBlock": "ac908ab5-12f7-4eb5-8df4-630c3215fcca||Sequence: R016 ve11c/master r/e634e98; Dec 19 2017 11:22:56 by eja",
	"ConsistencyInfo": "N4_VE11C_LATEST_20160120",
	"PercentPhaseFOV": 100,
	"PercentSampling": 100,
	"EchoTrainLength": 110,
	"PhaseEncodingSteps": 110,
	"AcquisitionMatrixPE": 110,
	"ReconMatrixPE": 110,
	"BandwidthPerPixelPhaseEncode": 16.234,
	"EffectiveEchoSpacing": 0.000559992,
	"DerivedVendorReportedEchoSpacing": 0.000559992,
	"TotalReadoutTime": 0.0610391,
	"PixelBandwidth": 2275,
	"DwellTime": 2e-06,
	"PhaseEncodingDirection": "j-",
	"SliceTiming": [
		4.0125,
		0,
		4.125,
		0.11,
		4.2375,
		0.2225,
		4.3475,
		0.3325,
		4.46,
		0.445,
		4.57,
		0.5575,
		4.6825,
		0.6675,
		4.795,
		0.78,
		4.905,
		0.89,
		5.0175,
		1.0025,
		5.13,
		1.115,
		5.24,
		1.225,
		5.3525,
		1.3375,
		5.4625,
		1.4475,
		5.575,
		1.56,
		5.6875,
		1.6725,
		5.7975,
		1.7825,
		5.91,
		1.895,
		6.02,
		2.005,
		6.1325,
		2.1175,
		6.245,
		2.23,
		6.355,
		2.34,
		6.4675,
		2.4525,
		6.5775,
		2.565,
		6.69,
		2.675,
		6.8025,
		2.7875,
		6.9125,
		2.8975,
		7.025,
		3.01,
		7.135,
		3.1225,
		7.2475,
		3.2325,
		7.36,
		3.345,
		7.47,
		3.455,
		7.5825,
		3.5675,
		7.6925,
		3.68,
		7.805,
		3.79,
		7.9175,
		3.9025	],
	"ImageOrientationPatientDICOM": [
		0.998766,
		0.0441744,
		0.0226893,
		-0.0418607,
		0.994699,
		-0.0939274	],
	"InPlanePhaseEncodingDirectionDICOM": "COL",
	"ConversionSoftware": "dcm2niix",
	"ConversionSoftwareVersion": "v1.0.20200331"
}
