{
  "Modality": "MR",
  "MagneticFieldStrength": 3,
  "ImagingFrequency": 123.244329,
  "Manufacturer": "Siemens",
  "ManufacturersModelName": "Prisma",
  "InstitutionName": "WUSTL_bay1",
  "InstitutionalDepartmentName": "Research",
  "InstitutionAddress": "Scott St. 4525,St. Louis,Missouri,US,63110",
  "DeviceSerialNumber": "166158",
  "StationName": "AWP166158",
  "SeriesInstanceUID": "1.3.12.2.1107.5.2.43.166158.2022021620422830940168068.0.0.0",
  "StudyInstanceUID": "1.3.12.2.1107.5.2.43.166158.30000022021118270942900000058",
  "StudyID": "1",
  "PatientName": "P5",
  "PatientID": "After2",
  "PatientBirthDate": "2002-01-01",
  "PatientSex": "M",
  "PatientWeight": 83.0074,
  "PatientAge": 20,
  "BodyPartExamined": "HEAD",
  "PatientPosition": "HFS",
  "ProcedureStepDescription": "HEAD^Nicol _B3",
  "SoftwareVersions": "syngo MR E11",
  "MRAcquisitionType": "2D",
  "SeriesDescription": "BOLD_REST2_NORDIC_ME5_2mm",
  "ProtocolName": "BOLD_REST2_NORDIC_ME5_2mm",
  "ScanningSequence": "EP",
  "SequenceVariant": "SK_SS",
  "ScanOptions": "PFP_FS_CT",
  "SequenceName": "epfid2d5_110",
  "ImageType": [
    "ORIGINAL",
    "PRIMARY",
    "P",
    "MB",
    "TE3",
    "ND",
    "MOSAIC",
    "PHASE"
  ],
  "NonlinearGradientCorrection": false,
  "SeriesNumber": 15,
  "AcquisitionTime": "20:43:13.395000",
  "AcquisitionDateTime": "2022-02-16T20:43:13.395000",
  "AcquisitionNumber": 1,
  "ImageComments": "Unaliased MB6/PE4/LB SENSE1+",
  "SliceThickness": 2,
  "SpacingBetweenSlices": 2,
  "SAR": 0.0514417,
  "EchoNumber": 3,
  "EchoTime": 0.06366,
  "RepetitionTime": 1.761,
  "FlipAngle": 68,
  "EchoTime1": 0.0142,
  "EchoTime2": 0.03893,
  "PartialFourier": 0.75,
  "BaseResolution": 110,
  "ShimSetting": [
    4616,
    -7140,
    128,
    437,
    -75,
    84,
    -57,
    7
  ],
  "TxRefAmp": 256.712,
  "PhaseResolution": 1,
  "ReceiveCoilName": "Head_32",
  "ReceiveCoilActiveElements": "HEA;HEP",
  "PulseSequenceDetails": "%CustomerSeq%_cmrr_mbep2d_bold",
  "WipMemBlock": "8f489647-755b-414d-b9b6-c4b07ecbd94c||Sequence: R016 ve11c/master r/e634e98; Dec 19 2017 11:00:25 by eja",
  "RefLinesPE": 24,
  "CoilCombinationMethod": "Sum of Squares",
  "ConsistencyInfo": "N4_VE11C_LATEST_20160120",
  "MatrixCoilMode": "GRAPPA",
  "MultibandAccelerationFactor": 6,
  "PercentPhaseFOV": 100,
  "PercentSampling": 100,
  "EchoTrainLength": 42,
  "PhaseEncodingSteps": 83,
  "AcquisitionMatrixPE": 110,
  "ReconMatrixPE": 110,
  "BandwidthPerPixelPhaseEncode": 32.468,
  "ParallelReductionFactorInPlane": 2,
  "EffectiveEchoSpacing": 0.000279996,
  "DerivedVendorReportedEchoSpacing": 0.000559992,
  "TotalReadoutTime": 0.0305196,
  "PixelBandwidth": 2275,
  "DwellTime": 2e-06,
  "PhaseEncodingDirection": "j",
  "SliceTiming": [
    0,
    0.725,
    1.45,
    0.435,
    1.16,
    0.145,
    0.87,
    1.5975,
    0.58,
    1.305,
    0.29,
    1.015,
    0,
    0.725,
    1.45,
    0.435,
    1.16,
    0.145,
    0.87,
    1.5975,
    0.58,
    1.305,
    0.29,
    1.015,
    0,
    0.725,
    1.45,
    0.435,
    1.16,
    0.145,
    0.87,
    1.5975,
    0.58,
    1.305,
    0.29,
    1.015,
    0,
    0.725,
    1.45,
    0.435,
    1.16,
    0.145,
    0.87,
    1.5975,
    0.58,
    1.305,
    0.29,
    1.015,
    0,
    0.725,
    1.45,
    0.435,
    1.16,
    0.145,
    0.87,
    1.5975,
    0.58,
    1.305,
    0.29,
    1.015,
    0,
    0.725,
    1.45,
    0.435,
    1.16,
    0.145,
    0.87,
    1.5975,
    0.58,
    1.305,
    0.29,
    1.015
  ],
  "ImageOrientationPatientDICOM": [
    0.998622,
    -0.0463257,
    -0.0246663,
    0.0430769,
    0.991958,
    -0.119013
  ],
  "ImageOrientationText": "Tra>Cor(-6.8)>Sag(-1.7)",
  "InPlanePhaseEncodingDirectionDICOM": "COL",
  "BidsGuess": [
    "func",
    "_acq-epfid2p2m6_dir-PA_run-15_echo-3_part-phase_bold"
  ],
  "ConversionSoftware": "dcm2niix",
  "ConversionSoftwareVersion": "v1.0.20240202",
  "TaskName": "BOLDREST2NORDICME52mm",
  "Units": "arbitrary"
}
