{
	"Modality": "MR",
	"MagneticFieldStrength": 3,
	"ImagingFrequency": 123.247024,
	"Manufacturer": "Siemens",
	"ManufacturersModelName": "Prisma_fit",
	"InstitutionName": "Washington University",
	"InstitutionalDepartmentName": "Department",
	"InstitutionAddress": "Scott Ave 4525,St. Louis,MO,US,63110",
	"DeviceSerialNumber": "67064",
	"StationName": "MRC35177",
	"SeriesInstanceUID": "1.3.12.2.1107.5.2.43.67064.202106180825449800812839.0.0.0",
	"StudyInstanceUID": "1.3.12.2.1107.5.2.43.67064.30000021061512200731200000031",
	"StudyID": "1",
	"PatientName": "P1",
	"PatientID": "P1_Baseline1",
	"PatientBirthDate": "1977-02-14",
	"PatientSex": "M",
	"PatientWeight": 102.965,
	"PatientAge": 44,
	"BodyPartExamined": "HEAD",
	"PatientPosition": "HFS",
	"ProcedureStepDescription": "head^Nicol",
	"SoftwareVersions": "syngo MR E11",
	"MRAcquisitionType": "3D",
	"SeriesDescription": "t1_mpr_0p9mm",
	"ProtocolName": "t1_mpr_0p9mm",
	"ScanningSequence": "GR\\IR",
	"SequenceVariant": "SK\\SP\\MP\\OSP",
	"ScanOptions": "IR",
	"SequenceName": "*tfl3d1_16ns",
	"ImageType": ["ORIGINAL", "PRIMARY", "M", "ND", "NORM"],
	"NonlinearGradientCorrection": false,
	"SeriesNumber": 7,
	"AcquisitionTime": "08:26:1.972500",
	"AcquisitionDateTime": "2021-06-18T08:26:1.972500",
	"AcquisitionNumber": 1,
	"SliceThickness": 0.9,
	"SAR": 0.0590291,
	"EchoTime": 0.00318,
	"RepetitionTime": 2.4,
	"SpoilingState": true,
	"InversionTime": 1,
	"FlipAngle": 8,
	"PartialFourier": 1,
	"BaseResolution": 256,
	"ShimSetting": [
		-1985,
		-11560,
		5856,
		452,
		35,
		0,
		-100,
		-30	],
	"TxRefAmp": 287.525,
	"PhaseResolution": 1,
	"PhaseOversampling": 0.5,
	"ReceiveCoilName": "Head_32",
	"ReceiveCoilActiveElements": "HEA;HEP",
	"PulseSequenceDetails": "%SiemensSeq%\\tfl",
	"RefLinesPE": 24,
	"CoilCombinationMethod": "Adaptive Combine",
	"ConsistencyInfo": "N4_VE11C_LATEST_20160120",
	"MatrixCoilMode": "GRAPPA",
	"PercentPhaseFOV": 100,
	"PercentSampling": 100,
	"PhaseEncodingSteps": 383,
	"AcquisitionMatrixPE": 256,
	"ReconMatrixPE": 256,
	"ParallelReductionFactorInPlane": 2,
	"PixelBandwidth": 220,
	"DwellTime": 8.9e-06,
	"ImageOrientationPatientDICOM": [
		-0.00263299,
		0.999649,
		0.0263514,
		-0.00025579,
		0.0263508,
		-0.999653	],
	"ImageOrientationText": "Sag>Cor(-0.2)>Tra(0.0)",
	"InPlanePhaseEncodingDirectionDICOM": "ROW",
	"BidsGuess": ["anat","_acq-tfl3p2_run-7_T1w"],
	"ConversionSoftware": "dcm2niix",
	"ConversionSoftwareVersion": "v1.0.20240202"
}
