{
    "Modality": "MR",
    "MagneticFieldStrength": 3,
    "ImagingFrequency": 123.255,
    "Manufacturer": "Siemens",
    "ManufacturersModelName": "Prisma_fit",
    "InstitutionName": "Washington_University",
    "InstitutionalDepartmentName": "Department",
    "InstitutionAddress": "Scott_Ave_4525_St._Louis_MO_US_63110",
    "DeviceSerialNumber": "67064",
    "StationName": "MRC35177",
    "SeriesInstanceUID": "1.3.12.2.1107.5.2.43.67064.2023031320523858415243244.0.0.0",
    "StudyInstanceUID": "1.3.12.2.1107.5.2.43.67064.30000023031315093468800000007",
    "StudyID": "2",
    "PatientName": "P7",
    "PatientID": "P7_After1",
    "PatientBirthDate": "1980-01-01",
    "PatientSex": "M",
    "PatientWeight": 99.7903,
    "BodyPartExamined": "HEAD",
    "PatientPosition": "HFS",
    "ProcedureStepDescription": "head_Nicol",
    "SoftwareVersions": "syngo_MR_E11",
    "MRAcquisitionType": "2D",
    "SeriesDescription": "BOLD_TASK1_NORDIC_ME5_2mm",
    "ProtocolName": "BOLD_TASK1_NORDIC_ME5_2mm",
    "ScanningSequence": "EP",
    "SequenceVariant": "SK_SS",
    "ScanOptions": "PFP_FS_CT",
    "SequenceName": "epfid2d5_110",
    "ImageType": [
        "ORIGINAL",
        "PRIMARY",
        "M",
        "MB",
        "TE4",
        "ND",
        "NORM",
        "MOSAIC"
    ],
    "SeriesNumber": 18,
    "AcquisitionTime": "20:50:56.995000",
    "AcquisitionDateTime": "2023-03-13T20:50:56.995000",
    "AcquisitionNumber": 1,
    "ImageComments": "Unaliased_MB6_PE4_LB_SENSE1+",
    "SliceThickness": 2,
    "SpacingBetweenSlices": 2,
    "SAR": 0.0578963,
    "EchoNumber": 4,
    "EchoTime": 0.08839,
    "RepetitionTime": 1.761,
    "FlipAngle": 68,
    "PartialFourier": 0.75,
    "BaseResolution": 110,
    "ShimSetting": [
        -2268,
        -11655,
        5923,
        594,
        -155,
        107,
        22,
        -30
    ],
    "TxRefAmp": 277.453,
    "PhaseResolution": 1,
    "ReceiveCoilName": "HeadNeck_64",
    "ReceiveCoilActiveElements": "HC1-7;NC1,2",
    "CoilString": "HC1-7;NC1_2",
    "PulseSequenceDetails": "%CustomerSeq%_cmrr_mbep2d_bold",
    "WipMemBlock": "1efbb82e-76a1-4ec5-bfe5-36b99b35af5a||Sequence: R016 ve11c/master r/e634e98; Dec 19 2017 11:00:25 by eja",
    "RefLinesPE": 24,
    "ConsistencyInfo": "N4_VE11C_LATEST_20160120",
    "MultibandAccelerationFactor": 6,
    "PercentPhaseFOV": 100,
    "PercentSampling": 100,
    "EchoTrainLength": 42,
    "PhaseEncodingSteps": 83,
    "AcquisitionMatrixPE": 110,
    "ReconMatrixPE": 110,
    "BandwidthPerPixelPhaseEncode": 32.468,
    "ParallelReductionFactorInPlane": 2,
    "EffectiveEchoSpacing": 0.000279996,
    "DerivedVendorReportedEchoSpacing": 0.000559992,
    "TotalReadoutTime": 0.0305196,
    "PixelBandwidth": 2275,
    "DwellTime": 2e-06,
    "PhaseEncodingDirection": "j",
    "SliceTiming": [
        0,
        0.7275,
        1.4525,
        0.435,
        1.1625,
        0.145,
        0.8725,
        1.5975,
        0.58,
        1.3075,
        0.29,
        1.0175,
        0,
        0.7275,
        1.4525,
        0.435,
        1.1625,
        0.145,
        0.8725,
        1.5975,
        0.58,
        1.3075,
        0.29,
        1.0175,
        0,
        0.7275,
        1.4525,
        0.435,
        1.1625,
        0.145,
        0.8725,
        1.5975,
        0.58,
        1.3075,
        0.29,
        1.0175,
        0,
        0.7275,
        1.4525,
        0.435,
        1.1625,
        0.145,
        0.8725,
        1.5975,
        0.58,
        1.3075,
        0.29,
        1.0175,
        0,
        0.7275,
        1.4525,
        0.435,
        1.1625,
        0.145,
        0.8725,
        1.5975,
        0.58,
        1.3075,
        0.29,
        1.0175,
        0,
        0.7275,
        1.4525,
        0.435,
        1.1625,
        0.145,
        0.8725,
        1.5975,
        0.58,
        1.3075,
        0.29,
        1.0175
    ],
    "ImageOrientationPatientDICOM": [
        0.998482,
        -0.053472,
        0.0132142,
        0.0546002,
        0.992483,
        -0.109524
    ],
    "InPlanePhaseEncodingDirectionDICOM": "COL",
    "ConversionSoftware": "dcm2niix",
    "ConversionSoftwareVersion": "v1.0.20200331",
    "TaskName": "BOLDTASK1NORDICME52mm"
}
