{
  "Modality": "MR",
  "MagneticFieldStrength": 3,
  "ImagingFrequency": 123.255,
  "Manufacturer": "Siemens",
  "ManufacturersModelName": "Prisma_fit",
  "InstitutionName": "Washington_University",
  "InstitutionalDepartmentName": "Department",
  "InstitutionAddress": "Scott_Ave_4525_St._Louis_MO_US_63110",
  "DeviceSerialNumber": "67064",
  "StationName": "MRC35177",
  "SeriesInstanceUID": "1.3.12.2.1107.5.2.43.67064.2022120419575157451018382.0.0.0",
  "StudyInstanceUID": "1.3.12.2.1107.5.2.43.67064.30000022112816145292700000070",
  "ReferringPhysicianName": "Botteron",
  "StudyID": "1",
  "PatientName": "P5R",
  "PatientID": "P5R_After1",
  "PatientBirthDate": "2002-01-01",
  "PatientSex": "M",
  "PatientWeight": 84.3682,
  "BodyPartExamined": "HEAD",
  "PatientPosition": "HFS",
  "ProcedureStepDescription": "head_Nicol",
  "SoftwareVersions": "syngo_MR_E11",
  "MRAcquisitionType": "2D",
  "SeriesDescription": "BOLD_REST2_NORDIC_ME5_2mm",
  "ProtocolName": "BOLD_REST2_NORDIC_ME5_2mm",
  "ScanningSequence": "EP",
  "SequenceVariant": "SK_SS",
  "ScanOptions": "PFP_FS_CT",
  "SequenceName": "epfid2d5_110",
  "ImageType": [
    "ORIGINAL",
    "PRIMARY",
    "P",
    "MB",
    "TE5",
    "ND",
    "MOSAIC",
    "PHASE"
  ],
  "SeriesNumber": 23,
  "AcquisitionTime": "19:58:39.215000",
  "AcquisitionDateTime": "2022-12-04T19:58:39.215000",
  "AcquisitionNumber": 1,
  "ImageComments": "Unaliased_MB6_PE4_LB_SENSE1+",
  "SliceThickness": 2,
  "SpacingBetweenSlices": 2,
  "SAR": 0.0625239,
  "EchoNumber": 5,
  "EchoTime": 0.11312,
  "RepetitionTime": 1.761,
  "FlipAngle": 68,
  "PartialFourier": 0.75,
  "BaseResolution": 110,
  "ShimSetting": [
    -2271,
    -11657,
    5805,
    658,
    -208,
    136,
    -77,
    -123
  ],
  "TxRefAmp": 278.264,
  "PhaseResolution": 1,
  "ReceiveCoilName": "Head_32",
  "ReceiveCoilActiveElements": "HEA;HEP",
  "PulseSequenceDetails": "%CustomerSeq%_cmrr_mbep2d_bold",
  "WipMemBlock": "d7fe625f-36b4-44cd-9129-95156f9052f2||Sequence: R016 ve11c/master r/e634e98; Dec 19 2017 11:00:25 by eja",
  "RefLinesPE": 24,
  "ConsistencyInfo": "N4_VE11C_LATEST_20160120",
  "MultibandAccelerationFactor": 6,
  "PercentPhaseFOV": 100,
  "PercentSampling": 100,
  "EchoTrainLength": 42,
  "PhaseEncodingSteps": 83,
  "AcquisitionMatrixPE": 110,
  "ReconMatrixPE": 110,
  "BandwidthPerPixelPhaseEncode": 32.468,
  "ParallelReductionFactorInPlane": 2,
  "EffectiveEchoSpacing": 0.000279996,
  "DerivedVendorReportedEchoSpacing": 0.000559992,
  "TotalReadoutTime": 0.0305196,
  "PixelBandwidth": 2275,
  "DwellTime": 2e-06,
  "PhaseEncodingDirection": "j",
  "SliceTiming": [
    0,
    0.725,
    1.45,
    0.435,
    1.16,
    0.145,
    0.87,
    1.595,
    0.58,
    1.305,
    0.29,
    1.015,
    0,
    0.725,
    1.45,
    0.435,
    1.16,
    0.145,
    0.87,
    1.595,
    0.58,
    1.305,
    0.29,
    1.015,
    0,
    0.725,
    1.45,
    0.435,
    1.16,
    0.145,
    0.87,
    1.595,
    0.58,
    1.305,
    0.29,
    1.015,
    0,
    0.725,
    1.45,
    0.435,
    1.16,
    0.145,
    0.87,
    1.595,
    0.58,
    1.305,
    0.29,
    1.015,
    0,
    0.725,
    1.45,
    0.435,
    1.16,
    0.145,
    0.87,
    1.595,
    0.58,
    1.305,
    0.29,
    1.015,
    0,
    0.725,
    1.45,
    0.435,
    1.16,
    0.145,
    0.87,
    1.595,
    0.58,
    1.305,
    0.29,
    1.015
  ],
  "ImageOrientationPatientDICOM": [
    0.999885,
    -0.00348012,
    0.0147744,
    0.00506098,
    0.9941,
    -0.108351
  ],
  "InPlanePhaseEncodingDirectionDICOM": "COL",
  "ConversionSoftware": "dcm2niix",
  "ConversionSoftwareVersion": "v1.0.20200331",
  "TaskName": "BOLDREST2NORDICME52mm",
  "Units": "arbitrary"
}
