{
	"Modality": "MR",
	"MagneticFieldStrength": 3,
	"ImagingFrequency": 123.255,
	"Manufacturer": "Siemens",
	"ManufacturersModelName": "Prisma_fit",
	"InstitutionName": "Washington_University",
	"InstitutionalDepartmentName": "Department",
	"InstitutionAddress": "Scott_Ave_4525_St._Louis_MO_US_63110",
	"DeviceSerialNumber": "67064",
	"StationName": "MRC35177",
	"SeriesInstanceUID": "1.3.12.2.1107.5.2.43.67064.2022120419331625936872895.0.0.0",
	"StudyInstanceUID": "1.3.12.2.1107.5.2.43.67064.30000022112816145292700000070",
	"ReferringPhysicianName": "Botteron",
	"StudyID": "1",
	"PatientName": "P5R",
	"PatientID": "P5R_After1",
	"PatientBirthDate": "2002-01-01",
	"PatientSex": "M",
	"PatientWeight": 84.3682,
	"BodyPartExamined": "HEAD",
	"PatientPosition": "HFS",
	"ProcedureStepDescription": "head_Nicol",
	"SoftwareVersions": "syngo_MR_E11",
	"MRAcquisitionType": "3D",
	"SeriesDescription": "t2_spc_0p9mm_iso",
	"ProtocolName": "t2_spc_0p9mm_iso",
	"ScanningSequence": "SE",
	"SequenceVariant": "SK_SP_OSP",
	"ScanOptions": "PFP",
	"SequenceName": "_spc_278ns",
	"ImageType": ["ORIGINAL", "PRIMARY", "M", "ND", "NORM"],
	"SeriesNumber": 8,
	"AcquisitionTime": "19:27:39.700000",
	"AcquisitionDateTime": "2022-12-04T19:27:39.700000",
	"AcquisitionNumber": 1,
	"SliceThickness": 0.9,
	"SAR": 0.163577,
	"EchoTime": 0.294,
	"RepetitionTime": 3.2,
	"FlipAngle": 120,
	"PartialFourier": 1,
	"BaseResolution": 256,
	"ShimSetting": [
		-2277,
		-11662,
		5817,
		612,
		-183,
		41,
		-24,
		-132	],
	"TxRefAmp": 278.528,
	"PhaseResolution": 0.99,
	"ReceiveCoilName": "Head_32",
	"ReceiveCoilActiveElements": "HEA;HEP",
	"PulseSequenceDetails": "%SiemensSeq%_tse_vfl",
	"RefLinesPE": 24,
	"ConsistencyInfo": "N4_VE11C_LATEST_20160120",
	"PercentPhaseFOV": 100,
	"PercentSampling": 99,
	"EchoTrainLength": 219,
	"PhaseEncodingSteps": 194,
	"AcquisitionMatrixPE": 253,
	"ReconMatrixPE": 256,
	"ParallelReductionFactorInPlane": 2,
	"PixelBandwidth": 700,
	"DwellTime": 2.8e-06,
	"PhaseEncodingDirection": "i",
	"ImageOrientationPatientDICOM": [
		0.00687162,
		0.994091,
		-0.108334,
		0.0143101,
		-0.108423,
		-0.994002	],
	"InPlanePhaseEncodingDirectionDICOM": "ROW",
	"ConversionSoftware": "dcm2niix",
	"ConversionSoftwareVersion": "v1.0.20200331"
}
