{
	"Modality": "MR",
	"MagneticFieldStrength": 3,
	"ImagingFrequency": 123.244564,
	"Manufacturer": "Siemens",
	"ManufacturersModelName": "Prisma",
	"InstitutionName": "Washington University",
	"InstitutionalDepartmentName": "Research",
	"InstitutionAddress": "Scott St. 4525,St. Louis,Missouri,US,63110",
	"DeviceSerialNumber": "166158",
	"StationName": "AWP166158",
	"SeriesInstanceUID": "1.3.12.2.1107.5.2.43.166158.2022022021030971249282307.0.0.0",
	"StudyInstanceUID": "1.3.12.2.1107.5.2.43.166158.30000022021814070400100000025",
	"StudyID": "1",
	"PatientName": "P5",
	"PatientID": "After4",
	"PatientBirthDate": "2002-05-15",
	"PatientSex": "M",
	"PatientWeight": 83.0074,
	"PatientAge": 19,
	"BodyPartExamined": "HEAD",
	"PatientPosition": "HFS",
	"ProcedureStepDescription": "HEAD^Nicol _B3",
	"SoftwareVersions": "syngo MR E11",
	"MRAcquisitionType": "3D",
	"SeriesDescription": "t2_spc_0p9mm_iso",
	"ProtocolName": "t2_spc_0p9mm_iso",
	"ScanningSequence": "SE",
	"SequenceVariant": "SK\\SP\\OSP",
	"ScanOptions": "PFP",
	"SequenceName": "*spc_278ns",
	"ImageType": ["ORIGINAL", "PRIMARY", "M", "ND", "NORM"],
	"NonlinearGradientCorrection": false,
	"SeriesNumber": 22,
	"AcquisitionTime": "20:57:33.492500",
	"AcquisitionDateTime": "2022-02-20T20:57:33.492500",
	"AcquisitionNumber": 1,
	"SliceThickness": 0.9,
	"SAR": 0.132452,
	"EchoTime": 0.294,
	"RepetitionTime": 3.2,
	"SpoilingState": true,
	"FlipAngle": 120,
	"VariableFlipAngleFlag": true,
	"PartialFourier": 1,
	"BaseResolution": 256,
	"ShimSetting": [
		4617,
		-7127,
		72,
		414,
		42,
		-26,
		-31,
		0	],
	"TxRefAmp": 259.405,
	"PhaseResolution": 0.99,
	"ReceiveCoilName": "Head_32",
	"ReceiveCoilActiveElements": "HEA;HEP",
	"PulseSequenceDetails": "%SiemensSeq%\\tse_vfl",
	"RefLinesPE": 24,
	"CoilCombinationMethod": "Adaptive Combine",
	"ConsistencyInfo": "N4_VE11C_LATEST_20160120",
	"MatrixCoilMode": "GRAPPA",
	"PercentPhaseFOV": 100,
	"PercentSampling": 99,
	"EchoTrainLength": 219,
	"PhaseEncodingSteps": 194,
	"AcquisitionMatrixPE": 253,
	"ReconMatrixPE": 256,
	"ParallelReductionFactorInPlane": 2,
	"PixelBandwidth": 700,
	"DwellTime": 2.8e-06,
	"PhaseEncodingDirection": "i",
	"ImageOrientationPatientDICOM": [
		0.0299603,
		0.992841,
		-0.115629,
		-0.00866893,
		-0.115419,
		-0.993279	],
	"ImageOrientationText": "Sag>Cor(1.8)>Tra(0.3)",
	"InPlanePhaseEncodingDirectionDICOM": "ROW",
	"BidsGuess": ["anat","_acq-spc2p2_run-22_T2w"],
	"ConversionSoftware": "dcm2niix",
	"ConversionSoftwareVersion": "v1.0.20240202"
}
