{
	"Modality": "MR",
	"MagneticFieldStrength": 3,
	"ImagingFrequency": 123.246327,
	"Manufacturer": "Siemens",
	"ManufacturersModelName": "Prisma_fit",
	"InstitutionName": "Washington University",
	"InstitutionalDepartmentName": "Department",
	"InstitutionAddress": "Scott Ave 4525,St. Louis,MO,US,63110",
	"DeviceSerialNumber": "67064",
	"StationName": "MRC35177",
	"SeriesInstanceUID": "1.3.12.2.1107.5.2.43.67064.2021080108443837891267873.0.0.0",
	"StudyInstanceUID": "1.3.12.2.1107.5.2.43.67064.30000021071114040269100000202",
	"StudyID": "1",
	"PatientName": "P1",
	"PatientID": "P1_After3",
	"PatientBirthDate": "1977-01-01",
	"PatientSex": "M",
	"PatientWeight": 102.965,
	"PatientAge": 44,
	"BodyPartExamined": "HEAD",
	"PatientPosition": "HFS",
	"ProcedureStepDescription": "head^Nicol",
	"SoftwareVersions": "syngo MR E11",
	"MRAcquisitionType": "2D",
	"SeriesDescription": "ABCD_dMRI_b1500_2p0mm_te83_tr3500",
	"ProtocolName": "ABCD_dMRI_b1500_2p0mm_te83_tr3500",
	"ScanningSequence": "EP",
	"SequenceVariant": "SK\\SP",
	"ScanOptions": "PFP\\FS",
	"SequenceName": "ep_b0",
	"ImageType": ["ORIGINAL", "PRIMARY", "DIFFUSION", "NONE", "ND", "MOSAIC"],
	"NonlinearGradientCorrection": false,
	"SeriesNumber": 17,
	"AcquisitionTime": "08:44:54.612500",
	"AcquisitionDateTime": "2021-08-01T08:44:54.612500",
	"AcquisitionNumber": 1,
	"SliceThickness": 2,
	"SpacingBetweenSlices": 2,
	"SAR": 0.244025,
	"EchoTime": 0.083,
	"RepetitionTime": 3.5,
	"SpoilingState": true,
	"FlipAngle": 90,
	"PartialFourier": 0.75,
	"BaseResolution": 120,
	"ShimSetting": [
		-1993,
		-11520,
		5779,
		620,
		38,
		167,
		-116,
		17	],
	"DiffusionScheme": "Monopolar",
	"TxRefAmp": 258.448,
	"PhaseResolution": 1,
	"ReceiveCoilName": "Head_32",
	"ReceiveCoilActiveElements": "HEA;HEP",
	"PulseSequenceDetails": "%CustomerSeq%\\ep2d_diff_sms_abcd",
	"WipMemBlock": "5b92801f-bfbe-42db-b569-4a9842d765c1",
	"RefLinesPE": 61,
	"CoilCombinationMethod": "Adaptive Combine",
	"ConsistencyInfo": "N4_VE11C_LATEST_20160120",
	"MultibandAccelerationFactor": 3,
	"PercentPhaseFOV": 100,
	"PercentSampling": 100,
	"EchoTrainLength": 90,
	"PhaseEncodingSteps": 90,
	"AcquisitionMatrixPE": 120,
	"ReconMatrixPE": 120,
	"BandwidthPerPixelPhaseEncode": 11.905,
	"EffectiveEchoSpacing": 0.000699986,
	"DerivedVendorReportedEchoSpacing": 0.000699986,
	"TotalReadoutTime": 0.0832983,
	"PixelBandwidth": 1665,
	"DwellTime": 2.5e-06,
	"PhaseEncodingDirection": "j",
	"SliceTiming": [
		0,
		1.81,
		0.1375,
		1.9475,
		0.2775,
		2.0875,
		0.4175,
		2.2275,
		0.555,
		2.365,
		0.695,
		2.505,
		0.835,
		2.645,
		0.9725,
		2.7825,
		1.1125,
		2.9225,
		1.2525,
		3.0625,
		1.39,
		3.2,
		1.53,
		3.34,
		1.67,
		0,
		1.81,
		0.1375,
		1.9475,
		0.2775,
		2.0875,
		0.4175,
		2.2275,
		0.555,
		2.365,
		0.695,
		2.505,
		0.835,
		2.645,
		0.9725,
		2.7825,
		1.1125,
		2.9225,
		1.2525,
		3.0625,
		1.39,
		3.2,
		1.53,
		3.34,
		1.67,
		0,
		1.81,
		0.1375,
		1.9475,
		0.2775,
		2.0875,
		0.4175,
		2.2275,
		0.555,
		2.365,
		0.695,
		2.505,
		0.835,
		2.645,
		0.9725,
		2.7825,
		1.1125,
		2.9225,
		1.2525,
		3.0625,
		1.39,
		3.2,
		1.53,
		3.34,
		1.67	],
	"ImageOrientationPatientDICOM": [
		0.998593,
		0.0482167,
		-0.0220801,
		-0.049014,
		0.998108,
		-0.0371205	],
	"ImageOrientationText": "Tra>Cor(-2.2)>Sag(-1.2)",
	"InPlanePhaseEncodingDirectionDICOM": "COL",
	"BidsGuess": ["dwi","_acq-epb0m3_dir-PA_run-17_dwi"],
	"ConversionSoftware": "dcm2niix",
	"ConversionSoftwareVersion": "v1.0.20240202"
}
