{
	"Modality": "MR",
	"MagneticFieldStrength": 3,
	"ImagingFrequency": 123.247068,
	"Manufacturer": "Siemens",
	"ManufacturersModelName": "Prisma_fit",
	"InstitutionName": "Washington University",
	"InstitutionalDepartmentName": "Department",
	"InstitutionAddress": "Scott Ave 4525,St. Louis,MO,US,63110",
	"DeviceSerialNumber": "67064",
	"StationName": "MRC35177",
	"SeriesInstanceUID": "1.3.12.2.1107.5.2.43.67064.2021081908593668003685478.0.0.0",
	"StudyInstanceUID": "1.3.12.2.1107.5.2.43.67064.30000021081720290345600000020",
	"StudyID": "1",
	"PatientName": "P2",
	"PatientID": "P2_Baseline7",
	"PatientBirthDate": "1982-01-01",
	"PatientSex": "M",
	"PatientWeight": 70.3068,
	"PatientAge": 39,
	"BodyPartExamined": "HEAD",
	"PatientPosition": "HFS",
	"ProcedureStepDescription": "head^Nicol",
	"SoftwareVersions": "syngo MR E11",
	"MRAcquisitionType": "2D",
	"SeriesDescription": "SpinEchoFieldMap_AP_2mm_CJL_mod_72slices",
	"ProtocolName": "SpinEchoFieldMap_AP_2mm_CJL_mod_72slices",
	"ScanningSequence": "EP",
	"SequenceVariant": "SK",
	"ScanOptions": "FS",
	"SequenceName": "epse2d1_110",
	"ImageType": ["ORIGINAL", "PRIMARY", "M", "ND", "MOSAIC"],
	"NonlinearGradientCorrection": false,
	"SeriesNumber": 7,
	"AcquisitionTime": "08:59:40.185000",
	"AcquisitionDateTime": "2021-08-19T08:59:40.185000",
	"AcquisitionNumber": 1,
	"SliceThickness": 2,
	"SpacingBetweenSlices": 2,
	"SAR": 0.14675,
	"EchoTime": 0.0668,
	"RepetitionTime": 8.05,
	"FlipAngle": 90,
	"PartialFourier": 1,
	"BaseResolution": 110,
	"ShimSetting": [
		-1989,
		-11513,
		5773,
		525,
		122,
		107,
		112,
		-13	],
	"TxRefAmp": 240.672,
	"PhaseResolution": 1,
	"VendorReportedEchoSpacing": 0.00056,
	"ReceiveCoilName": "Head_32",
	"ReceiveCoilActiveElements": "HEA;HEP",
	"PulseSequenceDetails": "%CustomerSeq%\\cmrr_mbep2d_se",
	"WipMemBlock": "57071e92-06d4-4365-945c-15f9dbc73c82||Sequence: R016 ve11c/master r/e634e98; Dec 19 2017 11:22:56 by eja",
	"CoilCombinationMethod": "Sum of Squares",
	"ConsistencyInfo": "N4_VE11C_LATEST_20160120",
	"MatrixCoilMode": "SENSE",
	"PercentPhaseFOV": 100,
	"PercentSampling": 100,
	"EchoTrainLength": 110,
	"PhaseEncodingSteps": 110,
	"AcquisitionMatrixPE": 110,
	"ReconMatrixPE": 110,
	"BandwidthPerPixelPhaseEncode": 16.234,
	"EffectiveEchoSpacing": 0.000559992,
	"DerivedVendorReportedEchoSpacing": 0.000559992,
	"TotalReadoutTime": 0.0610391,
	"PixelBandwidth": 2275,
	"DwellTime": 2e-06,
	"PhaseEncodingDirection": "j-",
	"SliceTiming": [
		4.015,
		0,
		4.125,
		0.11,
		4.2375,
		0.2225,
		4.35,
		0.335,
		4.46,
		0.445,
		4.5725,
		0.5575,
		4.6825,
		0.67,
		4.795,
		0.78,
		4.9075,
		0.8925,
		5.0175,
		1.0025,
		5.13,
		1.115,
		5.24,
		1.2275,
		5.3525,
		1.3375,
		5.465,
		1.45,
		5.575,
		1.56,
		5.6875,
		1.6725,
		5.7975,
		1.785,
		5.91,
		1.895,
		6.0225,
		2.0075,
		6.1325,
		2.1175,
		6.245,
		2.23,
		6.3575,
		2.3425,
		6.4675,
		2.4525,
		6.58,
		2.565,
		6.69,
		2.675,
		6.8025,
		2.7875,
		6.915,
		2.9,
		7.025,
		3.01,
		7.1375,
		3.1225,
		7.2475,
		3.235,
		7.36,
		3.345,
		7.4725,
		3.4575,
		7.5825,
		3.5675,
		7.695,
		3.68,
		7.805,
		3.7925,
		7.9175,
		3.9025	],
	"ImageOrientationPatientDICOM": [
		0.999513,
		0.025366,
		-0.01817,
		-0.0249512,
		0.999431,
		0.0227025	],
	"ImageOrientationText": "Tra>Cor(1.3)>Sag(-1.1)",
	"InPlanePhaseEncodingDirectionDICOM": "COL",
	"BidsGuess": ["fmap","_acq-epse2_dir-AP_run-7_epi"],
	"ConversionSoftware": "dcm2niix",
	"ConversionSoftwareVersion": "v1.0.20240202"
}
