{
	"Modality": "MR",
	"MagneticFieldStrength": 3,
	"ImagingFrequency": 123.255,
	"Manufacturer": "Siemens",
	"ManufacturersModelName": "Prisma_fit",
	"InstitutionName": "Washington_University",
	"InstitutionalDepartmentName": "Department",
	"InstitutionAddress": "Scott_Ave_4525_St._Louis_MO_US_63110",
	"DeviceSerialNumber": "67064",
	"StationName": "MRC35177",
	"SeriesInstanceUID": "1.3.12.2.1107.5.2.43.67064.2023022819250169968537827.0.0.0",
	"StudyInstanceUID": "1.3.12.2.1107.5.2.43.67064.30000023022815040981900000007",
	"StudyID": "1",
	"PatientName": "P7",
	"PatientID": "P7_Between2",
	"PatientBirthDate": "1980-01-01",
	"PatientSex": "M",
	"PatientWeight": 99.7903,
	"BodyPartExamined": "HEAD",
	"PatientPosition": "HFS",
	"ProcedureStepDescription": "head_Nicol",
	"SoftwareVersions": "syngo_MR_E11",
	"MRAcquisitionType": "2D",
	"SeriesDescription": "SpinEchoFieldMap_PA_2mm_CJL_mod_72slices",
	"ProtocolName": "SpinEchoFieldMap_PA_2mm_CJL_mod_72slices",
	"ScanningSequence": "EP",
	"SequenceVariant": "SK",
	"ScanOptions": "FS",
	"SequenceName": "epse2d1_110",
	"ImageType": ["ORIGINAL", "PRIMARY", "M", "ND", "MOSAIC"],
	"SeriesNumber": 8,
	"AcquisitionTime": "19:25:4.965000",
	"AcquisitionDateTime": "2023-02-28T19:25:4.965000",
	"AcquisitionNumber": 1,
	"SliceThickness": 2,
	"SpacingBetweenSlices": 2,
	"SAR": 0.168685,
	"EchoTime": 0.0668,
	"RepetitionTime": 8.05,
	"FlipAngle": 90,
	"PartialFourier": 1,
	"BaseResolution": 110,
	"ShimSetting": [
		-2256,
		-11666,
		5968,
		621,
		-118,
		134,
		29,
		-20	],
	"TxRefAmp": 274.414,
	"PhaseResolution": 1,
	"VendorReportedEchoSpacing": 0.00056,
	"ReceiveCoilName": "HeadNeck_64",
	"ReceiveCoilActiveElements": "HC1-7;NC1,2",
	"CoilString": "HC1-7;NC1_2",
	"PulseSequenceDetails": "%CustomerSeq%_cmrr_mbep2d_se",
	"WipMemBlock": "fac9fab4-55fb-4ebd-a630-47c37d493d19||Sequence: R016 ve11c/master r/e634e98; Dec 19 2017 11:22:56 by eja",
	"ConsistencyInfo": "N4_VE11C_LATEST_20160120",
	"PercentPhaseFOV": 100,
	"PercentSampling": 100,
	"EchoTrainLength": 110,
	"PhaseEncodingSteps": 110,
	"AcquisitionMatrixPE": 110,
	"ReconMatrixPE": 110,
	"BandwidthPerPixelPhaseEncode": 16.234,
	"EffectiveEchoSpacing": 0.000559992,
	"DerivedVendorReportedEchoSpacing": 0.000559992,
	"TotalReadoutTime": 0.0610391,
	"PixelBandwidth": 2275,
	"DwellTime": 2e-06,
	"PhaseEncodingDirection": "j",
	"SliceTiming": [
		4.015,
		0,
		4.125,
		0.11,
		4.2375,
		0.2225,
		4.3475,
		0.335,
		4.46,
		0.445,
		4.5725,
		0.5575,
		4.6825,
		0.6675,
		4.795,
		0.78,
		4.905,
		0.8925,
		5.0175,
		1.0025,
		5.13,
		1.115,
		5.24,
		1.225,
		5.3525,
		1.3375,
		5.465,
		1.45,
		5.575,
		1.56,
		5.6875,
		1.6725,
		5.7975,
		1.7825,
		5.91,
		1.895,
		6.0225,
		2.0075,
		6.1325,
		2.1175,
		6.245,
		2.23,
		6.355,
		2.34,
		6.4675,
		2.4525,
		6.58,
		2.565,
		6.69,
		2.675,
		6.8025,
		2.7875,
		6.9125,
		2.9,
		7.025,
		3.01,
		7.1375,
		3.1225,
		7.2475,
		3.2325,
		7.36,
		3.345,
		7.47,
		3.4575,
		7.5825,
		3.5675,
		7.695,
		3.68,
		7.805,
		3.79,
		7.9175,
		3.9025	],
	"ImageOrientationPatientDICOM": [
		0.99939,
		-0.0337855,
		0.00883766,
		0.0345502,
		0.993399,
		-0.109382	],
	"InPlanePhaseEncodingDirectionDICOM": "COL",
	"ConversionSoftware": "dcm2niix",
	"ConversionSoftwareVersion": "v1.0.20200331"
}
