{
	"Modality": "MR",
	"MagneticFieldStrength": 3,
	"ImagingFrequency": 123.247018,
	"Manufacturer": "Siemens",
	"ManufacturersModelName": "Prisma_fit",
	"InstitutionName": "Washington University",
	"InstitutionalDepartmentName": "Department",
	"InstitutionAddress": "Scott Ave 4525,St. Louis,MO,US,63110",
	"DeviceSerialNumber": "67064",
	"StationName": "MRC35177",
	"SeriesInstanceUID": "1.3.12.2.1107.5.2.43.67064.2021071307501182011150865.0.0.0",
	"StudyInstanceUID": "1.3.12.2.1107.5.2.43.67064.30000021071114040269100000022",
	"StudyID": "1",
	"PatientName": "P1",
	"PatientID": "P1_Between2",
	"PatientBirthDate": "1977-02-14",
	"PatientSex": "M",
	"PatientWeight": 102.965,
	"PatientAge": 44,
	"BodyPartExamined": "HEAD",
	"PatientPosition": "HFS",
	"ProcedureStepDescription": "head^Nicol",
	"SoftwareVersions": "syngo MR E11",
	"MRAcquisitionType": "2D",
	"SeriesDescription": "ABCD_dMRI_b1500_2p0mm_te83_tr3500",
	"ProtocolName": "ABCD_dMRI_b1500_2p0mm_te83_tr3500",
	"ScanningSequence": "EP",
	"SequenceVariant": "SK\\SP",
	"ScanOptions": "PFP\\FS",
	"SequenceName": "ep_b0",
	"ImageType": ["ORIGINAL", "PRIMARY", "DIFFUSION", "NONE", "ND", "MOSAIC"],
	"NonlinearGradientCorrection": false,
	"SeriesNumber": 17,
	"AcquisitionTime": "07:50:27.650000",
	"AcquisitionDateTime": "2021-07-13T07:50:27.650000",
	"AcquisitionNumber": 1,
	"SliceThickness": 2,
	"SpacingBetweenSlices": 2,
	"SAR": 0.257975,
	"EchoTime": 0.083,
	"RepetitionTime": 3.5,
	"SpoilingState": true,
	"FlipAngle": 90,
	"PartialFourier": 0.75,
	"BaseResolution": 120,
	"ShimSetting": [
		-1988,
		-11527,
		5782,
		626,
		62,
		153,
		-173,
		-7	],
	"DiffusionScheme": "Monopolar",
	"TxRefAmp": 265.102,
	"PhaseResolution": 1,
	"ReceiveCoilName": "Head_32",
	"ReceiveCoilActiveElements": "HEA;HEP",
	"PulseSequenceDetails": "%CustomerSeq%\\ep2d_diff_sms_abcd",
	"WipMemBlock": "358d59f1-7671-4e40-8e89-b1a340f771b0",
	"RefLinesPE": 61,
	"CoilCombinationMethod": "Adaptive Combine",
	"ConsistencyInfo": "N4_VE11C_LATEST_20160120",
	"MultibandAccelerationFactor": 3,
	"PercentPhaseFOV": 100,
	"PercentSampling": 100,
	"EchoTrainLength": 90,
	"PhaseEncodingSteps": 90,
	"AcquisitionMatrixPE": 120,
	"ReconMatrixPE": 120,
	"BandwidthPerPixelPhaseEncode": 11.905,
	"EffectiveEchoSpacing": 0.000699986,
	"DerivedVendorReportedEchoSpacing": 0.000699986,
	"TotalReadoutTime": 0.0832983,
	"PixelBandwidth": 1665,
	"DwellTime": 2.5e-06,
	"PhaseEncodingDirection": "j",
	"SliceTiming": [
		0,
		1.81,
		0.14,
		1.9475,
		0.2775,
		2.0875,
		0.4175,
		2.2275,
		0.5575,
		2.365,
		0.695,
		2.505,
		0.835,
		2.645,
		0.975,
		2.785,
		1.1125,
		2.9225,
		1.2525,
		3.0625,
		1.3925,
		3.2025,
		1.53,
		3.34,
		1.67,
		0,
		1.81,
		0.14,
		1.9475,
		0.2775,
		2.0875,
		0.4175,
		2.2275,
		0.5575,
		2.365,
		0.695,
		2.505,
		0.835,
		2.645,
		0.975,
		2.785,
		1.1125,
		2.9225,
		1.2525,
		3.0625,
		1.3925,
		3.2025,
		1.53,
		3.34,
		1.67,
		0,
		1.81,
		0.14,
		1.9475,
		0.2775,
		2.0875,
		0.4175,
		2.2275,
		0.5575,
		2.365,
		0.695,
		2.505,
		0.835,
		2.645,
		0.975,
		2.785,
		1.1125,
		2.9225,
		1.2525,
		3.0625,
		1.3925,
		3.2025,
		1.53,
		3.34,
		1.67	],
	"ImageOrientationPatientDICOM": [
		0.999755,
		0.0159539,
		-0.0153396,
		-0.0165781,
		0.999002,
		-0.0414645	],
	"ImageOrientationText": "Tra>Cor(-2.4)>Sag(-0.8)",
	"InPlanePhaseEncodingDirectionDICOM": "COL",
	"BidsGuess": ["dwi","_acq-epb0m3_dir-PA_run-17_dwi"],
	"ConversionSoftware": "dcm2niix",
	"ConversionSoftwareVersion": "v1.0.20240202"
}
