{
    "Modality": "MR",
    "MagneticFieldStrength": 3,
    "ImagingFrequency": 123.244534,
    "Manufacturer": "Siemens",
    "ManufacturersModelName": "Prisma",
    "InstitutionName": "Washington University",
    "InstitutionalDepartmentName": "Research",
    "InstitutionAddress": "Scott St. 4525,St. Louis,Missouri,US,63110",
    "DeviceSerialNumber": "166158",
    "StationName": "AWP166158",
    "SeriesInstanceUID": "1.3.12.2.1107.5.2.43.166158.2022022020135039558010270.0.0.0",
    "StudyInstanceUID": "1.3.12.2.1107.5.2.43.166158.30000022021814070400100000025",
    "StudyID": "1",
    "PatientName": "P5",
    "PatientID": "After4",
    "PatientBirthDate": "2002-05-15",
    "PatientSex": "M",
    "PatientWeight": 83.0074,
    "PatientAge": 19,
    "BodyPartExamined": "HEAD",
    "PatientPosition": "HFS",
    "ProcedureStepDescription": "HEAD^Nicol _B3",
    "SoftwareVersions": "syngo MR E11",
    "MRAcquisitionType": "2D",
    "SeriesDescription": "BOLD_REST2_NORDIC_ME5_2mm",
    "ProtocolName": "BOLD_REST2_NORDIC_ME5_2mm",
    "ScanningSequence": "EP",
    "SequenceVariant": "SK_SS",
    "ScanOptions": "PFP_FS_CT",
    "SequenceName": "epfid2d5_110",
    "ImageType": [
        "ORIGINAL",
        "PRIMARY",
        "M",
        "MB",
        "TE1",
        "ND",
        "NORM",
        "MOSAIC"
    ],
    "NonlinearGradientCorrection": false,
    "SeriesNumber": 14,
    "AcquisitionTime": "20:14:36.362500",
    "AcquisitionDateTime": "2022-02-20T20:14:36.362500",
    "AcquisitionNumber": 1,
    "ImageComments": "Unaliased MB6/PE4/LB SENSE1+",
    "SliceThickness": 2,
    "SpacingBetweenSlices": 2,
    "SAR": 0.0509648,
    "EchoNumber": 1,
    "EchoTime": 0.0142,
    "RepetitionTime": 1.761,
    "FlipAngle": 68,
    "PartialFourier": 0.75,
    "BaseResolution": 110,
    "ShimSetting": [
        4618,
        -7137,
        81,
        413,
        32,
        88,
        -73,
        0
    ],
    "TxRefAmp": 259.405,
    "PhaseResolution": 1,
    "ReceiveCoilName": "Head_32",
    "ReceiveCoilActiveElements": "HEA;HEP",
    "PulseSequenceDetails": "%CustomerSeq%_cmrr_mbep2d_bold",
    "WipMemBlock": "cb4b4bd5-ec86-4cc6-8180-d542a7a89780||Sequence: R016 ve11c/master r/e634e98; Dec 19 2017 11:00:25 by eja",
    "RefLinesPE": 24,
    "CoilCombinationMethod": "Sum of Squares",
    "ConsistencyInfo": "N4_VE11C_LATEST_20160120",
    "MatrixCoilMode": "GRAPPA",
    "MultibandAccelerationFactor": 6,
    "PercentPhaseFOV": 100,
    "PercentSampling": 100,
    "EchoTrainLength": 42,
    "PhaseEncodingSteps": 83,
    "AcquisitionMatrixPE": 110,
    "ReconMatrixPE": 110,
    "BandwidthPerPixelPhaseEncode": 32.468,
    "ParallelReductionFactorInPlane": 2,
    "EffectiveEchoSpacing": 0.000279996,
    "DerivedVendorReportedEchoSpacing": 0.000559992,
    "TotalReadoutTime": 0.0305196,
    "PixelBandwidth": 2275,
    "DwellTime": 2e-06,
    "PhaseEncodingDirection": "j",
    "SliceTiming": [
        0,
        0.725,
        1.4525,
        0.435,
        1.16,
        0.145,
        0.87,
        1.5975,
        0.58,
        1.3075,
        0.29,
        1.015,
        0,
        0.725,
        1.4525,
        0.435,
        1.16,
        0.145,
        0.87,
        1.5975,
        0.58,
        1.3075,
        0.29,
        1.015,
        0,
        0.725,
        1.4525,
        0.435,
        1.16,
        0.145,
        0.87,
        1.5975,
        0.58,
        1.3075,
        0.29,
        1.015,
        0,
        0.725,
        1.4525,
        0.435,
        1.16,
        0.145,
        0.87,
        1.5975,
        0.58,
        1.3075,
        0.29,
        1.015,
        0,
        0.725,
        1.4525,
        0.435,
        1.16,
        0.145,
        0.87,
        1.5975,
        0.58,
        1.3075,
        0.29,
        1.015,
        0,
        0.725,
        1.4525,
        0.435,
        1.16,
        0.145,
        0.87,
        1.5975,
        0.58,
        1.3075,
        0.29,
        1.015
    ],
    "ImageOrientationPatientDICOM": [
        0.999563,
        -0.029082,
        -0.00534449,
        0.0282695,
        0.992889,
        -0.11564
    ],
    "ImageOrientationText": "Tra>Cor(-6.6)>Sag(-0.5)",
    "InPlanePhaseEncodingDirectionDICOM": "COL",
    "BidsGuess": [
        "func",
        "_acq-epfid2p2m6_dir-PA_run-14_echo-1_bold"
    ],
    "ConversionSoftware": "dcm2niix",
    "ConversionSoftwareVersion": "v1.0.20240202",
    "TaskName": "BOLDREST2NORDICME52mm"
}
