{
  "Modality": "MR",
  "MagneticFieldStrength": 3,
  "ImagingFrequency": 123.255,
  "Manufacturer": "Siemens",
  "ManufacturersModelName": "Prisma_fit",
  "InstitutionName": "Washington_University",
  "InstitutionalDepartmentName": "Department",
  "InstitutionAddress": "Scott_Ave_4525_St._Louis_MO_US_63110",
  "DeviceSerialNumber": "67064",
  "StationName": "MRC35177",
  "SeriesInstanceUID": "1.3.12.2.1107.5.2.43.67064.2023021111470474309758229.0.0.0",
  "StudyInstanceUID": "1.3.12.2.1107.5.2.43.67064.30000023020116125930400000094",
  "StudyID": "1",
  "PatientName": "P4R",
  "PatientID": "P4R_Drug1",
  "PatientBirthDate": "1984-01-01",
  "PatientSex": "F",
  "PatientWeight": 80.7394,
  "BodyPartExamined": "HEAD",
  "PatientPosition": "HFS",
  "ProcedureStepDescription": "head_Nicol",
  "SoftwareVersions": "syngo_MR_E11",
  "MRAcquisitionType": "2D",
  "SeriesDescription": "BOLD_TASK4_NORDIC_ME5_2mm",
  "ProtocolName": "BOLD_TASK4_NORDIC_ME5_2mm",
  "ScanningSequence": "EP",
  "SequenceVariant": "SK_SS",
  "ScanOptions": "PFP_FS_CT",
  "SequenceName": "epfid2d5_110",
  "ImageType": [
    "ORIGINAL",
    "PRIMARY",
    "P",
    "MB",
    "TE3",
    "ND",
    "MOSAIC",
    "PHASE"
  ],
  "SeriesNumber": 41,
  "AcquisitionTime": "11:48:35.617500",
  "AcquisitionDateTime": "2023-02-11T11:48:35.617500",
  "AcquisitionNumber": 1,
  "ImageComments": "Unaliased_MB6_PE4_LB_SENSE1+",
  "SliceThickness": 2,
  "SpacingBetweenSlices": 2,
  "SAR": 0.0539337,
  "EchoNumber": 3,
  "EchoTime": 0.06366,
  "RepetitionTime": 1.761,
  "FlipAngle": 68,
  "PartialFourier": 0.75,
  "BaseResolution": 110,
  "ShimSetting": [
    -2257,
    -11714,
    5919,
    792,
    -186,
    -4,
    -62,
    -68
  ],
  "TxRefAmp": 261.508,
  "PhaseResolution": 1,
  "ReceiveCoilName": "Head_32",
  "ReceiveCoilActiveElements": "HEA;HEP",
  "PulseSequenceDetails": "%CustomerSeq%_cmrr_mbep2d_bold",
  "WipMemBlock": "4862b915-87a5-486b-a4bd-8d908f03d9ca||Sequence: R016 ve11c/master r/e634e98; Dec 19 2017 11:00:25 by eja",
  "RefLinesPE": 24,
  "ConsistencyInfo": "N4_VE11C_LATEST_20160120",
  "MultibandAccelerationFactor": 6,
  "PercentPhaseFOV": 100,
  "PercentSampling": 100,
  "EchoTrainLength": 42,
  "PhaseEncodingSteps": 83,
  "AcquisitionMatrixPE": 110,
  "ReconMatrixPE": 110,
  "BandwidthPerPixelPhaseEncode": 32.468,
  "ParallelReductionFactorInPlane": 2,
  "EffectiveEchoSpacing": 0.000279996,
  "DerivedVendorReportedEchoSpacing": 0.000559992,
  "TotalReadoutTime": 0.0305196,
  "PixelBandwidth": 2275,
  "DwellTime": 2e-06,
  "PhaseEncodingDirection": "j",
  "SliceTiming": [
    0,
    0.725,
    1.45,
    0.435,
    1.16,
    0.145,
    0.87,
    1.595,
    0.58,
    1.305,
    0.29,
    1.015,
    0,
    0.725,
    1.45,
    0.435,
    1.16,
    0.145,
    0.87,
    1.595,
    0.58,
    1.305,
    0.29,
    1.015,
    0,
    0.725,
    1.45,
    0.435,
    1.16,
    0.145,
    0.87,
    1.595,
    0.58,
    1.305,
    0.29,
    1.015,
    0,
    0.725,
    1.45,
    0.435,
    1.16,
    0.145,
    0.87,
    1.595,
    0.58,
    1.305,
    0.29,
    1.015,
    0,
    0.725,
    1.45,
    0.435,
    1.16,
    0.145,
    0.87,
    1.595,
    0.58,
    1.305,
    0.29,
    1.015,
    0,
    0.725,
    1.45,
    0.435,
    1.16,
    0.145,
    0.87,
    1.595,
    0.58,
    1.305,
    0.29,
    1.015
  ],
  "ImageOrientationPatientDICOM": [
    0.997974,
    -0.0472175,
    0.0426384,
    0.0481107,
    0.998638,
    -0.0201694
  ],
  "InPlanePhaseEncodingDirectionDICOM": "COL",
  "ConversionSoftware": "dcm2niix",
  "ConversionSoftwareVersion": "v1.0.20200331",
  "TaskName": "BOLDTASK4NORDICME52mm",
  "Units": "arbitrary"
}
