{
	"Modality": "MR",
	"MagneticFieldStrength": 3,
	"ImagingFrequency": 123.246721,
	"Manufacturer": "Siemens",
	"ManufacturersModelName": "Prisma_fit",
	"InstitutionName": "Washington University",
	"InstitutionalDepartmentName": "Department",
	"InstitutionAddress": "Scott Ave 4525,St. Louis,MO,US,63110",
	"DeviceSerialNumber": "67064",
	"StationName": "MRC35177",
	"SeriesInstanceUID": "1.3.12.2.1107.5.2.43.67064.2021080607465636011791838.0.0.0",
	"StudyInstanceUID": "1.3.12.2.1107.5.2.43.67064.30000021080214015547800000037",
	"StudyID": "1",
	"PatientName": "P1",
	"PatientID": "P1_After6",
	"PatientBirthDate": "1977-01-01",
	"PatientSex": "M",
	"PatientWeight": 102.965,
	"PatientAge": 44,
	"BodyPartExamined": "HEAD",
	"PatientPosition": "HFS",
	"ProcedureStepDescription": "head^Nicol",
	"SoftwareVersions": "syngo MR E11",
	"MRAcquisitionType": "2D",
	"SeriesDescription": "SpinEchoFieldMap_PA_2mm_CJL_mod_72slices",
	"ProtocolName": "SpinEchoFieldMap_PA_2mm_CJL_mod_72slices",
	"ScanningSequence": "EP",
	"SequenceVariant": "SK",
	"ScanOptions": "FS",
	"SequenceName": "epse2d1_110",
	"ImageType": ["ORIGINAL", "PRIMARY", "M", "ND", "MOSAIC"],
	"NonlinearGradientCorrection": false,
	"SeriesNumber": 8,
	"AcquisitionTime": "07:47:0.570000",
	"AcquisitionDateTime": "2021-08-06T07:47:0.570000",
	"AcquisitionNumber": 1,
	"SliceThickness": 2,
	"SpacingBetweenSlices": 2,
	"SAR": 0.134106,
	"EchoTime": 0.0668,
	"RepetitionTime": 8.05,
	"FlipAngle": 90,
	"PartialFourier": 1,
	"BaseResolution": 110,
	"ShimSetting": [
		-1979,
		-11544,
		5799,
		587,
		12,
		61,
		-106,
		-16	],
	"TxRefAmp": 257.354,
	"PhaseResolution": 1,
	"VendorReportedEchoSpacing": 0.00056,
	"ReceiveCoilName": "Head_32",
	"ReceiveCoilActiveElements": "HEA;HEP",
	"PulseSequenceDetails": "%CustomerSeq%\\cmrr_mbep2d_se",
	"WipMemBlock": "39a4bbfb-4246-4c2d-b780-2c2e9273ca09||Sequence: R016 ve11c/master r/e634e98; Dec 19 2017 11:22:56 by eja",
	"CoilCombinationMethod": "Sum of Squares",
	"ConsistencyInfo": "N4_VE11C_LATEST_20160120",
	"MatrixCoilMode": "SENSE",
	"PercentPhaseFOV": 100,
	"PercentSampling": 100,
	"EchoTrainLength": 110,
	"PhaseEncodingSteps": 110,
	"AcquisitionMatrixPE": 110,
	"ReconMatrixPE": 110,
	"BandwidthPerPixelPhaseEncode": 16.234,
	"EffectiveEchoSpacing": 0.000559992,
	"DerivedVendorReportedEchoSpacing": 0.000559992,
	"TotalReadoutTime": 0.0610391,
	"PixelBandwidth": 2275,
	"DwellTime": 2e-06,
	"PhaseEncodingDirection": "j",
	"SliceTiming": [
		4.015,
		0,
		4.125,
		0.11,
		4.2375,
		0.2225,
		4.3475,
		0.335,
		4.46,
		0.445,
		4.5725,
		0.5575,
		4.6825,
		0.6675,
		4.795,
		0.78,
		4.905,
		0.8925,
		5.0175,
		1.0025,
		5.13,
		1.115,
		5.24,
		1.225,
		5.3525,
		1.3375,
		5.4625,
		1.45,
		5.575,
		1.56,
		5.6875,
		1.6725,
		5.7975,
		1.7825,
		5.91,
		1.895,
		6.0225,
		2.0075,
		6.1325,
		2.1175,
		6.245,
		2.23,
		6.355,
		2.34,
		6.4675,
		2.4525,
		6.58,
		2.565,
		6.69,
		2.675,
		6.8025,
		2.7875,
		6.9125,
		2.8975,
		7.025,
		3.01,
		7.1375,
		3.1225,
		7.2475,
		3.2325,
		7.36,
		3.345,
		7.47,
		3.4575,
		7.5825,
		3.5675,
		7.695,
		3.68,
		7.805,
		3.79,
		7.9175,
		3.9025	],
	"ImageOrientationPatientDICOM": [
		0.99977,
		0.0154904,
		-0.0148025,
		-0.0158801,
		0.99952,
		-0.0265845	],
	"ImageOrientationText": "Tra>Cor(-1.5)>Sag(-0.8)",
	"InPlanePhaseEncodingDirectionDICOM": "COL",
	"BidsGuess": ["fmap","_acq-epse2_dir-PA_run-8_epi"],
	"ConversionSoftware": "dcm2niix",
	"ConversionSoftwareVersion": "v1.0.20240202"
}
