{
	"Modality": "MR",
	"MagneticFieldStrength": 3,
	"ImagingFrequency": 123.255258,
	"Manufacturer": "Siemens",
	"ManufacturersModelName": "Prisma_fit",
	"InstitutionName": "Washington University",
	"InstitutionalDepartmentName": "Department",
	"InstitutionAddress": "Scott Ave 4525,St. Louis,MO,US,63110",
	"DeviceSerialNumber": "67064",
	"StationName": "MRC35177",
	"SeriesInstanceUID": "1.3.12.2.1107.5.2.43.67064.2022021108295156184807563.0.0.0",
	"StudyInstanceUID": "1.3.12.2.1107.5.2.43.67064.30000022020904250424500000022",
	"StudyID": "1",
	"PatientName": "P4",
	"PatientID": "Baseline1",
	"PatientBirthDate": "1984-02-24",
	"PatientSex": "F",
	"PatientWeight": 79.3787,
	"PatientAge": 37,
	"BodyPartExamined": "HEAD",
	"PatientPosition": "HFS",
	"ProcedureStepDescription": "head^Nicol",
	"SoftwareVersions": "syngo MR E11",
	"MRAcquisitionType": "2D",
	"SeriesDescription": "SpinEchoFieldMap_AP_2mm_CJL_mod_72slices",
	"ProtocolName": "SpinEchoFieldMap_AP_2mm_CJL_mod_72slices",
	"ScanningSequence": "EP",
	"SequenceVariant": "SK",
	"ScanOptions": "FS",
	"SequenceName": "epse2d1_110",
	"ImageType": ["ORIGINAL", "PRIMARY", "M", "ND", "MOSAIC"],
	"NonlinearGradientCorrection": false,
	"SeriesNumber": 15,
	"AcquisitionTime": "08:29:55.912500",
	"AcquisitionDateTime": "2022-02-11T08:29:55.912500",
	"AcquisitionNumber": 1,
	"SliceThickness": 2,
	"SpacingBetweenSlices": 2,
	"SAR": 0.190358,
	"EchoTime": 0.0668,
	"RepetitionTime": 8.05,
	"FlipAngle": 90,
	"PartialFourier": 1,
	"BaseResolution": 110,
	"ShimSetting": [
		-2269,
		-11725,
		6002,
		764,
		-75,
		127,
		45,
		-3	],
	"TxRefAmp": 269.32,
	"PhaseResolution": 1,
	"VendorReportedEchoSpacing": 0.00056,
	"ReceiveCoilName": "Head_32",
	"ReceiveCoilActiveElements": "HEA;HEP",
	"PulseSequenceDetails": "%CustomerSeq%\\cmrr_mbep2d_se",
	"WipMemBlock": "15993793-971f-46d7-b9ec-7044edcf136c||Sequence: R016 ve11c/master r/e634e98; Dec 19 2017 11:22:56 by eja",
	"CoilCombinationMethod": "Sum of Squares",
	"ConsistencyInfo": "N4_VE11C_LATEST_20160120",
	"MatrixCoilMode": "SENSE",
	"PercentPhaseFOV": 100,
	"PercentSampling": 100,
	"EchoTrainLength": 110,
	"PhaseEncodingSteps": 110,
	"AcquisitionMatrixPE": 110,
	"ReconMatrixPE": 110,
	"BandwidthPerPixelPhaseEncode": 16.234,
	"EffectiveEchoSpacing": 0.000559992,
	"DerivedVendorReportedEchoSpacing": 0.000559992,
	"TotalReadoutTime": 0.0610391,
	"PixelBandwidth": 2275,
	"DwellTime": 2e-06,
	"PhaseEncodingDirection": "j-",
	"SliceTiming": [
		4.015,
		0,
		4.125,
		0.1125,
		4.2375,
		0.2225,
		4.35,
		0.335,
		4.46,
		0.445,
		4.5725,
		0.5575,
		4.685,
		0.67,
		4.795,
		0.78,
		4.9075,
		0.8925,
		5.0175,
		1.0025,
		5.13,
		1.115,
		5.2425,
		1.2275,
		5.3525,
		1.3375,
		5.465,
		1.45,
		5.575,
		1.5625,
		5.6875,
		1.6725,
		5.8,
		1.785,
		5.91,
		1.895,
		6.0225,
		2.0075,
		6.1325,
		2.12,
		6.245,
		2.23,
		6.3575,
		2.3425,
		6.4675,
		2.4525,
		6.58,
		2.565,
		6.69,
		2.6775,
		6.8025,
		2.7875,
		6.915,
		2.9,
		7.025,
		3.01,
		7.1375,
		3.1225,
		7.25,
		3.235,
		7.36,
		3.345,
		7.4725,
		3.4575,
		7.5825,
		3.5675,
		7.695,
		3.68,
		7.8075,
		3.7925,
		7.9175,
		3.9025	],
	"ImageOrientationPatientDICOM": [
		0.999361,
		-0.0316366,
		0.0166117,
		0.0310571,
		0.998937,
		0.0340584	],
	"ImageOrientationText": "Tra>Cor(1.9)>Sag(1.0)",
	"InPlanePhaseEncodingDirectionDICOM": "COL",
	"BidsGuess": ["fmap","_acq-epse2_dir-AP_run-15_epi"],
	"ConversionSoftware": "dcm2niix",
	"ConversionSoftwareVersion": "v1.0.20240202"
}
