{
	"Modality": "MR",
	"MagneticFieldStrength": 3,
	"ImagingFrequency": 123.244454,
	"Manufacturer": "Siemens",
	"ManufacturersModelName": "Prisma",
	"InstitutionName": "Washington University",
	"InstitutionalDepartmentName": "Research",
	"InstitutionAddress": "Scott St. 4525,St. Louis,Missouri,US,63110",
	"DeviceSerialNumber": "166158",
	"StationName": "AWP166158",
	"SeriesInstanceUID": "1.3.12.2.1107.5.2.43.166158.202202072222065735406394.0.0.0",
	"StudyInstanceUID": "1.3.12.2.1107.5.2.43.166158.30000022020716300228800000016",
	"StudyID": "1",
	"PatientName": "P5",
	"PatientID": "Between1",
	"PatientBirthDate": "2002-01-01",
	"PatientSex": "M",
	"PatientWeight": 83.0074,
	"PatientAge": 20,
	"BodyPartExamined": "HEAD",
	"PatientPosition": "HFS",
	"ProcedureStepDescription": "HEAD^Nicol _B3",
	"SoftwareVersions": "syngo MR E11",
	"MRAcquisitionType": "2D",
	"SeriesDescription": "ABCD_dMRI_b3000_2p0mm_te83_tr3500",
	"ProtocolName": "ABCD_dMRI_b3000_2p0mm_te83_tr3500",
	"ScanningSequence": "EP",
	"SequenceVariant": "SK\\SP",
	"ScanOptions": "PFP\\FS",
	"SequenceName": "ep_b0",
	"ImageType": ["ORIGINAL", "PRIMARY", "DIFFUSION", "NONE", "ND", "MOSAIC"],
	"NonlinearGradientCorrection": false,
	"SeriesNumber": 36,
	"AcquisitionTime": "22:22:24.530000",
	"AcquisitionDateTime": "2022-02-07T22:22:24.530000",
	"AcquisitionNumber": 1,
	"SliceThickness": 2,
	"SpacingBetweenSlices": 2,
	"SAR": 0.293036,
	"EchoTime": 0.083,
	"RepetitionTime": 3.5,
	"SpoilingState": true,
	"FlipAngle": 90,
	"PartialFourier": 0.75,
	"BaseResolution": 120,
	"ShimSetting": [
		4599,
		-7168,
		120,
		459,
		-97,
		123,
		21,
		-12	],
	"DiffusionScheme": "Monopolar",
	"TxRefAmp": 264.149,
	"PhaseResolution": 1,
	"ReceiveCoilName": "Head_32",
	"ReceiveCoilActiveElements": "HEA;HEP",
	"PulseSequenceDetails": "%CustomerSeq%\\ep2d_diff_sms_abcd",
	"WipMemBlock": "99872def-9eeb-47ad-8303-0f01ac1f3298",
	"RefLinesPE": 61,
	"CoilCombinationMethod": "Adaptive Combine",
	"ConsistencyInfo": "N4_VE11C_LATEST_20160120",
	"MultibandAccelerationFactor": 3,
	"PercentPhaseFOV": 100,
	"PercentSampling": 100,
	"EchoTrainLength": 90,
	"PhaseEncodingSteps": 90,
	"AcquisitionMatrixPE": 120,
	"ReconMatrixPE": 120,
	"BandwidthPerPixelPhaseEncode": 11.905,
	"EffectiveEchoSpacing": 0.000699986,
	"DerivedVendorReportedEchoSpacing": 0.000699986,
	"TotalReadoutTime": 0.0832983,
	"PixelBandwidth": 1665,
	"DwellTime": 2.5e-06,
	"PhaseEncodingDirection": "j",
	"SliceTiming": [
		0,
		1.8075,
		0.1375,
		1.9475,
		0.2775,
		2.0875,
		0.4175,
		2.225,
		0.555,
		2.365,
		0.695,
		2.505,
		0.835,
		2.6425,
		0.9725,
		2.7825,
		1.1125,
		2.9225,
		1.2525,
		3.06,
		1.39,
		3.2,
		1.53,
		3.34,
		1.67,
		0,
		1.8075,
		0.1375,
		1.9475,
		0.2775,
		2.0875,
		0.4175,
		2.225,
		0.555,
		2.365,
		0.695,
		2.505,
		0.835,
		2.6425,
		0.9725,
		2.7825,
		1.1125,
		2.9225,
		1.2525,
		3.06,
		1.39,
		3.2,
		1.53,
		3.34,
		1.67,
		0,
		1.8075,
		0.1375,
		1.9475,
		0.2775,
		2.0875,
		0.4175,
		2.225,
		0.555,
		2.365,
		0.695,
		2.505,
		0.835,
		2.6425,
		0.9725,
		2.7825,
		1.1125,
		2.9225,
		1.2525,
		3.06,
		1.39,
		3.2,
		1.53,
		3.34,
		1.67	],
	"ImageOrientationPatientDICOM": [
		0.996434,
		-0.0368103,
		-0.0759281,
		0.0351445,
		0.999114,
		-0.0231604	],
	"ImageOrientationText": "Tra>Sag(-4.4)>Cor(-1.2)",
	"InPlanePhaseEncodingDirectionDICOM": "COL",
	"BidsGuess": ["dwi","_acq-epb0m3_dir-PA_run-36_dwi"],
	"ConversionSoftware": "dcm2niix",
	"ConversionSoftwareVersion": "v1.0.20240202"
}
