{
    "Modality": "MR",
    "MagneticFieldStrength": 3,
    "ImagingFrequency": 123.246992,
    "Manufacturer": "Siemens",
    "ManufacturersModelName": "Prisma_fit",
    "InstitutionName": "Washington University",
    "InstitutionalDepartmentName": "Department",
    "InstitutionAddress": "Scott Ave 4525,St. Louis,MO,US,63110",
    "DeviceSerialNumber": "67064",
    "StationName": "MRC35177",
    "SeriesInstanceUID": "1.3.12.2.1107.5.2.43.67064.202108100719401984633051.0.0.0",
    "StudyInstanceUID": "1.3.12.2.1107.5.2.43.67064.30000021080914361501300000010",
    "StudyID": "1",
    "PatientName": "P2",
    "PatientID": "P2_Baseline2",
    "PatientBirthDate": "1982-01-01",
    "PatientSex": "M",
    "PatientWeight": 68.9461,
    "PatientAge": 39,
    "BodyPartExamined": "HEAD",
    "PatientPosition": "HFS",
    "ProcedureStepDescription": "head^Nicol",
    "SoftwareVersions": "syngo MR E11",
    "MRAcquisitionType": "2D",
    "SeriesDescription": "BOLD_REST1_2mm_mb6_me5_ipat2_ppf68_FOV220_lkblck_on",
    "ProtocolName": "BOLD_REST1_2mm_mb6_me5_ipat2_ppf68_FOV220_lkblck_on",
    "ScanningSequence": "EP",
    "SequenceVariant": "SK_SS",
    "ScanOptions": "PFP_FS_EXT",
    "SequenceName": "epfid2d5_110",
    "ImageType": [
        "ORIGINAL",
        "PRIMARY",
        "M",
        "MB",
        "TE1",
        "ND",
        "NORM",
        "MOSAIC"
    ],
    "NonlinearGradientCorrection": false,
    "SeriesNumber": 10,
    "AcquisitionTime": "07:20:42.500000",
    "AcquisitionDateTime": "2021-08-10T07:20:42.500000",
    "AcquisitionNumber": 1,
    "ImageComments": "Unaliased MB6/PE4/LB",
    "SliceThickness": 2,
    "SpacingBetweenSlices": 2,
    "SAR": 0.0469127,
    "EchoNumber": 1,
    "EchoTime": 0.0142,
    "RepetitionTime": 1.761,
    "FlipAngle": 68,
    "PartialFourier": 0.75,
    "BaseResolution": 110,
    "ShimSetting": [
        -1985,
        -11505,
        5779,
        532,
        109,
        137,
        83,
        1
    ],
    "TxRefAmp": 233.359,
    "PhaseResolution": 1,
    "VendorReportedEchoSpacing": 0.00056,
    "ReceiveCoilName": "Head_32",
    "ReceiveCoilActiveElements": "HEA;HEP",
    "PulseSequenceDetails": "%CustomerSeq%_cmrr_mbep2d_bold",
    "WipMemBlock": "0b37736c-6361-410a-a4cb-dddcb74920bb||Sequence: R016 ve11c/master r/e634e98; Dec 19 2017 11:00:25 by eja",
    "RefLinesPE": 24,
    "CoilCombinationMethod": "Sum of Squares",
    "ConsistencyInfo": "N4_VE11C_LATEST_20160120",
    "MatrixCoilMode": "GRAPPA",
    "MultibandAccelerationFactor": 6,
    "PercentPhaseFOV": 100,
    "PercentSampling": 100,
    "EchoTrainLength": 42,
    "PhaseEncodingSteps": 83,
    "AcquisitionMatrixPE": 110,
    "ReconMatrixPE": 110,
    "BandwidthPerPixelPhaseEncode": 32.468,
    "ParallelReductionFactorInPlane": 2,
    "EffectiveEchoSpacing": 0.000279996,
    "DerivedVendorReportedEchoSpacing": 0.000559992,
    "TotalReadoutTime": 0.0305196,
    "PixelBandwidth": 2275,
    "DwellTime": 2e-06,
    "PhaseEncodingDirection": "j-",
    "SliceTiming": [
        0,
        0.725,
        1.4525,
        0.435,
        1.1625,
        0.145,
        0.87,
        1.5975,
        0.58,
        1.3075,
        0.29,
        1.015,
        0,
        0.725,
        1.4525,
        0.435,
        1.1625,
        0.145,
        0.87,
        1.5975,
        0.58,
        1.3075,
        0.29,
        1.015,
        0,
        0.725,
        1.4525,
        0.435,
        1.1625,
        0.145,
        0.87,
        1.5975,
        0.58,
        1.3075,
        0.29,
        1.015,
        0,
        0.725,
        1.4525,
        0.435,
        1.1625,
        0.145,
        0.87,
        1.5975,
        0.58,
        1.3075,
        0.29,
        1.015,
        0,
        0.725,
        1.4525,
        0.435,
        1.1625,
        0.145,
        0.87,
        1.5975,
        0.58,
        1.3075,
        0.29,
        1.015,
        0,
        0.725,
        1.4525,
        0.435,
        1.1625,
        0.145,
        0.87,
        1.5975,
        0.58,
        1.3075,
        0.29,
        1.015
    ],
    "ImageOrientationPatientDICOM": [
        0.999974,
        -0.00553545,
        0.00460911,
        0.00541039,
        0.999628,
        0.0267175
    ],
    "ImageOrientationText": "Tra>Cor(1.5)>Sag(0.3)",
    "InPlanePhaseEncodingDirectionDICOM": "COL",
    "BidsGuess": [
        "func",
        "_acq-epfid2p2m6_dir-AP_run-10_echo-1_bold"
    ],
    "ConversionSoftware": "dcm2niix",
    "ConversionSoftwareVersion": "v1.0.20240202",
    "TaskName": "BOLDREST12mmmb6me5ipat2ppf68FOV220lkblckon"
}
