{
	"Modality": "MR",
	"MagneticFieldStrength": 3,
	"ImagingFrequency": 123.255,
	"Manufacturer": "Siemens",
	"ManufacturersModelName": "Prisma_fit",
	"InstitutionName": "Washington_University",
	"InstitutionalDepartmentName": "Department",
	"InstitutionAddress": "Scott_Ave_4525_St._Louis_MO_US_63110",
	"DeviceSerialNumber": "67064",
	"StationName": "MRC35177",
	"SeriesInstanceUID": "1.3.12.2.1107.5.2.43.67064.2023021509521480201945353.0.0.0",
	"StudyInstanceUID": "1.3.12.2.1107.5.2.43.67064.30000023021417522852600000010",
	"ReferringPhysicianName": ".",
	"StudyID": "1",
	"PatientName": "P4R",
	"PatientID": "P4R_After2",
	"PatientBirthDate": "1984-01-01",
	"PatientSex": "F",
	"PatientWeight": 80.7394,
	"BodyPartExamined": "HEAD",
	"PatientPosition": "HFS",
	"ProcedureStepDescription": "head_Nicol",
	"SoftwareVersions": "syngo_MR_E11",
	"MRAcquisitionType": "2D",
	"SeriesDescription": "SpinEchoFieldMap_AP_2mm_CJL_mod_72slices",
	"ProtocolName": "SpinEchoFieldMap_AP_2mm_CJL_mod_72slices",
	"ScanningSequence": "EP",
	"SequenceVariant": "SK",
	"ScanOptions": "FS",
	"SequenceName": "epse2d1_110",
	"ImageType": ["ORIGINAL", "PRIMARY", "M", "ND", "MOSAIC"],
	"SeriesNumber": 7,
	"AcquisitionTime": "09:52:18.465000",
	"AcquisitionDateTime": "2023-02-15T09:52:18.465000",
	"AcquisitionNumber": 1,
	"SliceThickness": 2,
	"SpacingBetweenSlices": 2,
	"SAR": 0.158901,
	"EchoTime": 0.0668,
	"RepetitionTime": 8.05,
	"FlipAngle": 90,
	"PartialFourier": 1,
	"BaseResolution": 110,
	"ShimSetting": [
		-2257,
		-11701,
		5841,
		802,
		-230,
		12,
		-12,
		-75	],
	"TxRefAmp": 269.39,
	"PhaseResolution": 1,
	"VendorReportedEchoSpacing": 0.00056,
	"ReceiveCoilName": "Head_32",
	"ReceiveCoilActiveElements": "HEA;HEP",
	"PulseSequenceDetails": "%CustomerSeq%_cmrr_mbep2d_se",
	"WipMemBlock": "2b56dc19-7168-4f97-930c-b33b72e84344||Sequence: R016 ve11c/master r/e634e98; Dec 19 2017 11:22:56 by eja",
	"ConsistencyInfo": "N4_VE11C_LATEST_20160120",
	"PercentPhaseFOV": 100,
	"PercentSampling": 100,
	"EchoTrainLength": 110,
	"PhaseEncodingSteps": 110,
	"AcquisitionMatrixPE": 110,
	"ReconMatrixPE": 110,
	"BandwidthPerPixelPhaseEncode": 16.234,
	"EffectiveEchoSpacing": 0.000559992,
	"DerivedVendorReportedEchoSpacing": 0.000559992,
	"TotalReadoutTime": 0.0610391,
	"PixelBandwidth": 2275,
	"DwellTime": 2e-06,
	"PhaseEncodingDirection": "j-",
	"SliceTiming": [
		4.015,
		0,
		4.1275,
		0.1125,
		4.2375,
		0.2225,
		4.35,
		0.335,
		4.4625,
		0.4475,
		4.5725,
		0.5575,
		4.685,
		0.67,
		4.795,
		0.78,
		4.9075,
		0.8925,
		5.02,
		1.005,
		5.13,
		1.115,
		5.2425,
		1.2275,
		5.3525,
		1.34,
		5.465,
		1.45,
		5.5775,
		1.5625,
		5.6875,
		1.6725,
		5.8,
		1.785,
		5.91,
		1.8975,
		6.0225,
		2.0075,
		6.135,
		2.12,
		6.245,
		2.23,
		6.3575,
		2.3425,
		6.4675,
		2.455,
		6.58,
		2.565,
		6.6925,
		2.6775,
		6.8025,
		2.7875,
		6.915,
		2.9,
		7.0275,
		3.0125,
		7.1375,
		3.1225,
		7.25,
		3.235,
		7.36,
		3.345,
		7.4725,
		3.4575,
		7.585,
		3.57,
		7.695,
		3.68,
		7.8075,
		3.7925,
		7.9175,
		3.905	],
	"ImageOrientationPatientDICOM": [
		0.999303,
		-0.0372979,
		0.00138713,
		0.0369921,
		0.994683,
		0.0961068	],
	"InPlanePhaseEncodingDirectionDICOM": "COL",
	"ConversionSoftware": "dcm2niix",
	"ConversionSoftwareVersion": "v1.0.20200331"
}
