{
    "Modality": "MR",
    "MagneticFieldStrength": 3,
    "ImagingFrequency": 123.255,
    "Manufacturer": "Siemens",
    "ManufacturersModelName": "Prisma_fit",
    "InstitutionName": "Washington_University",
    "InstitutionalDepartmentName": "Department",
    "InstitutionAddress": "Scott_Ave_4525_St._Louis_MO_US_63110",
    "DeviceSerialNumber": "67064",
    "StationName": "MRC35177",
    "SeriesInstanceUID": "1.3.12.2.1107.5.2.43.67064.2022081420374418208586374.0.0.0",
    "StudyInstanceUID": "1.3.12.2.1107.5.2.43.67064.30000022081122230872600000016",
    "StudyID": "1",
    "PatientName": "P3R",
    "PatientID": "P3R_After1",
    "PatientBirthDate": "1985-01-01",
    "PatientSex": "F",
    "PatientWeight": 72.5748,
    "BodyPartExamined": "HEAD",
    "PatientPosition": "HFS",
    "ProcedureStepDescription": "head_Nicol",
    "SoftwareVersions": "syngo_MR_E11",
    "MRAcquisitionType": "2D",
    "SeriesDescription": "BOLD_REST1_NORDIC_ME5_2mm",
    "ProtocolName": "BOLD_REST1_NORDIC_ME5_2mm",
    "ScanningSequence": "EP",
    "SequenceVariant": "SK_SS",
    "ScanOptions": "PFP_FS_CT",
    "SequenceName": "epfid2d5_110",
    "ImageType": [
        "ORIGINAL",
        "PRIMARY",
        "M",
        "MB",
        "TE2",
        "ND",
        "NORM",
        "MOSAIC"
    ],
    "SeriesNumber": 10,
    "AcquisitionTime": "20:38:32.772500",
    "AcquisitionDateTime": "2022-08-14T20:38:32.772500",
    "AcquisitionNumber": 1,
    "ImageComments": "Unaliased_MB6_PE4_LB_SENSE1+",
    "SliceThickness": 2,
    "SpacingBetweenSlices": 2,
    "SAR": 0.0555716,
    "EchoNumber": 2,
    "EchoTime": 0.03893,
    "RepetitionTime": 1.761,
    "FlipAngle": 68,
    "PartialFourier": 0.75,
    "BaseResolution": 110,
    "ShimSetting": [
        -2262,
        -11718,
        5939,
        754,
        -179,
        83,
        88,
        -28
    ],
    "TxRefAmp": 249.805,
    "PhaseResolution": 1,
    "ReceiveCoilName": "Head_32",
    "ReceiveCoilActiveElements": "HEA;HEP",
    "PulseSequenceDetails": "%CustomerSeq%_cmrr_mbep2d_bold",
    "WipMemBlock": "64d9fd1b-0508-4a94-99c1-f1d4772068fb||Sequence: R016 ve11c/master r/e634e98; Dec 19 2017 11:00:25 by eja",
    "RefLinesPE": 24,
    "ConsistencyInfo": "N4_VE11C_LATEST_20160120",
    "MultibandAccelerationFactor": 6,
    "PercentPhaseFOV": 100,
    "PercentSampling": 100,
    "EchoTrainLength": 42,
    "PhaseEncodingSteps": 83,
    "AcquisitionMatrixPE": 110,
    "ReconMatrixPE": 110,
    "BandwidthPerPixelPhaseEncode": 32.468,
    "ParallelReductionFactorInPlane": 2,
    "EffectiveEchoSpacing": 0.000279996,
    "DerivedVendorReportedEchoSpacing": 0.000559992,
    "TotalReadoutTime": 0.0305196,
    "PixelBandwidth": 2275,
    "DwellTime": 2e-06,
    "PhaseEncodingDirection": "j",
    "SliceTiming": [
        0,
        0.725,
        1.4525,
        0.435,
        1.1625,
        0.145,
        0.87,
        1.5975,
        0.58,
        1.3075,
        0.29,
        1.0175,
        0,
        0.725,
        1.4525,
        0.435,
        1.1625,
        0.145,
        0.87,
        1.5975,
        0.58,
        1.3075,
        0.29,
        1.0175,
        0,
        0.725,
        1.4525,
        0.435,
        1.1625,
        0.145,
        0.87,
        1.5975,
        0.58,
        1.3075,
        0.29,
        1.0175,
        0,
        0.725,
        1.4525,
        0.435,
        1.1625,
        0.145,
        0.87,
        1.5975,
        0.58,
        1.3075,
        0.29,
        1.0175,
        0,
        0.725,
        1.4525,
        0.435,
        1.1625,
        0.145,
        0.87,
        1.5975,
        0.58,
        1.3075,
        0.29,
        1.0175,
        0,
        0.725,
        1.4525,
        0.435,
        1.1625,
        0.145,
        0.87,
        1.5975,
        0.58,
        1.3075,
        0.29,
        1.0175
    ],
    "ImageOrientationPatientDICOM": [
        0.998243,
        0.0571364,
        0.0157006,
        -0.0577331,
        0.997505,
        0.0406193
    ],
    "InPlanePhaseEncodingDirectionDICOM": "COL",
    "ConversionSoftware": "dcm2niix",
    "ConversionSoftwareVersion": "v1.0.20200331",
    "TaskName": "BOLDREST1NORDICME52mm"
}
