{
	"Modality": "MR",
	"MagneticFieldStrength": 3,
	"ImagingFrequency": 123.246873,
	"Manufacturer": "Siemens",
	"ManufacturersModelName": "Prisma_fit",
	"InstitutionName": "Washington University",
	"InstitutionalDepartmentName": "Department",
	"InstitutionAddress": "Scott Ave 4525,St. Louis,MO,US,63110",
	"DeviceSerialNumber": "67064",
	"StationName": "MRC35177",
	"SeriesInstanceUID": "1.3.12.2.1107.5.2.43.67064.30000021091319111062800000173",
	"StudyInstanceUID": "1.3.12.2.1107.5.2.43.67064.30000021091312111062800005682",
	"StudyID": "1",
	"PatientName": "P2",
	"PatientID": "P2_Between4",
	"PatientBirthDate": "1984-01-01",
	"PatientSex": "M",
	"PatientWeight": 72.5748,
	"PatientAge": 37,
	"BodyPartExamined": "HEAD",
	"PatientPosition": "HFS",
	"ProcedureStepDescription": "head^Nicol",
	"SoftwareVersions": "syngo MR E11",
	"MRAcquisitionType": "2D",
	"SeriesDescription": "SpinEchoFieldMap_PA_2mm_CJL_mod_72slices",
	"ProtocolName": "SpinEchoFieldMap_PA_2mm_CJL_mod_72slices",
	"ScanningSequence": "EP",
	"SequenceVariant": "SK",
	"ScanOptions": "FS",
	"SequenceName": "epse2d1_110",
	"ImageType": ["ORIGINAL", "PRIMARY", "M", "ND", "MOSAIC"],
	"NonlinearGradientCorrection": false,
	"SeriesNumber": 8,
	"AcquisitionTime": "09:41:33.587500",
	"AcquisitionDateTime": "2021-09-09T09:41:33.587500",
	"AcquisitionNumber": 1,
	"SliceThickness": 2,
	"SpacingBetweenSlices": 2,
	"SAR": 0.165869,
	"EchoTime": 0.0668,
	"RepetitionTime": 8.05,
	"FlipAngle": 90,
	"PartialFourier": 1,
	"BaseResolution": 110,
	"ShimSetting": [
		-1995,
		-11499,
		5910,
		560,
		64,
		167,
		62,
		-1	],
	"TxRefAmp": 250.207,
	"PhaseResolution": 1,
	"VendorReportedEchoSpacing": 0.00056,
	"ReceiveCoilName": "Head_32",
	"ReceiveCoilActiveElements": "HEA;HEP",
	"PulseSequenceDetails": "%CustomerSeq%\\cmrr_mbep2d_se",
	"WipMemBlock": "593dea36-720e-48bf-b87c-ff331fc039f4||Sequence: R016 ve11c/master r/e634e98; Dec 19 2017 11:22:56 by eja",
	"CoilCombinationMethod": "Sum of Squares",
	"ConsistencyInfo": "N4_VE11C_LATEST_20160120",
	"MatrixCoilMode": "SENSE",
	"PercentPhaseFOV": 100,
	"PercentSampling": 100,
	"EchoTrainLength": 110,
	"PhaseEncodingSteps": 110,
	"AcquisitionMatrixPE": 110,
	"ReconMatrixPE": 110,
	"BandwidthPerPixelPhaseEncode": 16.234,
	"EffectiveEchoSpacing": 0.000559992,
	"DerivedVendorReportedEchoSpacing": 0.000559992,
	"TotalReadoutTime": 0.0610391,
	"PixelBandwidth": 2275,
	"DwellTime": 2e-06,
	"PhaseEncodingDirection": "j",
	"SliceTiming": [
		4.015,
		0,
		4.1275,
		0.1125,
		4.24,
		0.225,
		4.35,
		0.335,
		4.4625,
		0.4475,
		4.5725,
		0.5575,
		4.685,
		0.67,
		4.7975,
		0.7825,
		4.9075,
		0.8925,
		5.02,
		1.005,
		5.13,
		1.1175,
		5.2425,
		1.2275,
		5.355,
		1.34,
		5.465,
		1.45,
		5.5775,
		1.5625,
		5.6875,
		1.675,
		5.8,
		1.785,
		5.9125,
		1.8975,
		6.0225,
		2.0075,
		6.135,
		2.12,
		6.245,
		2.2325,
		6.3575,
		2.3425,
		6.47,
		2.455,
		6.58,
		2.565,
		6.6925,
		2.6775,
		6.805,
		2.79,
		6.915,
		2.9,
		7.0275,
		3.0125,
		7.1375,
		3.1225,
		7.25,
		3.235,
		7.3625,
		3.3475,
		7.4725,
		3.4575,
		7.585,
		3.57,
		7.695,
		3.6825,
		7.8075,
		3.7925,
		7.92,
		3.905	],
	"ImageOrientationPatientDICOM": [
		0.999514,
		0.0116933,
		-0.0288999,
		-0.0102928,
		0.998787,
		0.0481435	],
	"ImageOrientationText": "Tra>Cor(2.7)>Sag(-1.7)",
	"InPlanePhaseEncodingDirectionDICOM": "COL",
	"BidsGuess": ["fmap","_acq-epse2_dir-PA_run-8_epi"],
	"ConversionSoftware": "dcm2niix",
	"ConversionSoftwareVersion": "v1.0.20240202"
}
