{
	"Modality": "MR",
	"MagneticFieldStrength": 3,
	"ImagingFrequency": 123.246768,
	"Manufacturer": "Siemens",
	"ManufacturersModelName": "Prisma_fit",
	"InstitutionName": "Washington University",
	"InstitutionalDepartmentName": "Department",
	"InstitutionAddress": "Scott Ave 4525,St. Louis,MO,US,63110",
	"DeviceSerialNumber": "67064",
	"StationName": "MRC35177",
	"SeriesInstanceUID": "1.3.12.2.1107.5.2.43.67064.2021072608320287651091475.0.0.0",
	"StudyInstanceUID": "1.3.12.2.1107.5.2.43.67064.30000021071114040269100000139",
	"StudyID": "1",
	"PatientName": "P1",
	"PatientID": "P2_After1",
	"PatientBirthDate": "1977-01-01",
	"PatientSex": "M",
	"PatientWeight": 102.965,
	"PatientAge": 44,
	"BodyPartExamined": "HEAD",
	"PatientPosition": "HFS",
	"ProcedureStepDescription": "head^Nicol",
	"SoftwareVersions": "syngo MR E11",
	"MRAcquisitionType": "2D",
	"SeriesDescription": "SpinEchoFieldMap_PA_2mm_CJL_mod_72slices",
	"ProtocolName": "SpinEchoFieldMap_PA_2mm_CJL_mod_72slices",
	"ScanningSequence": "EP",
	"SequenceVariant": "SK",
	"ScanOptions": "FS",
	"SequenceName": "epse2d1_110",
	"ImageType": ["ORIGINAL", "PRIMARY", "M", "ND", "MOSAIC"],
	"NonlinearGradientCorrection": false,
	"SeriesNumber": 8,
	"AcquisitionTime": "08:32:6.595000",
	"AcquisitionDateTime": "2021-07-26T08:32:6.595000",
	"AcquisitionNumber": 1,
	"SliceThickness": 2,
	"SpacingBetweenSlices": 2,
	"SAR": 0.131371,
	"EchoTime": 0.0668,
	"RepetitionTime": 8.05,
	"FlipAngle": 90,
	"PartialFourier": 1,
	"BaseResolution": 110,
	"ShimSetting": [
		-1988,
		-11529,
		5792,
		536,
		-8,
		78,
		-120,
		-6	],
	"TxRefAmp": 257.654,
	"PhaseResolution": 1,
	"VendorReportedEchoSpacing": 0.00056,
	"ReceiveCoilName": "Head_32",
	"ReceiveCoilActiveElements": "HEA;HEP",
	"PulseSequenceDetails": "%CustomerSeq%\\cmrr_mbep2d_se",
	"WipMemBlock": "bcf14465-fd9e-4959-b0b3-cfb30c164e66||Sequence: R016 ve11c/master r/e634e98; Dec 19 2017 11:22:56 by eja",
	"CoilCombinationMethod": "Sum of Squares",
	"ConsistencyInfo": "N4_VE11C_LATEST_20160120",
	"MatrixCoilMode": "SENSE",
	"PercentPhaseFOV": 100,
	"PercentSampling": 100,
	"EchoTrainLength": 110,
	"PhaseEncodingSteps": 110,
	"AcquisitionMatrixPE": 110,
	"ReconMatrixPE": 110,
	"BandwidthPerPixelPhaseEncode": 16.234,
	"EffectiveEchoSpacing": 0.000559992,
	"DerivedVendorReportedEchoSpacing": 0.000559992,
	"TotalReadoutTime": 0.0610391,
	"PixelBandwidth": 2275,
	"DwellTime": 2e-06,
	"PhaseEncodingDirection": "j",
	"SliceTiming": [
		4.015,
		0,
		4.1275,
		0.1125,
		4.2375,
		0.2225,
		4.35,
		0.335,
		4.46,
		0.4475,
		4.5725,
		0.5575,
		4.685,
		0.67,
		4.795,
		0.78,
		4.9075,
		0.8925,
		5.0175,
		1.005,
		5.13,
		1.115,
		5.2425,
		1.2275,
		5.3525,
		1.3375,
		5.465,
		1.45,
		5.5775,
		1.5625,
		5.6875,
		1.6725,
		5.8,
		1.785,
		5.91,
		1.895,
		6.0225,
		2.0075,
		6.135,
		2.12,
		6.245,
		2.23,
		6.3575,
		2.3425,
		6.4675,
		2.4525,
		6.58,
		2.565,
		6.6925,
		2.6775,
		6.8025,
		2.7875,
		6.915,
		2.9,
		7.025,
		3.0125,
		7.1375,
		3.1225,
		7.25,
		3.235,
		7.36,
		3.345,
		7.4725,
		3.4575,
		7.5825,
		3.57,
		7.695,
		3.68,
		7.8075,
		3.7925,
		7.9175,
		3.9025	],
	"ImageOrientationPatientDICOM": [
		0.999499,
		0.00796333,
		-0.0306341,
		-0.00732684,
		0.999756,
		0.0208335	],
	"ImageOrientationText": "Tra>Sag(-1.8)>Cor(1.2)",
	"InPlanePhaseEncodingDirectionDICOM": "COL",
	"BidsGuess": ["fmap","_acq-epse2_dir-PA_run-8_epi"],
	"ConversionSoftware": "dcm2niix",
	"ConversionSoftwareVersion": "v1.0.20240202"
}
