{
	"Modality": "MR",
	"MagneticFieldStrength": 3,
	"ImagingFrequency": 123.255,
	"Manufacturer": "Siemens",
	"ManufacturersModelName": "Prisma_fit",
	"InstitutionName": "Washington_University",
	"InstitutionalDepartmentName": "Department",
	"InstitutionAddress": "Scott_Ave_4525_St._Louis_MO_US_63110",
	"DeviceSerialNumber": "67064",
	"StationName": "MRC35177",
	"SeriesInstanceUID": "1.3.12.2.1107.5.2.43.67064.2022120708583091693253242.0.0.0",
	"StudyInstanceUID": "1.3.12.2.1107.5.2.43.67064.30000022120515091430800000016",
	"ReferringPhysicianName": ".",
	"StudyID": "1",
	"PatientName": "P4R",
	"PatientID": "PS102_Baseline1",
	"PatientBirthDate": "1984-02-24",
	"PatientSex": "F",
	"PatientWeight": 77.1107,
	"BodyPartExamined": "HEAD",
	"PatientPosition": "HFS",
	"ProcedureStepDescription": "head_Nicol",
	"SoftwareVersions": "syngo_MR_E11",
	"MRAcquisitionType": "2D",
	"SeriesDescription": "SpinEchoFieldMap_AP_2mm_CJL_mod_72slices",
	"ProtocolName": "SpinEchoFieldMap_AP_2mm_CJL_mod_72slices",
	"ScanningSequence": "EP",
	"SequenceVariant": "SK",
	"ScanOptions": "FS",
	"SequenceName": "epse2d1_110",
	"ImageType": ["ORIGINAL", "PRIMARY", "M", "ND", "MOSAIC"],
	"SeriesNumber": 9,
	"AcquisitionTime": "08:58:33.165000",
	"AcquisitionDateTime": "2022-12-07T08:58:33.165000",
	"AcquisitionNumber": 1,
	"SliceThickness": 2,
	"SpacingBetweenSlices": 2,
	"SAR": 0.155049,
	"EchoTime": 0.0668,
	"RepetitionTime": 8.05,
	"FlipAngle": 90,
	"PartialFourier": 1,
	"BaseResolution": 110,
	"ShimSetting": [
		-2258,
		-11729,
		5943,
		830,
		-126,
		55,
		-29,
		-62	],
	"TxRefAmp": 257.602,
	"PhaseResolution": 1,
	"VendorReportedEchoSpacing": 0.00056,
	"ReceiveCoilName": "Head_32",
	"ReceiveCoilActiveElements": "HEA;HEP",
	"PulseSequenceDetails": "%CustomerSeq%_cmrr_mbep2d_se",
	"WipMemBlock": "c1b2bc69-3fd9-4f6e-9507-4d9420ed7be5||Sequence: R016 ve11c/master r/e634e98; Dec 19 2017 11:22:56 by eja",
	"ConsistencyInfo": "N4_VE11C_LATEST_20160120",
	"PercentPhaseFOV": 100,
	"PercentSampling": 100,
	"EchoTrainLength": 110,
	"PhaseEncodingSteps": 110,
	"AcquisitionMatrixPE": 110,
	"ReconMatrixPE": 110,
	"BandwidthPerPixelPhaseEncode": 16.234,
	"EffectiveEchoSpacing": 0.000559992,
	"DerivedVendorReportedEchoSpacing": 0.000559992,
	"TotalReadoutTime": 0.0610391,
	"PixelBandwidth": 2275,
	"DwellTime": 2e-06,
	"PhaseEncodingDirection": "j-",
	"SliceTiming": [
		4.015,
		0,
		4.1275,
		0.1125,
		4.2375,
		0.225,
		4.35,
		0.335,
		4.4625,
		0.4475,
		4.5725,
		0.5575,
		4.685,
		0.67,
		4.795,
		0.7825,
		4.9075,
		0.8925,
		5.02,
		1.005,
		5.13,
		1.115,
		5.2425,
		1.2275,
		5.3525,
		1.34,
		5.465,
		1.45,
		5.5775,
		1.5625,
		5.6875,
		1.6725,
		5.8,
		1.785,
		5.9125,
		1.8975,
		6.0225,
		2.0075,
		6.135,
		2.12,
		6.245,
		2.23,
		6.3575,
		2.3425,
		6.47,
		2.455,
		6.58,
		2.565,
		6.6925,
		2.6775,
		6.8025,
		2.79,
		6.915,
		2.9,
		7.0275,
		3.0125,
		7.1375,
		3.1225,
		7.25,
		3.235,
		7.36,
		3.3475,
		7.4725,
		3.4575,
		7.585,
		3.57,
		7.695,
		3.68,
		7.8075,
		3.7925,
		7.9175,
		3.905	],
	"ImageOrientationPatientDICOM": [
		0.998545,
		-0.0301551,
		0.044704,
		0.0254503,
		0.994427,
		0.102313	],
	"InPlanePhaseEncodingDirectionDICOM": "COL",
	"ConversionSoftware": "dcm2niix",
	"ConversionSoftwareVersion": "v1.0.20200331"
}
