{
    "Modality": "MR",
    "MagneticFieldStrength": 3,
    "ImagingFrequency": 123.25529,
    "Manufacturer": "Siemens",
    "ManufacturersModelName": "Prisma_fit",
    "InstitutionName": "Washington University",
    "InstitutionalDepartmentName": "Department",
    "InstitutionAddress": "Scott Ave 4525,St. Louis,MO,US,63110",
    "DeviceSerialNumber": "67064",
    "StationName": "MRC35177",
    "SeriesInstanceUID": "1.3.12.2.1107.5.2.43.67064.2022030408500661277847639.0.0.0",
    "StudyInstanceUID": "1.3.12.2.1107.5.2.43.67064.30000022030214485785300000028",
    "StudyID": "1",
    "PatientName": "P4",
    "PatientID": "After4",
    "PatientBirthDate": "1984-02-24",
    "PatientSex": "F",
    "PatientWeight": 72.5748,
    "PatientAge": 38,
    "BodyPartExamined": "HEAD",
    "PatientPosition": "HFS",
    "ProcedureStepDescription": "head^Nicol",
    "SoftwareVersions": "syngo MR E11",
    "MRAcquisitionType": "2D",
    "SeriesDescription": "BOLD_REST1_NORDIC_ME5_2mm",
    "ProtocolName": "BOLD_REST1_NORDIC_ME5_2mm",
    "ScanningSequence": "EP",
    "SequenceVariant": "SK_SS",
    "ScanOptions": "PFP_FS_CT",
    "SequenceName": "epfid2d5_110",
    "ImageType": [
        "ORIGINAL",
        "PRIMARY",
        "M",
        "MB",
        "TE1",
        "ND",
        "NORM",
        "MOSAIC"
    ],
    "NonlinearGradientCorrection": false,
    "SeriesNumber": 10,
    "AcquisitionTime": "08:51:6.125000",
    "AcquisitionDateTime": "2022-03-04T08:51:6.125000",
    "AcquisitionNumber": 1,
    "ImageComments": "Unaliased MB6/PE4/LB SENSE1+",
    "SliceThickness": 2,
    "SpacingBetweenSlices": 2,
    "SAR": 0.0587432,
    "EchoNumber": 1,
    "EchoTime": 0.0142,
    "RepetitionTime": 1.761,
    "FlipAngle": 68,
    "PartialFourier": 0.75,
    "BaseResolution": 110,
    "ShimSetting": [
        -2267,
        -11714,
        5879,
        687,
        -215,
        69,
        71,
        -74
    ],
    "TxRefAmp": 255.249,
    "PhaseResolution": 1,
    "ReceiveCoilName": "Head_32",
    "ReceiveCoilActiveElements": "HEA;HEP",
    "PulseSequenceDetails": "%CustomerSeq%_cmrr_mbep2d_bold",
    "WipMemBlock": "eaca2227-b973-4437-9f76-77ab7c5a9069||Sequence: R016 ve11c/master r/e634e98; Dec 19 2017 11:00:25 by eja",
    "RefLinesPE": 24,
    "CoilCombinationMethod": "Sum of Squares",
    "ConsistencyInfo": "N4_VE11C_LATEST_20160120",
    "MatrixCoilMode": "GRAPPA",
    "MultibandAccelerationFactor": 6,
    "PercentPhaseFOV": 100,
    "PercentSampling": 100,
    "EchoTrainLength": 42,
    "PhaseEncodingSteps": 83,
    "AcquisitionMatrixPE": 110,
    "ReconMatrixPE": 110,
    "BandwidthPerPixelPhaseEncode": 32.468,
    "ParallelReductionFactorInPlane": 2,
    "EffectiveEchoSpacing": 0.000279996,
    "DerivedVendorReportedEchoSpacing": 0.000559992,
    "TotalReadoutTime": 0.0305196,
    "PixelBandwidth": 2275,
    "DwellTime": 2e-06,
    "PhaseEncodingDirection": "j",
    "SliceTiming": [
        0,
        0.725,
        1.45,
        0.435,
        1.16,
        0.145,
        0.87,
        1.595,
        0.58,
        1.305,
        0.29,
        1.015,
        0,
        0.725,
        1.45,
        0.435,
        1.16,
        0.145,
        0.87,
        1.595,
        0.58,
        1.305,
        0.29,
        1.015,
        0,
        0.725,
        1.45,
        0.435,
        1.16,
        0.145,
        0.87,
        1.595,
        0.58,
        1.305,
        0.29,
        1.015,
        0,
        0.725,
        1.45,
        0.435,
        1.16,
        0.145,
        0.87,
        1.595,
        0.58,
        1.305,
        0.29,
        1.015,
        0,
        0.725,
        1.45,
        0.435,
        1.16,
        0.145,
        0.87,
        1.595,
        0.58,
        1.305,
        0.29,
        1.015,
        0,
        0.725,
        1.45,
        0.435,
        1.16,
        0.145,
        0.87,
        1.595,
        0.58,
        1.305,
        0.29,
        1.015
    ],
    "ImageOrientationPatientDICOM": [
        0.999439,
        0.0127838,
        0.0309651,
        -0.0162238,
        0.993403,
        0.113523
    ],
    "ImageOrientationText": "Tra>Cor(6.5)>Sag(1.7)",
    "InPlanePhaseEncodingDirectionDICOM": "COL",
    "BidsGuess": [
        "func",
        "_acq-epfid2p2m6_dir-PA_run-10_echo-1_bold"
    ],
    "ConversionSoftware": "dcm2niix",
    "ConversionSoftwareVersion": "v1.0.20240202",
    "TaskName": "BOLDREST1NORDICME52mm"
}
