{
	"Modality": "MR",
	"MagneticFieldStrength": 3,
	"ImagingFrequency": 123.255302,
	"Manufacturer": "Siemens",
	"ManufacturersModelName": "Prisma_fit",
	"InstitutionName": "Washington University",
	"InstitutionalDepartmentName": "Department",
	"InstitutionAddress": "Scott Ave 4525,St. Louis,MO,US,63110",
	"DeviceSerialNumber": "67064",
	"StationName": "MRC35177",
	"SeriesInstanceUID": "1.3.12.2.1107.5.2.43.67064.2022021708354525781139795.0.0.0",
	"StudyInstanceUID": "1.3.12.2.1107.5.2.43.67064.30000022021216450336900000043",
	"StudyID": "1",
	"PatientName": "P4",
	"PatientID": "P4_Baseline4",
	"PatientBirthDate": "1985-02-24",
	"PatientSex": "F",
	"PatientWeight": 76.6571,
	"PatientAge": 36,
	"BodyPartExamined": "HEAD",
	"PatientPosition": "HFS",
	"ProcedureStepDescription": "head^Nicol",
	"SoftwareVersions": "syngo MR E11",
	"MRAcquisitionType": "3D",
	"SeriesDescription": "t2_spc_0p9mm_iso",
	"ProtocolName": "t2_spc_0p9mm_iso",
	"ScanningSequence": "SE",
	"SequenceVariant": "SK\\SP\\OSP",
	"ScanOptions": "PFP",
	"SequenceName": "*spc_278ns",
	"ImageType": ["ORIGINAL", "PRIMARY", "M", "ND", "NORM"],
	"NonlinearGradientCorrection": false,
	"SeriesNumber": 8,
	"AcquisitionTime": "08:30:8.515000",
	"AcquisitionDateTime": "2022-02-17T08:30:8.515000",
	"AcquisitionNumber": 1,
	"SliceThickness": 0.9,
	"SAR": 0.157154,
	"EchoTime": 0.294,
	"RepetitionTime": 3.2,
	"SpoilingState": true,
	"FlipAngle": 120,
	"VariableFlipAngleFlag": true,
	"PartialFourier": 1,
	"BaseResolution": 256,
	"ShimSetting": [
		-2277,
		-11744,
		5945,
		641,
		-143,
		-52,
		41,
		-68	],
	"TxRefAmp": 255.819,
	"PhaseResolution": 0.99,
	"ReceiveCoilName": "Head_32",
	"ReceiveCoilActiveElements": "HEA;HEP",
	"PulseSequenceDetails": "%SiemensSeq%\\tse_vfl",
	"RefLinesPE": 24,
	"CoilCombinationMethod": "Adaptive Combine",
	"ConsistencyInfo": "N4_VE11C_LATEST_20160120",
	"MatrixCoilMode": "GRAPPA",
	"PercentPhaseFOV": 100,
	"PercentSampling": 99,
	"EchoTrainLength": 219,
	"PhaseEncodingSteps": 194,
	"AcquisitionMatrixPE": 253,
	"ReconMatrixPE": 256,
	"ParallelReductionFactorInPlane": 2,
	"PixelBandwidth": 700,
	"DwellTime": 2.8e-06,
	"PhaseEncodingDirection": "i",
	"ImageOrientationPatientDICOM": [
		-0.0327948,
		0.997932,
		0.0552884,
		0.0175573,
		0.0558848,
		-0.998283	],
	"ImageOrientationText": "Sag>Cor(-1.8)>Tra(-1.1)",
	"InPlanePhaseEncodingDirectionDICOM": "ROW",
	"BidsGuess": ["anat","_acq-spc2p2_run-8_T2w"],
	"ConversionSoftware": "dcm2niix",
	"ConversionSoftwareVersion": "v1.0.20240202"
}
