{
	"Modality": "MR",
	"MagneticFieldStrength": 3,
	"ImagingFrequency": 123.246108,
	"Manufacturer": "Siemens",
	"ManufacturersModelName": "Prisma_fit",
	"InstitutionName": "Washington University",
	"InstitutionalDepartmentName": "Department",
	"InstitutionAddress": "Scott Ave 4525,St. Louis,MO,US,63110",
	"DeviceSerialNumber": "67064",
	"StationName": "MRC35177",
	"SeriesInstanceUID": "1.3.12.2.1107.5.2.43.67064.2021121021545598091449150.0.0.0",
	"StudyInstanceUID": "1.3.12.2.1107.5.2.43.166158.30000021120723110458500000043",
	"StudyID": "3",
	"PatientName": "P5",
	"PatientID": "Baseline1",
	"PatientBirthDate": "2002-01-01",
	"PatientSex": "M",
	"PatientWeight": 76.2035,
	"PatientAge": 19,
	"BodyPartExamined": "HEAD",
	"PatientPosition": "HFS",
	"ProcedureStepDescription": "head^Nicol",
	"SoftwareVersions": "syngo MR E11",
	"MRAcquisitionType": "2D",
	"SeriesDescription": "ABCD_dMRI_b3000_2p0mm_te83_tr3500",
	"ProtocolName": "ABCD_dMRI_b3000_2p0mm_te83_tr3500",
	"ScanningSequence": "EP",
	"SequenceVariant": "SK\\SP",
	"ScanOptions": "PFP\\FS",
	"SequenceName": "ep_b0",
	"ImageType": ["ORIGINAL", "PRIMARY", "DIFFUSION", "NONE", "ND", "MOSAIC"],
	"NonlinearGradientCorrection": false,
	"SeriesNumber": 26,
	"AcquisitionTime": "21:55:26.745000",
	"AcquisitionDateTime": "2021-12-10T21:55:26.745000",
	"AcquisitionNumber": 1,
	"SliceThickness": 2,
	"SpacingBetweenSlices": 2,
	"SAR": 0.325331,
	"EchoTime": 0.083,
	"RepetitionTime": 3.5,
	"SpoilingState": true,
	"FlipAngle": 90,
	"PartialFourier": 0.75,
	"BaseResolution": 120,
	"ShimSetting": [
		-2006,
		-11526,
		5695,
		586,
		3,
		185,
		36,
		-93	],
	"DiffusionScheme": "Monopolar",
	"TxRefAmp": 260.637,
	"PhaseResolution": 1,
	"ReceiveCoilName": "Head_32",
	"ReceiveCoilActiveElements": "HEA;HEP",
	"PulseSequenceDetails": "%CustomerSeq%\\ep2d_diff_sms_abcd",
	"WipMemBlock": "548ceb07-b1c0-48a5-ac69-56b795881553",
	"RefLinesPE": 61,
	"CoilCombinationMethod": "Adaptive Combine",
	"ConsistencyInfo": "N4_VE11C_LATEST_20160120",
	"MultibandAccelerationFactor": 3,
	"PercentPhaseFOV": 100,
	"PercentSampling": 100,
	"EchoTrainLength": 90,
	"PhaseEncodingSteps": 90,
	"AcquisitionMatrixPE": 120,
	"ReconMatrixPE": 120,
	"BandwidthPerPixelPhaseEncode": 11.905,
	"EffectiveEchoSpacing": 0.000699986,
	"DerivedVendorReportedEchoSpacing": 0.000699986,
	"TotalReadoutTime": 0.0832983,
	"PixelBandwidth": 1665,
	"DwellTime": 2.5e-06,
	"PhaseEncodingDirection": "j",
	"SliceTiming": [
		0,
		1.81,
		0.14,
		1.9475,
		0.2775,
		2.0875,
		0.4175,
		2.2275,
		0.5575,
		2.365,
		0.695,
		2.505,
		0.835,
		2.645,
		0.975,
		2.7825,
		1.1125,
		2.9225,
		1.2525,
		3.0625,
		1.3925,
		3.2,
		1.53,
		3.34,
		1.67,
		0,
		1.81,
		0.14,
		1.9475,
		0.2775,
		2.0875,
		0.4175,
		2.2275,
		0.5575,
		2.365,
		0.695,
		2.505,
		0.835,
		2.645,
		0.975,
		2.7825,
		1.1125,
		2.9225,
		1.2525,
		3.0625,
		1.3925,
		3.2,
		1.53,
		3.34,
		1.67,
		0,
		1.81,
		0.14,
		1.9475,
		0.2775,
		2.0875,
		0.4175,
		2.2275,
		0.5575,
		2.365,
		0.695,
		2.505,
		0.835,
		2.645,
		0.975,
		2.7825,
		1.1125,
		2.9225,
		1.2525,
		3.0625,
		1.3925,
		3.2,
		1.53,
		3.34,
		1.67	],
	"ImageOrientationPatientDICOM": [
		0.997926,
		-0.0426061,
		-0.0482621,
		0.0423489,
		0.999083,
		-0.00633928	],
	"ImageOrientationText": "Tra>Sag(-2.8)>Cor(-0.2)",
	"InPlanePhaseEncodingDirectionDICOM": "COL",
	"BidsGuess": ["dwi","_acq-epb0m3_dir-PA_run-26_dwi"],
	"ConversionSoftware": "dcm2niix",
	"ConversionSoftwareVersion": "v1.0.20240202"
}
