{
	"Modality": "MR",
	"MagneticFieldStrength": 3,
	"ImagingFrequency": 123.255599,
	"Manufacturer": "Siemens",
	"ManufacturersModelName": "Prisma_fit",
	"InstitutionName": "Washington University",
	"InstitutionalDepartmentName": "Department",
	"InstitutionAddress": "Scott Ave 4525,St. Louis,MO,US,63110",
	"DeviceSerialNumber": "67064",
	"StationName": "MRC35177",
	"SeriesInstanceUID": "1.3.12.2.1107.5.2.43.67064.2022021509302292246892628.0.0.0",
	"StudyInstanceUID": "1.3.12.2.1107.5.2.43.67064.30000022021216450336900000013",
	"StudyID": "1",
	"PatientName": "P4",
	"PatientID": "P5_Before3",
	"PatientBirthDate": "1985-02-24",
	"PatientSex": "F",
	"PatientWeight": 76.6571,
	"PatientAge": 36,
	"BodyPartExamined": "HEAD",
	"PatientPosition": "HFS",
	"ProcedureStepDescription": "head^Nicol",
	"SoftwareVersions": "syngo MR E11",
	"MRAcquisitionType": "2D",
	"SeriesDescription": "ABCD_dMRI_b3000_2p0mm_te83_tr3500",
	"ProtocolName": "ABCD_dMRI_b3000_2p0mm_te83_tr3500",
	"ScanningSequence": "EP",
	"SequenceVariant": "SK\\SP",
	"ScanOptions": "PFP\\FS",
	"SequenceName": "ep_b0",
	"ImageType": ["ORIGINAL", "PRIMARY", "DIFFUSION", "NONE", "ND", "MOSAIC"],
	"NonlinearGradientCorrection": false,
	"SeriesNumber": 20,
	"AcquisitionTime": "09:30:38.257500",
	"AcquisitionDateTime": "2022-02-15T09:30:38.257500",
	"AcquisitionNumber": 1,
	"SliceThickness": 2,
	"SpacingBetweenSlices": 2,
	"SAR": 0.292326,
	"EchoTime": 0.083,
	"RepetitionTime": 3.5,
	"SpoilingState": true,
	"FlipAngle": 90,
	"PartialFourier": 0.75,
	"BaseResolution": 120,
	"ShimSetting": [
		-2266,
		-11708,
		5986,
		895,
		-57,
		144,
		-38,
		-14	],
	"DiffusionScheme": "Monopolar",
	"TxRefAmp": 266.841,
	"PhaseResolution": 1,
	"ReceiveCoilName": "Head_32",
	"ReceiveCoilActiveElements": "HEA;HEP",
	"PulseSequenceDetails": "%CustomerSeq%\\ep2d_diff_sms_abcd",
	"WipMemBlock": "cb3c9cfe-74d0-489b-8d49-c901fae017a1",
	"RefLinesPE": 61,
	"CoilCombinationMethod": "Adaptive Combine",
	"ConsistencyInfo": "N4_VE11C_LATEST_20160120",
	"MultibandAccelerationFactor": 3,
	"PercentPhaseFOV": 100,
	"PercentSampling": 100,
	"EchoTrainLength": 90,
	"PhaseEncodingSteps": 90,
	"AcquisitionMatrixPE": 120,
	"ReconMatrixPE": 120,
	"BandwidthPerPixelPhaseEncode": 11.905,
	"EffectiveEchoSpacing": 0.000699986,
	"DerivedVendorReportedEchoSpacing": 0.000699986,
	"TotalReadoutTime": 0.0832983,
	"PixelBandwidth": 1665,
	"DwellTime": 2.5e-06,
	"PhaseEncodingDirection": "j",
	"SliceTiming": [
		0,
		1.81,
		0.14,
		1.95,
		0.2775,
		2.0875,
		0.4175,
		2.2275,
		0.5575,
		2.3675,
		0.695,
		2.505,
		0.835,
		2.645,
		0.975,
		2.785,
		1.1125,
		2.9225,
		1.2525,
		3.0625,
		1.3925,
		3.2025,
		1.53,
		3.34,
		1.67,
		0,
		1.81,
		0.14,
		1.95,
		0.2775,
		2.0875,
		0.4175,
		2.2275,
		0.5575,
		2.3675,
		0.695,
		2.505,
		0.835,
		2.645,
		0.975,
		2.785,
		1.1125,
		2.9225,
		1.2525,
		3.0625,
		1.3925,
		3.2025,
		1.53,
		3.34,
		1.67,
		0,
		1.81,
		0.14,
		1.95,
		0.2775,
		2.0875,
		0.4175,
		2.2275,
		0.5575,
		2.3675,
		0.695,
		2.505,
		0.835,
		2.645,
		0.975,
		2.785,
		1.1125,
		2.9225,
		1.2525,
		3.0625,
		1.3925,
		3.2025,
		1.53,
		3.34,
		1.67	],
	"ImageOrientationPatientDICOM": [
		0.996142,
		-0.061802,
		0.0623102,
		0.0623228,
		0.998035,
		-0.00644761	],
	"ImageOrientationText": "Tra>Sag(3.5)>Cor(-0.6)",
	"InPlanePhaseEncodingDirectionDICOM": "COL",
	"BidsGuess": ["dwi","_acq-epb0m3_dir-PA_run-20_dwi"],
	"ConversionSoftware": "dcm2niix",
	"ConversionSoftwareVersion": "v1.0.20240202"
}
