{
    "Modality": "MR",
    "MagneticFieldStrength": 3,
    "ImagingFrequency": 123.244165,
    "Manufacturer": "Siemens",
    "ManufacturersModelName": "Prisma",
    "InstitutionName": "WUSTL_bay1",
    "InstitutionalDepartmentName": "Research",
    "InstitutionAddress": "Scott St. 4525,St. Louis,Missouri,US,63110",
    "DeviceSerialNumber": "166158",
    "StationName": "AWP166158",
    "BodyPartExamined": "BRAIN",
    "PatientPosition": "HFS",
    "ProcedureStepDescription": "HEAD^Laumann",
    "SoftwareVersions": "syngo MR E11",
    "MRAcquisitionType": "3D",
    "SeriesDescription": "T1w_MPR_vNav_woNav_4e",
    "ProtocolName": "T1w_MPR_vNav_woNav_4e",
    "ScanningSequence": "GR\\IR",
    "SequenceVariant": "SK\\SP\\MP",
    "ScanOptions": "IR\\WE",
    "SequenceName": "tfl3d4_16ns",
    "ImageType": [
        "ORIGINAL",
        "PRIMARY",
        "M",
        "ND"
    ],
    "NonlinearGradientCorrection": false,
    "SeriesNumber": 15,
    "AcquisitionTime": "17:58:9.490000",
    "AcquisitionNumber": 1,
    "SliceThickness": 0.8,
    "SAR": 0.0349016,
    "EchoNumber": 2,
    "EchoTime": 0.0036,
    "RepetitionTime": 2.5,
    "SpoilingState": true,
    "InversionTime": 1,
    "FlipAngle": 8,
    "PartialFourier": 1,
    "BaseResolution": 320,
    "ShimSetting": [
        4627,
        -7158,
        197,
        170,
        -54,
        -322,
        -6,
        39
    ],
    "TxRefAmp": 256.053,
    "PhaseResolution": 1,
    "ReceiveCoilName": "HeadNeck_64",
    "ReceiveCoilActiveElements": "HC1-7;NC1,2",
    "PulseSequenceDetails": "%CustomerSeq%\\tfl_mgh_epinav_ABCD",
    "WipMemBlock": "Prisma_epi_moco_navigator_ABCD_tfl.prot",
    "RefLinesPE": 32,
    "CoilCombinationMethod": "Adaptive Combine",
    "ConsistencyInfo": "N4_VE11C_LATEST_20160120",
    "MatrixCoilMode": "GRAPPA",
    "PercentPhaseFOV": 93.75,
    "PercentSampling": 100,
    "PhaseEncodingSteps": 299,
    "AcquisitionMatrixPE": 300,
    "ReconMatrixPE": 300,
    "ParallelReductionFactorInPlane": 2,
    "PixelBandwidth": 745,
    "DwellTime": 2.1e-06,
    "ImageOrientationPatientDICOM": [
        0.0565185,
        0.919195,
        -0.389726,
        -0.00812058,
        -0.389913,
        -0.920816
    ],
    "ImageOrientationText": "Sag>Cor(3.2)>Tra(-0.8)",
    "InPlanePhaseEncodingDirectionDICOM": "ROW",
    "ConversionSoftware": "dcm2niix",
    "ConversionSoftwareVersion": "v1.0.20230411",
    "Dcm2bidsVersion": "2.1.6"
}