{
  "AcquisitionMatrixPE": 300,
  "AcquisitionNumber": 1,
  "AcquisitionTime": "18:24:29.502500",
  "BaseResolution": 320,
  "BodyPartExamined": "BRAIN",
  "CoilCombinationMethod": "Adaptive Combine",
  "ConsistencyInfo": "N4_VE11C_LATEST_20160120",
  "ConversionSoftware": "dcm2niix",
  "ConversionSoftwareVersion": "v1.0.20230411",
  "DeviceSerialNumber": "166158",
  "DwellTime": 2.1e-06,
  "EchoTime": 0.564,
  "EchoTrainLength": 303,
  "FlipAngle": 120,
  "HeudiconvVersion": "1.0.0",
  "ImageOrientationPatientDICOM": [0.0565185, 0.919195, -0.389726, -0.00812058, -0.389913, -0.920816],
  "ImageOrientationText": "Sag>Cor(3.2)>Tra(-0.8)",
  "ImageType": [
    "ORIGINAL",
    "PRIMARY",
    "M",
    "ND",
    "NORM",
    "SH",
    "FIL"
],
  "ImagingFrequency": 123.244165,
  "InPlanePhaseEncodingDirectionDICOM": "ROW",
  "InstitutionAddress": "Scott St. 4525,St. Louis,Missouri,US,63110",
  "InstitutionName": "WUSTL_bay1",
  "InstitutionalDepartmentName": "Research",
  "MRAcquisitionType": "3D",
  "MagneticFieldStrength": 3,
  "Manufacturer": "Siemens",
  "ManufacturersModelName": "Prisma",
  "MatrixCoilMode": "GRAPPA",
  "Modality": "MR",
  "NonlinearGradientCorrection": false,
  "ParallelReductionFactorInPlane": 2,
  "PartialFourier": 1,
  "PatientPosition": "HFS",
  "PercentPhaseFOV": 93.75,
  "PercentSampling": 100,
  "PhaseEncodingDirection": "i",
  "PhaseEncodingSteps": 273,
  "PhaseResolution": 1,
  "PixelBandwidth": 745,
  "ProcedureStepDescription": "HEAD^Laumann",
  "ProtocolName": "T2w_SPC_vNav_woNav",
  "PulseSequenceDetails": "%CustomerSeq%\\tse_vfl_mgh_epinav_ABCD",
  "ReceiveCoilActiveElements": "HC1-7;NC1,2",
  "ReceiveCoilName": "HeadNeck_64",
  "ReconMatrixPE": 300,
  "RefLinesPE": 32,
  "RepetitionTime": 3.2,
  "SAR": 0.119223,
  "ScanOptions": "PFP",
  "ScanningSequence": "SE",
  "SequenceName": "spc_314ns",
  "SequenceVariant": "SK\\SP",
  "SeriesDescription": "T2w_SPC_vNav_woNav",
  "SeriesNumber": 28,
  "ShimSetting": [4627, -7158, 197, 170, -54, -322, -6, 39],
  "SliceThickness": 0.8,
  "SoftwareVersions": "syngo MR E11",
  "SpoilingState": true,
  "StationName": "AWP166158",
  "TxRefAmp": 256.053,
  "VariableFlipAngleFlag": true,
  "WipMemBlock": "Prisma_epi_moco_navigator_ABCD_tse_vfl.prot",
  "dcmmeta_affine": [
    [0.7986947894096375, 0.045214828103780746, -0.006496467627584934, -86.46468353271484],
    [-0.04416636377573013, 0.7353560924530029, -0.31193071603775024, -40.82188034057617],
    [-0.011658345349133015, 0.31178048253059387, 0.7366526126861572, -174.39544677734375],
    [0.0, 0.0, 0.0, 1.0]
],
  "dcmmeta_reorient_transform": [
    [0.0, 0.0, -1.0, 319.0],
    [0.0, -1.0, 0.0, 299.0],
    [-1.0, 0.0, 0.0, 207.0],
    [0.0, 0.0, 0.0, 1.0]
],
  "dcmmeta_shape": [208, 300, 320],
  "dcmmeta_slice_dim": 0,
  "dcmmeta_version": 0.6,
  "global": {
    "const": {
      "AcquisitionMatrix": [0, 320, 300, 0],
      "AcquisitionNumber": 1,
      "AcquisitionTime": "182429.502500",
      "AngioFlag": "N",
      "BitsAllocated": 16,
      "BitsStored": 12,
      "BodyPartExamined": "BRAIN",
      "Columns": 300,
      "EchoNumbers": 1,
      "EchoTime": 564.0,
      "EchoTrainLength": 303,
      "FlipAngle": 120.0,
      "HighBit": 11,
      "ImageOrientationPatient": [0.05651853526311, 0.91919509697207, -0.3897255814984, -0.0081205845174, -0.3899133946689, -0.9208157257372],
      "ImageType": [
        "ORIGINAL",
        "PRIMARY",
        "M",
        "ND",
        "NORM",
        "SH",
        "FIL"
],
      "ImagedNucleus": "1H",
      "ImagingFrequency": 123.244165,
      "InPlanePhaseEncodingDirection": "ROW",
      "MRAcquisitionType": "3D",
      "MagneticFieldStrength": 3.0,
      "Manufacturer": "SIEMENS",
      "ManufacturerModelName": "Prisma",
      "Modality": "MR",
      "NumberOfAverages": 1.0,
      "NumberOfPhaseEncodingSteps": 273,
      "PercentPhaseFieldOfView": 93.75,
      "PercentSampling": 100.0,
      "PerformedProcedureStepStartTime": "173812.400000",
      "PhotometricInterpretation": "MONOCHROME2",
      "PixelBandwidth": 745.0,
      "PixelRepresentation": 0,
      "PixelSpacing": [0.80000001192093, 0.80000001192093],
      "ProtocolName": "T2w_SPC_vNav_woNav",
      "RepetitionTime": 3200.0,
      "Rows": 320,
      "SAR": 0.11922281835089,
      "SamplesPerPixel": 1,
      "ScanOptions": "PFP",
      "ScanningSequence": "SE",
      "SequenceName": "spc_314ns",
      "SequenceVariant": [
        "SK",
        "SP"
],
      "SeriesDescription": "T2w_SPC_vNav_woNav",
      "SeriesNumber": 28,
      "SeriesTime": "182958.985000",
      "SliceThickness": 0.79999995231628,
      "SmallestImagePixelValue": 0,
      "SoftwareVersions": "syngo MR E11",
      "SpecificCharacterSet": "ISO_IR 100",
      "StudyID": "1",
      "StudyTime": "173812.347000",
      "TransmitCoilName": "Body",
      "VariableFlipAngleFlag": "Y",
      "WindowCenterWidthExplanation": "Algo1",
      "dBdt": 0.0},
