{
	"Modality": "MR",
	"MagneticFieldStrength": 3,
	"ImagingFrequency": 123.244,
	"Manufacturer": "Siemens",
	"ManufacturersModelName": "Prisma",
	"InstitutionName": "WUSTL_bay1",
	"InstitutionalDepartmentName": "Research",
	"InstitutionAddress": "Scott_St._4525_St._Louis_Missouri_US_63110",
	"DeviceSerialNumber": "166158",
	"StationName": "AWP166158",
	"BodyPartExamined": "BRAIN",
	"PatientPosition": "HFS",
	"ProcedureStepDescription": "HEAD_Laumann",
	"SoftwareVersions": "syngo_MR_E11",
	"MRAcquisitionType": "3D",
	"SeriesDescription": "T1w_MPR_vNav_woNav_2e_0.5mm_RMS",
	"ProtocolName": "T1w_MPR_vNav_woNav_2e_0.5mm",
	"ScanningSequence": "GR_IR",
	"SequenceVariant": "SK_SP_MP",
	"ScanOptions": "IR_WE",
	"SequenceName": "tfl3d2_16ns",
	"ImageType": ["ORIGINAL", "PRIMARY", "OTHER", "ND", "NORM", "MEAN"],
	"SeriesNumber": 34,
	"AcquisitionTime": "18:37:22.377500",
	"AcquisitionNumber": 1,
	"SliceThickness": 0.5,
	"SAR": 0.0251353,
	"NumberOfAverages": 2,
	"EchoTime": 0.0036,
	"RepetitionTime": 3.68,
	"InversionTime": 1.5,
	"FlipAngle": 8,
	"PartialFourier": 1,
	"BaseResolution": 512,
	"ShimSetting": [
		4630,
		-7159,
		197,
		171,
		-49,
		-321,
		8,
		44	],
	"TxRefAmp": 256.053,
	"PhaseResolution": 1,
	"ReceiveCoilName": "HeadNeck_64",
	"ReceiveCoilActiveElements": "HC1-7;NC1,2",
	"CoilString": "HC1-7;NC1_2",
	"PulseSequenceDetails": "%CustomerSeq%_tfl_mgh_epinav_ABCD",
	"WipMemBlock": "Prisma_epi_moco_navigator_ABCD_tfl.prot",
	"RefLinesPE": 32,
	"ConsistencyInfo": "N4_VE11C_LATEST_20160120",
	"PercentPhaseFOV": 93.75,
	"PercentSampling": 100,
	"PhaseEncodingSteps": 479,
	"AcquisitionMatrixPE": 480,
	"ReconMatrixPE": 480,
	"ParallelReductionFactorInPlane": 2,
	"PixelBandwidth": 220,
	"DwellTime": 4.4e-06,
	"ImageOrientationPatientDICOM": [
		0.0565185,
		0.919195,
		-0.389726,
		-0.00812058,
		-0.389913,
		-0.920816	],
	"InPlanePhaseEncodingDirectionDICOM": "ROW",
	"ConversionSoftware": "dcm2niix",
	"ConversionSoftwareVersion": "v1.0.20200331"
}
