{
  "Modality": "MR",
  "MagneticFieldStrength": 3,
  "ImagingFrequency": 123.255462,
  "Manufacturer": "Siemens",
  "ManufacturersModelName": "Prisma_fit",
  "InstitutionName": "Washington University",
  "InstitutionalDepartmentName": "Department",
  "InstitutionAddress": "Scott Ave 4525,St. Louis,MO,US,63110",
  "DeviceSerialNumber": "67064",
  "StationName": "MRC35177",
  "SeriesInstanceUID": "1.3.12.2.1107.5.2.43.67064.2022022808065082004780208.0.0.0",
  "StudyInstanceUID": "1.3.12.2.1107.5.2.43.67064.30000022022615575376800000016",
  "StudyID": "1",
  "PatientName": "P4",
  "PatientID": "After2",
  "PatientBirthDate": "1984-02-24",
  "PatientSex": "F",
  "PatientWeight": 72.5748,
  "PatientAge": 38,
  "BodyPartExamined": "HEAD",
  "PatientPosition": "HFS",
  "ProcedureStepDescription": "head^Nicol",
  "SoftwareVersions": "syngo MR E11",
  "MRAcquisitionType": "2D",
  "SeriesDescription": "BOLD_REST2_NORDIC_ME5_2mm",
  "ProtocolName": "BOLD_REST2_NORDIC_ME5_2mm",
  "ScanningSequence": "EP",
  "SequenceVariant": "SK_SS",
  "ScanOptions": "PFP_FS_CT",
  "SequenceName": "epfid2d5_110",
  "ImageType": [
    "ORIGINAL",
    "PRIMARY",
    "P",
    "MB",
    "TE2",
    "ND",
    "MOSAIC",
    "PHASE"
  ],
  "NonlinearGradientCorrection": false,
  "SeriesNumber": 15,
  "AcquisitionTime": "08:07:56.347500",
  "AcquisitionDateTime": "2022-02-28T08:07:56.347500",
  "AcquisitionNumber": 1,
  "ImageComments": "Unaliased MB6/PE4/LB SENSE1+",
  "SliceThickness": 2,
  "SpacingBetweenSlices": 2,
  "SAR": 0.0646579,
  "EchoNumber": 2,
  "EchoTime": 0.03893,
  "RepetitionTime": 1.761,
  "FlipAngle": 68,
  "EchoTime1": 0.0142,
  "EchoTime2": 0.03893,
  "PartialFourier": 0.75,
  "BaseResolution": 110,
  "ShimSetting": [
    -2284,
    -11709,
    5897,
    703,
    -205,
    93,
    100,
    -43
  ],
  "TxRefAmp": 259.045,
  "PhaseResolution": 1,
  "ReceiveCoilName": "Head_32",
  "ReceiveCoilActiveElements": "HEA;HEP",
  "PulseSequenceDetails": "%CustomerSeq%_cmrr_mbep2d_bold",
  "WipMemBlock": "36d3f1c8-684f-4b9a-a931-8395c128c9f1||Sequence: R016 ve11c/master r/e634e98; Dec 19 2017 11:00:25 by eja",
  "RefLinesPE": 24,
  "CoilCombinationMethod": "Sum of Squares",
  "ConsistencyInfo": "N4_VE11C_LATEST_20160120",
  "MatrixCoilMode": "GRAPPA",
  "MultibandAccelerationFactor": 6,
  "PercentPhaseFOV": 100,
  "PercentSampling": 100,
  "EchoTrainLength": 42,
  "PhaseEncodingSteps": 83,
  "AcquisitionMatrixPE": 110,
  "ReconMatrixPE": 110,
  "BandwidthPerPixelPhaseEncode": 32.468,
  "ParallelReductionFactorInPlane": 2,
  "EffectiveEchoSpacing": 0.000279996,
  "DerivedVendorReportedEchoSpacing": 0.000559992,
  "TotalReadoutTime": 0.0305196,
  "PixelBandwidth": 2275,
  "DwellTime": 2e-06,
  "PhaseEncodingDirection": "j",
  "SliceTiming": [
    0,
    0.725,
    1.4525,
    0.435,
    1.16,
    0.145,
    0.87,
    1.5975,
    0.58,
    1.305,
    0.29,
    1.015,
    0,
    0.725,
    1.4525,
    0.435,
    1.16,
    0.145,
    0.87,
    1.5975,
    0.58,
    1.305,
    0.29,
    1.015,
    0,
    0.725,
    1.4525,
    0.435,
    1.16,
    0.145,
    0.87,
    1.5975,
    0.58,
    1.305,
    0.29,
    1.015,
    0,
    0.725,
    1.4525,
    0.435,
    1.16,
    0.145,
    0.87,
    1.5975,
    0.58,
    1.305,
    0.29,
    1.015,
    0,
    0.725,
    1.4525,
    0.435,
    1.16,
    0.145,
    0.87,
    1.5975,
    0.58,
    1.305,
    0.29,
    1.015,
    0,
    0.725,
    1.4525,
    0.435,
    1.16,
    0.145,
    0.87,
    1.5975,
    0.58,
    1.305,
    0.29,
    1.015
  ],
  "ImageOrientationPatientDICOM": [
    0.999395,
    0.0124943,
    -0.0324706,
    -0.00907041,
    0.994585,
    0.10353
  ],
  "ImageOrientationText": "Tra>Cor(5.9)>Sag(-1.9)",
  "InPlanePhaseEncodingDirectionDICOM": "COL",
  "BidsGuess": [
    "func",
    "_acq-epfid2p2m6_dir-PA_run-15_echo-2_part-phase_bold"
  ],
  "ConversionSoftware": "dcm2niix",
  "ConversionSoftwareVersion": "v1.0.20240202",
  "TaskName": "BOLDREST2NORDICME52mm",
  "Units": "arbitrary"
}
