{
  "Modality": "MR",
  "MagneticFieldStrength": 3,
  "ImagingFrequency": 123.255568,
  "Manufacturer": "Siemens",
  "ManufacturersModelName": "Prisma_fit",
  "InstitutionName": "Washington University",
  "InstitutionalDepartmentName": "Department",
  "InstitutionAddress": "Scott Ave 4525,St. Louis,MO,US,63110",
  "DeviceSerialNumber": "67064",
  "StationName": "MRC35177",
  "SeriesInstanceUID": "1.3.12.2.1107.5.2.43.67064.2022021508480887997381090.0.0.0",
  "StudyInstanceUID": "1.3.12.2.1107.5.2.43.67064.30000022021216450336900000013",
  "StudyID": "1",
  "PatientName": "P4",
  "PatientID": "P5_Before3",
  "PatientBirthDate": "1985-02-24",
  "PatientSex": "F",
  "PatientWeight": 76.6571,
  "PatientAge": 36,
  "BodyPartExamined": "HEAD",
  "PatientPosition": "HFS",
  "ProcedureStepDescription": "head^Nicol",
  "SoftwareVersions": "syngo MR E11",
  "MRAcquisitionType": "2D",
  "SeriesDescription": "BOLD_REST1_NORDIC_ME5_2mm",
  "ProtocolName": "BOLD_REST1_NORDIC_ME5_2mm",
  "ScanningSequence": "EP",
  "SequenceVariant": "SK_SS",
  "ScanOptions": "PFP_FS_CT",
  "SequenceName": "epfid2d5_110",
  "ImageType": [
    "ORIGINAL",
    "PRIMARY",
    "P",
    "MB",
    "TE2",
    "ND",
    "MOSAIC",
    "PHASE"
  ],
  "NonlinearGradientCorrection": false,
  "SeriesNumber": 11,
  "AcquisitionTime": "08:49:34.030000",
  "AcquisitionDateTime": "2022-02-15T08:49:34.030000",
  "AcquisitionNumber": 1,
  "ImageComments": "Unaliased MB6/PE4/LB SENSE1+",
  "SliceThickness": 2,
  "SpacingBetweenSlices": 2,
  "SAR": 0.0644928,
  "EchoNumber": 2,
  "EchoTime": 0.03893,
  "RepetitionTime": 1.761,
  "FlipAngle": 68,
  "EchoTime1": 0.0142,
  "EchoTime2": 0.03893,
  "PartialFourier": 0.75,
  "BaseResolution": 110,
  "ShimSetting": [
    -2255,
    -11713,
    5978,
    845,
    -85,
    111,
    -38,
    -40
  ],
  "TxRefAmp": 266.841,
  "PhaseResolution": 1,
  "ReceiveCoilName": "Head_32",
  "ReceiveCoilActiveElements": "HEA;HEP",
  "PulseSequenceDetails": "%CustomerSeq%_cmrr_mbep2d_bold",
  "WipMemBlock": "05b121e8-65d1-4359-b78b-0f83ae7fc0b5||Sequence: R016 ve11c/master r/e634e98; Dec 19 2017 11:00:25 by eja",
  "RefLinesPE": 24,
  "CoilCombinationMethod": "Sum of Squares",
  "ConsistencyInfo": "N4_VE11C_LATEST_20160120",
  "MatrixCoilMode": "GRAPPA",
  "MultibandAccelerationFactor": 6,
  "PercentPhaseFOV": 100,
  "PercentSampling": 100,
  "EchoTrainLength": 42,
  "PhaseEncodingSteps": 83,
  "AcquisitionMatrixPE": 110,
  "ReconMatrixPE": 110,
  "BandwidthPerPixelPhaseEncode": 32.468,
  "ParallelReductionFactorInPlane": 2,
  "EffectiveEchoSpacing": 0.000279996,
  "DerivedVendorReportedEchoSpacing": 0.000559992,
  "TotalReadoutTime": 0.0305196,
  "PixelBandwidth": 2275,
  "DwellTime": 2e-06,
  "PhaseEncodingDirection": "j",
  "SliceTiming": [
    0,
    0.7275,
    1.4525,
    0.435,
    1.1625,
    0.145,
    0.8725,
    1.5975,
    0.5825,
    1.3075,
    0.29,
    1.0175,
    0,
    0.7275,
    1.4525,
    0.435,
    1.1625,
    0.145,
    0.8725,
    1.5975,
    0.5825,
    1.3075,
    0.29,
    1.0175,
    0,
    0.7275,
    1.4525,
    0.435,
    1.1625,
    0.145,
    0.8725,
    1.5975,
    0.5825,
    1.3075,
    0.29,
    1.0175,
    0,
    0.7275,
    1.4525,
    0.435,
    1.1625,
    0.145,
    0.8725,
    1.5975,
    0.5825,
    1.3075,
    0.29,
    1.0175,
    0,
    0.7275,
    1.4525,
    0.435,
    1.1625,
    0.145,
    0.8725,
    1.5975,
    0.5825,
    1.3075,
    0.29,
    1.0175,
    0,
    0.7275,
    1.4525,
    0.435,
    1.1625,
    0.145,
    0.8725,
    1.5975,
    0.5825,
    1.3075,
    0.29,
    1.0175
  ],
  "ImageOrientationPatientDICOM": [
    0.996249,
    -0.06006,
    0.0622988,
    0.0605841,
    0.998142,
    -0.00655636
  ],
  "ImageOrientationText": "Tra>Sag(3.5)>Cor(-0.6)",
  "InPlanePhaseEncodingDirectionDICOM": "COL",
  "BidsGuess": [
    "func",
    "_acq-epfid2p2m6_dir-PA_run-11_echo-2_part-phase_bold"
  ],
  "ConversionSoftware": "dcm2niix",
  "ConversionSoftwareVersion": "v1.0.20240202",
  "TaskName": "BOLDREST1NORDICME52mm",
  "Units": "arbitrary"
}
