{
  "Modality": "MR",
  "MagneticFieldStrength": 3,
  "ImagingFrequency": 123.255,
  "Manufacturer": "Siemens",
  "ManufacturersModelName": "Prisma_fit",
  "InstitutionName": "Washington_University",
  "InstitutionalDepartmentName": "Department",
  "InstitutionAddress": "Scott_Ave_4525_St._Louis_MO_US_63110",
  "DeviceSerialNumber": "67064",
  "StationName": "MRC35177",
  "SeriesInstanceUID": "1.3.12.2.1107.5.2.43.67064.2022050519024540979902343.0.0.0",
  "StudyInstanceUID": "1.3.12.2.1107.5.2.43.67064.30000022050222515575300000049",
  "StudyID": "2",
  "PatientName": "P6",
  "PatientID": "P6",
  "PatientBirthDate": "1999-03-27",
  "PatientSex": "F",
  "PatientWeight": 95.2544,
  "BodyPartExamined": "HEAD",
  "PatientPosition": "HFS",
  "ProcedureStepDescription": "head_Nicol",
  "SoftwareVersions": "syngo_MR_E11",
  "MRAcquisitionType": "2D",
  "SeriesDescription": "BOLD_TASK1_NORDIC_ME5_2mm",
  "ProtocolName": "BOLD_TASK1_NORDIC_ME5_2mm",
  "ScanningSequence": "EP",
  "SequenceVariant": "SK_SS",
  "ScanOptions": "PFP_FS_CT",
  "SequenceName": "epfid2d5_110",
  "ImageType": [
    "ORIGINAL",
    "PRIMARY",
    "P",
    "MB",
    "TE1",
    "ND",
    "MOSAIC",
    "PHASE"
  ],
  "SeriesNumber": 19,
  "AcquisitionTime": "19:04:33.577500",
  "AcquisitionDateTime": "2022-05-05T19:04:33.577500",
  "AcquisitionNumber": 1,
  "ImageComments": "Unaliased_MB6_PE4_LB_SENSE1+",
  "SliceThickness": 2,
  "SpacingBetweenSlices": 2,
  "SAR": 0.0642001,
  "EchoNumber": 1,
  "EchoTime": 0.0142,
  "RepetitionTime": 1.761,
  "FlipAngle": 68,
  "PartialFourier": 0.75,
  "BaseResolution": 110,
  "ShimSetting": [
    -2275,
    -11723,
    5929,
    545,
    -176,
    -1,
    80,
    -71
  ],
  "TxRefAmp": 285.405,
  "PhaseResolution": 1,
  "ReceiveCoilName": "Head_32",
  "ReceiveCoilActiveElements": "HEA;HEP",
  "PulseSequenceDetails": "%CustomerSeq%_cmrr_mbep2d_bold",
  "WipMemBlock": "d7d56c79-14ac-4eaa-a219-8b45a690e1c9||Sequence: R016 ve11c/master r/e634e98; Dec 19 2017 11:00:25 by eja",
  "RefLinesPE": 24,
  "ConsistencyInfo": "N4_VE11C_LATEST_20160120",
  "MultibandAccelerationFactor": 6,
  "PercentPhaseFOV": 100,
  "PercentSampling": 100,
  "EchoTrainLength": 42,
  "PhaseEncodingSteps": 83,
  "AcquisitionMatrixPE": 110,
  "ReconMatrixPE": 110,
  "BandwidthPerPixelPhaseEncode": 32.468,
  "ParallelReductionFactorInPlane": 2,
  "EffectiveEchoSpacing": 0.000279996,
  "DerivedVendorReportedEchoSpacing": 0.000559992,
  "TotalReadoutTime": 0.0305196,
  "PixelBandwidth": 2275,
  "DwellTime": 2e-06,
  "PhaseEncodingDirection": "j",
  "SliceTiming": [
    0,
    0.725,
    1.4525,
    0.435,
    1.16,
    0.145,
    0.87,
    1.5975,
    0.58,
    1.305,
    0.29,
    1.015,
    0,
    0.725,
    1.4525,
    0.435,
    1.16,
    0.145,
    0.87,
    1.5975,
    0.58,
    1.305,
    0.29,
    1.015,
    0,
    0.725,
    1.4525,
    0.435,
    1.16,
    0.145,
    0.87,
    1.5975,
    0.58,
    1.305,
    0.29,
    1.015,
    0,
    0.725,
    1.4525,
    0.435,
    1.16,
    0.145,
    0.87,
    1.5975,
    0.58,
    1.305,
    0.29,
    1.015,
    0,
    0.725,
    1.4525,
    0.435,
    1.16,
    0.145,
    0.87,
    1.5975,
    0.58,
    1.305,
    0.29,
    1.015,
    0,
    0.725,
    1.4525,
    0.435,
    1.16,
    0.145,
    0.87,
    1.5975,
    0.58,
    1.305,
    0.29,
    1.015
  ],
  "ImageOrientationPatientDICOM": [
    0.994866,
    -0.0962737,
    0.0311903,
    0.0978981,
    0.993643,
    -0.0555908
  ],
  "InPlanePhaseEncodingDirectionDICOM": "COL",
  "ConversionSoftware": "dcm2niix",
  "ConversionSoftwareVersion": "v1.0.20200331",
  "TaskName": "BOLDTASK1NORDICME52mm",
  "Units": "arbitrary"
}
