{
  "Modality": "MR",
  "MagneticFieldStrength": 3,
  "ImagingFrequency": 123.255331,
  "Manufacturer": "Siemens",
  "ManufacturersModelName": "Prisma_fit",
  "InstitutionName": "Washington University",
  "InstitutionalDepartmentName": "Department",
  "InstitutionAddress": "Scott Ave 4525,St. Louis,MO,US,63110",
  "DeviceSerialNumber": "67064",
  "StationName": "MRC35177",
  "SeriesInstanceUID": "1.3.12.2.1107.5.2.43.67064.2022021709184014620218477.0.0.0",
  "StudyInstanceUID": "1.3.12.2.1107.5.2.43.67064.30000022021216450336900000043",
  "StudyID": "1",
  "PatientName": "P4",
  "PatientID": "P4_Baseline4",
  "PatientBirthDate": "1985-02-24",
  "PatientSex": "F",
  "PatientWeight": 76.6571,
  "PatientAge": 36,
  "BodyPartExamined": "HEAD",
  "PatientPosition": "HFS",
  "ProcedureStepDescription": "head^Nicol",
  "SoftwareVersions": "syngo MR E11",
  "MRAcquisitionType": "2D",
  "SeriesDescription": "BOLD_TASK2_NORDIC_ME5_2mm",
  "ProtocolName": "BOLD_TASK2_NORDIC_ME5_2mm",
  "ScanningSequence": "EP",
  "SequenceVariant": "SK_SS",
  "ScanOptions": "PFP_FS_CT",
  "SequenceName": "epfid2d5_110",
  "ImageType": [
    "ORIGINAL",
    "PRIMARY",
    "P",
    "MB",
    "TE5",
    "ND",
    "MOSAIC",
    "PHASE"
  ],
  "NonlinearGradientCorrection": false,
  "SeriesNumber": 25,
  "AcquisitionTime": "09:20:11.890000",
  "AcquisitionDateTime": "2022-02-17T09:20:11.890000",
  "AcquisitionNumber": 1,
  "ImageComments": "Unaliased MB6/PE4/LB SENSE1+",
  "SliceThickness": 2,
  "SpacingBetweenSlices": 2,
  "SAR": 0.0578206,
  "EchoNumber": 5,
  "EchoTime": 0.11312,
  "RepetitionTime": 1.761,
  "FlipAngle": 68,
  "EchoTime1": 0.0142,
  "EchoTime2": 0.03893,
  "PartialFourier": 0.75,
  "BaseResolution": 110,
  "ShimSetting": [
    -2274,
    -11721,
    5964,
    775,
    -128,
    73,
    15,
    -52
  ],
  "TxRefAmp": 255.819,
  "PhaseResolution": 1,
  "ReceiveCoilName": "Head_32",
  "ReceiveCoilActiveElements": "HEA;HEP",
  "PulseSequenceDetails": "%CustomerSeq%_cmrr_mbep2d_bold",
  "WipMemBlock": "e4c17f73-2e1e-4f31-ae46-5bfa9317c611||Sequence: R016 ve11c/master r/e634e98; Dec 19 2017 11:00:25 by eja",
  "RefLinesPE": 24,
  "CoilCombinationMethod": "Sum of Squares",
  "ConsistencyInfo": "N4_VE11C_LATEST_20160120",
  "MatrixCoilMode": "GRAPPA",
  "MultibandAccelerationFactor": 6,
  "PercentPhaseFOV": 100,
  "PercentSampling": 100,
  "EchoTrainLength": 42,
  "PhaseEncodingSteps": 83,
  "AcquisitionMatrixPE": 110,
  "ReconMatrixPE": 110,
  "BandwidthPerPixelPhaseEncode": 32.468,
  "ParallelReductionFactorInPlane": 2,
  "EffectiveEchoSpacing": 0.000279996,
  "DerivedVendorReportedEchoSpacing": 0.000559992,
  "TotalReadoutTime": 0.0305196,
  "PixelBandwidth": 2275,
  "DwellTime": 2e-06,
  "PhaseEncodingDirection": "j",
  "SliceTiming": [
    0,
    0.725,
    1.4525,
    0.435,
    1.1625,
    0.145,
    0.87,
    1.5975,
    0.58,
    1.3075,
    0.29,
    1.0175,
    0,
    0.725,
    1.4525,
    0.435,
    1.1625,
    0.145,
    0.87,
    1.5975,
    0.58,
    1.3075,
    0.29,
    1.0175,
    0,
    0.725,
    1.4525,
    0.435,
    1.1625,
    0.145,
    0.87,
    1.5975,
    0.58,
    1.3075,
    0.29,
    1.0175,
    0,
    0.725,
    1.4525,
    0.435,
    1.1625,
    0.145,
    0.87,
    1.5975,
    0.58,
    1.3075,
    0.29,
    1.0175,
    0,
    0.725,
    1.4525,
    0.435,
    1.1625,
    0.145,
    0.87,
    1.5975,
    0.58,
    1.3075,
    0.29,
    1.0175,
    0,
    0.725,
    1.4525,
    0.435,
    1.1625,
    0.145,
    0.87,
    1.5975,
    0.58,
    1.3075,
    0.29,
    1.0175
  ],
  "ImageOrientationPatientDICOM": [
    0.999249,
    0.0335163,
    0.0194505,
    -0.0345454,
    0.997876,
    0.0552354
  ],
  "ImageOrientationText": "Tra>Cor(3.2)>Sag(1.0)",
  "InPlanePhaseEncodingDirectionDICOM": "COL",
  "BidsGuess": [
    "func",
    "_acq-epfid2p2m6_dir-PA_run-25_echo-5_part-phase_bold"
  ],
  "ConversionSoftware": "dcm2niix",
  "ConversionSoftwareVersion": "v1.0.20240202",
  "TaskName": "BOLDTASK2NORDICME52mm",
  "Units": "arbitrary"
}
