{
	"Modality": "MR",
	"MagneticFieldStrength": 3,
	"ImagingFrequency": 123.244531,
	"Manufacturer": "Siemens",
	"ManufacturersModelName": "Prisma",
	"InstitutionName": "WUSTL_bay1",
	"InstitutionalDepartmentName": "Research",
	"InstitutionAddress": "Scott St. 4525,St. Louis,Missouri,US,63110",
	"DeviceSerialNumber": "166158",
	"StationName": "AWP166158",
	"SeriesInstanceUID": "1.3.12.2.1107.5.2.43.166158.2022020917042832843648371.0.0.0",
	"StudyInstanceUID": "1.3.12.2.1107.5.2.43.166158.30000022020920095182400000002",
	"StudyID": "1",
	"PatientName": "P5",
	"PatientID": "Between2",
	"PatientBirthDate": "2002-01-01",
	"PatientSex": "M",
	"PatientWeight": 83,
	"PatientAge": 20,
	"BodyPartExamined": "HEAD",
	"PatientPosition": "HFS",
	"ProcedureStepDescription": "HEAD^Nicol _B3",
	"SoftwareVersions": "syngo MR E11",
	"MRAcquisitionType": "2D",
	"SeriesDescription": "ABCD_dMRI_b1500_2p0mm_te83_tr3500",
	"ProtocolName": "ABCD_dMRI_b1500_2p0mm_te83_tr3500",
	"ScanningSequence": "EP",
	"SequenceVariant": "SK\\SP",
	"ScanOptions": "PFP\\FS",
	"SequenceName": "ep_b0",
	"ImageType": ["ORIGINAL", "PRIMARY", "DIFFUSION", "NONE", "ND", "MOSAIC"],
	"NonlinearGradientCorrection": false,
	"SeriesNumber": 20,
	"AcquisitionTime": "17:04:44.592500",
	"AcquisitionDateTime": "2022-02-09T17:04:44.592500",
	"AcquisitionNumber": 1,
	"SliceThickness": 2,
	"SpacingBetweenSlices": 2,
	"SAR": 0.288497,
	"EchoTime": 0.083,
	"RepetitionTime": 3.5,
	"SpoilingState": true,
	"FlipAngle": 90,
	"PartialFourier": 0.75,
	"BaseResolution": 120,
	"ShimSetting": [
		4618,
		-7160,
		96,
		506,
		-20,
		156,
		-70,
		-36	],
	"DiffusionScheme": "Monopolar",
	"TxRefAmp": 260.353,
	"PhaseResolution": 1,
	"ReceiveCoilName": "Head_32",
	"ReceiveCoilActiveElements": "HEA;HEP",
	"PulseSequenceDetails": "%CustomerSeq%\\ep2d_diff_sms_abcd",
	"WipMemBlock": "3eacea09-0a9c-43fb-a9a1-f74d446e8e63",
	"RefLinesPE": 61,
	"CoilCombinationMethod": "Adaptive Combine",
	"ConsistencyInfo": "N4_VE11C_LATEST_20160120",
	"MultibandAccelerationFactor": 3,
	"PercentPhaseFOV": 100,
	"PercentSampling": 100,
	"EchoTrainLength": 90,
	"PhaseEncodingSteps": 90,
	"AcquisitionMatrixPE": 120,
	"ReconMatrixPE": 120,
	"BandwidthPerPixelPhaseEncode": 11.905,
	"EffectiveEchoSpacing": 0.000699986,
	"DerivedVendorReportedEchoSpacing": 0.000699986,
	"TotalReadoutTime": 0.0832983,
	"PixelBandwidth": 1665,
	"DwellTime": 2.5e-06,
	"PhaseEncodingDirection": "j",
	"SliceTiming": [
		0,
		1.81,
		0.14,
		1.95,
		0.28,
		2.09,
		0.42,
		2.2275,
		0.5575,
		2.3675,
		0.6975,
		2.5075,
		0.8375,
		2.645,
		0.975,
		2.785,
		1.115,
		2.925,
		1.255,
		3.0625,
		1.3925,
		3.2025,
		1.5325,
		3.3425,
		1.6725,
		0,
		1.81,
		0.14,
		1.95,
		0.28,
		2.09,
		0.42,
		2.2275,
		0.5575,
		2.3675,
		0.6975,
		2.5075,
		0.8375,
		2.645,
		0.975,
		2.785,
		1.115,
		2.925,
		1.255,
		3.0625,
		1.3925,
		3.2025,
		1.5325,
		3.3425,
		1.6725,
		0,
		1.81,
		0.14,
		1.95,
		0.28,
		2.09,
		0.42,
		2.2275,
		0.5575,
		2.3675,
		0.6975,
		2.5075,
		0.8375,
		2.645,
		0.975,
		2.785,
		1.115,
		2.925,
		1.255,
		3.0625,
		1.3925,
		3.2025,
		1.5325,
		3.3425,
		1.6725	],
	"ImageOrientationPatientDICOM": [
		0.996613,
		-0.0805585,
		-0.0165321,
		0.0793103,
		0.994676,
		-0.0658027	],
	"ImageOrientationText": "Tra>Cor(-3.7)>Sag(-1.2)",
	"InPlanePhaseEncodingDirectionDICOM": "COL",
	"BidsGuess": ["dwi","_acq-epb0m3_dir-PA_run-20_dwi"],
	"ConversionSoftware": "dcm2niix",
	"ConversionSoftwareVersion": "v1.0.20240202"
}
