{
  "Modality": "MR",
  "MagneticFieldStrength": 3,
  "ImagingFrequency": 123.255,
  "Manufacturer": "Siemens",
  "ManufacturersModelName": "Prisma_fit",
  "InstitutionName": "Washington_University",
  "InstitutionalDepartmentName": "Department",
  "InstitutionAddress": "Scott_Ave_4525_St._Louis_MO_US_63110",
  "DeviceSerialNumber": "67064",
  "StationName": "MRC35177",
  "SeriesInstanceUID": "1.3.12.2.1107.5.2.43.67064.2022042408573487555021473.0.0.0",
  "StudyInstanceUID": "1.3.12.2.1107.5.2.43.67064.30000022042316462176400000007",
  "ReferringPhysicianName": "Zacks",
  "StudyID": "1",
  "PatientName": "P1R",
  "PatientID": "P1R_Drug1",
  "PatientBirthDate": "1977-02-14",
  "PatientSex": "M",
  "PatientWeight": 97.5224,
  "BodyPartExamined": "HEAD",
  "PatientPosition": "HFS",
  "ProcedureStepDescription": "head_Nicol",
  "SoftwareVersions": "syngo_MR_E11",
  "MRAcquisitionType": "2D",
  "SeriesDescription": "BOLD_REST4_NORDIC_ME5_2mm",
  "ProtocolName": "BOLD_REST4_NORDIC_ME5_2mm",
  "ScanningSequence": "EP",
  "SequenceVariant": "SK_SS",
  "ScanOptions": "PFP_FS_CT",
  "SequenceName": "epfid2d5_110",
  "ImageType": [
    "ORIGINAL",
    "PRIMARY",
    "P",
    "MB",
    "TE4",
    "ND",
    "MOSAIC",
    "PHASE"
  ],
  "SeriesNumber": 35,
  "AcquisitionTime": "08:58:56.460000",
  "AcquisitionDateTime": "2022-04-24T08:58:56.460000",
  "AcquisitionNumber": 1,
  "ImageComments": "Unaliased_MB6_PE4_LB_SENSE1+",
  "SliceThickness": 2,
  "SpacingBetweenSlices": 2,
  "SAR": 0.0565442,
  "EchoNumber": 4,
  "EchoTime": 0.08839,
  "RepetitionTime": 1.761,
  "FlipAngle": 68,
  "PartialFourier": 0.75,
  "BaseResolution": 110,
  "ShimSetting": [
    -2248,
    -11706,
    5887,
    606,
    -249,
    138,
    -193,
    -51
  ],
  "TxRefAmp": 277.708,
  "PhaseResolution": 1,
  "ReceiveCoilName": "Head_32",
  "ReceiveCoilActiveElements": "HEA;HEP",
  "PulseSequenceDetails": "%CustomerSeq%_cmrr_mbep2d_bold",
  "WipMemBlock": "9dffaea1-2017-432c-b81e-7a8262b6c2ca||Sequence: R016 ve11c/master r/e634e98; Dec 19 2017 11:00:25 by eja",
  "RefLinesPE": 24,
  "ConsistencyInfo": "N4_VE11C_LATEST_20160120",
  "MultibandAccelerationFactor": 6,
  "PercentPhaseFOV": 100,
  "PercentSampling": 100,
  "EchoTrainLength": 42,
  "PhaseEncodingSteps": 83,
  "AcquisitionMatrixPE": 110,
  "ReconMatrixPE": 110,
  "BandwidthPerPixelPhaseEncode": 32.468,
  "ParallelReductionFactorInPlane": 2,
  "EffectiveEchoSpacing": 0.000279996,
  "DerivedVendorReportedEchoSpacing": 0.000559992,
  "TotalReadoutTime": 0.0305196,
  "PixelBandwidth": 2275,
  "DwellTime": 2e-06,
  "PhaseEncodingDirection": "j",
  "SliceTiming": [
    0,
    0.725,
    1.4525,
    0.435,
    1.16,
    0.145,
    0.87,
    1.5975,
    0.58,
    1.3075,
    0.29,
    1.015,
    0,
    0.725,
    1.4525,
    0.435,
    1.16,
    0.145,
    0.87,
    1.5975,
    0.58,
    1.3075,
    0.29,
    1.015,
    0,
    0.725,
    1.4525,
    0.435,
    1.16,
    0.145,
    0.87,
    1.5975,
    0.58,
    1.3075,
    0.29,
    1.015,
    0,
    0.725,
    1.4525,
    0.435,
    1.16,
    0.145,
    0.87,
    1.5975,
    0.58,
    1.3075,
    0.29,
    1.015,
    0,
    0.725,
    1.4525,
    0.435,
    1.16,
    0.145,
    0.87,
    1.5975,
    0.58,
    1.3075,
    0.29,
    1.015,
    0,
    0.725,
    1.4525,
    0.435,
    1.16,
    0.145,
    0.87,
    1.5975,
    0.58,
    1.3075,
    0.29,
    1.015
  ],
  "ImageOrientationPatientDICOM": [
    0.9997,
    0.000565975,
    -0.0244896,
    -0.00244272,
    0.997053,
    -0.0766724
  ],
  "InPlanePhaseEncodingDirectionDICOM": "COL",
  "ConversionSoftware": "dcm2niix",
  "ConversionSoftwareVersion": "v1.0.20200331",
  "TaskName": "BOLDREST4NORDICME52mm",
  "Units": "arbitrary"
}
