{
	"Modality": "MR",
	"MagneticFieldStrength": 3,
	"ImagingFrequency": 123.247018,
	"Manufacturer": "Siemens",
	"ManufacturersModelName": "Prisma_fit",
	"InstitutionName": "Washington University",
	"InstitutionalDepartmentName": "Department",
	"InstitutionAddress": "Scott Ave 4525,St. Louis,MO,US,63110",
	"DeviceSerialNumber": "67064",
	"StationName": "MRC35177",
	"SeriesInstanceUID": "1.3.12.2.1107.5.2.43.67064.2021091911143977450283701.0.0.0",
	"StudyInstanceUID": "1.3.12.2.1107.5.2.43.67064.30000021091313572326500000076",
	"StudyID": "1",
	"PatientName": "P2",
	"PatientID": "P2_After2",
	"PatientBirthDate": "1985-01-01",
	"PatientSex": "M",
	"PatientWeight": 72.5748,
	"PatientAge": 36,
	"BodyPartExamined": "HEAD",
	"PatientPosition": "HFS",
	"ProcedureStepDescription": "head^Nicol",
	"SoftwareVersions": "syngo MR E11",
	"MRAcquisitionType": "2D",
	"SeriesDescription": "ABCD_dMRI_b3000_2p0mm_te83_tr3500",
	"ProtocolName": "ABCD_dMRI_b3000_2p0mm_te83_tr3500",
	"ScanningSequence": "EP",
	"SequenceVariant": "SK\\SP",
	"ScanOptions": "PFP\\FS",
	"SequenceName": "ep_b0",
	"ImageType": ["ORIGINAL", "PRIMARY", "DIFFUSION", "NONE", "ND", "MOSAIC"],
	"NonlinearGradientCorrection": false,
	"SeriesNumber": 24,
	"AcquisitionTime": "11:14:56.930000",
	"AcquisitionDateTime": "2021-09-19T11:14:56.930000",
	"AcquisitionNumber": 1,
	"SliceThickness": 2,
	"SpacingBetweenSlices": 2,
	"SAR": 0.226502,
	"EchoTime": 0.083,
	"RepetitionTime": 3.5,
	"SpoilingState": true,
	"FlipAngle": 90,
	"PartialFourier": 0.75,
	"BaseResolution": 120,
	"ShimSetting": [
		-2004,
		-11514,
		5692,
		576,
		94,
		102,
		48,
		-11	],
	"DiffusionScheme": "Monopolar",
	"TxRefAmp": 237.295,
	"PhaseResolution": 1,
	"ReceiveCoilName": "Head_32",
	"ReceiveCoilActiveElements": "HEA;HEP",
	"PulseSequenceDetails": "%CustomerSeq%\\ep2d_diff_sms_abcd",
	"WipMemBlock": "a7e94943-c796-443b-989b-cf5ef031461b",
	"RefLinesPE": 61,
	"CoilCombinationMethod": "Adaptive Combine",
	"ConsistencyInfo": "N4_VE11C_LATEST_20160120",
	"MultibandAccelerationFactor": 3,
	"PercentPhaseFOV": 100,
	"PercentSampling": 100,
	"EchoTrainLength": 90,
	"PhaseEncodingSteps": 90,
	"AcquisitionMatrixPE": 120,
	"ReconMatrixPE": 120,
	"BandwidthPerPixelPhaseEncode": 11.905,
	"EffectiveEchoSpacing": 0.000699986,
	"DerivedVendorReportedEchoSpacing": 0.000699986,
	"TotalReadoutTime": 0.0832983,
	"PixelBandwidth": 1665,
	"DwellTime": 2.5e-06,
	"PhaseEncodingDirection": "j",
	"SliceTiming": [
		0,
		1.81,
		0.14,
		1.95,
		0.2775,
		2.0875,
		0.4175,
		2.2275,
		0.5575,
		2.3675,
		0.695,
		2.505,
		0.835,
		2.645,
		0.975,
		2.785,
		1.115,
		2.9225,
		1.2525,
		3.0625,
		1.3925,
		3.2025,
		1.5325,
		3.34,
		1.67,
		0,
		1.81,
		0.14,
		1.95,
		0.2775,
		2.0875,
		0.4175,
		2.2275,
		0.5575,
		2.3675,
		0.695,
		2.505,
		0.835,
		2.645,
		0.975,
		2.785,
		1.115,
		2.9225,
		1.2525,
		3.0625,
		1.3925,
		3.2025,
		1.5325,
		3.34,
		1.67,
		0,
		1.81,
		0.14,
		1.95,
		0.2775,
		2.0875,
		0.4175,
		2.2275,
		0.5575,
		2.3675,
		0.695,
		2.505,
		0.835,
		2.645,
		0.975,
		2.785,
		1.115,
		2.9225,
		1.2525,
		3.0625,
		1.3925,
		3.2025,
		1.5325,
		3.34,
		1.67	],
	"ImageOrientationPatientDICOM": [
		0.999886,
		0.00658716,
		-0.0135768,
		-0.00680612,
		0.999847,
		-0.0161454	],
	"ImageOrientationText": "Tra>Cor(-0.9)>Sag(-0.8)",
	"InPlanePhaseEncodingDirectionDICOM": "COL",
	"BidsGuess": ["dwi","_acq-epb0m3_dir-PA_run-24_dwi"],
	"ConversionSoftware": "dcm2niix",
	"ConversionSoftwareVersion": "v1.0.20240202"
}
