{
	"Modality": "MR",
	"MagneticFieldStrength": 3,
	"ImagingFrequency": 123.247017,
	"Manufacturer": "Siemens",
	"ManufacturersModelName": "Prisma_fit",
	"InstitutionName": "Washington University",
	"InstitutionalDepartmentName": "Department",
	"InstitutionAddress": "Scott Ave 4525,St. Louis,MO,US,63110",
	"DeviceSerialNumber": "67064",
	"StationName": "MRC35177",
	"SeriesInstanceUID": "1.3.12.2.1107.5.2.43.67064.2021082720090367113173880.0.0.0",
	"StudyInstanceUID": "1.3.12.2.1107.5.2.43.67064.30000021081720290345600000134",
	"StudyID": "1",
	"PatientName": "P3",
	"PatientID": "P3_Between3",
	"PatientBirthDate": "1985-01-01",
	"PatientSex": "F",
	"PatientWeight": 63.5029,
	"PatientAge": 36,
	"BodyPartExamined": "HEAD",
	"PatientPosition": "HFS",
	"ProcedureStepDescription": "head^Nicol",
	"SoftwareVersions": "syngo MR E11",
	"MRAcquisitionType": "2D",
	"SeriesDescription": "SpinEchoFieldMap_AP_2mm_CJL_mod_72slices",
	"ProtocolName": "SpinEchoFieldMap_AP_2mm_CJL_mod_72slices",
	"ScanningSequence": "EP",
	"SequenceVariant": "SK",
	"ScanOptions": "FS",
	"SequenceName": "epse2d1_110",
	"ImageType": ["ORIGINAL", "PRIMARY", "M", "ND", "MOSAIC"],
	"NonlinearGradientCorrection": false,
	"SeriesNumber": 7,
	"AcquisitionTime": "20:09:7.262500",
	"AcquisitionDateTime": "2021-08-27T20:09:7.262500",
	"AcquisitionNumber": 1,
	"SliceThickness": 2,
	"SpacingBetweenSlices": 2,
	"SAR": 0.146024,
	"EchoTime": 0.0668,
	"RepetitionTime": 8.05,
	"FlipAngle": 90,
	"PartialFourier": 1,
	"BaseResolution": 110,
	"ShimSetting": [
		-1973,
		-11501,
		5756,
		576,
		-26,
		-60,
		60,
		-31	],
	"TxRefAmp": 236.558,
	"PhaseResolution": 1,
	"VendorReportedEchoSpacing": 0.00056,
	"ReceiveCoilName": "Head_32",
	"ReceiveCoilActiveElements": "HEA;HEP",
	"PulseSequenceDetails": "%CustomerSeq%\\cmrr_mbep2d_se",
	"WipMemBlock": "4c3744fb-33d7-4c58-898a-6ce0ee44626c||Sequence: R016 ve11c/master r/e634e98; Dec 19 2017 11:22:56 by eja",
	"CoilCombinationMethod": "Sum of Squares",
	"ConsistencyInfo": "N4_VE11C_LATEST_20160120",
	"MatrixCoilMode": "SENSE",
	"PercentPhaseFOV": 100,
	"PercentSampling": 100,
	"EchoTrainLength": 110,
	"PhaseEncodingSteps": 110,
	"AcquisitionMatrixPE": 110,
	"ReconMatrixPE": 110,
	"BandwidthPerPixelPhaseEncode": 16.234,
	"EffectiveEchoSpacing": 0.000559992,
	"DerivedVendorReportedEchoSpacing": 0.000559992,
	"TotalReadoutTime": 0.0610391,
	"PixelBandwidth": 2275,
	"DwellTime": 2e-06,
	"PhaseEncodingDirection": "j-",
	"SliceTiming": [
		4.015,
		0,
		4.1275,
		0.1125,
		4.24,
		0.225,
		4.35,
		0.335,
		4.4625,
		0.4475,
		4.5725,
		0.5575,
		4.685,
		0.67,
		4.7975,
		0.7825,
		4.9075,
		0.8925,
		5.02,
		1.005,
		5.13,
		1.1175,
		5.2425,
		1.2275,
		5.355,
		1.34,
		5.465,
		1.45,
		5.5775,
		1.5625,
		5.6875,
		1.675,
		5.8,
		1.785,
		5.9125,
		1.8975,
		6.0225,
		2.0075,
		6.135,
		2.12,
		6.245,
		2.2325,
		6.3575,
		2.3425,
		6.47,
		2.455,
		6.58,
		2.565,
		6.6925,
		2.6775,
		6.805,
		2.79,
		6.915,
		2.9,
		7.0275,
		3.0125,
		7.1375,
		3.1225,
		7.25,
		3.235,
		7.3625,
		3.3475,
		7.4725,
		3.4575,
		7.585,
		3.57,
		7.695,
		3.68,
		7.8075,
		3.7925,
		7.92,
		3.905	],
	"ImageOrientationPatientDICOM": [
		0.997421,
		0.0265524,
		0.0666752,
		-0.0240281,
		0.998974,
		-0.0383804	],
	"ImageOrientationText": "Tra>Sag(3.9)>Cor(-2.1)",
	"InPlanePhaseEncodingDirectionDICOM": "COL",
	"BidsGuess": ["fmap","_acq-epse2_dir-AP_run-7_epi"],
	"ConversionSoftware": "dcm2niix",
	"ConversionSoftwareVersion": "v1.0.20240202"
}
