{
    "Modality": "MR",
    "MagneticFieldStrength": 3,
    "ImagingFrequency": 123.247022,
    "Manufacturer": "Siemens",
    "ManufacturersModelName": "Prisma_fit",
    "InstitutionName": "Washington University",
    "InstitutionalDepartmentName": "Department",
    "InstitutionAddress": "Scott Ave 4525,St. Louis,MO,US,63110",
    "DeviceSerialNumber": "67064",
    "StationName": "MRC35177",
    "SeriesInstanceUID": "1.3.12.2.1107.5.2.43.67064.2021082912541799562546387.0.0.0",
    "StudyInstanceUID": "1.3.12.2.1107.5.2.43.67064.30000021081720290345600000149",
    "StudyID": "1",
    "PatientName": "P3",
    "PatientID": "P3_Drug2",
    "PatientBirthDate": "1985-01-01",
    "PatientSex": "F",
    "PatientWeight": 63.5029,
    "PatientAge": 36,
    "BodyPartExamined": "HEAD",
    "PatientPosition": "HFS",
    "ProcedureStepDescription": "head^Nicol",
    "SoftwareVersions": "syngo MR E11",
    "MRAcquisitionType": "2D",
    "SeriesDescription": "BOLD_TASK1_2mm_mb6_me5_ipat2_ppf68_FOV220",
    "ProtocolName": "BOLD_TASK1_2mm_mb6_me5_ipat2_ppf68_FOV220",
    "ScanningSequence": "EP",
    "SequenceVariant": "SK_SS",
    "ScanOptions": "PFP_FS_EXT",
    "SequenceName": "epfid2d5_110",
    "ImageType": [
        "ORIGINAL",
        "PRIMARY",
        "M",
        "MB",
        "TE2",
        "ND",
        "NORM",
        "MOSAIC"
    ],
    "NonlinearGradientCorrection": false,
    "SeriesNumber": 20,
    "AcquisitionTime": "12:55:5.350000",
    "AcquisitionDateTime": "2021-08-29T12:55:5.350000",
    "AcquisitionNumber": 1,
    "ImageComments": "Unaliased MB6/PE4/LB",
    "SliceThickness": 2,
    "SpacingBetweenSlices": 2,
    "SAR": 0.0505782,
    "EchoNumber": 2,
    "EchoTime": 0.03893,
    "RepetitionTime": 1.761,
    "FlipAngle": 68,
    "PartialFourier": 0.75,
    "BaseResolution": 110,
    "ShimSetting": [
        -1986,
        -11504,
        5768,
        554,
        123,
        16,
        45,
        -52
    ],
    "TxRefAmp": 235.696,
    "PhaseResolution": 1,
    "VendorReportedEchoSpacing": 0.00056,
    "ReceiveCoilName": "Head_32",
    "ReceiveCoilActiveElements": "HEA;HEP",
    "PulseSequenceDetails": "%CustomerSeq%_cmrr_mbep2d_bold",
    "WipMemBlock": "0e4fbd31-8065-4817-86af-9a33e84418a4||Sequence: R016 ve11c/master r/e634e98; Dec 19 2017 11:00:25 by eja",
    "RefLinesPE": 24,
    "CoilCombinationMethod": "Sum of Squares",
    "ConsistencyInfo": "N4_VE11C_LATEST_20160120",
    "MatrixCoilMode": "GRAPPA",
    "MultibandAccelerationFactor": 6,
    "PercentPhaseFOV": 100,
    "PercentSampling": 100,
    "EchoTrainLength": 42,
    "PhaseEncodingSteps": 83,
    "AcquisitionMatrixPE": 110,
    "ReconMatrixPE": 110,
    "BandwidthPerPixelPhaseEncode": 32.468,
    "ParallelReductionFactorInPlane": 2,
    "EffectiveEchoSpacing": 0.000279996,
    "DerivedVendorReportedEchoSpacing": 0.000559992,
    "TotalReadoutTime": 0.0305196,
    "PixelBandwidth": 2275,
    "DwellTime": 2e-06,
    "PhaseEncodingDirection": "j-",
    "SliceTiming": [
        0,
        0.725,
        1.4525,
        0.435,
        1.16,
        0.145,
        0.87,
        1.5975,
        0.58,
        1.305,
        0.29,
        1.015,
        0,
        0.725,
        1.4525,
        0.435,
        1.16,
        0.145,
        0.87,
        1.5975,
        0.58,
        1.305,
        0.29,
        1.015,
        0,
        0.725,
        1.4525,
        0.435,
        1.16,
        0.145,
        0.87,
        1.5975,
        0.58,
        1.305,
        0.29,
        1.015,
        0,
        0.725,
        1.4525,
        0.435,
        1.16,
        0.145,
        0.87,
        1.5975,
        0.58,
        1.305,
        0.29,
        1.015,
        0,
        0.725,
        1.4525,
        0.435,
        1.16,
        0.145,
        0.87,
        1.5975,
        0.58,
        1.305,
        0.29,
        1.015,
        0,
        0.725,
        1.4525,
        0.435,
        1.16,
        0.145,
        0.87,
        1.5975,
        0.58,
        1.305,
        0.29,
        1.015
    ],
    "ImageOrientationPatientDICOM": [
        0.999384,
        0.0181656,
        -0.0300217,
        -0.0204106,
        0.99688,
        -0.076249
    ],
    "ImageOrientationText": "Tra>Cor(-4.4)>Sag(-1.6)",
    "InPlanePhaseEncodingDirectionDICOM": "COL",
    "BidsGuess": [
        "func",
        "_acq-epfid2p2m6_dir-AP_run-20_echo-2_bold"
    ],
    "ConversionSoftware": "dcm2niix",
    "ConversionSoftwareVersion": "v1.0.20240202",
    "TaskName": "BOLDTASK12mmmb6me5ipat2ppf68FOV220"
}
