{
  "Modality": "MR",
  "MagneticFieldStrength": 3,
  "ImagingFrequency": 123.255839,
  "Manufacturer": "Siemens",
  "ManufacturersModelName": "Prisma_fit",
  "InstitutionName": "Washington University",
  "InstitutionalDepartmentName": "Department",
  "InstitutionAddress": "Scott Ave 4525,St. Louis,MO,US,63110",
  "DeviceSerialNumber": "67064",
  "StationName": "MRC35177",
  "SeriesInstanceUID": "1.3.12.2.1107.5.2.43.67064.2022022009253721362724298.0.0.0",
  "StudyInstanceUID": "1.3.12.2.1107.5.2.43.67064.30000022021903032209700000018",
  "StudyID": "1",
  "PatientName": "P4",
  "PatientID": "Drug1",
  "PatientBirthDate": "1984-02-08",
  "PatientSex": "F",
  "PatientWeight": 73.9356,
  "PatientAge": 38,
  "BodyPartExamined": "HEAD",
  "PatientPosition": "HFS",
  "ProcedureStepDescription": "head^Nicol",
  "SoftwareVersions": "syngo MR E11",
  "MRAcquisitionType": "2D",
  "SeriesDescription": "BOLD_TASK2_NORDIC_ME5_2mm",
  "ProtocolName": "BOLD_TASK2_NORDIC_ME5_2mm",
  "ScanningSequence": "EP",
  "SequenceVariant": "SK_SS",
  "ScanOptions": "PFP_FS_CT",
  "SequenceName": "epfid2d5_110",
  "ImageType": [
    "ORIGINAL",
    "PRIMARY",
    "P",
    "MB",
    "TE4",
    "ND",
    "MOSAIC",
    "PHASE"
  ],
  "NonlinearGradientCorrection": false,
  "SeriesNumber": 23,
  "AcquisitionTime": "09:27:3.652500",
  "AcquisitionDateTime": "2022-02-20T09:27:3.652500",
  "AcquisitionNumber": 1,
  "ImageComments": "Unaliased MB6/PE4/LB SENSE1+",
  "SliceThickness": 2,
  "SpacingBetweenSlices": 2,
  "SAR": 0.0572747,
  "EchoNumber": 4,
  "EchoTime": 0.08839,
  "RepetitionTime": 1.761,
  "FlipAngle": 68,
  "EchoTime1": 0.0142,
  "EchoTime2": 0.03893,
  "PartialFourier": 0.75,
  "BaseResolution": 110,
  "ShimSetting": [
    -2281,
    -11551,
    5665,
    213,
    -384,
    1301,
    577,
    9
  ],
  "TxRefAmp": 264.958,
  "PhaseResolution": 1,
  "ReceiveCoilName": "Head_32",
  "ReceiveCoilActiveElements": "HEA;HEP",
  "PulseSequenceDetails": "%CustomerSeq%_cmrr_mbep2d_bold",
  "WipMemBlock": "09326da6-74c8-4c84-aa52-caf40aa3d7ca||Sequence: R016 ve11c/master r/e634e98; Dec 19 2017 11:00:25 by eja",
  "RefLinesPE": 24,
  "CoilCombinationMethod": "Sum of Squares",
  "ConsistencyInfo": "N4_VE11C_LATEST_20160120",
  "MatrixCoilMode": "GRAPPA",
  "MultibandAccelerationFactor": 6,
  "PercentPhaseFOV": 100,
  "PercentSampling": 100,
  "EchoTrainLength": 42,
  "PhaseEncodingSteps": 83,
  "AcquisitionMatrixPE": 110,
  "ReconMatrixPE": 110,
  "BandwidthPerPixelPhaseEncode": 32.468,
  "ParallelReductionFactorInPlane": 2,
  "EffectiveEchoSpacing": 0.000279996,
  "DerivedVendorReportedEchoSpacing": 0.000559992,
  "TotalReadoutTime": 0.0305196,
  "PixelBandwidth": 2275,
  "DwellTime": 2e-06,
  "PhaseEncodingDirection": "j",
  "SliceTiming": [
    0,
    0.7275,
    1.4525,
    0.4375,
    1.1625,
    0.1475,
    0.8725,
    1.5975,
    0.5825,
    1.3075,
    0.2925,
    1.0175,
    0,
    0.7275,
    1.4525,
    0.4375,
    1.1625,
    0.1475,
    0.8725,
    1.5975,
    0.5825,
    1.3075,
    0.2925,
    1.0175,
    0,
    0.7275,
    1.4525,
    0.4375,
    1.1625,
    0.1475,
    0.8725,
    1.5975,
    0.5825,
    1.3075,
    0.2925,
    1.0175,
    0,
    0.7275,
    1.4525,
    0.4375,
    1.1625,
    0.1475,
    0.8725,
    1.5975,
    0.5825,
    1.3075,
    0.2925,
    1.0175,
    0,
    0.7275,
    1.4525,
    0.4375,
    1.1625,
    0.1475,
    0.8725,
    1.5975,
    0.5825,
    1.3075,
    0.2925,
    1.0175,
    0,
    0.7275,
    1.4525,
    0.4375,
    1.1625,
    0.1475,
    0.8725,
    1.5975,
    0.5825,
    1.3075,
    0.2925,
    1.0175
  ],
  "ImageOrientationPatientDICOM": [
    0.999669,
    -0.0244696,
    0.00789854,
    0.0237331,
    0.996288,
    0.0827424
  ],
  "ImageOrientationText": "Tra>Cor(4.7)>Sag(0.6)",
  "InPlanePhaseEncodingDirectionDICOM": "COL",
  "BidsGuess": [
    "func",
    "_acq-epfid2p2m6_dir-PA_run-23_echo-4_part-phase_bold"
  ],
  "ConversionSoftware": "dcm2niix",
  "ConversionSoftwareVersion": "v1.0.20240202",
  "TaskName": "BOLDTASK2NORDICME52mm",
  "Units": "arbitrary"
}
