{
	"Modality": "MR",
	"MagneticFieldStrength": 3,
	"ImagingFrequency": 123.246069,
	"Manufacturer": "Siemens",
	"ManufacturersModelName": "Prisma_fit",
	"InstitutionName": "Washington University",
	"InstitutionalDepartmentName": "Department",
	"InstitutionAddress": "Scott Ave 4525,St. Louis,MO,US,63110",
	"DeviceSerialNumber": "67064",
	"StationName": "MRC35177",
	"SeriesInstanceUID": "1.3.12.2.1107.5.2.43.67064.2021121020373924512277761.0.0.0",
	"StudyInstanceUID": "1.3.12.2.1107.5.2.43.166158.30000021120723110458500000043",
	"StudyID": "3",
	"PatientName": "P5",
	"PatientID": "Baseline1",
	"PatientBirthDate": "2002-01-01",
	"PatientSex": "M",
	"PatientWeight": 76.2035,
	"PatientAge": 19,
	"BodyPartExamined": "HEAD",
	"PatientPosition": "HFS",
	"ProcedureStepDescription": "head^Nicol",
	"SoftwareVersions": "syngo MR E11",
	"MRAcquisitionType": "3D",
	"SeriesDescription": "t1_mpr_0p9mm",
	"ProtocolName": "t1_mpr_0p9mm",
	"ScanningSequence": "GR\\IR",
	"SequenceVariant": "SK\\SP\\MP\\OSP",
	"ScanOptions": "IR",
	"SequenceName": "*tfl3d1_16ns",
	"ImageType": ["ORIGINAL", "PRIMARY", "M", "ND", "NORM"],
	"NonlinearGradientCorrection": false,
	"SeriesNumber": 7,
	"AcquisitionTime": "20:37:50.070000",
	"AcquisitionDateTime": "2021-12-10T20:37:50.070000",
	"AcquisitionNumber": 1,
	"SliceThickness": 0.9,
	"SAR": 0.0557816,
	"EchoTime": 0.00318,
	"RepetitionTime": 2.4,
	"SpoilingState": true,
	"InversionTime": 1,
	"FlipAngle": 8,
	"PartialFourier": 1,
	"BaseResolution": 256,
	"ShimSetting": [
		-2001,
		-11505,
		5715,
		505,
		14,
		43,
		15,
		-59	],
	"TxRefAmp": 260.637,
	"PhaseResolution": 1,
	"PhaseOversampling": 0.5,
	"ReceiveCoilName": "Head_32",
	"ReceiveCoilActiveElements": "HEA;HEP",
	"PulseSequenceDetails": "%SiemensSeq%\\tfl",
	"RefLinesPE": 24,
	"CoilCombinationMethod": "Adaptive Combine",
	"ConsistencyInfo": "N4_VE11C_LATEST_20160120",
	"MatrixCoilMode": "GRAPPA",
	"PercentPhaseFOV": 100,
	"PercentSampling": 100,
	"PhaseEncodingSteps": 383,
	"AcquisitionMatrixPE": 256,
	"ReconMatrixPE": 256,
	"ParallelReductionFactorInPlane": 2,
	"PixelBandwidth": 220,
	"DwellTime": 8.9e-06,
	"ImageOrientationPatientDICOM": [
		0.0423131,
		0.999085,
		-0.00627588,
		-0.0484853,
		-0.00422074,
		-0.998815	],
	"ImageOrientationText": "Sag>Tra(2.8)>Cor(2.4)",
	"InPlanePhaseEncodingDirectionDICOM": "ROW",
	"BidsGuess": ["anat","_acq-tfl3p2_run-7_T1w"],
	"ConversionSoftware": "dcm2niix",
	"ConversionSoftwareVersion": "v1.0.20240202"
}
