{
	"Modality": "MR",
	"MagneticFieldStrength": 3,
	"ImagingFrequency": 123.247016,
	"Manufacturer": "Siemens",
	"ManufacturersModelName": "Prisma_fit",
	"InstitutionName": "Washington University",
	"InstitutionalDepartmentName": "Department",
	"InstitutionAddress": "Scott Ave 4525,St. Louis,MO,US,63110",
	"DeviceSerialNumber": "67064",
	"StationName": "MRC35177",
	"SeriesInstanceUID": "1.3.12.2.1107.5.2.43.67064.2021082912395267394768675.0.0.0",
	"StudyInstanceUID": "1.3.12.2.1107.5.2.43.67064.30000021081720290345600000149",
	"StudyID": "1",
	"PatientName": "P3",
	"PatientID": "P3_Drug2",
	"PatientBirthDate": "1985-01-01",
	"PatientSex": "F",
	"PatientWeight": 63.5029,
	"PatientAge": 36,
	"BodyPartExamined": "HEAD",
	"PatientPosition": "HFS",
	"ProcedureStepDescription": "head^Nicol",
	"SoftwareVersions": "syngo MR E11",
	"MRAcquisitionType": "2D",
	"SeriesDescription": "ABCD_dMRI_b1500_2p0mm_te83_tr3500",
	"ProtocolName": "ABCD_dMRI_b1500_2p0mm_te83_tr3500",
	"ScanningSequence": "EP",
	"SequenceVariant": "SK\\SP",
	"ScanOptions": "PFP\\FS",
	"SequenceName": "ep_b0",
	"ImageType": ["ORIGINAL", "PRIMARY", "DIFFUSION", "NONE", "ND", "MOSAIC"],
	"NonlinearGradientCorrection": false,
	"SeriesNumber": 17,
	"AcquisitionTime": "12:40:19.560000",
	"AcquisitionDateTime": "2021-08-29T12:40:19.560000",
	"AcquisitionNumber": 1,
	"SliceThickness": 2,
	"SpacingBetweenSlices": 2,
	"SAR": 0.264842,
	"EchoTime": 0.083,
	"RepetitionTime": 3.5,
	"SpoilingState": true,
	"FlipAngle": 90,
	"PartialFourier": 0.75,
	"BaseResolution": 120,
	"ShimSetting": [
		-1993,
		-11490,
		5756,
		574,
		162,
		0,
		51,
		-41	],
	"DiffusionScheme": "Monopolar",
	"TxRefAmp": 235.696,
	"PhaseResolution": 1,
	"ReceiveCoilName": "Head_32",
	"ReceiveCoilActiveElements": "HEA;HEP",
	"PulseSequenceDetails": "%CustomerSeq%\\ep2d_diff_sms_abcd",
	"WipMemBlock": "3e6126db-7bde-4589-af25-458a5dd4c46b",
	"RefLinesPE": 61,
	"CoilCombinationMethod": "Adaptive Combine",
	"ConsistencyInfo": "N4_VE11C_LATEST_20160120",
	"MultibandAccelerationFactor": 3,
	"PercentPhaseFOV": 100,
	"PercentSampling": 100,
	"EchoTrainLength": 90,
	"PhaseEncodingSteps": 90,
	"AcquisitionMatrixPE": 120,
	"ReconMatrixPE": 120,
	"BandwidthPerPixelPhaseEncode": 11.905,
	"EffectiveEchoSpacing": 0.000699986,
	"DerivedVendorReportedEchoSpacing": 0.000699986,
	"TotalReadoutTime": 0.0832983,
	"PixelBandwidth": 1665,
	"DwellTime": 2.5e-06,
	"PhaseEncodingDirection": "j",
	"SliceTiming": [
		0,
		1.81,
		0.1375,
		1.9475,
		0.2775,
		2.0875,
		0.4175,
		2.2275,
		0.5575,
		2.365,
		0.695,
		2.505,
		0.835,
		2.645,
		0.975,
		2.7825,
		1.1125,
		2.9225,
		1.2525,
		3.0625,
		1.3925,
		3.2,
		1.53,
		3.34,
		1.67,
		0,
		1.81,
		0.1375,
		1.9475,
		0.2775,
		2.0875,
		0.4175,
		2.2275,
		0.5575,
		2.365,
		0.695,
		2.505,
		0.835,
		2.645,
		0.975,
		2.7825,
		1.1125,
		2.9225,
		1.2525,
		3.0625,
		1.3925,
		3.2,
		1.53,
		3.34,
		1.67,
		0,
		1.81,
		0.1375,
		1.9475,
		0.2775,
		2.0875,
		0.4175,
		2.2275,
		0.5575,
		2.365,
		0.695,
		2.505,
		0.835,
		2.645,
		0.975,
		2.7825,
		1.1125,
		2.9225,
		1.2525,
		3.0625,
		1.3925,
		3.2,
		1.53,
		3.34,
		1.67	],
	"ImageOrientationPatientDICOM": [
		0.999418,
		0.0164257,
		-0.0298885,
		-0.0186664,
		0.99691,
		-0.0763013	],
	"ImageOrientationText": "Tra>Cor(-4.4)>Sag(-1.6)",
	"InPlanePhaseEncodingDirectionDICOM": "COL",
	"BidsGuess": ["dwi","_acq-epb0m3_dir-PA_run-17_dwi"],
	"ConversionSoftware": "dcm2niix",
	"ConversionSoftwareVersion": "v1.0.20240202"
}
