{
	"Modality": "MR",
	"MagneticFieldStrength": 3,
	"ImagingFrequency": 123.255721,
	"Manufacturer": "Siemens",
	"ManufacturersModelName": "TrioTim",
	"InstitutionName": "Washington University",
	"InstitutionalDepartmentName": "Department",
	"InstitutionAddress": "Scott Ave. 4525,St. Louis,MO,US,63110",
	"DeviceSerialNumber": "35177",
	"StationName": "MRC35177",
	"BodyPartExamined": "HEAD",
	"PatientPosition": "HFS",
	"ProcedureStepDescription": "head^Dosenbach_MSC",
	"SoftwareVersions": "syngo MR B17",
	"MRAcquisitionType": "3D",
	"SeriesDescription": "T1_.8x.8x.8_224Slices",
	"ProtocolName": "T1_.8x.8x.8_224Slices",
	"ScanningSequence": "GR\\IR",
	"SequenceVariant": "SP\\MP\\OSP",
	"ScanOptions": "IR",
	"SequenceName": "*tfl3d1_ns",
	"ImageType": ["ORIGINAL", "PRIMARY", "M", "ND", "NORM"],
	"NonlinearGradientCorrection": false,
	"SeriesNumber": 4,
	"AcquisitionTime": "00:21:51.897500",
	"AcquisitionNumber": 1,
	"SliceThickness": 0.8,
	"SAR": 0.105773,
	"EchoTime": 0.00374,
	"RepetitionTime": 2.4,
	"InversionTime": 1,
	"FlipAngle": 8,
	"PartialFourier": 1,
	"BaseResolution": 256,
	"ShimSetting": [
		-214,
		-19539,
		7979,
		312,
		-102,
		-269,
		298,
		-58	],
	"TxRefAmp": 320.05,
	"PhaseResolution": 1,
	"PhaseOversampling": 0.5,
	"ReceiveCoilName": "HeadMatrix",
	"CoilString": "t:HEA;HEP",
	"PulseSequenceDetails": "%SiemensSeq%\\tfl",
	"RefLinesPE": 24,
	"CoilCombinationMethod": "Adaptive Combine",
	"MatrixCoilMode": "GRAPPA",
	"PercentPhaseFOV": 100,
	"PercentSampling": 100,
	"PhaseEncodingSteps": 383,
	"AcquisitionMatrixPE": 256,
	"ReconMatrixPE": 256,
	"ParallelReductionFactorInPlane": 2,
	"PixelBandwidth": 179,
	"DwellTime": 1.09e-05,
	"ImageOrientationPatientDICOM": [
		-0.00289533,
		0.966817,
		0.255452,
		-0.00270238,
		0.255445,
		-0.96682	],
	"ImageOrientationText": "Sag>Cor(-0.2)>Tra(0.1)",
	"InPlanePhaseEncodingDirectionDICOM": "ROW",
	"ConversionSoftware": "dcm2niix",
	"ConversionSoftwareVersion": "v1.0.20230411"
}
