{
  "Modality": "MR",
  "MagneticFieldStrength": 3,
  "ImagingFrequency": 123.244,
  "Manufacturer": "Siemens",
  "ManufacturersModelName": "Prisma",
  "InstitutionName": "WUSTL_bay1",
  "InstitutionalDepartmentName": "Research",
  "InstitutionAddress": "Scott_St._4525_St._Louis_Missouri_US_63110",
  "DeviceSerialNumber": "166158",
  "StationName": "AWP166158",
  "SeriesInstanceUID": "1.3.12.2.1107.5.2.43.166158.2022012423104726713410943.0.0.0",
  "StudyInstanceUID": "1.3.12.2.1107.5.2.43.166158.30000022012420373519400000004",
  "StudyID": "1",
  "PatientName": "P7",
  "PatientID": "MSCHD02_NordicNoise_res05",
  "PatientBirthDate": "1980-01-01",
  "PatientSex": "M",
  "PatientWeight": 99.7903,
  "BodyPartExamined": "HEAD",
  "PatientPosition": "HFS",
  "ProcedureStepDescription": "HEAD_Laumann",
  "SoftwareVersions": "syngo_MR_E11",
  "MRAcquisitionType": "2D",
  "SeriesDescription": "BOLD_NORDIC_ME5_2mm",
  "ProtocolName": "BOLD_NORDIC_ME5_2mm",
  "ScanningSequence": "EP",
  "SequenceVariant": "SK_SS",
  "ScanOptions": "PFP_FS",
  "SequenceName": "epfid2d5_110",
  "ImageType": [
    "ORIGINAL",
    "PRIMARY",
    "P",
    "MB",
    "TE4",
    "ND",
    "MOSAIC",
    "PHASE"
  ],
  "SeriesNumber": 20,
  "AcquisitionTime": "23:11:32.457500",
  "AcquisitionDateTime": "2022-01-24T23:11:32.457500",
  "AcquisitionNumber": 1,
  "ImageComments": "Unaliased_MB6_PE4_LB_SENSE1+",
  "SliceThickness": 2,
  "SpacingBetweenSlices": 2,
  "SAR": 0.0549103,
  "EchoNumber": 4,
  "EchoTime": 0.08839,
  "RepetitionTime": 1.761,
  "FlipAngle": 68,
  "PartialFourier": 0.75,
  "BaseResolution": 110,
  "ShimSetting": [
    4623,
    -7116,
    311,
    469,
    0,
    -8,
    -82,
    78
  ],
  "TxRefAmp": 264.928,
  "PhaseResolution": 1,
  "ReceiveCoilName": "HeadNeck_64",
  "ReceiveCoilActiveElements": "HC1-7;NC1,2",
  "CoilString": "HC1-7;NC1_2",
  "PulseSequenceDetails": "%CustomerSeq%_cmrr_mbep2d_bold",
  "WipMemBlock": "cf561073-82ac-4f68-a278-47635339cc35||Sequence: R016 ve11c/master r/e634e98; Dec 19 2017 11:00:25 by eja",
  "RefLinesPE": 24,
  "ConsistencyInfo": "N4_VE11C_LATEST_20160120",
  "MultibandAccelerationFactor": 6,
  "PercentPhaseFOV": 100,
  "PercentSampling": 100,
  "EchoTrainLength": 42,
  "PhaseEncodingSteps": 83,
  "AcquisitionMatrixPE": 110,
  "ReconMatrixPE": 110,
  "BandwidthPerPixelPhaseEncode": 32.468,
  "ParallelReductionFactorInPlane": 2,
  "EffectiveEchoSpacing": 0.000279996,
  "DerivedVendorReportedEchoSpacing": 0.000559992,
  "TotalReadoutTime": 0.0305196,
  "PixelBandwidth": 2275,
  "DwellTime": 2e-06,
  "PhaseEncodingDirection": "j",
  "SliceTiming": [
    0,
    0.7275,
    1.4525,
    0.4375,
    1.1625,
    0.145,
    0.8725,
    1.5975,
    0.5825,
    1.3075,
    0.29,
    1.0175,
    0,
    0.7275,
    1.4525,
    0.4375,
    1.1625,
    0.145,
    0.8725,
    1.5975,
    0.5825,
    1.3075,
    0.29,
    1.0175,
    0,
    0.7275,
    1.4525,
    0.4375,
    1.1625,
    0.145,
    0.8725,
    1.5975,
    0.5825,
    1.3075,
    0.29,
    1.0175,
    0,
    0.7275,
    1.4525,
    0.4375,
    1.1625,
    0.145,
    0.8725,
    1.5975,
    0.5825,
    1.3075,
    0.29,
    1.0175,
    0,
    0.7275,
    1.4525,
    0.4375,
    1.1625,
    0.145,
    0.8725,
    1.5975,
    0.5825,
    1.3075,
    0.29,
    1.0175,
    0,
    0.7275,
    1.4525,
    0.4375,
    1.1625,
    0.145,
    0.8725,
    1.5975,
    0.5825,
    1.3075,
    0.29,
    1.0175
  ],
  "ImageOrientationPatientDICOM": [
    0.999258,
    -0.037344,
    -0.00946028,
    0.0279118,
    0.871084,
    -0.49034
  ],
  "InPlanePhaseEncodingDirectionDICOM": "COL",
  "ConversionSoftware": "dcm2niix",
  "ConversionSoftwareVersion": "v1.0.20200331",
  "TaskName": "BOLDNORDICME52mm",
  "Units": "arbitrary"
}
