{
	"Modality": "MR",
	"MagneticFieldStrength": 3,
	"ImagingFrequency": 123.244,
	"Manufacturer": "Siemens",
	"ManufacturersModelName": "Prisma",
	"InstitutionName": "WUSTL_bay1",
	"InstitutionalDepartmentName": "Research",
	"InstitutionAddress": "Scott_St._4525_St._Louis_Missouri_US_63110",
	"DeviceSerialNumber": "166158",
	"StationName": "AWP166158",
	"SeriesInstanceUID": "1.3.12.2.1107.5.2.43.166158.2022013120580897286853216.0.0.0",
	"StudyInstanceUID": "1.3.12.2.1107.5.2.43.166158.30000022012420373519400000052",
	"StudyID": "2",
	"PatientName": "P5",
	"PatientID": "Baseline3",
	"PatientBirthDate": "2002-01-01",
	"PatientSex": "M",
	"PatientWeight": 83.0074,
	"BodyPartExamined": "HEAD",
	"PatientPosition": "HFS",
	"ProcedureStepDescription": "HEAD_Nicol_B3",
	"SoftwareVersions": "syngo_MR_E11",
	"MRAcquisitionType": "3D",
	"SeriesDescription": "t2_spc_0p9mm_iso",
	"ProtocolName": "t2_spc_0p9mm_iso",
	"ScanningSequence": "SE",
	"SequenceVariant": "SK_SP_OSP",
	"ScanOptions": "PFP",
	"SequenceName": "_spc_278ns",
	"ImageType": ["ORIGINAL", "PRIMARY", "M", "ND", "NORM"],
	"SeriesNumber": 8,
	"AcquisitionTime": "20:52:31.967500",
	"AcquisitionDateTime": "2022-01-31T20:52:31.967500",
	"AcquisitionNumber": 1,
	"SliceThickness": 0.9,
	"SAR": 0.149486,
	"EchoTime": 0.294,
	"RepetitionTime": 3.2,
	"FlipAngle": 120,
	"PartialFourier": 1,
	"BaseResolution": 256,
	"ShimSetting": [
		4606,
		-7162,
		104,
		464,
		-2,
		22,
		-28,
		-6	],
	"TxRefAmp": 265.793,
	"PhaseResolution": 0.99,
	"ReceiveCoilName": "Head_32",
	"ReceiveCoilActiveElements": "HEA;HEP",
	"PulseSequenceDetails": "%SiemensSeq%_tse_vfl",
	"RefLinesPE": 24,
	"ConsistencyInfo": "N4_VE11C_LATEST_20160120",
	"PercentPhaseFOV": 100,
	"PercentSampling": 99,
	"EchoTrainLength": 219,
	"PhaseEncodingSteps": 194,
	"AcquisitionMatrixPE": 253,
	"ReconMatrixPE": 256,
	"ParallelReductionFactorInPlane": 2,
	"PixelBandwidth": 700,
	"DwellTime": 2.8e-06,
	"PhaseEncodingDirection": "i",
	"ImageOrientationPatientDICOM": [
		-0.0157286,
		0.999854,
		0.00662999,
		-0.0259066,
		0.00622107,
		-0.999645	],
	"InPlanePhaseEncodingDirectionDICOM": "ROW",
	"ConversionSoftware": "dcm2niix",
	"ConversionSoftwareVersion": "v1.0.20200331"
}
