{
    "Modality": "MR",
    "MagneticFieldStrength": 3,
    "ImagingFrequency": 123.246108,
    "Manufacturer": "Siemens",
    "ManufacturersModelName": "Prisma_fit",
    "InstitutionName": "Washington University",
    "InstitutionalDepartmentName": "Department",
    "InstitutionAddress": "Scott Ave 4525,St. Louis,MO,US,63110",
    "DeviceSerialNumber": "67064",
    "StationName": "MRC35177",
    "SeriesInstanceUID": "1.3.12.2.1107.5.2.43.67064.2021121021264391609000635.0.0.0",
    "StudyInstanceUID": "1.3.12.2.1107.5.2.43.166158.30000021120723110458500000043",
    "StudyID": "3",
    "PatientName": "P5",
    "PatientID": "Baseline1",
    "PatientBirthDate": "2002-01-01",
    "PatientSex": "M",
    "PatientWeight": 76.2035,
    "PatientAge": 19,
    "BodyPartExamined": "HEAD",
    "PatientPosition": "HFS",
    "ProcedureStepDescription": "head^Nicol",
    "SoftwareVersions": "syngo MR E11",
    "MRAcquisitionType": "2D",
    "SeriesDescription": "BOLD_TASK1_2mm_mb6_me5_ipat2_ppf68_FOV220",
    "ProtocolName": "BOLD_TASK1_2mm_mb6_me5_ipat2_ppf68_FOV220",
    "ScanningSequence": "EP",
    "SequenceVariant": "SK_SS",
    "ScanOptions": "PFP_FS_EXT",
    "SequenceName": "epfid2d5_110",
    "ImageType": [
        "ORIGINAL",
        "PRIMARY",
        "M",
        "MB",
        "TE2",
        "ND",
        "NORM",
        "MOSAIC"
    ],
    "NonlinearGradientCorrection": false,
    "SeriesNumber": 18,
    "AcquisitionTime": "21:29:58.410000",
    "AcquisitionDateTime": "2021-12-10T21:29:58.410000",
    "AcquisitionNumber": 1,
    "ImageComments": "Unaliased MB6/PE4/LB",
    "SliceThickness": 2,
    "SpacingBetweenSlices": 2,
    "SAR": 0.0606596,
    "EchoNumber": 2,
    "EchoTime": 0.03893,
    "RepetitionTime": 1.761,
    "FlipAngle": 68,
    "PartialFourier": 0.75,
    "BaseResolution": 110,
    "ShimSetting": [
        -2001,
        -11507,
        5722,
        501,
        0,
        159,
        -9,
        -69
    ],
    "TxRefAmp": 260.637,
    "PhaseResolution": 1,
    "VendorReportedEchoSpacing": 0.00056,
    "ReceiveCoilName": "Head_32",
    "ReceiveCoilActiveElements": "HEA;HEP",
    "PulseSequenceDetails": "%CustomerSeq%_cmrr_mbep2d_bold",
    "WipMemBlock": "0a631908-840e-40f8-886c-6b8e1249577f||Sequence: R016 ve11c/master r/e634e98; Dec 19 2017 11:00:25 by eja",
    "RefLinesPE": 24,
    "CoilCombinationMethod": "Sum of Squares",
    "ConsistencyInfo": "N4_VE11C_LATEST_20160120",
    "MatrixCoilMode": "GRAPPA",
    "MultibandAccelerationFactor": 6,
    "PercentPhaseFOV": 100,
    "PercentSampling": 100,
    "EchoTrainLength": 42,
    "PhaseEncodingSteps": 83,
    "AcquisitionMatrixPE": 110,
    "ReconMatrixPE": 110,
    "BandwidthPerPixelPhaseEncode": 32.468,
    "ParallelReductionFactorInPlane": 2,
    "EffectiveEchoSpacing": 0.000279996,
    "DerivedVendorReportedEchoSpacing": 0.000559992,
    "TotalReadoutTime": 0.0305196,
    "PixelBandwidth": 2275,
    "DwellTime": 2e-06,
    "PhaseEncodingDirection": "j-",
    "SliceTiming": [
        0,
        0.725,
        1.4525,
        0.435,
        1.1625,
        0.145,
        0.87,
        1.5975,
        0.58,
        1.3075,
        0.29,
        1.015,
        0,
        0.725,
        1.4525,
        0.435,
        1.1625,
        0.145,
        0.87,
        1.5975,
        0.58,
        1.3075,
        0.29,
        1.015,
        0,
        0.725,
        1.4525,
        0.435,
        1.1625,
        0.145,
        0.87,
        1.5975,
        0.58,
        1.3075,
        0.29,
        1.015,
        0,
        0.725,
        1.4525,
        0.435,
        1.1625,
        0.145,
        0.87,
        1.5975,
        0.58,
        1.3075,
        0.29,
        1.015,
        0,
        0.725,
        1.4525,
        0.435,
        1.1625,
        0.145,
        0.87,
        1.5975,
        0.58,
        1.3075,
        0.29,
        1.015,
        0,
        0.725,
        1.4525,
        0.435,
        1.1625,
        0.145,
        0.87,
        1.5975,
        0.58,
        1.3075,
        0.29,
        1.015
    ],
    "ImageOrientationPatientDICOM": [
        0.997998,
        -0.0408624,
        -0.0482731,
        0.0406072,
        0.999156,
        -0.00625504
    ],
    "ImageOrientationText": "Tra>Sag(-2.8)>Cor(-0.2)",
    "InPlanePhaseEncodingDirectionDICOM": "COL",
    "BidsGuess": [
        "func",
        "_acq-epfid2p2m6_dir-AP_run-18_echo-2_bold"
    ],
    "ConversionSoftware": "dcm2niix",
    "ConversionSoftwareVersion": "v1.0.20240202",
    "TaskName": "BOLDTASK12mmmb6me5ipat2ppf68FOV220"
}
